
type = string-attribute
name = HISTORY_NOTE
count = 141
'[nikin@leviathan: Mon Feb 14 13:13:34 2022] {AFNI_22.0.03:linux_openmp_64} 3dcalc -prefix 0249-BOLD-EC-tmp -a BOLD-0249.nii -expr a -verbose~

type = string-attribute
name = TYPESTRING
count = 15
'3DIM_HEAD_ANAT~

type = string-attribute
name = IDCODE_STRING
count = 27
'XYZ_gWkeLFyF5h6Wdn8leYcLRQ~

type = string-attribute
name = IDCODE_DATE
count = 25
'Mon Feb 14 13:13:34 2022~

type = integer-attribute
name = SCENE_DATA
count = 8
 0 2 0 -999 -999
 -999 -999 -999

type = string-attribute
name = LABEL_1
count = 5
'zyxt~

type = string-attribute
name = LABEL_2
count = 5
'zyxt~

type = string-attribute
name = DATASET_NAME
count = 5
'zyxt~

type = integer-attribute
name = ORIENT_SPECIFIC
count = 3
 0 2 4

type  = float-attribute
name  = ORIGIN
count = 3
      -130.3194       100.8203      -28.68996

type  = float-attribute
name  = DELTA
count = 3
              4             -4       4.000086

type  = float-attribute
name  = IJK_TO_DICOM
count = 12
              4              0              0      -130.3194              0
             -4              0       100.8203              0              0
       4.000086      -28.68996

type  = float-attribute
name  = IJK_TO_DICOM_REAL
count = 12
       3.993397      0.1593083      0.1655537      -130.3194       0.169316
      -3.988815     -0.2463438       100.8203     -0.1552776     -0.2529403
       3.989059      -28.68996

type  = float-attribute
name  = BRICK_STATS
count = 286
              0          14333              0           7940              0
           7593              0           7426              0           7337
              0           7432              0           7314              0
           7453              0           7321              0           7303
              0           7446              0           7364              0
           7262              0           7398              0           7223
              0           7277              0           7339              0
           7294              0           7493              0           7103
              0           7197              0           7388              0
           7138              0           7339              0           7109
              0           7043              0           7114              0
           7226              0           7150              0           7139
              0           7155              0           7125              0
           7190              0           7222              0           7144
              0           7191              0           7323              0
           7258              0           7251              0           7154
              0           7283              0           7242              0
           7140              0           7171              0           7178
              0           7169              0           7229              0
           7175              0           7145              0           7163
              0           7107              0           7177              0
           7099              0           7225              0           7134
              0           7252              0           7148              0
           7185              0           7239              0           7421
              0           7304              0           7228              0
           7104              0           7142              0           7169
              0           7114              0           7145              0
           7096              0           7173              0           7087
              0           7170              0           7194              0
           7105              0           7108              0           7131
              0           7167              0           7195              0
           7132              0           7121              0           7163
              0           7164              0           7154              0
           7104              0           7137              0           7171
              0           7134              0           7129              0
           7135              0           7260              0           7168
              0           7167              0           7170              0
           7193              0           7187              0           7202
              0           8109              0           7089              0
           7186              0           7702              0           7100
              0           7118              0           7847              0
           7273              0           7205              0           7395
              0           7212              0           7199              0
           7220              0           7226              0           7149
              0           7642              0           7050              0
           7064              0           7103              0           7166
              0           7218              0           7226              0
           7260              0           7174              0           7487
              0           7143              0           7374              0
           7062              0           7062              0           7057
              0           7093              0           7163              0
           7176              0           7190              0           7177
              0           7182              0           7191              0
           7584              0           7211              0           7236
              0           7171              0           7545              0
           7218              0           7125              0           7502
              0           7169              0           7155              0
           7150

type = integer-attribute
name = TAXIS_NUMS
count = 8
 143 0 77002 -999 -999
 -999 -999 -999

type  = float-attribute
name  = TAXIS_FLOATS
count = 8
              0              2              0              0              0
        -999999        -999999        -999999

type = integer-attribute
name = DATASET_RANK
count = 8
 3 143 0 0 0
 0 0 0

type = integer-attribute
name = DATASET_DIMENSIONS
count = 5
 64 64 32 0 0

type = integer-attribute
name = BRICK_TYPES
count = 143
 1 1 1 1 1
 1 1 1 1 1
 1 1 1 1 1
 1 1 1 1 1
 1 1 1 1 1
 1 1 1 1 1
 1 1 1 1 1
 1 1 1 1 1
 1 1 1 1 1
 1 1 1 1 1
 1 1 1 1 1
 1 1 1 1 1
 1 1 1 1 1
 1 1 1 1 1
 1 1 1 1 1
 1 1 1 1 1
 1 1 1 1 1
 1 1 1 1 1
 1 1 1 1 1
 1 1 1 1 1
 1 1 1 1 1
 1 1 1 1 1
 1 1 1 1 1
 1 1 1 1 1
 1 1 1 1 1
 1 1 1 1 1
 1 1 1 1 1
 1 1 1 1 1
 1 1 1

type  = float-attribute
name  = BRICK_FLOAT_FACS
count = 143
              0              0              0              0              0
              0              0              0              0              0
              0              0              0              0              0
              0              0              0              0              0
              0              0              0              0              0
              0              0              0              0              0
              0              0              0              0              0
              0              0              0              0              0
              0              0              0              0              0
              0              0              0              0              0
              0              0              0              0              0
              0              0              0              0              0
              0              0              0              0              0
              0              0              0              0              0
              0              0              0              0              0
              0              0              0              0              0
              0              0              0              0              0
              0              0              0              0              0
              0              0              0              0              0
              0              0              0              0              0
              0              0              0              0              0
              0              0              0              0              0
              0              0              0              0              0
              0              0              0              0              0
              0              0              0              0              0
              0              0              0              0              0
              0              0              0              0              0
              0              0              0              0              0
              0              0              0

type = string-attribute
name = TEMPLATE_SPACE
count = 5
'ORIG~

type = integer-attribute
name = INT_CMAP
count = 1
 0

type = string-attribute
name = BYTEORDER_STRING
count = 10
'LSB_FIRST~
