
type = string-attribute
name = HISTORY_NOTE
count = 287
'[nikin@leviathan: Mon Feb 14 13:16:20 2022] {AFNI_22.0.03:linux_openmp_64} 3dcalc -prefix 0267-BOLD-EC-tmp -a BOLD-0267.nii -expr a -verbose\n[nikin@leviathan: Mon Feb 14 13:16:24 2022] {AFNI_22.0.03:linux_openmp_64} 3dcalc -prefix 0267-BOLD-EC1 -a '0267-BOLD-EC-tmp+orig[5..$]' -expr a~

type = string-attribute
name = TYPESTRING
count = 15
'3DIM_HEAD_ANAT~

type = string-attribute
name = IDCODE_STRING
count = 27
'XYZ_RX005K_DKF883tO44_lfMw~

type = string-attribute
name = IDCODE_DATE
count = 25
'Mon Feb 14 13:16:24 2022~

type = integer-attribute
name = SCENE_DATA
count = 8
 0 2 0 -999 -999
 -999 -999 -999

type = string-attribute
name = LABEL_1
count = 5
'zyxt~

type = string-attribute
name = LABEL_2
count = 5
'zyxt~

type = string-attribute
name = DATASET_NAME
count = 5
'zyxt~

type = integer-attribute
name = ORIENT_SPECIFIC
count = 3
 0 2 4

type  = float-attribute
name  = ORIGIN
count = 3
      -119.9662       102.9703       3.299502

type  = float-attribute
name  = DELTA
count = 3
              4             -4       4.000082

type  = float-attribute
name  = IJK_TO_DICOM
count = 12
              4              0              0      -119.9662              0
             -4              0       102.9703              0              0
       4.000082       3.299502

type  = float-attribute
name  = IJK_TO_DICOM_REAL
count = 12
       3.997536    -0.05651999      -0.128494      -119.9662     -0.0823996
      -3.909163     -0.8436143       102.9703      0.1136504     -0.8457238
          3.908       3.299502

type  = float-attribute
name  = BRICK_STATS
count = 276
              0           7949              0           7900              0
           7880              0           7830              0           7839
              0           7830              0           7825              0
           7806              0           7772              0           7837
              0           7807              0           7850              0
           7776              0           7842              0           7770
              0           7770              0           7786              0
           7788              0           7785              0           7786
              0           7769              0           7797              0
           7822              0           7822              0           7845
              0           7790              0           7899              0
           7783              0           7887              0           7817
              0           7835              0           7855              0
           7832              0           7794              0           7718
              0           7696              0           7755              0
           7724              0           7805              0           7767
              0           7779              0           7721              0
           7766              0           7753              0           7704
              0           7693              0           7691              0
           7727              0           7751              0           7770
              0           7724              0           7754              0
           7750              0           7758              0           7802
              0           7768              0           7749              0
           7753              0           7786              0           7779
              0           7754              0           7739              0
           7719              0           7770              0           7811
              0           7809              0           7807              0
           7829              0           7820              0           7781
              0           7799              0           7870              0
           7803              0           7802              0           7753
              0           7785              0           7759              0
           7739              0           7714              0           7733
              0           7725              0           7725              0
           7752              0           7706              0           7723
              0           7700              0           7736              0
           7757              0           7731              0           7738
              0           7755              0           7762              0
           7772              0           7731              0           7734
              0           7744              0           7730              0
           7759              0           7730              0           7749
              0           7750              0           7810              0
           7787              0           7726              0           7702
              0           7700              0           7702              0
           7711              0           7718              0           7727
              0           7727              0           7699              0
           7733              0           7704              0           7680
              0           7746              0           7703              0
           7680              0           7777              0           7652
              0           7655              0           7644              0
           7631              0           7719              0           7697
              0           7666              0           7723              0
           7740              0           7804              0           7786
              0           7819              0           7683              0
           7720              0           7787              0           7773
              0           7822              0           7834              0
           7899

type = integer-attribute
name = TAXIS_NUMS
count = 8
 138 0 77002 -999 -999
 -999 -999 -999

type  = float-attribute
name  = TAXIS_FLOATS
count = 8
              0              2              0              0              0
        -999999        -999999        -999999

type = integer-attribute
name = DATASET_RANK
count = 8
 3 138 0 0 0
 0 0 0

type = integer-attribute
name = DATASET_DIMENSIONS
count = 5
 64 64 32 0 0

type = integer-attribute
name = BRICK_TYPES
count = 138
 1 1 1 1 1
 1 1 1 1 1
 1 1 1 1 1
 1 1 1 1 1
 1 1 1 1 1
 1 1 1 1 1
 1 1 1 1 1
 1 1 1 1 1
 1 1 1 1 1
 1 1 1 1 1
 1 1 1 1 1
 1 1 1 1 1
 1 1 1 1 1
 1 1 1 1 1
 1 1 1 1 1
 1 1 1 1 1
 1 1 1 1 1
 1 1 1 1 1
 1 1 1 1 1
 1 1 1 1 1
 1 1 1 1 1
 1 1 1 1 1
 1 1 1 1 1
 1 1 1 1 1
 1 1 1 1 1
 1 1 1 1 1
 1 1 1 1 1
 1 1 1

type  = float-attribute
name  = BRICK_FLOAT_FACS
count = 138
              0              0              0              0              0
              0              0              0              0              0
              0              0              0              0              0
              0              0              0              0              0
              0              0              0              0              0
              0              0              0              0              0
              0              0              0              0              0
              0              0              0              0              0
              0              0              0              0              0
              0              0              0              0              0
              0              0              0              0              0
              0              0              0              0              0
              0              0              0              0              0
              0              0              0              0              0
              0              0              0              0              0
              0              0              0              0              0
              0              0              0              0              0
              0              0              0              0              0
              0              0              0              0              0
              0              0              0              0              0
              0              0              0              0              0
              0              0              0              0              0
              0              0              0              0              0
              0              0              0              0              0
              0              0              0              0              0
              0              0              0              0              0
              0              0              0              0              0
              0              0              0

type = string-attribute
name = BRICK_LABS
count = 590
'#5~#6~#7~#8~#9~#10~#11~#12~#13~#14~#15~#16~#17~#18~#19~#20~#21~#22~#23~#24~#25~#26~#27~#28~#29~#30~#31~#32~#33~#34~#35~#36~#37~#38~#39~#40~#41~#42~#43~#44~#45~#46~#47~#48~#49~#50~#51~#52~#53~#54~#55~#56~#57~#58~#59~#60~#61~#62~#63~#64~#65~#66~#67~#68~#69~#70~#71~#72~#73~#74~#75~#76~#77~#78~#79~#80~#81~#82~#83~#84~#85~#86~#87~#88~#89~#90~#91~#92~#93~#94~#95~#96~#97~#98~#99~#100~#101~#102~#103~#104~#105~#106~#107~#108~#109~#110~#111~#112~#113~#114~#115~#116~#117~#118~#119~#120~#121~#122~#123~#124~#125~#126~#127~#128~#129~#130~#131~#132~#133~#134~#135~#136~#137~#138~#139~#140~#141~#142~

type = string-attribute
name = BRICK_KEYWORDS
count = 138
'~~~~~~~~~~~~~~~~~~~~~~~~~~~~~~~~~~~~~~~~~~~~~~~~~~~~~~~~~~~~~~~~~~~~~~~~~~~~~~~~~~~~~~~~~~~~~~~~~~~~~~~~~~~~~~~~~~~~~~~~~~~~~~~~~~~~~~~~~~

type = string-attribute
name = TEMPLATE_SPACE
count = 5
'ORIG~

type = integer-attribute
name = INT_CMAP
count = 1
 0

type = string-attribute
name = BYTEORDER_STRING
count = 10
'LSB_FIRST~
