
type = string-attribute
name = HISTORY_NOTE
count = 460
'[nikin@leviathan: Mon Feb 14 13:19:17 2022] {AFNI_22.0.03:linux_openmp_64} 3dDespike -prefix 0285-BOLD-EC 0285-BOLD-EC1+orig\n[nikin@leviathan: Mon Feb 14 13:19:29 2022] {AFNI_22.0.03:linux_openmp_64} 3dvolreg -verbose -tshift 0 -base 28 -1Dfile outliers-BOLD-EC.1D -prefix 0285-BOLD-EC-volreg 0285-BOLD-EC+orig\n[nikin@leviathan: Mon Feb 14 13:19:42 2022] {AFNI_22.0.03:linux_openmp_64} 3dAutomask -prefix 0285-BOLD-EC-mask -dilate 1 0285-BOLD-EC-volreg+orig~

type = string-attribute
name = TYPESTRING
count = 15
'3DIM_HEAD_FUNC~

type = string-attribute
name = IDCODE_STRING
count = 27
'XYZ_GZNO26Uyjd-Jx1y3MLFxPw~

type = string-attribute
name = IDCODE_DATE
count = 25
'Mon Feb 14 13:19:42 2022~

type = integer-attribute
name = SCENE_DATA
count = 8
 0 0 1 -999 -999
 -999 -999 -999

type = string-attribute
name = LABEL_1
count = 5
'zyxt~

type = string-attribute
name = LABEL_2
count = 5
'zyxt~

type = string-attribute
name = DATASET_NAME
count = 5
'zyxt~

type = integer-attribute
name = ORIENT_SPECIFIC
count = 3
 0 2 4

type  = float-attribute
name  = ORIGIN
count = 3
      -126.9999       91.15887      -40.10672

type  = float-attribute
name  = DELTA
count = 3
              4             -4       4.000053

type  = float-attribute
name  = IJK_TO_DICOM
count = 12
              4              0              0      -126.9999              0
             -4              0       91.15887              0              0
       4.000053      -40.10672

type  = float-attribute
name  = IJK_TO_DICOM_REAL
count = 12
       3.991902     0.07422083     -0.2433089      -126.9999     0.07898116
      -3.998522     0.07482302       91.15887      0.2418259     0.07947004
       3.991946      -40.10672

type  = float-attribute
name  = BRICK_STATS
count = 2
              0              1

type = integer-attribute
name = DATASET_RANK
count = 8
 3 1 0 0 0
 0 0 0

type = integer-attribute
name = DATASET_DIMENSIONS
count = 5
 64 64 32 0 0

type = integer-attribute
name = BRICK_TYPES
count = 1
 0

type  = float-attribute
name  = BRICK_FLOAT_FACS
count = 1
              0

type = string-attribute
name = TEMPLATE_SPACE
count = 5
'ORIG~

type = integer-attribute
name = INT_CMAP
count = 1
 0

type = string-attribute
name = BYTEORDER_STRING
count = 10
'LSB_FIRST~
