
type = string-attribute
name = HISTORY_NOTE
count = 141
'[nikin@leviathan: Mon Feb 14 13:20:06 2022] {AFNI_22.0.03:linux_openmp_64} 3dcalc -prefix 0287-BOLD-EC-tmp -a BOLD-0287.nii -expr a -verbose~

type = string-attribute
name = TYPESTRING
count = 15
'3DIM_HEAD_ANAT~

type = string-attribute
name = IDCODE_STRING
count = 27
'XYZ_EzIg5CgxRZXaxex_TL04vw~

type = string-attribute
name = IDCODE_DATE
count = 25
'Mon Feb 14 13:20:06 2022~

type = integer-attribute
name = SCENE_DATA
count = 8
 0 2 0 -999 -999
 -999 -999 -999

type = string-attribute
name = LABEL_1
count = 5
'zyxt~

type = string-attribute
name = LABEL_2
count = 5
'zyxt~

type = string-attribute
name = DATASET_NAME
count = 5
'zyxt~

type = integer-attribute
name = ORIENT_SPECIFIC
count = 3
 0 2 4

type  = float-attribute
name  = ORIGIN
count = 3
      -120.2658       100.1623      -37.64135

type  = float-attribute
name  = DELTA
count = 3
              4             -4       3.999968

type  = float-attribute
name  = IJK_TO_DICOM
count = 12
              4              0              0      -120.2658              0
             -4              0       100.1623              0              0
       3.999968      -37.64135

type  = float-attribute
name  = IJK_TO_DICOM_REAL
count = 12
       3.999587      0.0430916     0.03801267      -120.2658     0.04003959
      -3.987608      0.3120598       100.1623    -0.04126039        0.31165
       3.987595      -37.64135

type  = float-attribute
name  = BRICK_STATS
count = 286
              0          14103              0           8309              0
           7501              0           7286              0           7382
              0           7244              0           7266              0
           7279              0           7196              0           7191
              0           7209              0           7239              0
           7222              0           7277              0           7259
              0           7234              0           7205              0
           7241              0           7229              0           7227
              0           7197              0           7243              0
           7236              0           7253              0           7260
              0           7301              0           7260              0
           7264              0           7233              0           7262
              0           7269              0           7254              0
           7255              0           7285              0           7275
              0           7307              0           7255              0
           7249              0           7237              0           7238
              0           7219              0           7222              0
           7244              0           7290              0           7296
              0           7268              0           7296              0
           7291              0           7288              0           7282
              0           7268              0           7244              0
           7275              0           7265              0           7280
              0           7268              0           7257              0
           7235              0           7241              0           7236
              0           7237              0           7299              0
           7266              0           7262              0           7340
              0           7269              0           7333              0
           7341              0           7290              0           7327
              0           7332              0           7269              0
           7241              0           7245              0           7272
              0           7243              0           7280              0
           7257              0           7264              0           7306
              0           7278              0           7280              0
           7300              0           7286              0           7272
              0           7288              0           7289              0
           7261              0           7266              0           7245
              0           7287              0           7278              0
           7249              0           7315              0           7303
              0           7385              0           7279              0
           7338              0           7330              0           7232
              0           7214              0           7260              0
           7274              0           7275              0           7269
              0           7264              0           7247              0
           7263              0           7280              0           7267
              0           7256              0           7268              0
           7267              0           7236              0           7218
              0           7212              0           7262              0
           7259              0           7249              0           7272
              0           7304              0           7272              0
           7330              0           7346              0           7359
              0           7409              0           7372              0
           7440              0           7408              0           7397
              0           7332              0           7375              0
           7395              0           7380              0           7408
              0           7368              0           7406              0
           7365              0           7408              0           7353
              0           7378              0           7406              0
           7355

type = integer-attribute
name = TAXIS_NUMS
count = 8
 143 0 77002 -999 -999
 -999 -999 -999

type  = float-attribute
name  = TAXIS_FLOATS
count = 8
              0              2              0              0              0
        -999999        -999999        -999999

type = integer-attribute
name = DATASET_RANK
count = 8
 3 143 0 0 0
 0 0 0

type = integer-attribute
name = DATASET_DIMENSIONS
count = 5
 64 64 32 0 0

type = integer-attribute
name = BRICK_TYPES
count = 143
 1 1 1 1 1
 1 1 1 1 1
 1 1 1 1 1
 1 1 1 1 1
 1 1 1 1 1
 1 1 1 1 1
 1 1 1 1 1
 1 1 1 1 1
 1 1 1 1 1
 1 1 1 1 1
 1 1 1 1 1
 1 1 1 1 1
 1 1 1 1 1
 1 1 1 1 1
 1 1 1 1 1
 1 1 1 1 1
 1 1 1 1 1
 1 1 1 1 1
 1 1 1 1 1
 1 1 1 1 1
 1 1 1 1 1
 1 1 1 1 1
 1 1 1 1 1
 1 1 1 1 1
 1 1 1 1 1
 1 1 1 1 1
 1 1 1 1 1
 1 1 1 1 1
 1 1 1

type  = float-attribute
name  = BRICK_FLOAT_FACS
count = 143
              0              0              0              0              0
              0              0              0              0              0
              0              0              0              0              0
              0              0              0              0              0
              0              0              0              0              0
              0              0              0              0              0
              0              0              0              0              0
              0              0              0              0              0
              0              0              0              0              0
              0              0              0              0              0
              0              0              0              0              0
              0              0              0              0              0
              0              0              0              0              0
              0              0              0              0              0
              0              0              0              0              0
              0              0              0              0              0
              0              0              0              0              0
              0              0              0              0              0
              0              0              0              0              0
              0              0              0              0              0
              0              0              0              0              0
              0              0              0              0              0
              0              0              0              0              0
              0              0              0              0              0
              0              0              0              0              0
              0              0              0              0              0
              0              0              0              0              0
              0              0              0              0              0
              0              0              0

type = string-attribute
name = TEMPLATE_SPACE
count = 5
'ORIG~

type = integer-attribute
name = INT_CMAP
count = 1
 0

type = string-attribute
name = BYTEORDER_STRING
count = 10
'LSB_FIRST~
