
type = string-attribute
name = HISTORY_NOTE
count = 125
'[nikin@leviathan: Mon Feb 14 13:20:13 2022] {AFNI_22.0.03:linux_openmp_64} 3dDespike -prefix 0287-BOLD-EC 0287-BOLD-EC1+orig~

type = string-attribute
name = TYPESTRING
count = 15
'3DIM_HEAD_ANAT~

type = string-attribute
name = IDCODE_STRING
count = 27
'XYZ_2YyRkJDmU8gPNBKsKmi_5w~

type = string-attribute
name = IDCODE_DATE
count = 25
'Mon Feb 14 13:20:13 2022~

type = integer-attribute
name = SCENE_DATA
count = 8
 0 2 0 -999 -999
 -999 -999 -999

type = string-attribute
name = LABEL_1
count = 5
'zyxt~

type = string-attribute
name = LABEL_2
count = 5
'zyxt~

type = string-attribute
name = DATASET_NAME
count = 5
'zyxt~

type = integer-attribute
name = ORIENT_SPECIFIC
count = 3
 0 2 4

type  = float-attribute
name  = ORIGIN
count = 3
      -120.2658       100.1623      -37.64135

type  = float-attribute
name  = DELTA
count = 3
              4             -4       3.999968

type  = float-attribute
name  = IJK_TO_DICOM
count = 12
              4              0              0      -120.2658              0
             -4              0       100.1623              0              0
       3.999968      -37.64135

type  = float-attribute
name  = IJK_TO_DICOM_REAL
count = 12
       3.999587      0.0430916     0.03801267      -120.2658     0.04003959
      -3.987608      0.3120598       100.1623    -0.04126039        0.31165
       3.987595      -37.64135

type  = float-attribute
name  = BRICK_STATS
count = 276
       -2.29021           7244     -0.2207389           7266  -0.0002167672
           7279              0           7196  -6.437302e-06           7191
   -0.001640081           7209  -5.865097e-05           7239              0
           7222              0       7264.806              0       7258.124
              0           7234              0           7205  -1.907349e-06
           7241              0           7229              0           7227
    -0.02099216       7197.213     -0.1633203           7243     -0.3372705
           7236     -0.4280332           7253     -0.3850191           7260
     -0.2112393       7300.813    -0.05702588           7260     -0.2016116
           7264     -0.6575751           7233     -0.8074504           7262
     -0.7118689           7269     -0.4416317           7254    -0.09529161
           7255    -0.03308193           7285    -0.01962942           7275
   -0.005488701       7306.776              0           7255  -0.0001443699
           7249              0           7237    -0.00182385           7238
   -0.001019649           7219              0           7222              0
           7244              0           7290              0           7296
              0           7268              0           7296    -0.00533472
           7291    -0.03308216           7288    -0.05769298           7282
      -0.152626           7268     -0.2626783           7244      -0.276605
           7275     -0.2161707           7265     -0.1126966           7280
    -0.01997095           7268              0           7257              0
           7235              0           7241              0           7236
              0           7237              0           7299              0
           7266              0           7262              0           7340
  -0.0001250505           7269              0           7333              0
           7341              0           7290              0           7327
              0           7332              0           7269              0
           7241              0           7245              0           7272
              0           7243              0           7280              0
           7257              0           7264              0           7306
              0           7278              0           7280              0
           7300              0           7286              0           7272
              0           7288              0           7289   -5.45308e-05
           7261              0           7266  -4.954636e-06           7245
     -0.0118902           7287    -0.04120028           7278    -0.05774583
           7249    -0.04252753           7315    -0.03909206           7303
     -0.2319455       7384.613     -0.4530957           7279     -0.5276401
           7338     -0.1110277           7330     -0.1139003           7232
     -0.2676926           7214     -0.4512104           7260     -0.5901088
           7274     -0.6536458           7275      -0.609707           7269
     -0.4241998           7264     -0.1320915           7247    -0.05382562
           7263     -0.1295757           7280     -0.2091784           7267
     -0.1643188           7256    -0.02864754           7268  -0.0006157383
           7267  -3.144145e-06           7236              0           7218
              0           7212              0           7262  -4.777312e-05
           7259    -0.00576292           7249    -0.01754908           7272
    -0.02053194           7304    -0.01519835           7272              0
           7330              0           7346              0           7359
              0           7409              0           7372              0
           7440              0           7408              0           7397
              0           7332              0           7375              0
           7395              0           7380  -0.0001411587           7408
   -0.002680779           7368     -0.0347532           7406    -0.06897277
           7365     -0.0422315           7408  -2.622604e-06           7353
              0           7378  -2.907589e-06           7406       -18.6968
           7355

type = integer-attribute
name = TAXIS_NUMS
count = 8
 138 0 77002 -999 -999
 -999 -999 -999

type  = float-attribute
name  = TAXIS_FLOATS
count = 8
              0              2              0              0              0
        -999999        -999999        -999999

type = integer-attribute
name = DATASET_RANK
count = 8
 3 138 0 0 0
 0 0 0

type = integer-attribute
name = DATASET_DIMENSIONS
count = 5
 64 64 32 0 0

type = integer-attribute
name = BRICK_TYPES
count = 138
 3 3 3 3 3
 3 3 3 3 3
 3 3 3 3 3
 3 3 3 3 3
 3 3 3 3 3
 3 3 3 3 3
 3 3 3 3 3
 3 3 3 3 3
 3 3 3 3 3
 3 3 3 3 3
 3 3 3 3 3
 3 3 3 3 3
 3 3 3 3 3
 3 3 3 3 3
 3 3 3 3 3
 3 3 3 3 3
 3 3 3 3 3
 3 3 3 3 3
 3 3 3 3 3
 3 3 3 3 3
 3 3 3 3 3
 3 3 3 3 3
 3 3 3 3 3
 3 3 3 3 3
 3 3 3 3 3
 3 3 3 3 3
 3 3 3 3 3
 3 3 3

type  = float-attribute
name  = BRICK_FLOAT_FACS
count = 138
              0              0              0              0              0
              0              0              0              0              0
              0              0              0              0              0
              0              0              0              0              0
              0              0              0              0              0
              0              0              0              0              0
              0              0              0              0              0
              0              0              0              0              0
              0              0              0              0              0
              0              0              0              0              0
              0              0              0              0              0
              0              0              0              0              0
              0              0              0              0              0
              0              0              0              0              0
              0              0              0              0              0
              0              0              0              0              0
              0              0              0              0              0
              0              0              0              0              0
              0              0              0              0              0
              0              0              0              0              0
              0              0              0              0              0
              0              0              0              0              0
              0              0              0              0              0
              0              0              0              0              0
              0              0              0              0              0
              0              0              0              0              0
              0              0              0              0              0
              0              0              0

type = string-attribute
name = BRICK_LABS
count = 590
'#5~#6~#7~#8~#9~#10~#11~#12~#13~#14~#15~#16~#17~#18~#19~#20~#21~#22~#23~#24~#25~#26~#27~#28~#29~#30~#31~#32~#33~#34~#35~#36~#37~#38~#39~#40~#41~#42~#43~#44~#45~#46~#47~#48~#49~#50~#51~#52~#53~#54~#55~#56~#57~#58~#59~#60~#61~#62~#63~#64~#65~#66~#67~#68~#69~#70~#71~#72~#73~#74~#75~#76~#77~#78~#79~#80~#81~#82~#83~#84~#85~#86~#87~#88~#89~#90~#91~#92~#93~#94~#95~#96~#97~#98~#99~#100~#101~#102~#103~#104~#105~#106~#107~#108~#109~#110~#111~#112~#113~#114~#115~#116~#117~#118~#119~#120~#121~#122~#123~#124~#125~#126~#127~#128~#129~#130~#131~#132~#133~#134~#135~#136~#137~#138~#139~#140~#141~#142~

type = string-attribute
name = BRICK_KEYWORDS
count = 138
'~~~~~~~~~~~~~~~~~~~~~~~~~~~~~~~~~~~~~~~~~~~~~~~~~~~~~~~~~~~~~~~~~~~~~~~~~~~~~~~~~~~~~~~~~~~~~~~~~~~~~~~~~~~~~~~~~~~~~~~~~~~~~~~~~~~~~~~~~~

type = string-attribute
name = TEMPLATE_SPACE
count = 5
'ORIG~

type = integer-attribute
name = INT_CMAP
count = 1
 0

type = string-attribute
name = BYTEORDER_STRING
count = 10
'LSB_FIRST~
