
type = string-attribute
name = HISTORY_NOTE
count = 125
'[nikin@leviathan: Mon Feb 14 13:21:13 2022] {AFNI_22.0.03:linux_openmp_64} 3dDespike -prefix 0289-BOLD-EC 0289-BOLD-EC1+orig~

type = string-attribute
name = TYPESTRING
count = 15
'3DIM_HEAD_ANAT~

type = string-attribute
name = IDCODE_STRING
count = 27
'XYZ_8TThNVzCn5KgSXuafEkO2A~

type = string-attribute
name = IDCODE_DATE
count = 25
'Mon Feb 14 13:21:13 2022~

type = integer-attribute
name = SCENE_DATA
count = 8
 0 2 0 -999 -999
 -999 -999 -999

type = string-attribute
name = LABEL_1
count = 5
'zyxt~

type = string-attribute
name = LABEL_2
count = 5
'zyxt~

type = string-attribute
name = DATASET_NAME
count = 5
'zyxt~

type = integer-attribute
name = ORIENT_SPECIFIC
count = 3
 0 2 4

type  = float-attribute
name  = ORIGIN
count = 3
      -120.9968       101.3517       8.148626

type  = float-attribute
name  = DELTA
count = 3
              4             -4       3.999954

type  = float-attribute
name  = IJK_TO_DICOM
count = 12
              4              0              0      -120.9968              0
             -4              0       101.3517              0              0
       3.999954       8.148626

type  = float-attribute
name  = IJK_TO_DICOM_REAL
count = 12
       3.998378     -0.1104788    -0.02744561      -120.9968     -0.1138939
       -3.88055     -0.9635096       101.3517              0     -0.9639115
       3.882078       8.148626

type  = float-attribute
name  = BRICK_STATS
count = 276
      -3.730232           7670      -1.093139           7662              0
           7676              0           7693  -8.288212e-05           7697
  -0.0001671165           7673  -0.0009862781           7637  -0.0002950728
           7642              0           7677              0           7677
              0           7664              0           7662              0
           7670              0           7654              0           7627
              0           7653              0           7684   -0.004842877
       7681.292  -5.125999e-06           7638              0           7685
              0           7692              0           7646              0
           7634              0           7627              0           7639
              0           7669              0           7675              0
           7680              0           7622              0           7636
  -0.0003316849           7680    -0.01373181           7741    -0.02718641
           7748    -0.02664119           7707    -0.01510993           7702
              0           7693              0           7732              0
           7712   -0.003471181           7719    -0.01119654           7724
   -0.009703085        7762.99    -0.04440308           7705  -0.0008953884
           7656   -0.007774353           7701              0       7967.993
  -2.235174e-08           7681              0           7709              0
           7705              0           7676              0           7753
              0           7846              0           7690              0
           7681              0           7731              0           7759
              0           7777              0       7758.899              0
           7725              0           7779              0           7757
              0           7728              0           7698              0
           7688              0           8352              0           7995
              0           7735              0           7870              0
           7741              0           7712              0           7732
              0           7680              0           8484              0
           8035  -9.536743e-07           8326              0           8052
              0           7930              0           7793              0
           8009              0       8254.456              0        9032.53
              0           8671              0           8608              0
           8123              0           8360   -0.006564856           8649
    -0.03664696           8395    -0.03687298           8634    -0.01176274
           8500   -0.007278323           8438  -5.841255e-06           8440
              0           8927              0           8864              0
           8947              0           8695              0           9065
              0           8945              0           7798              0
           9210              0           8560              0       8464.227
              0           8990              0           8960              0
           9155              0           7903  -0.0001017451           8616
   -0.001343298           8485   -0.002920526           8416   -0.004026984
           8485    -0.03127682       8775.777    -0.05452153           7960
    -0.05746327           8660    -0.02822421           8672   -0.008962058
       9036.679    -0.01530009           8791    -0.01348112           8626
   -0.002742618           8782              0           8713              0
       8062.317     -0.2027787           8802     -0.3401415           9005
     -0.3055442       8040.513    -0.06005064           8862              0
           8696      -0.142036       8088.869    -0.09034908           8218
   -0.004910946           8607              0           8783              0
           8567  -2.503395e-06           7924     -0.0235815           8504
    -0.08827651           8800     -0.1047956           8543    -0.03288436
           8769  -6.083399e-06       8770.951              0       8980.918
  -0.0004410148           7832     -0.2362148           9087     -0.6801407
           8788

type = integer-attribute
name = TAXIS_NUMS
count = 8
 138 0 77002 -999 -999
 -999 -999 -999

type  = float-attribute
name  = TAXIS_FLOATS
count = 8
              0              2              0              0              0
        -999999        -999999        -999999

type = integer-attribute
name = DATASET_RANK
count = 8
 3 138 0 0 0
 0 0 0

type = integer-attribute
name = DATASET_DIMENSIONS
count = 5
 64 64 32 0 0

type = integer-attribute
name = BRICK_TYPES
count = 138
 3 3 3 3 3
 3 3 3 3 3
 3 3 3 3 3
 3 3 3 3 3
 3 3 3 3 3
 3 3 3 3 3
 3 3 3 3 3
 3 3 3 3 3
 3 3 3 3 3
 3 3 3 3 3
 3 3 3 3 3
 3 3 3 3 3
 3 3 3 3 3
 3 3 3 3 3
 3 3 3 3 3
 3 3 3 3 3
 3 3 3 3 3
 3 3 3 3 3
 3 3 3 3 3
 3 3 3 3 3
 3 3 3 3 3
 3 3 3 3 3
 3 3 3 3 3
 3 3 3 3 3
 3 3 3 3 3
 3 3 3 3 3
 3 3 3 3 3
 3 3 3

type  = float-attribute
name  = BRICK_FLOAT_FACS
count = 138
              0              0              0              0              0
              0              0              0              0              0
              0              0              0              0              0
              0              0              0              0              0
              0              0              0              0              0
              0              0              0              0              0
              0              0              0              0              0
              0              0              0              0              0
              0              0              0              0              0
              0              0              0              0              0
              0              0              0              0              0
              0              0              0              0              0
              0              0              0              0              0
              0              0              0              0              0
              0              0              0              0              0
              0              0              0              0              0
              0              0              0              0              0
              0              0              0              0              0
              0              0              0              0              0
              0              0              0              0              0
              0              0              0              0              0
              0              0              0              0              0
              0              0              0              0              0
              0              0              0              0              0
              0              0              0              0              0
              0              0              0              0              0
              0              0              0              0              0
              0              0              0

type = string-attribute
name = BRICK_LABS
count = 590
'#5~#6~#7~#8~#9~#10~#11~#12~#13~#14~#15~#16~#17~#18~#19~#20~#21~#22~#23~#24~#25~#26~#27~#28~#29~#30~#31~#32~#33~#34~#35~#36~#37~#38~#39~#40~#41~#42~#43~#44~#45~#46~#47~#48~#49~#50~#51~#52~#53~#54~#55~#56~#57~#58~#59~#60~#61~#62~#63~#64~#65~#66~#67~#68~#69~#70~#71~#72~#73~#74~#75~#76~#77~#78~#79~#80~#81~#82~#83~#84~#85~#86~#87~#88~#89~#90~#91~#92~#93~#94~#95~#96~#97~#98~#99~#100~#101~#102~#103~#104~#105~#106~#107~#108~#109~#110~#111~#112~#113~#114~#115~#116~#117~#118~#119~#120~#121~#122~#123~#124~#125~#126~#127~#128~#129~#130~#131~#132~#133~#134~#135~#136~#137~#138~#139~#140~#141~#142~

type = string-attribute
name = BRICK_KEYWORDS
count = 138
'~~~~~~~~~~~~~~~~~~~~~~~~~~~~~~~~~~~~~~~~~~~~~~~~~~~~~~~~~~~~~~~~~~~~~~~~~~~~~~~~~~~~~~~~~~~~~~~~~~~~~~~~~~~~~~~~~~~~~~~~~~~~~~~~~~~~~~~~~~

type = string-attribute
name = TEMPLATE_SPACE
count = 5
'ORIG~

type = integer-attribute
name = INT_CMAP
count = 1
 0

type = string-attribute
name = BYTEORDER_STRING
count = 10
'LSB_FIRST~
