
type = string-attribute
name = HISTORY_NOTE
count = 125
'[nikin@leviathan: Mon Feb 14 13:23:19 2022] {AFNI_22.0.03:linux_openmp_64} 3dDespike -prefix 0301-BOLD-EC 0301-BOLD-EC1+orig~

type = string-attribute
name = TYPESTRING
count = 15
'3DIM_HEAD_ANAT~

type = string-attribute
name = IDCODE_STRING
count = 27
'XYZ_23JNqzQkTnbTU-c3bo44qw~

type = string-attribute
name = IDCODE_DATE
count = 25
'Mon Feb 14 13:23:19 2022~

type = integer-attribute
name = SCENE_DATA
count = 8
 0 2 0 -999 -999
 -999 -999 -999

type = string-attribute
name = LABEL_1
count = 5
'zyxt~

type = string-attribute
name = LABEL_2
count = 5
'zyxt~

type = string-attribute
name = DATASET_NAME
count = 5
'zyxt~

type = integer-attribute
name = ORIENT_SPECIFIC
count = 3
 0 2 4

type  = float-attribute
name  = ORIGIN
count = 3
      -131.7307       101.4792      -21.63611

type  = float-attribute
name  = DELTA
count = 3
              4             -4       4.000041

type  = float-attribute
name  = IJK_TO_DICOM
count = 12
              4              0              0      -131.7307              0
             -4              0       101.4792              0              0
       4.000041      -21.63611

type  = float-attribute
name  = IJK_TO_DICOM_REAL
count = 12
       3.999206     0.07947078    0.006678181      -131.7307     0.07971563
      -3.985147     -0.3350337       101.4792              0     -0.3350967
        3.98598      -21.63611

type  = float-attribute
name  = BRICK_STATS
count = 276
       -2.46388           8048     -0.8072264           8001  -0.0006703883
           7982              0           7985              0           7996
   -0.001430105           8012   -0.004866287           8004   -0.004346937
           8080   -0.001333207           8052  -3.237277e-06           8107
              0           8096              0           8099              0
           8115   -0.002756208           8081    -0.05334461           8025
    -0.06471661           8000    -0.05446379           8000    -0.02424391
           7976   -0.002242208           8016   -0.001330204           8030
   -0.001183602           8038   -0.000394159           8049  -3.129244e-06
           8025              0           8029              0           8028
              0           8034              0           8002  -0.0003815126
           8010  -0.0003528837           8052   -0.005615711           8059
   -0.000489153           8028  -6.180257e-05           8026              0
           8017   -0.001310229           8040    -0.08897606           8080
     -0.1481189           8042    -0.07725908           8043     -0.1665339
           7960     -0.2553488           7993     -0.2139759           7967
     -0.0916791           7971   -0.005923826       7945.005   -0.001709927
           8007              0           8079              0           8060
              0           8049              0           8064              0
           8127   -0.001016928           8070   -0.001697449           8103
  -0.0006465893           7987  -2.672896e-07       7945.072              0
       7963.087              0        7943.22              0           8137
              0           8103              0           8109              0
           8138              0           8159              0           8143
              0           8150              0           8156              0
           8174              0           8099              0           8108
              0       8000.618              0           8070              0
       7985.891              0           8033              0           8078
              0           8084              0           8082              0
           8123              0       8170.961              0       8166.996
              0       8160.694              0        8154.57              0
           8104              0           8052              0           7988
   -0.004346684           7978     -0.0247414           8003    -0.04585238
           7980    -0.05380255           7988    -0.03921096           8009
   -0.003909104           8029              0           8028              0
           8021              0           8008              0           7991
  -0.0009035021           8085    -0.01551238           8106    -0.03919341
           7886    -0.08909851           7897      -0.164371           7928
       -0.20506           7968     -0.2409435           7984     -0.2610795
           8047      -0.231682       8063.665     -0.1411055        8068.66
    -0.06316727       8065.195     -0.1482973       8033.103     -0.1963012
           7975     -0.2004703           7894     -0.2258278           7852
     -0.1714462           7873     -0.2371461           7891     -0.2724552
           7899     -0.2069027           7894     -0.1972796           7933
     -0.2167572           7924     -0.2051376           7923     -0.1519749
           7912    -0.04768965           7923   -0.006430604           7981
   -0.007924232           7962   -0.007663988           7982    -0.02899586
           7962     -0.0469901           7973     -0.0413462           7977
     -0.0304413           7990      -0.027954           7995    -0.01440291
           8052   -0.007744187           7981  -0.0001841467           8010
              0           8008              0           8011              0
           8040              0           8043  -0.0001359051           8022
  -0.0006329659           8014  -0.0007753568           7958  -0.0002103653
           7926              0           7973              0           7925
     -0.1279755           7949       -1.51915           7932      -11.69017
           7942

type = integer-attribute
name = TAXIS_NUMS
count = 8
 138 0 77002 -999 -999
 -999 -999 -999

type  = float-attribute
name  = TAXIS_FLOATS
count = 8
              0              2              0              0              0
        -999999        -999999        -999999

type = integer-attribute
name = DATASET_RANK
count = 8
 3 138 0 0 0
 0 0 0

type = integer-attribute
name = DATASET_DIMENSIONS
count = 5
 64 64 32 0 0

type = integer-attribute
name = BRICK_TYPES
count = 138
 3 3 3 3 3
 3 3 3 3 3
 3 3 3 3 3
 3 3 3 3 3
 3 3 3 3 3
 3 3 3 3 3
 3 3 3 3 3
 3 3 3 3 3
 3 3 3 3 3
 3 3 3 3 3
 3 3 3 3 3
 3 3 3 3 3
 3 3 3 3 3
 3 3 3 3 3
 3 3 3 3 3
 3 3 3 3 3
 3 3 3 3 3
 3 3 3 3 3
 3 3 3 3 3
 3 3 3 3 3
 3 3 3 3 3
 3 3 3 3 3
 3 3 3 3 3
 3 3 3 3 3
 3 3 3 3 3
 3 3 3 3 3
 3 3 3 3 3
 3 3 3

type  = float-attribute
name  = BRICK_FLOAT_FACS
count = 138
              0              0              0              0              0
              0              0              0              0              0
              0              0              0              0              0
              0              0              0              0              0
              0              0              0              0              0
              0              0              0              0              0
              0              0              0              0              0
              0              0              0              0              0
              0              0              0              0              0
              0              0              0              0              0
              0              0              0              0              0
              0              0              0              0              0
              0              0              0              0              0
              0              0              0              0              0
              0              0              0              0              0
              0              0              0              0              0
              0              0              0              0              0
              0              0              0              0              0
              0              0              0              0              0
              0              0              0              0              0
              0              0              0              0              0
              0              0              0              0              0
              0              0              0              0              0
              0              0              0              0              0
              0              0              0              0              0
              0              0              0              0              0
              0              0              0              0              0
              0              0              0

type = string-attribute
name = BRICK_LABS
count = 590
'#5~#6~#7~#8~#9~#10~#11~#12~#13~#14~#15~#16~#17~#18~#19~#20~#21~#22~#23~#24~#25~#26~#27~#28~#29~#30~#31~#32~#33~#34~#35~#36~#37~#38~#39~#40~#41~#42~#43~#44~#45~#46~#47~#48~#49~#50~#51~#52~#53~#54~#55~#56~#57~#58~#59~#60~#61~#62~#63~#64~#65~#66~#67~#68~#69~#70~#71~#72~#73~#74~#75~#76~#77~#78~#79~#80~#81~#82~#83~#84~#85~#86~#87~#88~#89~#90~#91~#92~#93~#94~#95~#96~#97~#98~#99~#100~#101~#102~#103~#104~#105~#106~#107~#108~#109~#110~#111~#112~#113~#114~#115~#116~#117~#118~#119~#120~#121~#122~#123~#124~#125~#126~#127~#128~#129~#130~#131~#132~#133~#134~#135~#136~#137~#138~#139~#140~#141~#142~

type = string-attribute
name = BRICK_KEYWORDS
count = 138
'~~~~~~~~~~~~~~~~~~~~~~~~~~~~~~~~~~~~~~~~~~~~~~~~~~~~~~~~~~~~~~~~~~~~~~~~~~~~~~~~~~~~~~~~~~~~~~~~~~~~~~~~~~~~~~~~~~~~~~~~~~~~~~~~~~~~~~~~~~

type = string-attribute
name = TEMPLATE_SPACE
count = 5
'ORIG~

type = integer-attribute
name = INT_CMAP
count = 1
 0

type = string-attribute
name = BYTEORDER_STRING
count = 10
'LSB_FIRST~
