
type = string-attribute
name = HISTORY_NOTE
count = 125
'[nikin@leviathan: Mon Feb 14 13:24:18 2022] {AFNI_22.0.03:linux_openmp_64} 3dDespike -prefix 0319-BOLD-EC 0319-BOLD-EC1+orig~

type = string-attribute
name = TYPESTRING
count = 15
'3DIM_HEAD_ANAT~

type = string-attribute
name = IDCODE_STRING
count = 27
'XYZ_kq84zaL1kV4sXjm4ZEhF8Q~

type = string-attribute
name = IDCODE_DATE
count = 25
'Mon Feb 14 13:24:18 2022~

type = integer-attribute
name = SCENE_DATA
count = 8
 0 2 0 -999 -999
 -999 -999 -999

type = string-attribute
name = LABEL_1
count = 5
'zyxt~

type = string-attribute
name = LABEL_2
count = 5
'zyxt~

type = string-attribute
name = DATASET_NAME
count = 5
'zyxt~

type = integer-attribute
name = ORIENT_SPECIFIC
count = 3
 0 2 4

type  = float-attribute
name  = ORIGIN
count = 3
      -119.4362        104.834      -20.36074

type  = float-attribute
name  = DELTA
count = 3
              4             -4       3.999914

type  = float-attribute
name  = IJK_TO_DICOM
count = 12
              4              0              0      -119.4362              0
             -4              0        104.834              0              0
       3.999914      -20.36074

type  = float-attribute
name  = IJK_TO_DICOM_REAL
count = 12
        3.99667    -0.09045756     -0.1358538      -119.4362     -0.1126733
       -3.93765     -0.6943944        104.834      0.1180449     -0.6976597
       3.936836      -20.36074

type  = float-attribute
name  = BRICK_STATS
count = 276
       -2.72055           8222     -0.5694046           8234              0
           8195   -0.000315398           8190     -0.0794868           8136
     -0.2059685           8134     -0.2500317           8128     -0.2337918
           8123      -0.177351           8115     -0.1447231           8115
     -0.3152432           8090     -0.2856091           8127     -0.1268449
           8099   -0.008333325       8122.994              0           8098
   -0.003831029       8153.396     -0.1245506           8072     -0.2137839
           8024     -0.2304155           8074      -0.212101           8076
     -0.2599827           8064     -0.2486287           8059     -0.1942654
           8023     -0.1134743           8045    -0.03174177       8255.986
   -0.005666725       8221.999  -4.738569e-06           8197   -0.004447855
        8319.31   -0.007178109           8169    -0.04967737           8146
     -0.2758176           8213     -0.6918917           8242     -0.7498407
           8256       -0.29268           8188     -0.4969916           8224
      -1.298065           8206       -2.15359       8392.713      -3.394073
           8219      -3.925831           8194      -3.872468           8251
      -3.362931        8331.91       -2.52416           8263       -1.48744
       8353.816     -0.4660649           8260    -0.07676512           8209
   -0.005724749           8144   -0.009654954           8075   -0.008746868
           8095   -0.004694568           8062  -0.0007327031           8074
              0           8116  -5.109236e-06           8125   -0.003340568
           8116   -0.005430039           8126   -0.003240459           8121
  -0.0003825277           8100              0           8133   -0.003374424
           8081   -0.001908675           8127  -4.392117e-06           8091
              0           8133              0           8208              0
           8225              0           8180              0           8186
              0           8152              0           8107              0
           8150              0           8235              0           8163
              0           8140              0           8180              0
           8113              0           8165   -0.002982497           8181
              0           8256              0       8354.226              0
       8317.941              0       8311.999              0           8272
              0           8234              0       8363.975    -0.01178728
           8161    -0.03767014           8212    -0.05568603           8199
    -0.04953852        8202.41    -0.01757595           8241    -0.01450399
           8229     -0.1194989           8188     -0.1845069           8119
     -0.1351994           8127    -0.03064409           8118    -0.05315037
           8163     -0.0583137           8170    -0.03712192           8156
    -0.06720579           8240     -0.1895995           8193     -0.2531269
           8217     -0.1891502           8233    -0.03836846           8157
    -0.05071891           8180     -0.1266434           8135     -0.1970112
           8207     -0.2521472           8197     -0.2816998           8187
     -0.2738749           8202     -0.2155485           8120    -0.09260041
           8101    -0.08765656           8113    -0.05170858           8092
   -0.002935052           8118              0           8088              0
           8037              0       8045.943   -0.004421651           8040
    -0.05483374       9137.672     -0.4237893           8056     -0.7766609
           8040     -0.9759102           8062     -0.9107938           8050
      -1.023947           8091      -1.114737           8087      -0.983143
           8101     -0.8844446           8026     -0.5111024           8085
    -0.01549101           8087              0           8042              0
       8032.581  -0.0006949008           8052    -0.01999399           8117
    -0.05025864           8107    -0.05580667           8125    -0.02259797
           8220  -7.570907e-05           8160   -0.001713917           8149
   -0.000429064       8824.767      -1.597664           8132      -11.72694
           8107

type = integer-attribute
name = TAXIS_NUMS
count = 8
 138 0 77002 -999 -999
 -999 -999 -999

type  = float-attribute
name  = TAXIS_FLOATS
count = 8
              0              2              0              0              0
        -999999        -999999        -999999

type = integer-attribute
name = DATASET_RANK
count = 8
 3 138 0 0 0
 0 0 0

type = integer-attribute
name = DATASET_DIMENSIONS
count = 5
 64 64 32 0 0

type = integer-attribute
name = BRICK_TYPES
count = 138
 3 3 3 3 3
 3 3 3 3 3
 3 3 3 3 3
 3 3 3 3 3
 3 3 3 3 3
 3 3 3 3 3
 3 3 3 3 3
 3 3 3 3 3
 3 3 3 3 3
 3 3 3 3 3
 3 3 3 3 3
 3 3 3 3 3
 3 3 3 3 3
 3 3 3 3 3
 3 3 3 3 3
 3 3 3 3 3
 3 3 3 3 3
 3 3 3 3 3
 3 3 3 3 3
 3 3 3 3 3
 3 3 3 3 3
 3 3 3 3 3
 3 3 3 3 3
 3 3 3 3 3
 3 3 3 3 3
 3 3 3 3 3
 3 3 3 3 3
 3 3 3

type  = float-attribute
name  = BRICK_FLOAT_FACS
count = 138
              0              0              0              0              0
              0              0              0              0              0
              0              0              0              0              0
              0              0              0              0              0
              0              0              0              0              0
              0              0              0              0              0
              0              0              0              0              0
              0              0              0              0              0
              0              0              0              0              0
              0              0              0              0              0
              0              0              0              0              0
              0              0              0              0              0
              0              0              0              0              0
              0              0              0              0              0
              0              0              0              0              0
              0              0              0              0              0
              0              0              0              0              0
              0              0              0              0              0
              0              0              0              0              0
              0              0              0              0              0
              0              0              0              0              0
              0              0              0              0              0
              0              0              0              0              0
              0              0              0              0              0
              0              0              0              0              0
              0              0              0              0              0
              0              0              0              0              0
              0              0              0

type = string-attribute
name = BRICK_LABS
count = 590
'#5~#6~#7~#8~#9~#10~#11~#12~#13~#14~#15~#16~#17~#18~#19~#20~#21~#22~#23~#24~#25~#26~#27~#28~#29~#30~#31~#32~#33~#34~#35~#36~#37~#38~#39~#40~#41~#42~#43~#44~#45~#46~#47~#48~#49~#50~#51~#52~#53~#54~#55~#56~#57~#58~#59~#60~#61~#62~#63~#64~#65~#66~#67~#68~#69~#70~#71~#72~#73~#74~#75~#76~#77~#78~#79~#80~#81~#82~#83~#84~#85~#86~#87~#88~#89~#90~#91~#92~#93~#94~#95~#96~#97~#98~#99~#100~#101~#102~#103~#104~#105~#106~#107~#108~#109~#110~#111~#112~#113~#114~#115~#116~#117~#118~#119~#120~#121~#122~#123~#124~#125~#126~#127~#128~#129~#130~#131~#132~#133~#134~#135~#136~#137~#138~#139~#140~#141~#142~

type = string-attribute
name = BRICK_KEYWORDS
count = 138
'~~~~~~~~~~~~~~~~~~~~~~~~~~~~~~~~~~~~~~~~~~~~~~~~~~~~~~~~~~~~~~~~~~~~~~~~~~~~~~~~~~~~~~~~~~~~~~~~~~~~~~~~~~~~~~~~~~~~~~~~~~~~~~~~~~~~~~~~~~

type = string-attribute
name = TEMPLATE_SPACE
count = 5
'ORIG~

type = integer-attribute
name = INT_CMAP
count = 1
 0

type = string-attribute
name = BYTEORDER_STRING
count = 10
'LSB_FIRST~
