
type = string-attribute
name = HISTORY_NOTE
count = 141
'[nikin@leviathan: Mon Feb 14 13:26:02 2022] {AFNI_22.0.03:linux_openmp_64} 3dcalc -prefix 0331-BOLD-EC-tmp -a BOLD-0331.nii -expr a -verbose~

type = string-attribute
name = TYPESTRING
count = 15
'3DIM_HEAD_ANAT~

type = string-attribute
name = IDCODE_STRING
count = 27
'XYZ_a2v_Vo7CSoqhuppS5mYrig~

type = string-attribute
name = IDCODE_DATE
count = 25
'Mon Feb 14 13:26:02 2022~

type = integer-attribute
name = SCENE_DATA
count = 8
 0 2 0 -999 -999
 -999 -999 -999

type = string-attribute
name = LABEL_1
count = 5
'zyxt~

type = string-attribute
name = LABEL_2
count = 5
'zyxt~

type = string-attribute
name = DATASET_NAME
count = 5
'zyxt~

type = integer-attribute
name = ORIENT_SPECIFIC
count = 3
 0 2 4

type  = float-attribute
name  = ORIGIN
count = 3
      -126.4063       78.70042      -59.13233

type  = float-attribute
name  = DELTA
count = 3
              4             -4       3.999806

type  = float-attribute
name  = IJK_TO_DICOM
count = 12
              4              0              0      -126.4063              0
             -4              0       78.70042              0              0
       3.999806      -59.13233

type  = float-attribute
name  = IJK_TO_DICOM_REAL
count = 12
       3.996457      0.1637036      0.0390395      -126.4063      0.1502733
      -3.888721      0.9247648       78.70042    -0.07580803      0.9225242
       3.891238      -59.13233

type  = float-attribute
name  = BRICK_STATS
count = 286
              0          17719              0           9768              0
           9168              0           8989              0           8973
              0           8857              0           8868              0
           8953              0           8962              0           8971
              0           8896              0           8900              0
           8929              0           8913              0           8912
              0           8891              0           8878              0
           8928              0           8947              0           8972
              0           9009              0           8974              0
           8959              0           8908              0           8899
              0           8998              0           8957              0
           8951              0           8963              0           9004
              0           9015              0           8929              0
           9029              0           8990              0           8921
              0           8970              0           9010              0
           9047              0           9004              0           9032
              0           9097              0           9139              0
           9113              0           9033              0           9083
              0           9042              0           9065              0
           8932              0           8971              0           8938
              0           9022              0           9055              0
           9065              0           9029              0           9059
              0           9015              0           8945              0
           8981              0           9010              0           9067
              0           9014              0           9038              0
           9006              0           8894              0           8831
              0           8926              0           8912              0
           8834              0           8872              0           8937
              0           8881              0           8841              0
           8874              0           8842              0           8789
              0           8746              0           8793              0
           8838              0           8764              0           8763
              0           8793              0           8943              0
           8985              0           8999              0           8826
              0           8842              0           8906              0
           8861              0           8832              0           8892
              0           8909              0           8736              0
           8834              0           8892              0           8802
              0           8671              0           8750              0
           8789              0           8763              0           8784
              0           8938              0           8734              0
           8762              0           8870              0           8844
              0           8773              0           8747              0
           8780              0           8700              0           8680
              0           8763              0           8834              0
           8733              0           8716              0           8818
              0           8715              0           8775              0
           8714              0           8876              0           8645
              0           8662              0           8637              0
           8597              0           8642              0           8750
              0           8747              0           8681              0
           8713              0           8705              0           8659
              0           8670              0           8830              0
           8708              0           8666              0           8802
              0           8777              0           8698              0
           8793              0           8771              0           8771
              0           8759              0           8856              0
           8899

type = integer-attribute
name = TAXIS_NUMS
count = 8
 143 0 77002 -999 -999
 -999 -999 -999

type  = float-attribute
name  = TAXIS_FLOATS
count = 8
              0              2              0              0              0
        -999999        -999999        -999999

type = integer-attribute
name = DATASET_RANK
count = 8
 3 143 0 0 0
 0 0 0

type = integer-attribute
name = DATASET_DIMENSIONS
count = 5
 64 64 32 0 0

type = integer-attribute
name = BRICK_TYPES
count = 143
 1 1 1 1 1
 1 1 1 1 1
 1 1 1 1 1
 1 1 1 1 1
 1 1 1 1 1
 1 1 1 1 1
 1 1 1 1 1
 1 1 1 1 1
 1 1 1 1 1
 1 1 1 1 1
 1 1 1 1 1
 1 1 1 1 1
 1 1 1 1 1
 1 1 1 1 1
 1 1 1 1 1
 1 1 1 1 1
 1 1 1 1 1
 1 1 1 1 1
 1 1 1 1 1
 1 1 1 1 1
 1 1 1 1 1
 1 1 1 1 1
 1 1 1 1 1
 1 1 1 1 1
 1 1 1 1 1
 1 1 1 1 1
 1 1 1 1 1
 1 1 1 1 1
 1 1 1

type  = float-attribute
name  = BRICK_FLOAT_FACS
count = 143
              0              0              0              0              0
              0              0              0              0              0
              0              0              0              0              0
              0              0              0              0              0
              0              0              0              0              0
              0              0              0              0              0
              0              0              0              0              0
              0              0              0              0              0
              0              0              0              0              0
              0              0              0              0              0
              0              0              0              0              0
              0              0              0              0              0
              0              0              0              0              0
              0              0              0              0              0
              0              0              0              0              0
              0              0              0              0              0
              0              0              0              0              0
              0              0              0              0              0
              0              0              0              0              0
              0              0              0              0              0
              0              0              0              0              0
              0              0              0              0              0
              0              0              0              0              0
              0              0              0              0              0
              0              0              0              0              0
              0              0              0              0              0
              0              0              0              0              0
              0              0              0              0              0
              0              0              0

type = string-attribute
name = TEMPLATE_SPACE
count = 5
'ORIG~

type = integer-attribute
name = INT_CMAP
count = 1
 0

type = string-attribute
name = BYTEORDER_STRING
count = 10
'LSB_FIRST~
