
type = string-attribute
name = HISTORY_NOTE
count = 125
'[nikin@leviathan: Mon Feb 14 13:26:11 2022] {AFNI_22.0.03:linux_openmp_64} 3dDespike -prefix 0331-BOLD-EC 0331-BOLD-EC1+orig~

type = string-attribute
name = TYPESTRING
count = 15
'3DIM_HEAD_ANAT~

type = string-attribute
name = IDCODE_STRING
count = 27
'XYZ_p5WslBaBcAO3oSnEwrTJMw~

type = string-attribute
name = IDCODE_DATE
count = 25
'Mon Feb 14 13:26:11 2022~

type = integer-attribute
name = SCENE_DATA
count = 8
 0 2 0 -999 -999
 -999 -999 -999

type = string-attribute
name = LABEL_1
count = 5
'zyxt~

type = string-attribute
name = LABEL_2
count = 5
'zyxt~

type = string-attribute
name = DATASET_NAME
count = 5
'zyxt~

type = integer-attribute
name = ORIENT_SPECIFIC
count = 3
 0 2 4

type  = float-attribute
name  = ORIGIN
count = 3
      -126.4063       78.70042      -59.13233

type  = float-attribute
name  = DELTA
count = 3
              4             -4       3.999806

type  = float-attribute
name  = IJK_TO_DICOM
count = 12
              4              0              0      -126.4063              0
             -4              0       78.70042              0              0
       3.999806      -59.13233

type  = float-attribute
name  = IJK_TO_DICOM_REAL
count = 12
       3.996457      0.1637036      0.0390395      -126.4063      0.1502733
      -3.888721      0.9247648       78.70042    -0.07580803      0.9225242
       3.891238      -59.13233

type  = float-attribute
name  = BRICK_STATS
count = 276
      -19.79917           8857       -12.7211           8868      -5.831891
           8953              0           8962     -0.2834044           8971
     -0.6375732           8896     -0.3153782           8900   -0.004385214
           8929  -0.0001431834           8913              0           8912
              0           8891              0           8878    -0.00217253
           8928     -0.0323441           8947     -0.4237586           8972
     -0.3555323           9009    -0.02526763           8974    -0.07329738
           8959     -0.1142308           8908     -0.1152078           8899
    -0.08613989           8998    -0.06379947           8957    -0.08795372
           8951     -0.3958845           8963     -0.5470048           9004
      -0.560402           9015     -0.4725364           8929     -0.3173407
           9029     -0.4225936           8990     -0.6803117           8921
     -0.6037822           8970     -0.3038554           9010      -0.105468
           9047    -0.02976814           9004    -0.03666878           9032
  -0.0001049042           9097              0           9139              0
           9113              0           9033              0           9083
              0           9042    -0.03946471           9065    -0.03610104
       8932.013   -0.009677052           8971  -5.960464e-08       8938.002
              0           9022              0           9055  -0.0002681315
           9065   -0.000423111           9029              0           9059
              0           9015              0           8945              0
           8981              0           9010              0           9067
  -9.536743e-07           9014              0           9038              0
           9006              0           8894              0           8831
              0           8926   -0.000132829           8912   -6.28382e-05
           8834  -5.285442e-05           8872              0           8937
              0           8881  -3.957748e-05           8841  -7.122755e-05
           8874              0           8842              0           8789
              0           8746              0           8793              0
           8838              0           8764              0           8763
              0           8793  -0.0009356663           8943   -0.003889248
       8982.457   -0.004568368       8992.663     -0.0076757           8826
    -0.03388731           8842    -0.06656651           8906    -0.07713239
           8861    -0.05692285           8832   -0.006693535           8892
              0           8909  -5.194545e-05           8736   -0.002661884
           8834   -0.006477803           8892   -0.004809961           8802
  -0.0002191216        8671.34              0           8750   -0.004332989
           8789    -0.01245587           8763              0           8784
  -5.103648e-06       8931.302  -0.0007602535           8734   -0.004726218
           8762   -0.008980608           8870    -0.01217435           8844
     -0.0133154           8773      -0.022724           8747    -0.01695731
           8780    -0.00157693           8700  -8.150935e-06           8680
              0           8763              0           8834              0
           8733  -1.907349e-06           8716              0           8818
              0           8715  -0.0001902282           8775    -0.01596602
           8714    -0.04604919       8830.029    -0.06819303           8645
    -0.07113375           8662    -0.04532202           8637   -0.003554627
           8597              0           8642              0           8750
    -0.03099889           8747    -0.07485425           8681    -0.04968858
           8713  -3.385544e-05           8705              0           8659
              0           8670              0           8830              0
           8708              0           8666   -0.002926469           8802
    -0.02359302           8777    -0.04836546           8698    -0.06121749
           8793    -0.05268444           8771    -0.01487824           8771
              0           8759      -2.431344           8856      -8.838677
           8899

type = integer-attribute
name = TAXIS_NUMS
count = 8
 138 0 77002 -999 -999
 -999 -999 -999

type  = float-attribute
name  = TAXIS_FLOATS
count = 8
              0              2              0              0              0
        -999999        -999999        -999999

type = integer-attribute
name = DATASET_RANK
count = 8
 3 138 0 0 0
 0 0 0

type = integer-attribute
name = DATASET_DIMENSIONS
count = 5
 64 64 32 0 0

type = integer-attribute
name = BRICK_TYPES
count = 138
 3 3 3 3 3
 3 3 3 3 3
 3 3 3 3 3
 3 3 3 3 3
 3 3 3 3 3
 3 3 3 3 3
 3 3 3 3 3
 3 3 3 3 3
 3 3 3 3 3
 3 3 3 3 3
 3 3 3 3 3
 3 3 3 3 3
 3 3 3 3 3
 3 3 3 3 3
 3 3 3 3 3
 3 3 3 3 3
 3 3 3 3 3
 3 3 3 3 3
 3 3 3 3 3
 3 3 3 3 3
 3 3 3 3 3
 3 3 3 3 3
 3 3 3 3 3
 3 3 3 3 3
 3 3 3 3 3
 3 3 3 3 3
 3 3 3 3 3
 3 3 3

type  = float-attribute
name  = BRICK_FLOAT_FACS
count = 138
              0              0              0              0              0
              0              0              0              0              0
              0              0              0              0              0
              0              0              0              0              0
              0              0              0              0              0
              0              0              0              0              0
              0              0              0              0              0
              0              0              0              0              0
              0              0              0              0              0
              0              0              0              0              0
              0              0              0              0              0
              0              0              0              0              0
              0              0              0              0              0
              0              0              0              0              0
              0              0              0              0              0
              0              0              0              0              0
              0              0              0              0              0
              0              0              0              0              0
              0              0              0              0              0
              0              0              0              0              0
              0              0              0              0              0
              0              0              0              0              0
              0              0              0              0              0
              0              0              0              0              0
              0              0              0              0              0
              0              0              0              0              0
              0              0              0              0              0
              0              0              0

type = string-attribute
name = BRICK_LABS
count = 590
'#5~#6~#7~#8~#9~#10~#11~#12~#13~#14~#15~#16~#17~#18~#19~#20~#21~#22~#23~#24~#25~#26~#27~#28~#29~#30~#31~#32~#33~#34~#35~#36~#37~#38~#39~#40~#41~#42~#43~#44~#45~#46~#47~#48~#49~#50~#51~#52~#53~#54~#55~#56~#57~#58~#59~#60~#61~#62~#63~#64~#65~#66~#67~#68~#69~#70~#71~#72~#73~#74~#75~#76~#77~#78~#79~#80~#81~#82~#83~#84~#85~#86~#87~#88~#89~#90~#91~#92~#93~#94~#95~#96~#97~#98~#99~#100~#101~#102~#103~#104~#105~#106~#107~#108~#109~#110~#111~#112~#113~#114~#115~#116~#117~#118~#119~#120~#121~#122~#123~#124~#125~#126~#127~#128~#129~#130~#131~#132~#133~#134~#135~#136~#137~#138~#139~#140~#141~#142~

type = string-attribute
name = BRICK_KEYWORDS
count = 138
'~~~~~~~~~~~~~~~~~~~~~~~~~~~~~~~~~~~~~~~~~~~~~~~~~~~~~~~~~~~~~~~~~~~~~~~~~~~~~~~~~~~~~~~~~~~~~~~~~~~~~~~~~~~~~~~~~~~~~~~~~~~~~~~~~~~~~~~~~~

type = string-attribute
name = TEMPLATE_SPACE
count = 5
'ORIG~

type = integer-attribute
name = INT_CMAP
count = 1
 0

type = string-attribute
name = BYTEORDER_STRING
count = 10
'LSB_FIRST~
