
type = string-attribute
name = HISTORY_NOTE
count = 135
'[nikin@leviathan: Sun Feb 13 12:41:46 2022] {AFNI_22.0.03:linux_openmp_64} 3dDespike -prefix BOLD-0249-BOLD-EC BOLD-0249-BOLD-EC1+orig~

type = string-attribute
name = TYPESTRING
count = 15
'3DIM_HEAD_ANAT~

type = string-attribute
name = IDCODE_STRING
count = 27
'XYZ_U1DRz8TuBTA_ZbI7IGOWcw~

type = string-attribute
name = IDCODE_DATE
count = 25
'Sun Feb 13 12:41:46 2022~

type = integer-attribute
name = SCENE_DATA
count = 8
 0 2 0 -999 -999
 -999 -999 -999

type = string-attribute
name = LABEL_1
count = 5
'zyxt~

type = string-attribute
name = LABEL_2
count = 5
'zyxt~

type = string-attribute
name = DATASET_NAME
count = 5
'zyxt~

type = integer-attribute
name = ORIENT_SPECIFIC
count = 3
 0 2 4

type  = float-attribute
name  = ORIGIN
count = 3
      -130.3194       100.8203      -28.68996

type  = float-attribute
name  = DELTA
count = 3
              4             -4       4.000086

type  = float-attribute
name  = IJK_TO_DICOM
count = 12
              4              0              0      -130.3194              0
             -4              0       100.8203              0              0
       4.000086      -28.68996

type  = float-attribute
name  = IJK_TO_DICOM_REAL
count = 12
       3.993397      0.1593083      0.1655537      -130.3194       0.169316
      -3.988815     -0.2463438       100.8203     -0.1552776     -0.2529403
       3.989059      -28.68996

type  = float-attribute
name  = BRICK_STATS
count = 276
      -1.800959       7431.905     -0.1698613           7314              0
           7453              0           7321              0           7303
              0           7446    -0.01902473           7364    -0.01634771
           7262              0           7398              0           7223
              0           7277              0           7339              0
           7294              0       7456.276              0           7103
              0           7197  -0.0005963668       7366.769    -0.02473202
           7138    -0.04400951       7309.811    -0.04679459           7109
    -0.09776774           7043     -0.3264803           7114       -0.48803
           7226     -0.5024782           7150     -0.4079685           7139
     -0.7364769           7155     -0.9965824           7125      -1.032322
           7190      -0.900134           7222     -0.6519055           7144
     -0.4652648           7191     -0.7415161       7322.604      -1.656168
           7258       -3.48561           7251      -4.126988           7154
       -3.70772           7283       -2.53351           7242      -1.059398
           7140     -0.4342393           7171     -0.5158354           7178
      -1.856167           7169      -2.824959           7229      -3.795536
           7175      -3.923857           7145      -3.313048           7163
      -2.205745           7107     -0.8874342           7177     -0.2211779
           7099     -0.1034312           7225      -0.185739           7134
     -0.1897991           7252     -0.1313283           7148    -0.04884118
           7185              0           7239              0       7357.397
              0       7303.852              0           7228              0
           7104              0           7142              0           7169
              0           7114              0           7145              0
           7096              0           7173              0           7087
              0           7170              0           7194              0
           7105              0           7108              0           7131
              0           7167              0           7195              0
           7132              0           7121              0           7163
              0           7164              0           7154              0
           7104              0           7137              0           7171
  -2.026558e-06           7134              0           7129   -0.008490443
           7135    -0.04566532           7260    -0.07658666           7168
    -0.06332934           7167    -0.01308089           7170  -0.0003538132
           7193   -0.006989062           7187     -0.0138703           7202
              0       8106.615  -0.0001440048       7091.204              0
           7186              0           7702              0       7100.722
  -2.141297e-05           7118  -0.0001923889           7847  -3.427267e-06
           7273              0           7205              0           7395
              0           7212              0           7199              0
           7220              0           7226              0           7149
              0           7642              0        7050.29   -0.001874447
           7064    -0.01480412           7103              0        7155.74
              0       7195.993              0       7219.968              0
       7230.385              0           7174              0           7487
              0           7143              0           7374              0
           7062              0           7062     -0.1423297           7057
     -0.8551203           7093      -1.299536           7163        -1.4485
           7176      -1.346048           7190      -1.043455           7177
     -0.5940195           7182     -0.1301804           7191   -0.003313258
           7584     -0.4501636           7211     -0.9881347           7236
     -0.9029888           7171     -0.9188516           7545     -0.8250455
           7218     -0.5369977           7125    -0.06008005           7502
              0           7169      -1.029101           7155      -3.649727
           7150

type = integer-attribute
name = TAXIS_NUMS
count = 8
 138 0 77002 -999 -999
 -999 -999 -999

type  = float-attribute
name  = TAXIS_FLOATS
count = 8
              0              2              0              0              0
        -999999        -999999        -999999

type = integer-attribute
name = DATASET_RANK
count = 8
 3 138 0 0 0
 0 0 0

type = integer-attribute
name = DATASET_DIMENSIONS
count = 5
 64 64 32 0 0

type = integer-attribute
name = BRICK_TYPES
count = 138
 3 3 3 3 3
 3 3 3 3 3
 3 3 3 3 3
 3 3 3 3 3
 3 3 3 3 3
 3 3 3 3 3
 3 3 3 3 3
 3 3 3 3 3
 3 3 3 3 3
 3 3 3 3 3
 3 3 3 3 3
 3 3 3 3 3
 3 3 3 3 3
 3 3 3 3 3
 3 3 3 3 3
 3 3 3 3 3
 3 3 3 3 3
 3 3 3 3 3
 3 3 3 3 3
 3 3 3 3 3
 3 3 3 3 3
 3 3 3 3 3
 3 3 3 3 3
 3 3 3 3 3
 3 3 3 3 3
 3 3 3 3 3
 3 3 3 3 3
 3 3 3

type  = float-attribute
name  = BRICK_FLOAT_FACS
count = 138
              0              0              0              0              0
              0              0              0              0              0
              0              0              0              0              0
              0              0              0              0              0
              0              0              0              0              0
              0              0              0              0              0
              0              0              0              0              0
              0              0              0              0              0
              0              0              0              0              0
              0              0              0              0              0
              0              0              0              0              0
              0              0              0              0              0
              0              0              0              0              0
              0              0              0              0              0
              0              0              0              0              0
              0              0              0              0              0
              0              0              0              0              0
              0              0              0              0              0
              0              0              0              0              0
              0              0              0              0              0
              0              0              0              0              0
              0              0              0              0              0
              0              0              0              0              0
              0              0              0              0              0
              0              0              0              0              0
              0              0              0              0              0
              0              0              0              0              0
              0              0              0

type = string-attribute
name = BRICK_LABS
count = 590
'#5~#6~#7~#8~#9~#10~#11~#12~#13~#14~#15~#16~#17~#18~#19~#20~#21~#22~#23~#24~#25~#26~#27~#28~#29~#30~#31~#32~#33~#34~#35~#36~#37~#38~#39~#40~#41~#42~#43~#44~#45~#46~#47~#48~#49~#50~#51~#52~#53~#54~#55~#56~#57~#58~#59~#60~#61~#62~#63~#64~#65~#66~#67~#68~#69~#70~#71~#72~#73~#74~#75~#76~#77~#78~#79~#80~#81~#82~#83~#84~#85~#86~#87~#88~#89~#90~#91~#92~#93~#94~#95~#96~#97~#98~#99~#100~#101~#102~#103~#104~#105~#106~#107~#108~#109~#110~#111~#112~#113~#114~#115~#116~#117~#118~#119~#120~#121~#122~#123~#124~#125~#126~#127~#128~#129~#130~#131~#132~#133~#134~#135~#136~#137~#138~#139~#140~#141~#142~

type = string-attribute
name = BRICK_KEYWORDS
count = 138
'~~~~~~~~~~~~~~~~~~~~~~~~~~~~~~~~~~~~~~~~~~~~~~~~~~~~~~~~~~~~~~~~~~~~~~~~~~~~~~~~~~~~~~~~~~~~~~~~~~~~~~~~~~~~~~~~~~~~~~~~~~~~~~~~~~~~~~~~~~

type = string-attribute
name = TEMPLATE_SPACE
count = 5
'ORIG~

type = integer-attribute
name = INT_CMAP
count = 1
 0

type = string-attribute
name = BYTEORDER_STRING
count = 10
'LSB_FIRST~
