
type = string-attribute
name = HISTORY_NOTE
count = 146
'[nikin@leviathan: Sun Feb 13 12:51:44 2022] {AFNI_22.0.03:linux_openmp_64} 3dcalc -prefix BOLD-0319-BOLD-EC-tmp -a BOLD-0319.nii -expr a -verbose~

type = string-attribute
name = TYPESTRING
count = 15
'3DIM_HEAD_ANAT~

type = string-attribute
name = IDCODE_STRING
count = 27
'XYZ_EQHq598RIbEGRMZonUfWtA~

type = string-attribute
name = IDCODE_DATE
count = 25
'Sun Feb 13 12:51:44 2022~

type = integer-attribute
name = SCENE_DATA
count = 8
 0 2 0 -999 -999
 -999 -999 -999

type = string-attribute
name = LABEL_1
count = 5
'zyxt~

type = string-attribute
name = LABEL_2
count = 5
'zyxt~

type = string-attribute
name = DATASET_NAME
count = 5
'zyxt~

type = integer-attribute
name = ORIENT_SPECIFIC
count = 3
 0 2 4

type  = float-attribute
name  = ORIGIN
count = 3
      -119.4362        104.834      -20.36074

type  = float-attribute
name  = DELTA
count = 3
              4             -4       3.999914

type  = float-attribute
name  = IJK_TO_DICOM
count = 12
              4              0              0      -119.4362              0
             -4              0        104.834              0              0
       3.999914      -20.36074

type  = float-attribute
name  = IJK_TO_DICOM_REAL
count = 12
        3.99667    -0.09045756     -0.1358538      -119.4362     -0.1126733
       -3.93765     -0.6943944        104.834      0.1180449     -0.6976597
       3.936836      -20.36074

type  = float-attribute
name  = BRICK_STATS
count = 286
              0          15859              0           9736              0
           8412              0           8208              0           8228
              0           8222              0           8234              0
           8195              0           8190              0           8136
              0           8134              0           8128              0
           8123              0           8115              0           8115
              0           8090              0           8127              0
           8099              0           8123              0           8098
              0           8155              0           8072              0
           8024              0           8074              0           8076
              0           8064              0           8059              0
           8023              0           8045              0           8319
              0           8222              0           8197              0
           8377              0           8169              0           8146
              0           8213              0           8242              0
           8256              0           8188              0           8224
              0           8206              0           8406              0
           8219              0           8194              0           8251
              0           8332              0           8263              0
           8382              0           8260              0           8209
              0           8144              0           8075              0
           8095              0           8062              0           8074
              0           8116              0           8125              0
           8116              0           8126              0           8121
              0           8100              0           8133              0
           8081              0           8127              0           8091
              0           8133              0           8208              0
           8225              0           8180              0           8186
              0           8152              0           8107              0
           8150              0           8235              0           8163
              0           8140              0           8180              0
           8113              0           8165              0           8181
              0           8256              0           8369              0
           8438              0           8312              0           8272
              0           8234              0           8366              0
           8161              0           8212              0           8199
              0           8205              0           8241              0
           8229              0           8188              0           8119
              0           8127              0           8118              0
           8163              0           8170              0           8156
              0           8240              0           8193              0
           8217              0           8233              0           8157
              0           8180              0           8135              0
           8207              0           8197              0           8437
              0           8717              0           8120              0
           8101              0           8113              0           8092
              0           8118              0           8088              0
           8037              0           8089              0           8040
              0           9327              0           8056              0
           8040              0           8062              0           8050
              0           8091              0           8087              0
           8101              0           8026              0           8085
              0           8087              0           8042              0
           8032              0           8090              0           8117
              0           8615              0           8125              0
           8220              0           8160              0           8149
              0           8825              0           8132              0
           8107

type = integer-attribute
name = TAXIS_NUMS
count = 8
 143 0 77002 -999 -999
 -999 -999 -999

type  = float-attribute
name  = TAXIS_FLOATS
count = 8
              0              2              0              0              0
        -999999        -999999        -999999

type = integer-attribute
name = DATASET_RANK
count = 8
 3 143 0 0 0
 0 0 0

type = integer-attribute
name = DATASET_DIMENSIONS
count = 5
 64 64 32 0 0

type = integer-attribute
name = BRICK_TYPES
count = 143
 1 1 1 1 1
 1 1 1 1 1
 1 1 1 1 1
 1 1 1 1 1
 1 1 1 1 1
 1 1 1 1 1
 1 1 1 1 1
 1 1 1 1 1
 1 1 1 1 1
 1 1 1 1 1
 1 1 1 1 1
 1 1 1 1 1
 1 1 1 1 1
 1 1 1 1 1
 1 1 1 1 1
 1 1 1 1 1
 1 1 1 1 1
 1 1 1 1 1
 1 1 1 1 1
 1 1 1 1 1
 1 1 1 1 1
 1 1 1 1 1
 1 1 1 1 1
 1 1 1 1 1
 1 1 1 1 1
 1 1 1 1 1
 1 1 1 1 1
 1 1 1 1 1
 1 1 1

type  = float-attribute
name  = BRICK_FLOAT_FACS
count = 143
              0              0              0              0              0
              0              0              0              0              0
              0              0              0              0              0
              0              0              0              0              0
              0              0              0              0              0
              0              0              0              0              0
              0              0              0              0              0
              0              0              0              0              0
              0              0              0              0              0
              0              0              0              0              0
              0              0              0              0              0
              0              0              0              0              0
              0              0              0              0              0
              0              0              0              0              0
              0              0              0              0              0
              0              0              0              0              0
              0              0              0              0              0
              0              0              0              0              0
              0              0              0              0              0
              0              0              0              0              0
              0              0              0              0              0
              0              0              0              0              0
              0              0              0              0              0
              0              0              0              0              0
              0              0              0              0              0
              0              0              0              0              0
              0              0              0              0              0
              0              0              0              0              0
              0              0              0

type = string-attribute
name = TEMPLATE_SPACE
count = 5
'ORIG~

type = integer-attribute
name = INT_CMAP
count = 1
 0

type = string-attribute
name = BYTEORDER_STRING
count = 10
'LSB_FIRST~
