
type = string-attribute
name = HISTORY_NOTE
count = 289
'[nikin@leviathan: Sun Feb 13 12:47:11 2022] {AFNI_22.0.03:linux_openmp_64} 3dDespike -prefix BOLD-0285-BOLD-EC BOLD-0285-BOLD-EC1+orig\n[nikin@leviathan: Sun Feb 13 12:47:23 2022] {AFNI_22.0.03:linux_openmp_64} 3dcalc -prefix BOLD-0285-BOLD-EC-base -a 'BOLD-0285-BOLD-EC+orig[28]' -expr a~

type = string-attribute
name = TYPESTRING
count = 15
'3DIM_HEAD_ANAT~

type = string-attribute
name = IDCODE_STRING
count = 27
'XYZ_2BTNLVEWr_4skB0QdMjpyQ~

type = string-attribute
name = IDCODE_DATE
count = 25
'Sun Feb 13 12:47:23 2022~

type = integer-attribute
name = SCENE_DATA
count = 8
 0 2 0 -999 -999
 -999 -999 -999

type = string-attribute
name = LABEL_1
count = 5
'zyxt~

type = string-attribute
name = LABEL_2
count = 5
'zyxt~

type = string-attribute
name = DATASET_NAME
count = 5
'zyxt~

type = integer-attribute
name = ORIENT_SPECIFIC
count = 3
 0 2 4

type  = float-attribute
name  = ORIGIN
count = 3
      -126.9999       91.15887      -40.10672

type  = float-attribute
name  = DELTA
count = 3
              4             -4       4.000053

type  = float-attribute
name  = IJK_TO_DICOM
count = 12
              4              0              0      -126.9999              0
             -4              0       91.15887              0              0
       4.000053      -40.10672

type  = float-attribute
name  = IJK_TO_DICOM_REAL
count = 12
       3.991902     0.07422083     -0.2433089      -126.9999     0.07898116
      -3.998522     0.07482302       91.15887      0.2418259     0.07947004
       3.991946      -40.10672

type  = float-attribute
name  = BRICK_STATS
count = 2
              0           8068

type = integer-attribute
name = DATASET_RANK
count = 8
 3 1 0 0 0
 0 0 0

type = integer-attribute
name = DATASET_DIMENSIONS
count = 5
 64 64 32 0 0

type = integer-attribute
name = BRICK_TYPES
count = 1
 3

type  = float-attribute
name  = BRICK_FLOAT_FACS
count = 1
              0

type = string-attribute
name = BRICK_LABS
count = 4
'#33~

type = string-attribute
name = BRICK_KEYWORDS
count = 1
'~

type = string-attribute
name = TEMPLATE_SPACE
count = 5
'ORIG~

type = integer-attribute
name = INT_CMAP
count = 1
 0

type = string-attribute
name = BYTEORDER_STRING
count = 10
'LSB_FIRST~
