
type = string-attribute
name = HISTORY_NOTE
count = 302
'[nikin@leviathan: Sun Feb 13 12:48:51 2022] {AFNI_22.0.03:linux_openmp_64} 3dcalc -prefix BOLD-0289-BOLD-EC-tmp -a BOLD-0289.nii -expr a -verbose\n[nikin@leviathan: Sun Feb 13 12:48:54 2022] {AFNI_22.0.03:linux_openmp_64} 3dcalc -prefix BOLD-0289-BOLD-EC1 -a 'BOLD-0289-BOLD-EC-tmp+orig[5..$]' -expr a~

type = string-attribute
name = TYPESTRING
count = 15
'3DIM_HEAD_ANAT~

type = string-attribute
name = IDCODE_STRING
count = 27
'XYZ_MooFBKVutckHwzHIdmACZg~

type = string-attribute
name = IDCODE_DATE
count = 25
'Sun Feb 13 12:48:54 2022~

type = integer-attribute
name = SCENE_DATA
count = 8
 0 2 0 -999 -999
 -999 -999 -999

type = string-attribute
name = LABEL_1
count = 5
'zyxt~

type = string-attribute
name = LABEL_2
count = 5
'zyxt~

type = string-attribute
name = DATASET_NAME
count = 5
'zyxt~

type = integer-attribute
name = ORIENT_SPECIFIC
count = 3
 0 2 4

type  = float-attribute
name  = ORIGIN
count = 3
      -120.9968       101.3517       8.148626

type  = float-attribute
name  = DELTA
count = 3
              4             -4       3.999954

type  = float-attribute
name  = IJK_TO_DICOM
count = 12
              4              0              0      -120.9968              0
             -4              0       101.3517              0              0
       3.999954       8.148626

type  = float-attribute
name  = IJK_TO_DICOM_REAL
count = 12
       3.998378     -0.1104788    -0.02744561      -120.9968     -0.1138939
       -3.88055     -0.9635096       101.3517              0     -0.9639115
       3.882078       8.148626

type  = float-attribute
name  = BRICK_STATS
count = 276
              0           7703              0           7662              0
           7676              0           7693              0           7697
              0           7673              0           7637              0
           7642              0           7677              0           7890
              0           7996              0           8038              0
           8052              0           7654              0           7689
              0           7653              0           7736              0
           7683              0           7638              0           7685
              0           7692              0           7646              0
           7634              0           7627              0           7639
              0           7669              0           7675              0
           7680              0           7622              0           7636
              0           7680              0           7741              0
           7938              0           7707              0           7702
              0           7693              0           7981              0
           8006              0           7984              0           7724
              0           7763              0           7705              0
           7656              0           7701              0           7968
              0           7759              0           7979              0
           7705              0           7676              0           7753
              0           7846              0           7690              0
           8235              0           8157              0           7759
              0           8197              0           7759              0
           7725              0           8118              0           8096
              0           7993              0           7949              0
           7688              0           8352              0           7995
              0           7735              0           7935              0
           7917              0           7958              0           8131
              0           7698              0           8484              0
           8035              0           8326              0           8117
              0           8098              0           7793              0
           8009              0           8267              0           9039
              0           8671              0           8608              0
           8123              0           8360              0           8649
              0           8395              0           8634              0
           8500              0           8438              0           8440
              0           8927              0           8864              0
           8947              0           8695              0           9065
              0           8945              0           8059              0
           9210              0           8560              0           8465
              0           8990              0           8960              0
           9155              0           7903              0           8616
              0           8485              0           8416              0
           8485              0           8812              0           7960
              0           8660              0           8672              0
           9041              0           8791              0           8626
              0           8782              0           8713              0
           8047              0           8802              0           9005
              0           7958              0           8862              0
           8696              0           8076              0           8218
              0           8607              0           8783              0
           8567              0           8314              0           8504
              0           8800              0           8543              0
           8769              0           8771              0           9193
              0           7832              0           9087              0
           8788

type = integer-attribute
name = TAXIS_NUMS
count = 8
 138 0 77002 -999 -999
 -999 -999 -999

type  = float-attribute
name  = TAXIS_FLOATS
count = 8
              0              2              0              0              0
        -999999        -999999        -999999

type = integer-attribute
name = DATASET_RANK
count = 8
 3 138 0 0 0
 0 0 0

type = integer-attribute
name = DATASET_DIMENSIONS
count = 5
 64 64 32 0 0

type = integer-attribute
name = BRICK_TYPES
count = 138
 1 1 1 1 1
 1 1 1 1 1
 1 1 1 1 1
 1 1 1 1 1
 1 1 1 1 1
 1 1 1 1 1
 1 1 1 1 1
 1 1 1 1 1
 1 1 1 1 1
 1 1 1 1 1
 1 1 1 1 1
 1 1 1 1 1
 1 1 1 1 1
 1 1 1 1 1
 1 1 1 1 1
 1 1 1 1 1
 1 1 1 1 1
 1 1 1 1 1
 1 1 1 1 1
 1 1 1 1 1
 1 1 1 1 1
 1 1 1 1 1
 1 1 1 1 1
 1 1 1 1 1
 1 1 1 1 1
 1 1 1 1 1
 1 1 1 1 1
 1 1 1

type  = float-attribute
name  = BRICK_FLOAT_FACS
count = 138
              0              0              0              0              0
              0              0              0              0              0
              0              0              0              0              0
              0              0              0              0              0
              0              0              0              0              0
              0              0              0              0              0
              0              0              0              0              0
              0              0              0              0              0
              0              0              0              0              0
              0              0              0              0              0
              0              0              0              0              0
              0              0              0              0              0
              0              0              0              0              0
              0              0              0              0              0
              0              0              0              0              0
              0              0              0              0              0
              0              0              0              0              0
              0              0              0              0              0
              0              0              0              0              0
              0              0              0              0              0
              0              0              0              0              0
              0              0              0              0              0
              0              0              0              0              0
              0              0              0              0              0
              0              0              0              0              0
              0              0              0              0              0
              0              0              0              0              0
              0              0              0

type = string-attribute
name = BRICK_LABS
count = 590
'#5~#6~#7~#8~#9~#10~#11~#12~#13~#14~#15~#16~#17~#18~#19~#20~#21~#22~#23~#24~#25~#26~#27~#28~#29~#30~#31~#32~#33~#34~#35~#36~#37~#38~#39~#40~#41~#42~#43~#44~#45~#46~#47~#48~#49~#50~#51~#52~#53~#54~#55~#56~#57~#58~#59~#60~#61~#62~#63~#64~#65~#66~#67~#68~#69~#70~#71~#72~#73~#74~#75~#76~#77~#78~#79~#80~#81~#82~#83~#84~#85~#86~#87~#88~#89~#90~#91~#92~#93~#94~#95~#96~#97~#98~#99~#100~#101~#102~#103~#104~#105~#106~#107~#108~#109~#110~#111~#112~#113~#114~#115~#116~#117~#118~#119~#120~#121~#122~#123~#124~#125~#126~#127~#128~#129~#130~#131~#132~#133~#134~#135~#136~#137~#138~#139~#140~#141~#142~

type = string-attribute
name = BRICK_KEYWORDS
count = 138
'~~~~~~~~~~~~~~~~~~~~~~~~~~~~~~~~~~~~~~~~~~~~~~~~~~~~~~~~~~~~~~~~~~~~~~~~~~~~~~~~~~~~~~~~~~~~~~~~~~~~~~~~~~~~~~~~~~~~~~~~~~~~~~~~~~~~~~~~~~

type = string-attribute
name = TEMPLATE_SPACE
count = 5
'ORIG~

type = integer-attribute
name = INT_CMAP
count = 1
 0

type = string-attribute
name = BYTEORDER_STRING
count = 10
'LSB_FIRST~
