
type = string-attribute
name = HISTORY_NOTE
count = 146
'[nikin@leviathan: Sun Feb 13 12:52:54 2022] {AFNI_22.0.03:linux_openmp_64} 3dcalc -prefix BOLD-0323-BOLD-EC-tmp -a BOLD-0323.nii -expr a -verbose~

type = string-attribute
name = TYPESTRING
count = 15
'3DIM_HEAD_ANAT~

type = string-attribute
name = IDCODE_STRING
count = 27
'XYZ_iYHFhdvjCc9KPMa3JJ5aBw~

type = string-attribute
name = IDCODE_DATE
count = 25
'Sun Feb 13 12:52:54 2022~

type = integer-attribute
name = SCENE_DATA
count = 8
 0 2 0 -999 -999
 -999 -999 -999

type = string-attribute
name = LABEL_1
count = 5
'zyxt~

type = string-attribute
name = LABEL_2
count = 5
'zyxt~

type = string-attribute
name = DATASET_NAME
count = 5
'zyxt~

type = integer-attribute
name = ORIENT_SPECIFIC
count = 3
 0 2 4

type  = float-attribute
name  = ORIGIN
count = 3
      -126.4542       99.25517      -19.26115

type  = float-attribute
name  = DELTA
count = 3
              4             -4       4.000026

type  = float-attribute
name  = IJK_TO_DICOM
count = 12
              4              0              0      -126.4542              0
             -4              0       99.25517              0              0
       4.000026      -19.26115

type  = float-attribute
name  = IJK_TO_DICOM_REAL
count = 12
       3.992976     0.07409842      0.2250317      -126.4542      0.1149956
      -3.928193      -0.745721       99.25517     -0.2071624     -0.7508723
       3.923451      -19.26115

type  = float-attribute
name  = BRICK_STATS
count = 286
              0          14367              0           7399              0
           7174              0           7122              0           7137
              0           7097              0           7146              0
           7148              0           7147              0           7123
              0           7149              0           7146              0
           7137              0           7156              0           7171
              0           7246              0           7126              0
           7157              0           7160              0           7120
              0           7105              0           7134              0
           7145              0           7093              0           7059
              0           7134              0           7142              0
           7084              0           7054              0           7092
              0           7102              0           7100              0
           7115              0           7102              0           7081
              0           7102              0           7103              0
           7093              0           7119              0           7104
              0           7129              0           7170              0
           7147              0           7140              0           7120
              0           7138              0           7187              0
           7164              0           7142              0           7133
              0           7152              0           7142              0
           7110              0           7128              0           7095
              0           7094              0           7097              0
           7112              0           7105              0           7124
              0           7117              0           7159              0
           7124              0           7135              0           7149
              0           7129              0           7123              0
           7121              0           7149              0           7153
              0           7154              0           7078              0
           7077              0           7117              0           7127
              0           7102              0           7098              0
           7138              0           7171              0           7166
              0           7124              0           7101              0
           7169              0           7138              0           7173
              0           7172              0           7165              0
           7153              0           7140              0           7157
              0           7107              0           7119              0
           7116              0           7131              0           7160
              0           7134              0           7081              0
           7111              0           7121              0           7142
              0           7157              0           7155              0
           7163              0           7178              0           7146
              0           7134              0           7124              0
           7135              0           7164              0           7134
              0           7053              0           7110              0
           7133              0           7153              0           7161
              0           7132              0           7152              0
           7223              0           7224              0           7169
              0           7150              0           7148              0
           7139              0           7188              0           7168
              0           7111              0           7107              0
           7129              0           7144              0           7135
              0           7129              0           7159              0
           7185              0           7170              0           7159
              0           7153              0           7109              0
           7109              0           7135              0           7117
              0           7104              0           7082              0
           7138

type = integer-attribute
name = TAXIS_NUMS
count = 8
 143 0 77002 -999 -999
 -999 -999 -999

type  = float-attribute
name  = TAXIS_FLOATS
count = 8
              0              2              0              0              0
        -999999        -999999        -999999

type = integer-attribute
name = DATASET_RANK
count = 8
 3 143 0 0 0
 0 0 0

type = integer-attribute
name = DATASET_DIMENSIONS
count = 5
 64 64 32 0 0

type = integer-attribute
name = BRICK_TYPES
count = 143
 1 1 1 1 1
 1 1 1 1 1
 1 1 1 1 1
 1 1 1 1 1
 1 1 1 1 1
 1 1 1 1 1
 1 1 1 1 1
 1 1 1 1 1
 1 1 1 1 1
 1 1 1 1 1
 1 1 1 1 1
 1 1 1 1 1
 1 1 1 1 1
 1 1 1 1 1
 1 1 1 1 1
 1 1 1 1 1
 1 1 1 1 1
 1 1 1 1 1
 1 1 1 1 1
 1 1 1 1 1
 1 1 1 1 1
 1 1 1 1 1
 1 1 1 1 1
 1 1 1 1 1
 1 1 1 1 1
 1 1 1 1 1
 1 1 1 1 1
 1 1 1 1 1
 1 1 1

type  = float-attribute
name  = BRICK_FLOAT_FACS
count = 143
              0              0              0              0              0
              0              0              0              0              0
              0              0              0              0              0
              0              0              0              0              0
              0              0              0              0              0
              0              0              0              0              0
              0              0              0              0              0
              0              0              0              0              0
              0              0              0              0              0
              0              0              0              0              0
              0              0              0              0              0
              0              0              0              0              0
              0              0              0              0              0
              0              0              0              0              0
              0              0              0              0              0
              0              0              0              0              0
              0              0              0              0              0
              0              0              0              0              0
              0              0              0              0              0
              0              0              0              0              0
              0              0              0              0              0
              0              0              0              0              0
              0              0              0              0              0
              0              0              0              0              0
              0              0              0              0              0
              0              0              0              0              0
              0              0              0              0              0
              0              0              0              0              0
              0              0              0

type = string-attribute
name = TEMPLATE_SPACE
count = 5
'ORIG~

type = integer-attribute
name = INT_CMAP
count = 1
 0

type = string-attribute
name = BYTEORDER_STRING
count = 10
'LSB_FIRST~
