
type = string-attribute
name = HISTORY_NOTE
count = 135
'[nikin@leviathan: Sun Feb 13 12:43:34 2022] {AFNI_22.0.03:linux_openmp_64} 3dDespike -prefix BOLD-0265-BOLD-EC BOLD-0265-BOLD-EC1+orig~

type = string-attribute
name = TYPESTRING
count = 15
'3DIM_HEAD_ANAT~

type = string-attribute
name = IDCODE_STRING
count = 27
'XYZ_LgFhRm7NAjIvKP0J0viJZQ~

type = string-attribute
name = IDCODE_DATE
count = 25
'Sun Feb 13 12:43:34 2022~

type = integer-attribute
name = SCENE_DATA
count = 8
 0 2 0 -999 -999
 -999 -999 -999

type = string-attribute
name = LABEL_1
count = 5
'zyxt~

type = string-attribute
name = LABEL_2
count = 5
'zyxt~

type = string-attribute
name = DATASET_NAME
count = 5
'zyxt~

type = integer-attribute
name = ORIENT_SPECIFIC
count = 3
 0 2 4

type  = float-attribute
name  = ORIGIN
count = 3
      -132.3929       95.34235      -22.92349

type  = float-attribute
name  = DELTA
count = 3
              4             -4       4.000061

type  = float-attribute
name  = IJK_TO_DICOM
count = 12
              4              0              0      -132.3929              0
             -4              0       95.34235              0              0
       4.000061      -22.92349

type  = float-attribute
name  = IJK_TO_DICOM_REAL
count = 12
       3.995229      0.1942208     0.02049972      -132.3929       0.195318
      -3.973164     -0.4193216       95.34235              0      -0.419816
       3.977969      -22.92349

type  = float-attribute
name  = BRICK_STATS
count = 276
      -1.983879           7474     -0.6153458           7455  -5.602837e-06
           7445   -0.001377769           7475    -0.01599485           7485
    -0.05270004           7516     -0.1843634           7470     -0.1632497
           7430       -0.04775           7467   -0.002992418           7467
     -0.0267548           7464    -0.07019114           7393    -0.04165071
           7448              0           7413              0           7377
              0           7438              0           7469  -0.0001600087
           7460    -0.00317663           7421   -0.002704874           7398
    -0.03203688           7471    -0.04948858           7413    -0.05141409
           7427    -0.04122728           7428    -0.02368888           7458
              0           7434  -7.413328e-07           7464              0
           7434              0           7417  -0.0002136528           7429
  -0.0003426448           7439              0           7359              0
           7385              0           7445  -7.938594e-05           7455
   -0.008698668           7452    -0.03503278           7423    -0.04490196
           7416    -0.05914849           7384    -0.07711998           7393
    -0.06059694           7420    -0.06763636           7424    -0.09194206
           7421    -0.09270281           7428    -0.07654161           7440
    -0.04956944           7455     -0.0188101           7439    -0.02271682
           7443   -0.008376598           7457  -5.578995e-05           7444
              0           7454              0           7388              0
           7422  -4.321337e-05           7455   -0.003250552           7433
   -0.005056186           7501   -0.003726538           7472   -0.001184184
       7527.369  -0.0006118268           7401              0       7322.724
              0       7343.269    -0.00113228           7388    -0.01349431
       7556.988    -0.01508611           7429   -0.004731655           7421
  -7.748604e-06           7458              0           7503  -2.980232e-08
           7510              0           7488              0           7588
              0           7500              0       7719.892              0
           7497              0       7542.998              0           7465
              0           7521              0           7414              0
           7539              0           7591              0           7452
  -6.453274e-05           7469  -0.0003419234           7561   -0.001423438
        7560.18   -0.007332399           7626    -0.01985642           7613
    -0.02020442           7486   -0.005149469           7618              0
           7462              0           7644              0           7542
              0           7491              0           7622  -4.887581e-05
           7633   -0.000523746           7523  -6.437302e-05           7601
              0           7610   -0.003215019           7699    -0.01379496
           7736    -0.02036421           7671    -0.03302848           7617
     -0.1024377           7619     -0.1648235           7597     -0.1811697
           7551      -0.155601           7730     -0.1392596           7684
     -0.1180178           7790    -0.05504748       7896.702  -0.0001973063
           7853  -3.255904e-05           7700   -0.003935933           7499
   -0.009469599           7668   -0.005252704           7685              0
           7708              0           7783              0       7869.979
              0           7647              0           7757    -0.08661461
           7752     -0.5207374           7627     -0.9652143           7787
      -1.283777           7736      -1.145986           7640     -0.5100613
           7695   -0.006946087       7584.491              0       7617.013
              0           7752              0           7854              0
           7871              0           7940  -1.594704e-05           7834
   -0.001926936           7902   -0.005538194           7934   -0.007642727
           7856   -0.006330697           7764   -0.001016761           7635
  -0.0008083023           7630     -0.5256395           7644        -1.2223
           7643

type = integer-attribute
name = TAXIS_NUMS
count = 8
 138 0 77002 -999 -999
 -999 -999 -999

type  = float-attribute
name  = TAXIS_FLOATS
count = 8
              0              2              0              0              0
        -999999        -999999        -999999

type = integer-attribute
name = DATASET_RANK
count = 8
 3 138 0 0 0
 0 0 0

type = integer-attribute
name = DATASET_DIMENSIONS
count = 5
 64 64 32 0 0

type = integer-attribute
name = BRICK_TYPES
count = 138
 3 3 3 3 3
 3 3 3 3 3
 3 3 3 3 3
 3 3 3 3 3
 3 3 3 3 3
 3 3 3 3 3
 3 3 3 3 3
 3 3 3 3 3
 3 3 3 3 3
 3 3 3 3 3
 3 3 3 3 3
 3 3 3 3 3
 3 3 3 3 3
 3 3 3 3 3
 3 3 3 3 3
 3 3 3 3 3
 3 3 3 3 3
 3 3 3 3 3
 3 3 3 3 3
 3 3 3 3 3
 3 3 3 3 3
 3 3 3 3 3
 3 3 3 3 3
 3 3 3 3 3
 3 3 3 3 3
 3 3 3 3 3
 3 3 3 3 3
 3 3 3

type  = float-attribute
name  = BRICK_FLOAT_FACS
count = 138
              0              0              0              0              0
              0              0              0              0              0
              0              0              0              0              0
              0              0              0              0              0
              0              0              0              0              0
              0              0              0              0              0
              0              0              0              0              0
              0              0              0              0              0
              0              0              0              0              0
              0              0              0              0              0
              0              0              0              0              0
              0              0              0              0              0
              0              0              0              0              0
              0              0              0              0              0
              0              0              0              0              0
              0              0              0              0              0
              0              0              0              0              0
              0              0              0              0              0
              0              0              0              0              0
              0              0              0              0              0
              0              0              0              0              0
              0              0              0              0              0
              0              0              0              0              0
              0              0              0              0              0
              0              0              0              0              0
              0              0              0              0              0
              0              0              0              0              0
              0              0              0

type = string-attribute
name = BRICK_LABS
count = 590
'#5~#6~#7~#8~#9~#10~#11~#12~#13~#14~#15~#16~#17~#18~#19~#20~#21~#22~#23~#24~#25~#26~#27~#28~#29~#30~#31~#32~#33~#34~#35~#36~#37~#38~#39~#40~#41~#42~#43~#44~#45~#46~#47~#48~#49~#50~#51~#52~#53~#54~#55~#56~#57~#58~#59~#60~#61~#62~#63~#64~#65~#66~#67~#68~#69~#70~#71~#72~#73~#74~#75~#76~#77~#78~#79~#80~#81~#82~#83~#84~#85~#86~#87~#88~#89~#90~#91~#92~#93~#94~#95~#96~#97~#98~#99~#100~#101~#102~#103~#104~#105~#106~#107~#108~#109~#110~#111~#112~#113~#114~#115~#116~#117~#118~#119~#120~#121~#122~#123~#124~#125~#126~#127~#128~#129~#130~#131~#132~#133~#134~#135~#136~#137~#138~#139~#140~#141~#142~

type = string-attribute
name = BRICK_KEYWORDS
count = 138
'~~~~~~~~~~~~~~~~~~~~~~~~~~~~~~~~~~~~~~~~~~~~~~~~~~~~~~~~~~~~~~~~~~~~~~~~~~~~~~~~~~~~~~~~~~~~~~~~~~~~~~~~~~~~~~~~~~~~~~~~~~~~~~~~~~~~~~~~~~

type = string-attribute
name = TEMPLATE_SPACE
count = 5
'ORIG~

type = integer-attribute
name = INT_CMAP
count = 1
 0

type = string-attribute
name = BYTEORDER_STRING
count = 10
'LSB_FIRST~
