
type = string-attribute
name = HISTORY_NOTE
count = 302
'[nikin@leviathan: Sun Feb 13 12:45:16 2022] {AFNI_22.0.03:linux_openmp_64} 3dcalc -prefix BOLD-0273-BOLD-EC-tmp -a BOLD-0273.nii -expr a -verbose\n[nikin@leviathan: Sun Feb 13 12:45:19 2022] {AFNI_22.0.03:linux_openmp_64} 3dcalc -prefix BOLD-0273-BOLD-EC1 -a 'BOLD-0273-BOLD-EC-tmp+orig[5..$]' -expr a~

type = string-attribute
name = TYPESTRING
count = 15
'3DIM_HEAD_ANAT~

type = string-attribute
name = IDCODE_STRING
count = 27
'XYZ_KQhzyTWEQitXoBPBkJafaQ~

type = string-attribute
name = IDCODE_DATE
count = 25
'Sun Feb 13 12:45:19 2022~

type = integer-attribute
name = SCENE_DATA
count = 8
 0 2 0 -999 -999
 -999 -999 -999

type = string-attribute
name = LABEL_1
count = 5
'zyxt~

type = string-attribute
name = LABEL_2
count = 5
'zyxt~

type = string-attribute
name = DATASET_NAME
count = 5
'zyxt~

type = integer-attribute
name = ORIENT_SPECIFIC
count = 3
 0 2 4

type  = float-attribute
name  = ORIGIN
count = 3
      -134.6727       89.15728      -56.88056

type  = float-attribute
name  = DELTA
count = 3
              4             -4       3.999971

type  = float-attribute
name  = IJK_TO_DICOM
count = 12
              4              0              0      -134.6727              0
             -4              0       89.15728              0              0
       3.999971      -56.88056

type  = float-attribute
name  = IJK_TO_DICOM_REAL
count = 12
        3.99346      0.2128996     0.08314129      -134.6727      0.2138764
      -3.994068    -0.04140195       89.15728      -0.080814     -0.0457784
       3.998893      -56.88056

type  = float-attribute
name  = BRICK_STATS
count = 276
              0           7488              0           7467              0
           7431              0           7507              0           7412
              0           7417              0           7471              0
           7437              0           7437              0           7492
              0           7445              0           7446              0
           7423              0           7376              0           7508
              0           7495              0           7516              0
           7496              0           7479              0           7430
              0           7346              0           7364              0
           7377              0           7384              0           7348
              0           7397              0           7416              0
           7432              0           7440              0           7446
              0           7573              0           7603              0
           7570              0           7581              0           7537
              0           7568              0           7567              0
           7461              0           7524              0           7529
              0           7480              0           7518              0
           7565              0           7565              0           7537
              0           7534              0           7564              0
           7581              0           7555              0           7566
              0           7535              0           7561              0
           7551              0           7572              0           7592
              0           7595              0           7558              0
           7581              0           7561              0           7584
              0           7604              0           7592              0
           7602              0           7499              0           7584
              0           7604              0           7636              0
           7574              0           7586              0           7657
              0           7650              0           7616              0
           7584              0           7605              0           7601
              0           7623              0           7627              0
           7646              0           7597              0           7613
              0           7626              0           7639              0
           7615              0           7625              0           7626
              0           7651              0           7623              0
           7638              0           7617              0           7614
              0           7628              0           7617              0
           7613              0           7634              0           7655
              0           7638              0           7623              0
           7601              0           7604              0           7592
              0           7574              0           7610              0
           7566              0           7607              0           7593
              0           7624              0           7609              0
           7613              0           7608              0           7647
              0           7632              0           7621              0
           7589              0           7625              0           7592
              0           7615              0           7606              0
           7608              0           7562              0           7560
              0           7572              0           7568              0
           7569              0           7578              0           7578
              0           7584              0           7584              0
           7609              0           7604              0           7617
              0           7586              0           7591              0
           7561              0           7599              0           7595
              0           7608              0           7581              0
           7546

type = integer-attribute
name = TAXIS_NUMS
count = 8
 138 0 77002 -999 -999
 -999 -999 -999

type  = float-attribute
name  = TAXIS_FLOATS
count = 8
              0              2              0              0              0
        -999999        -999999        -999999

type = integer-attribute
name = DATASET_RANK
count = 8
 3 138 0 0 0
 0 0 0

type = integer-attribute
name = DATASET_DIMENSIONS
count = 5
 64 64 32 0 0

type = integer-attribute
name = BRICK_TYPES
count = 138
 1 1 1 1 1
 1 1 1 1 1
 1 1 1 1 1
 1 1 1 1 1
 1 1 1 1 1
 1 1 1 1 1
 1 1 1 1 1
 1 1 1 1 1
 1 1 1 1 1
 1 1 1 1 1
 1 1 1 1 1
 1 1 1 1 1
 1 1 1 1 1
 1 1 1 1 1
 1 1 1 1 1
 1 1 1 1 1
 1 1 1 1 1
 1 1 1 1 1
 1 1 1 1 1
 1 1 1 1 1
 1 1 1 1 1
 1 1 1 1 1
 1 1 1 1 1
 1 1 1 1 1
 1 1 1 1 1
 1 1 1 1 1
 1 1 1 1 1
 1 1 1

type  = float-attribute
name  = BRICK_FLOAT_FACS
count = 138
              0              0              0              0              0
              0              0              0              0              0
              0              0              0              0              0
              0              0              0              0              0
              0              0              0              0              0
              0              0              0              0              0
              0              0              0              0              0
              0              0              0              0              0
              0              0              0              0              0
              0              0              0              0              0
              0              0              0              0              0
              0              0              0              0              0
              0              0              0              0              0
              0              0              0              0              0
              0              0              0              0              0
              0              0              0              0              0
              0              0              0              0              0
              0              0              0              0              0
              0              0              0              0              0
              0              0              0              0              0
              0              0              0              0              0
              0              0              0              0              0
              0              0              0              0              0
              0              0              0              0              0
              0              0              0              0              0
              0              0              0              0              0
              0              0              0              0              0
              0              0              0

type = string-attribute
name = BRICK_LABS
count = 590
'#5~#6~#7~#8~#9~#10~#11~#12~#13~#14~#15~#16~#17~#18~#19~#20~#21~#22~#23~#24~#25~#26~#27~#28~#29~#30~#31~#32~#33~#34~#35~#36~#37~#38~#39~#40~#41~#42~#43~#44~#45~#46~#47~#48~#49~#50~#51~#52~#53~#54~#55~#56~#57~#58~#59~#60~#61~#62~#63~#64~#65~#66~#67~#68~#69~#70~#71~#72~#73~#74~#75~#76~#77~#78~#79~#80~#81~#82~#83~#84~#85~#86~#87~#88~#89~#90~#91~#92~#93~#94~#95~#96~#97~#98~#99~#100~#101~#102~#103~#104~#105~#106~#107~#108~#109~#110~#111~#112~#113~#114~#115~#116~#117~#118~#119~#120~#121~#122~#123~#124~#125~#126~#127~#128~#129~#130~#131~#132~#133~#134~#135~#136~#137~#138~#139~#140~#141~#142~

type = string-attribute
name = BRICK_KEYWORDS
count = 138
'~~~~~~~~~~~~~~~~~~~~~~~~~~~~~~~~~~~~~~~~~~~~~~~~~~~~~~~~~~~~~~~~~~~~~~~~~~~~~~~~~~~~~~~~~~~~~~~~~~~~~~~~~~~~~~~~~~~~~~~~~~~~~~~~~~~~~~~~~~

type = string-attribute
name = TEMPLATE_SPACE
count = 5
'ORIG~

type = integer-attribute
name = INT_CMAP
count = 1
 0

type = string-attribute
name = BYTEORDER_STRING
count = 10
'LSB_FIRST~
