
type = string-attribute
name = HISTORY_NOTE
count = 1465
'[nikin@leviathan: Sun Feb 13 12:51:20 2022] ===================================\n[nikin@leviathan: Sun Feb 13 12:51:20 2022] === History of inputs to 3dcalc ===\n[nikin@leviathan: Sun Feb 13 12:51:20 2022] === Input a:\n[nikin@leviathan: Sun Feb 13 12:51:20 2022] [nikin@leviathan: Sun Feb 13 12:50:50 2022] {AFNI_22.0.03:linux_openmp_64} 3dDespike -prefix BOLD-0301-BOLD-EC BOLD-0301-BOLD-EC1+orig\n[nikin@leviathan: Sun Feb 13 12:51:06 2022] {AFNI_22.0.03:linux_openmp_64} 3dvolreg -verbose -tshift 0 -base 4 -1Dfile outliers-BOLD-EC.1D -prefix BOLD-0301-BOLD-EC-volreg BOLD-0301-BOLD-EC+orig\n[nikin@leviathan: Sun Feb 13 12:51:20 2022] === Input b:\n[nikin@leviathan: Sun Feb 13 12:51:20 2022] [nikin@leviathan: Sun Feb 13 12:50:50 2022] {AFNI_22.0.03:linux_openmp_64} 3dDespike -prefix BOLD-0301-BOLD-EC BOLD-0301-BOLD-EC1+orig\n[nikin@leviathan: Sun Feb 13 12:51:06 2022] {AFNI_22.0.03:linux_openmp_64} 3dvolreg -verbose -tshift 0 -base 4 -1Dfile outliers-BOLD-EC.1D -prefix BOLD-0301-BOLD-EC-volreg BOLD-0301-BOLD-EC+orig\n[nikin@leviathan: Sun Feb 13 12:51:20 2022] {AFNI_22.0.03:linux_openmp_64} 3dAutomask -prefix BOLD-0301-BOLD-EC-mask -dilate 1 BOLD-0301-BOLD-EC-volreg+orig\n[nikin@leviathan: Sun Feb 13 12:51:20 2022] ===================================\n[nikin@leviathan: Sun Feb 13 12:51:20 2022] {AFNI_22.0.03:linux_openmp_64} 3dcalc -prefix BOLD-0301-BOLD-EC-volreg-mask -a BOLD-0301-BOLD-EC-volreg+orig -b BOLD-0301-BOLD-EC-mask+orig -expr 'a*b'~

type = string-attribute
name = TYPESTRING
count = 15
'3DIM_HEAD_ANAT~

type = string-attribute
name = IDCODE_STRING
count = 27
'XYZ_GFHQE_okqdKI6Vlcpw3stQ~

type = string-attribute
name = IDCODE_DATE
count = 25
'Sun Feb 13 12:51:20 2022~

type = integer-attribute
name = SCENE_DATA
count = 8
 0 2 0 -999 -999
 -999 -999 -999

type = string-attribute
name = LABEL_1
count = 5
'zyxt~

type = string-attribute
name = LABEL_2
count = 5
'zyxt~

type = string-attribute
name = DATASET_NAME
count = 5
'zyxt~

type = integer-attribute
name = ORIENT_SPECIFIC
count = 3
 0 2 4

type  = float-attribute
name  = ORIGIN
count = 3
      -131.7307       101.4792      -21.63611

type  = float-attribute
name  = DELTA
count = 3
              4             -4       4.000041

type  = float-attribute
name  = IJK_TO_DICOM
count = 12
              4              0              0      -131.7307              0
             -4              0       101.4792              0              0
       4.000041      -21.63611

type  = float-attribute
name  = IJK_TO_DICOM_REAL
count = 12
       3.999206     0.07947078    0.006678181      -131.7307     0.07971563
      -3.985147     -0.3350337       101.4792              0     -0.3350967
        3.98598      -21.63611

type  = float-attribute
name  = BRICK_STATS
count = 276
       -2.46388           8048     -0.8072264           8001  -0.0006703883
           7982              0           7985              0           7996
   -0.001430105           8012   -0.004866287       7978.125   -0.004346937
       8074.345   -0.001333207       8044.062  -3.237277e-06           8107
              0           8096              0       8096.722              0
           8115   -0.002756208           8081    -0.05334461       8009.837
    -0.06471661       7989.624    -0.05446379       7998.833    -0.02424391
       7964.772   -0.002242208       7996.823   -0.001330204       8019.778
   -0.001183602       8017.514   -0.000394159       8026.799  -3.129244e-06
       7998.818              0       8003.503              0       8011.415
              0       8014.116              0        7968.96  -0.0003815126
       7992.319  -0.0003528837       7998.606   -0.005615711       8037.721
   -0.000489153       7999.152  -6.180257e-05       8002.855              0
        8003.87   -0.001310229       8001.665    -0.08897606       8033.802
     -0.1481189       7995.638    -0.07725908        7983.05     -0.1665339
       7896.846     -0.2553488       7932.809     -0.2139759        7910.72
     -0.0916791       7900.605   -0.005923826       7883.086   -0.001709927
       7888.003              0       8010.058              0       8050.828
              0       8033.039              0       8047.283              0
       8100.858   -0.001016928        8044.34   -0.001697449       8068.368
  -0.0006465893       7955.688  -2.672896e-07       7898.752              0
       7904.461              0        7877.46              0       8050.997
              0       7967.125              0       8051.987              0
        8077.54              0       8115.581              0       8081.013
              0       8065.191              0       8049.853              0
       8053.507              0       7983.233              0       7992.982
              0       7887.812              0       7943.522              0
       7872.254              0       7887.904              0        7954.03
              0       7990.214              0       7985.931              0
        8060.44              0       8131.905              0       8117.493
              0       8121.627              0       8108.023              0
       8034.993              0       7984.363              0       7948.207
   -0.004346684       7945.231     -0.0247414       7915.122    -0.04585238
        7872.55    -0.05380255       7922.902    -0.03921096       7915.669
   -0.003909104       7955.851              0       7961.886              0
        7963.39              0       7962.165              0       7942.578
  -0.0009035021       8046.335    -0.01551238       8047.349    -0.03919341
       7831.867    -0.08909851       7823.864      -0.164371        7874.18
       -0.20506       7940.662     -0.2409435       7948.381     -0.2610795
       8032.357      -0.231682       8058.416     -0.1411055       8068.267
    -0.06316727       8065.195     -0.1482973       8024.114     -0.1963012
       7961.352     -0.2004703       7856.564     -0.2258278       7810.669
     -0.1714462       7835.013     -0.2371461       7837.533     -0.2724552
       7826.421     -0.2069027        7839.94     -0.1972796       7859.026
     -0.2167572       7863.608     -0.2051376       7880.748     -0.1519749
       7855.811    -0.04768965           7887   -0.006430604       7941.509
   -0.007924232       7909.707   -0.007663988        7934.36    -0.02899586
       7907.244     -0.0469901       7910.855     -0.0413462       7939.545
     -0.0304413       7935.877      -0.027954       7939.816    -0.01440291
       8025.907   -0.007744187       7914.862  -0.0001841467       7957.773
              0       7957.036              0       7974.013              0
       8022.465              0       8019.144  -0.0001359051       8002.196
  -0.0006329659       7951.101  -0.0007753568       7858.906  -0.0002103653
       7875.956              0       7939.042              0       7849.657
     -0.1279755       7872.643       -1.51915       7851.328      -11.69017
        7884.45

type = integer-attribute
name = TAXIS_NUMS
count = 8
 138 0 77002 -999 -999
 -999 -999 -999

type  = float-attribute
name  = TAXIS_FLOATS
count = 8
              0              2              0              0              0
        -999999        -999999        -999999

type = integer-attribute
name = DATASET_RANK
count = 8
 3 138 0 0 0
 0 0 0

type = integer-attribute
name = DATASET_DIMENSIONS
count = 5
 64 64 32 0 0

type = integer-attribute
name = BRICK_TYPES
count = 138
 3 3 3 3 3
 3 3 3 3 3
 3 3 3 3 3
 3 3 3 3 3
 3 3 3 3 3
 3 3 3 3 3
 3 3 3 3 3
 3 3 3 3 3
 3 3 3 3 3
 3 3 3 3 3
 3 3 3 3 3
 3 3 3 3 3
 3 3 3 3 3
 3 3 3 3 3
 3 3 3 3 3
 3 3 3 3 3
 3 3 3 3 3
 3 3 3 3 3
 3 3 3 3 3
 3 3 3 3 3
 3 3 3 3 3
 3 3 3 3 3
 3 3 3 3 3
 3 3 3 3 3
 3 3 3 3 3
 3 3 3 3 3
 3 3 3 3 3
 3 3 3

type  = float-attribute
name  = BRICK_FLOAT_FACS
count = 138
              0              0              0              0              0
              0              0              0              0              0
              0              0              0              0              0
              0              0              0              0              0
              0              0              0              0              0
              0              0              0              0              0
              0              0              0              0              0
              0              0              0              0              0
              0              0              0              0              0
              0              0              0              0              0
              0              0              0              0              0
              0              0              0              0              0
              0              0              0              0              0
              0              0              0              0              0
              0              0              0              0              0
              0              0              0              0              0
              0              0              0              0              0
              0              0              0              0              0
              0              0              0              0              0
              0              0              0              0              0
              0              0              0              0              0
              0              0              0              0              0
              0              0              0              0              0
              0              0              0              0              0
              0              0              0              0              0
              0              0              0              0              0
              0              0              0              0              0
              0              0              0

type = string-attribute
name = BRICK_LABS
count = 590
'#5~#6~#7~#8~#9~#10~#11~#12~#13~#14~#15~#16~#17~#18~#19~#20~#21~#22~#23~#24~#25~#26~#27~#28~#29~#30~#31~#32~#33~#34~#35~#36~#37~#38~#39~#40~#41~#42~#43~#44~#45~#46~#47~#48~#49~#50~#51~#52~#53~#54~#55~#56~#57~#58~#59~#60~#61~#62~#63~#64~#65~#66~#67~#68~#69~#70~#71~#72~#73~#74~#75~#76~#77~#78~#79~#80~#81~#82~#83~#84~#85~#86~#87~#88~#89~#90~#91~#92~#93~#94~#95~#96~#97~#98~#99~#100~#101~#102~#103~#104~#105~#106~#107~#108~#109~#110~#111~#112~#113~#114~#115~#116~#117~#118~#119~#120~#121~#122~#123~#124~#125~#126~#127~#128~#129~#130~#131~#132~#133~#134~#135~#136~#137~#138~#139~#140~#141~#142~

type = string-attribute
name = BRICK_KEYWORDS
count = 138
'~~~~~~~~~~~~~~~~~~~~~~~~~~~~~~~~~~~~~~~~~~~~~~~~~~~~~~~~~~~~~~~~~~~~~~~~~~~~~~~~~~~~~~~~~~~~~~~~~~~~~~~~~~~~~~~~~~~~~~~~~~~~~~~~~~~~~~~~~~

type = string-attribute
name = TEMPLATE_SPACE
count = 5
'ORIG~

type = integer-attribute
name = INT_CMAP
count = 1
 0

type = string-attribute
name = BYTEORDER_STRING
count = 10
'LSB_FIRST~
