
type = string-attribute
name = HISTORY_NOTE
count = 135
'[nikin@leviathan: Sun Feb 13 12:49:52 2022] {AFNI_22.0.03:linux_openmp_64} 3dDespike -prefix BOLD-0299-BOLD-EC BOLD-0299-BOLD-EC1+orig~

type = string-attribute
name = TYPESTRING
count = 15
'3DIM_HEAD_ANAT~

type = string-attribute
name = IDCODE_STRING
count = 27
'XYZ_A-TT49r_PXOlN0hrO-Howg~

type = string-attribute
name = IDCODE_DATE
count = 25
'Sun Feb 13 12:49:52 2022~

type = integer-attribute
name = SCENE_DATA
count = 8
 0 2 0 -999 -999
 -999 -999 -999

type = string-attribute
name = LABEL_1
count = 5
'zyxt~

type = string-attribute
name = LABEL_2
count = 5
'zyxt~

type = string-attribute
name = DATASET_NAME
count = 5
'zyxt~

type = integer-attribute
name = ORIENT_SPECIFIC
count = 3
 0 2 4

type  = float-attribute
name  = ORIGIN
count = 3
      -129.9287       80.69151      -75.39314

type  = float-attribute
name  = DELTA
count = 3
              4             -4       3.999917

type  = float-attribute
name  = IJK_TO_DICOM
count = 12
              4              0              0      -129.9287              0
             -4              0       80.69151              0              0
       3.999917      -75.39314

type  = float-attribute
name  = IJK_TO_DICOM_REAL
count = 12
       3.998445     0.09167802     0.06355345      -129.9287     0.07934882
      -3.939468      0.6886709       80.69151    -0.07837202      0.6871561
       3.939674      -75.39314

type  = float-attribute
name  = BRICK_STATS
count = 276
      -47.80015           8976      -2.640905           9008   -0.000108473
           8869              0           8926   -0.002721727           8907
    -0.01612765           8910    -0.03148434           8821    -0.01631516
           8898   -0.004037462           8929  -0.0001408532           8880
              0           8917              0           8803              0
           8888   -0.006536663           9082    -0.02138603           8992
   -0.003100827           9001    -0.07045303           8949     -0.1208793
           8961     -0.1309655           8962     -0.1088246           8879
     -0.4435791           8939     -0.5970365           9027     -0.5933312
           8957     -0.7804327           8971      -1.047766           8989
     -0.8724916           8980     -0.3708819           9002      -0.144992
           9029    -0.07923931           9017   -0.009015694           9018
    -0.04904176           9059    -0.05915792           9002    -0.04502314
           9002    -0.02198195           9033    -0.03992841           8952
    -0.03660734           8860    -0.04483971           8931    -0.05319239
           8931    -0.04951609           8782    -0.03796551           8763
     -0.0220292           8790   -0.006935745           8745    -0.01875111
           8624    -0.02323699           8903   -0.002563238           8896
   -0.001583517           8799   -0.003980428           8853  -8.839369e-05
           8792              0           8755              0           8909
              0       9048.758              0           8965              0
           8874              0           8803              0           8944
              0           9041   -0.001293585           9007   -0.007258423
       9173.909   -0.008713968           9084   -0.004732102           8987
  -0.0006159022           9013  -0.0001883507           8948  -0.0002928376
           8959              0           8817              0           8873
              0           8926              0           8922              0
           8893              0           9008              0           8838
              0           8918              0           8854              0
           8847              0           8690   -0.005977347           8773
   -0.007990494           8658   -0.001749903           8600              0
           8666              0           8622  -3.693998e-05           8791
  -0.0002806187           8918   -0.005358338           8817    -0.04498219
           8872     -0.0785296           8852    -0.05346155           8815
   -0.009047538           8837     -0.0242452           8742    -0.02251822
           8895   -0.003170848           8879              0           8744
              0       8946.235              0       8869.728  -6.251782e-05
           8857   -0.002846293           8753   -0.005715922           8697
   -0.002367601           8609              0           8585  -3.814697e-06
           8560              0           8615              0           8578
              0           8611              0           8604   -0.002294106
           8641   -0.005499091           8618    -0.03716984           8511
    -0.06801338           8516    -0.09467476           8423     -0.1099131
           8502     -0.1253044           8584     -0.2617311           8637
     -0.3585052           8603     -0.3723242           8574     -0.2697984
           8633     -0.2485297           8660     -0.2844075           8647
     -0.2089564           8562     -0.2290663           8538     -0.1214886
           8554    -0.04919551           8471    -0.06060515           8641
    -0.05530716           8666    -0.03081891           8805  -0.0007743016
           8796              0           8729              0           8720
   -0.002111107           8736    -0.05427194           8706    -0.05353788
           8781   -0.001850024           8750   -0.008720573           8796
     -0.0253396           8837    -0.04607779           8860    -0.02471754
           8872   -0.008448381           8918  -0.0002103765           8802
    -0.01776216           8847     -0.1370972           8693      -3.595973
           8622

type = integer-attribute
name = TAXIS_NUMS
count = 8
 138 0 77002 -999 -999
 -999 -999 -999

type  = float-attribute
name  = TAXIS_FLOATS
count = 8
              0              2              0              0              0
        -999999        -999999        -999999

type = integer-attribute
name = DATASET_RANK
count = 8
 3 138 0 0 0
 0 0 0

type = integer-attribute
name = DATASET_DIMENSIONS
count = 5
 64 64 32 0 0

type = integer-attribute
name = BRICK_TYPES
count = 138
 3 3 3 3 3
 3 3 3 3 3
 3 3 3 3 3
 3 3 3 3 3
 3 3 3 3 3
 3 3 3 3 3
 3 3 3 3 3
 3 3 3 3 3
 3 3 3 3 3
 3 3 3 3 3
 3 3 3 3 3
 3 3 3 3 3
 3 3 3 3 3
 3 3 3 3 3
 3 3 3 3 3
 3 3 3 3 3
 3 3 3 3 3
 3 3 3 3 3
 3 3 3 3 3
 3 3 3 3 3
 3 3 3 3 3
 3 3 3 3 3
 3 3 3 3 3
 3 3 3 3 3
 3 3 3 3 3
 3 3 3 3 3
 3 3 3 3 3
 3 3 3

type  = float-attribute
name  = BRICK_FLOAT_FACS
count = 138
              0              0              0              0              0
              0              0              0              0              0
              0              0              0              0              0
              0              0              0              0              0
              0              0              0              0              0
              0              0              0              0              0
              0              0              0              0              0
              0              0              0              0              0
              0              0              0              0              0
              0              0              0              0              0
              0              0              0              0              0
              0              0              0              0              0
              0              0              0              0              0
              0              0              0              0              0
              0              0              0              0              0
              0              0              0              0              0
              0              0              0              0              0
              0              0              0              0              0
              0              0              0              0              0
              0              0              0              0              0
              0              0              0              0              0
              0              0              0              0              0
              0              0              0              0              0
              0              0              0              0              0
              0              0              0              0              0
              0              0              0              0              0
              0              0              0              0              0
              0              0              0

type = string-attribute
name = BRICK_LABS
count = 590
'#5~#6~#7~#8~#9~#10~#11~#12~#13~#14~#15~#16~#17~#18~#19~#20~#21~#22~#23~#24~#25~#26~#27~#28~#29~#30~#31~#32~#33~#34~#35~#36~#37~#38~#39~#40~#41~#42~#43~#44~#45~#46~#47~#48~#49~#50~#51~#52~#53~#54~#55~#56~#57~#58~#59~#60~#61~#62~#63~#64~#65~#66~#67~#68~#69~#70~#71~#72~#73~#74~#75~#76~#77~#78~#79~#80~#81~#82~#83~#84~#85~#86~#87~#88~#89~#90~#91~#92~#93~#94~#95~#96~#97~#98~#99~#100~#101~#102~#103~#104~#105~#106~#107~#108~#109~#110~#111~#112~#113~#114~#115~#116~#117~#118~#119~#120~#121~#122~#123~#124~#125~#126~#127~#128~#129~#130~#131~#132~#133~#134~#135~#136~#137~#138~#139~#140~#141~#142~

type = string-attribute
name = BRICK_KEYWORDS
count = 138
'~~~~~~~~~~~~~~~~~~~~~~~~~~~~~~~~~~~~~~~~~~~~~~~~~~~~~~~~~~~~~~~~~~~~~~~~~~~~~~~~~~~~~~~~~~~~~~~~~~~~~~~~~~~~~~~~~~~~~~~~~~~~~~~~~~~~~~~~~~

type = string-attribute
name = TEMPLATE_SPACE
count = 5
'ORIG~

type = integer-attribute
name = INT_CMAP
count = 1
 0

type = string-attribute
name = BYTEORDER_STRING
count = 10
'LSB_FIRST~
