
type = string-attribute
name = HISTORY_NOTE
count = 289
'[nikin@leviathan: Sun Feb 13 12:54:59 2022] {AFNI_22.0.03:linux_openmp_64} 3dDespike -prefix BOLD-0349-BOLD-EC BOLD-0349-BOLD-EC1+orig\n[nikin@leviathan: Sun Feb 13 12:55:10 2022] {AFNI_22.0.03:linux_openmp_64} 3dcalc -prefix BOLD-0349-BOLD-EC-base -a 'BOLD-0349-BOLD-EC+orig[30]' -expr a~

type = string-attribute
name = TYPESTRING
count = 15
'3DIM_HEAD_ANAT~

type = string-attribute
name = IDCODE_STRING
count = 27
'XYZ_RGQBG_9jwRyIfYLVDmEOvg~

type = string-attribute
name = IDCODE_DATE
count = 25
'Sun Feb 13 12:55:10 2022~

type = integer-attribute
name = SCENE_DATA
count = 8
 0 2 0 -999 -999
 -999 -999 -999

type = string-attribute
name = LABEL_1
count = 5
'zyxt~

type = string-attribute
name = LABEL_2
count = 5
'zyxt~

type = string-attribute
name = DATASET_NAME
count = 5
'zyxt~

type = integer-attribute
name = ORIENT_SPECIFIC
count = 3
 0 2 4

type  = float-attribute
name  = ORIGIN
count = 3
      -115.1035        117.399     -0.7878693

type  = float-attribute
name  = DELTA
count = 3
              4             -4       3.999935

type  = float-attribute
name  = IJK_TO_DICOM
count = 12
              4              0              0      -115.1035              0
             -4              0        117.399              0              0
       3.999935     -0.7878693

type  = float-attribute
name  = IJK_TO_DICOM_REAL
count = 12
       3.995923     -0.1331823     -0.1219753      -115.1035     -0.1590603
      -3.874254     -0.9822454        117.399     0.08545077     -0.9861116
       3.875538     -0.7878693

type  = float-attribute
name  = BRICK_STATS
count = 2
    -0.00441629           7324

type = integer-attribute
name = DATASET_RANK
count = 8
 3 1 0 0 0
 0 0 0

type = integer-attribute
name = DATASET_DIMENSIONS
count = 5
 64 64 32 0 0

type = integer-attribute
name = BRICK_TYPES
count = 1
 3

type  = float-attribute
name  = BRICK_FLOAT_FACS
count = 1
              0

type = string-attribute
name = BRICK_LABS
count = 4
'#35~

type = string-attribute
name = BRICK_KEYWORDS
count = 1
'~

type = string-attribute
name = TEMPLATE_SPACE
count = 5
'ORIG~

type = integer-attribute
name = INT_CMAP
count = 1
 0

type = string-attribute
name = BYTEORDER_STRING
count = 10
'LSB_FIRST~
