
type = string-attribute
name = HISTORY_NOTE
count = 1173
'[nikin@leviathan: Tue Feb 15 17:47:33 2022] {AFNI_22.0.03:linux_openmp_64} 3dSkullStrip -prefix 0244-T1-NoSkull -input BOLD-0244-EC-T1+tlrc.\n[nikin@leviathan: Tue Feb 15 17:47:34 2022] {AFNI_22.0.03:linux_openmp_64} 3dcopy ./0244-T1-NoSkull+tlrc ./0244-T1-NoSkull_shft+tlrc\n[nikin@leviathan: Tue Feb 15 17:47:40 2022] {AFNI_22.0.03:linux_openmp_64} 3dCM -automask -set -12.9865 -45.2492 9.48634 ./0244-T1-NoSkull_shft+tlrc\n[nikin@leviathan: Tue Feb 15 17:47:41 2022] {AFNI_22.0.03:linux_openmp_64} 3dcopy ./0244-T1-NoSkull_shft+tlrc ./__tt_0244-T1-NoSkull_shft+tlrc\n[nikin@leviathan: Tue Feb 15 17:48:04 2022] {AFNI_22.0.03:linux_openmp_64} 3dAllineate -base ./__tt_0244-BOLD-EC-base_ts_ns+orig -1Dmatrix_apply ./0244-T1-NoSkull_shft_alBOLDEC_mat.aff12.1D -prefix ./0244-T1-NoSkull_shft_alBOLDEC -input ./__tt_0244-T1-NoSkull_shft+tlrc -master SOURCE -weight_frac 1.0 -maxrot 6 -maxshf 10 -VERB -warp aff -source_automask+4 -onepass\n[nikin@leviathan: Tue Feb 15 17:48:06 2022] align_epi_anat.py -anat 0244-T1-NoSkull_shft+tlrc. -epi  0244-BOLD-EC-base+orig. -epi_base 0 -suffix _alBOLDEC -anat_has_skull no  -epi_strip 3dAutomask -volreg off -tshift off -resample off~

type  = float-attribute
name  = ALLINEATE_MATVEC_B2S_000000
count = 12
       0.958936      -0.153319       0.032151        8.33705       0.228406
       0.914382        0.17365        29.3417      -0.007858      -0.224394
        1.02743       -1.07164

type  = float-attribute
name  = ALLINEATE_MATVEC_S2B_000000
count = 12
       1.005556      0.1544774    -0.05757533       -12.9777     -0.2425797
       1.012815     -0.1635889      -27.87062    -0.04528948      0.2223834
      0.9371336      -5.143258

type = string-attribute
name = ALLINEATE_WARP_TYPE
count = 15
'affine_general~

type  = float-attribute
name  = ALLINEATE_PARAMS_000000
count = 12
              0              0              0              0              0
              0              1              1              1              0
              0              0

type = string-attribute
name = TYPESTRING
count = 15
'3DIM_HEAD_ANAT~

type = string-attribute
name = IDCODE_STRING
count = 27
'XYZ_AxVG9oYpV6dyYBry3rCmMQ~

type = string-attribute
name = IDCODE_DATE
count = 25
'Tue Feb 15 17:48:04 2022~

type = integer-attribute
name = SCENE_DATA
count = 8
 2 11 0 -999 -999
 -999 -999 -999

type = string-attribute
name = LABEL_1
count = 5
'zyxt~

type = string-attribute
name = LABEL_2
count = 5
'zyxt~

type = string-attribute
name = DATASET_NAME
count = 5
'zyxt~

type = integer-attribute
name = ORIENT_SPECIFIC
count = 3
 0 2 4

type  = float-attribute
name  = ORIGIN
count = 3
      -140.1897       71.25607       -79.2309

type  = float-attribute
name  = DELTA
count = 3
              1             -1       1.000045

type  = float-attribute
name  = IJK_TO_DICOM
count = 12
              1              0              0      -140.1897              0
             -1              0       71.25607              0              0
       1.000045       -79.2309

type  = float-attribute
name  = IJK_TO_DICOM_REAL
count = 12
              1              0              0      -140.1897              0
             -1              0       71.25607              0              0
       1.000045       -79.2309

type  = float-attribute
name  = BRICK_STATS
count = 2
              0           4246

type = integer-attribute
name = DATASET_RANK
count = 8
 3 1 0 0 0
 0 0 0

type = integer-attribute
name = DATASET_DIMENSIONS
count = 5
 256 256 180 0 0

type = integer-attribute
name = BRICK_TYPES
count = 1
 1

type  = float-attribute
name  = BRICK_FLOAT_FACS
count = 1
              0

type = string-attribute
name = BRICK_LABS
count = 3
'#0~

type = string-attribute
name = BRICK_KEYWORDS
count = 1
'~

type = string-attribute
name = TEMPLATE_SPACE
count = 5
'TLRC~

type = integer-attribute
name = INT_CMAP
count = 1
 0

type = string-attribute
name = BYTEORDER_STRING
count = 10
'LSB_FIRST~
