
type = string-attribute
name = HISTORY_NOTE
count = 2248
'[nikin@leviathan: Mon Feb 14 13:19:42 2022] ===================================\n[nikin@leviathan: Mon Feb 14 13:19:42 2022] === History of inputs to 3dcalc ===\n[nikin@leviathan: Mon Feb 14 13:19:42 2022] === Input a:\n[nikin@leviathan: Mon Feb 14 13:19:42 2022] [nikin@leviathan: Mon Feb 14 13:19:17 2022] {AFNI_22.0.03:linux_openmp_64} 3dDespike -prefix 0285-BOLD-EC 0285-BOLD-EC1+orig\n[nikin@leviathan: Mon Feb 14 13:19:29 2022] {AFNI_22.0.03:linux_openmp_64} 3dvolreg -verbose -tshift 0 -base 28 -1Dfile outliers-BOLD-EC.1D -prefix 0285-BOLD-EC-volreg 0285-BOLD-EC+orig\n[nikin@leviathan: Mon Feb 14 13:19:42 2022] === Input b:\n[nikin@leviathan: Mon Feb 14 13:19:42 2022] [nikin@leviathan: Mon Feb 14 13:19:17 2022] {AFNI_22.0.03:linux_openmp_64} 3dDespike -prefix 0285-BOLD-EC 0285-BOLD-EC1+orig\n[nikin@leviathan: Mon Feb 14 13:19:29 2022] {AFNI_22.0.03:linux_openmp_64} 3dvolreg -verbose -tshift 0 -base 28 -1Dfile outliers-BOLD-EC.1D -prefix 0285-BOLD-EC-volreg 0285-BOLD-EC+orig\n[nikin@leviathan: Mon Feb 14 13:19:42 2022] {AFNI_22.0.03:linux_openmp_64} 3dAutomask -prefix 0285-BOLD-EC-mask -dilate 1 0285-BOLD-EC-volreg+orig\n[nikin@leviathan: Mon Feb 14 13:19:42 2022] ===================================\n[nikin@leviathan: Mon Feb 14 13:19:42 2022] {AFNI_22.0.03:linux_openmp_64} 3dcalc -prefix 0285-BOLD-EC-volreg-mask -a 0285-BOLD-EC-volreg+orig -b 0285-BOLD-EC-mask+orig -expr 'a*b'\n[nikin@leviathan: Tue Feb 15 23:03:22 2022] {AFNI_22.0.03:linux_openmp_64} 3dcopy 0285-BOLD-EC-volreg-mask+orig. 0285-BOLD-EC-volreg-mask_temp\n[nikin@leviathan: Tue Feb 15 23:03:23 2022] {AFNI_22.0.03:linux_openmp_64} 3dcopy ./0285-BOLD-EC-volreg-mask_temp+orig ./0285-BOLD-EC-volreg-mask_temp_shft+orig\n[nikin@leviathan: Tue Feb 15 23:03:24 2022] {AFNI_22.0.03:linux_openmp_64} 3dCM -automask -set -0.14344 33.5873 14.8807 ./0285-BOLD-EC-volreg-mask_temp_shft+orig\n[nikin@leviathan: Tue Feb 15 23:04:06 2022] {AFNI_22.0.03:linux_openmp_64} 3dNwarpApply -prefix 0285-BOLD-EC-volreg-Nwarp -nwarp 'T1-NoSkull_shft_alBOLDEC_shft_WARP+tlrc. ' T1_to_T1_Allineate.aff12.1D -source 0285-BOLD-EC-volreg-mask_temp_shft+orig.\n[nikin@leviathan: Tue Feb 15 23:04:06 2022] {AFNI_22.0.03:linux_openmp_64} 3drefit -view tlrc 0285-BOLD-EC-volreg-Nwarp+orig~

type = string-attribute
name = TYPESTRING
count = 15
'3DIM_HEAD_ANAT~

type = string-attribute
name = IDCODE_STRING
count = 27
'XYZ_JmYO_w0mVRxm_ZgdGfUqjQ~

type = string-attribute
name = IDCODE_DATE
count = 25
'Tue Feb 15 23:03:26 2022~

type = integer-attribute
name = SCENE_DATA
count = 8
 2 2 0 -999 -999
 -999 -999 -999

type = string-attribute
name = LABEL_1
count = 5
'zyxt~

type = string-attribute
name = LABEL_2
count = 5
'zyxt~

type = string-attribute
name = DATASET_NAME
count = 5
'zyxt~

type = integer-attribute
name = ORIENT_SPECIFIC
count = 3
 0 2 4

type  = float-attribute
name  = ORIGIN
count = 3
      -126.5509       145.3896      -47.37227

type  = float-attribute
name  = DELTA
count = 3
              4             -4       4.000053

type  = float-attribute
name  = IJK_TO_DICOM
count = 12
              4              0              0      -126.5509              0
             -4              0       145.3896              0              0
       4.000053      -47.37227

type  = float-attribute
name  = IJK_TO_DICOM_REAL
count = 12
              4              0              0      -126.5509              0
             -4              0       145.3896              0              0
       4.000053      -47.37227

type  = float-attribute
name  = BRICK_STATS
count = 276
     -0.4598077       8013.329    -0.05928448           8022              0
           8047              0           8001   -4.87268e-05       8010.409
  -0.0001320839        8010.75              0       8030.693              0
       8024.128              0       8052.454              0       8075.989
              0       8078.155              0       8023.209              0
       8030.691   -0.002159253       8083.573    -0.03869747       8016.333
    -0.06593892       7990.083    -0.07509179       8047.846     -0.0689295
       8013.903     -0.0516927           8060    -0.02801117           7982
   -0.008272512           8018    -0.01137333           8006    -0.01170395
           7994   -0.009856533           8012   -0.006395884           7986
   -0.002118311           8010              0           8042              0
           8031              0           8068              0           8058
              0           8098              0           7994              0
           8030              0           8032              0           7984
              0           8034              0           7962              0
           8031              0           7980              0           7961
              0           8001              0           8005              0
           8009              0           8041              0           8006
              0           8031              0           7970   -0.000924468
           7964   -0.001675785           7930  -9.226799e-05           7937
  -0.0003733523           7952    -0.01179374           7970     -0.0175946
       8044.995    -0.01347168           7998   -0.004501987           8027
  -1.902878e-05           8009              0           8004              0
           8025              0           7996              0           7948
              0           7896              0           7948              0
           7971   -0.001390785           7942    -0.01587546           7918
    -0.03157312           7943    -0.02553964           7939   -0.007965893
           7907    -0.01758122           7977    -0.01373038           7948
   -0.001157731           7963              0           7968              0
           7938              0           7928              0           7919
              0           7957              0           7896              0
           7950              0           7914              0           7985
              0           7965              0           7956              0
           7964              0           7917              0           7886
              0           7945              0           7909              0
           7920    -0.02321947           7937     -0.1476163           7895
     -0.2842364           7980     -0.3938946           7951     -0.4548255
           7994     -0.4438279           7975     -0.3353981       8032.894
     -0.3574513           7997     -0.3328741           7963     -0.2122934
           7949     -0.1796079           7948     -0.3868487           7925
     -0.5452424           7930      -0.601431           7969     -0.5163526
           7951     -0.2666992           7920     -0.1467559           7932
    -0.07627144           7995    -0.02838138           7932    -0.02708564
           7955    -0.01570877           7906      -0.032553           7999
    -0.09148706           7930     -0.1481791           7974     -0.2359527
           8023     -0.3061066           7994      -0.299656           8028
     -0.1934073           7963    -0.03577225       7871.677              0
           7928              0       7879.587              0           8038
              0           8003              0           8014              0
           8039              0           8019              0           7989
              0           7977              0           7985              0
           7984  -2.980232e-07           8049   -0.001321934           7985
   -0.004742116           8011   -0.005335033       7997.133   -0.001405187
           8028  -0.0002164622           8021  -3.222976e-05        7997.75
              0       8063.991     -0.9759686       7952.134      -2.169325
       7962.654

type = integer-attribute
name = TAXIS_NUMS
count = 8
 138 0 77002 -999 -999
 -999 -999 -999

type  = float-attribute
name  = TAXIS_FLOATS
count = 8
              0              2              0              0              0
        -999999        -999999        -999999

type = integer-attribute
name = DATASET_RANK
count = 8
 3 138 0 0 0
 0 0 0

type = integer-attribute
name = DATASET_DIMENSIONS
count = 5
 64 64 32 0 0

type = integer-attribute
name = BRICK_TYPES
count = 138
 3 3 3 3 3
 3 3 3 3 3
 3 3 3 3 3
 3 3 3 3 3
 3 3 3 3 3
 3 3 3 3 3
 3 3 3 3 3
 3 3 3 3 3
 3 3 3 3 3
 3 3 3 3 3
 3 3 3 3 3
 3 3 3 3 3
 3 3 3 3 3
 3 3 3 3 3
 3 3 3 3 3
 3 3 3 3 3
 3 3 3 3 3
 3 3 3 3 3
 3 3 3 3 3
 3 3 3 3 3
 3 3 3 3 3
 3 3 3 3 3
 3 3 3 3 3
 3 3 3 3 3
 3 3 3 3 3
 3 3 3 3 3
 3 3 3 3 3
 3 3 3

type  = float-attribute
name  = BRICK_FLOAT_FACS
count = 138
              0              0              0              0              0
              0              0              0              0              0
              0              0              0              0              0
              0              0              0              0              0
              0              0              0              0              0
              0              0              0              0              0
              0              0              0              0              0
              0              0              0              0              0
              0              0              0              0              0
              0              0              0              0              0
              0              0              0              0              0
              0              0              0              0              0
              0              0              0              0              0
              0              0              0              0              0
              0              0              0              0              0
              0              0              0              0              0
              0              0              0              0              0
              0              0              0              0              0
              0              0              0              0              0
              0              0              0              0              0
              0              0              0              0              0
              0              0              0              0              0
              0              0              0              0              0
              0              0              0              0              0
              0              0              0              0              0
              0              0              0              0              0
              0              0              0              0              0
              0              0              0

type = string-attribute
name = BRICK_LABS
count = 590
'#5~#6~#7~#8~#9~#10~#11~#12~#13~#14~#15~#16~#17~#18~#19~#20~#21~#22~#23~#24~#25~#26~#27~#28~#29~#30~#31~#32~#33~#34~#35~#36~#37~#38~#39~#40~#41~#42~#43~#44~#45~#46~#47~#48~#49~#50~#51~#52~#53~#54~#55~#56~#57~#58~#59~#60~#61~#62~#63~#64~#65~#66~#67~#68~#69~#70~#71~#72~#73~#74~#75~#76~#77~#78~#79~#80~#81~#82~#83~#84~#85~#86~#87~#88~#89~#90~#91~#92~#93~#94~#95~#96~#97~#98~#99~#100~#101~#102~#103~#104~#105~#106~#107~#108~#109~#110~#111~#112~#113~#114~#115~#116~#117~#118~#119~#120~#121~#122~#123~#124~#125~#126~#127~#128~#129~#130~#131~#132~#133~#134~#135~#136~#137~#138~#139~#140~#141~#142~

type = string-attribute
name = BRICK_KEYWORDS
count = 138
'~~~~~~~~~~~~~~~~~~~~~~~~~~~~~~~~~~~~~~~~~~~~~~~~~~~~~~~~~~~~~~~~~~~~~~~~~~~~~~~~~~~~~~~~~~~~~~~~~~~~~~~~~~~~~~~~~~~~~~~~~~~~~~~~~~~~~~~~~~

type = string-attribute
name = TEMPLATE_SPACE
count = 5
'ORIG~

type = integer-attribute
name = INT_CMAP
count = 1
 0

type = string-attribute
name = BYTEORDER_STRING
count = 10
'LSB_FIRST~
