
type = string-attribute
name = HISTORY_NOTE
count = 581
'[nikin@leviathan: Mon Feb 14 12:22:55 2022] {AFNI_22.0.03:linux_openmp_64} 3dDespike -prefix 0338-BOLD-EC 0338-BOLD-EC1+orig\n[nikin@leviathan: Mon Feb 14 12:23:07 2022] {AFNI_22.0.03:linux_openmp_64} 3dcalc -prefix 0338-BOLD-EC-base -a '0338-BOLD-EC+orig[9]' -expr a\n[nikin@leviathan: Tue Feb 15 19:58:27 2022] {AFNI_22.0.03:linux_openmp_64} 3dcopy ./0338-BOLD-EC-base+orig ./0338-BOLD-EC-base_shft+orig\n[nikin@leviathan: Tue Feb 15 19:58:27 2022] {AFNI_22.0.03:linux_openmp_64} 3drefit -dxorigin -4.936813 -dyorigin 42.036785 -dzorigin -42.365402 ./0338-BOLD-EC-base_shft+orig~

type = string-attribute
name = TYPESTRING
count = 15
'3DIM_HEAD_ANAT~

type = string-attribute
name = IDCODE_STRING
count = 27
'XYZ_nMsajJ6RJ_93iJvobolHsA~

type = string-attribute
name = IDCODE_DATE
count = 25
'Tue Feb 15 19:58:27 2022~

type = integer-attribute
name = SCENE_DATA
count = 8
 0 2 0 -999 -999
 -999 -999 -999

type = string-attribute
name = LABEL_1
count = 5
'zyxt~

type = string-attribute
name = LABEL_2
count = 5
'zyxt~

type = string-attribute
name = DATASET_NAME
count = 5
'zyxt~

type = integer-attribute
name = ORIENT_SPECIFIC
count = 3
 0 2 4

type  = float-attribute
name  = ORIGIN
count = 3
      -126.7048       141.6113      -48.27626

type  = float-attribute
name  = DELTA
count = 3
              4             -4       3.999935

type  = float-attribute
name  = IJK_TO_DICOM
count = 12
              4              0              0       -121.768              0
             -4              0       99.57456              0              0
       3.999935      -5.910859

type  = float-attribute
name  = IJK_TO_DICOM_REAL
count = 12
              4              0              0      -126.7048              0
             -4              0       141.6113              0              0
       3.999935      -48.27626

type  = float-attribute
name  = BRICK_STATS
count = 2
  -3.814697e-06           8183

type = integer-attribute
name = DATASET_RANK
count = 8
 3 1 0 0 0
 0 0 0

type = integer-attribute
name = DATASET_DIMENSIONS
count = 5
 64 64 32 0 0

type = integer-attribute
name = BRICK_TYPES
count = 1
 3

type  = float-attribute
name  = BRICK_FLOAT_FACS
count = 1
              0

type = string-attribute
name = BRICK_LABS
count = 4
'#14~

type = string-attribute
name = BRICK_KEYWORDS
count = 1
'~

type = string-attribute
name = TEMPLATE_SPACE
count = 5
'ORIG~

type = integer-attribute
name = INT_CMAP
count = 1
 0

type = string-attribute
name = BYTEORDER_STRING
count = 10
'LSB_FIRST~
