
type = string-attribute
name = HISTORY_NOTE
count = 1400
'[nikin@leviathan: Mon Feb 14 12:23:21 2022] ===================================\n[nikin@leviathan: Mon Feb 14 12:23:21 2022] === History of inputs to 3dcalc ===\n[nikin@leviathan: Mon Feb 14 12:23:21 2022] === Input a:\n[nikin@leviathan: Mon Feb 14 12:23:21 2022] [nikin@leviathan: Mon Feb 14 12:22:55 2022] {AFNI_22.0.03:linux_openmp_64} 3dDespike -prefix 0338-BOLD-EC 0338-BOLD-EC1+orig\n[nikin@leviathan: Mon Feb 14 12:23:07 2022] {AFNI_22.0.03:linux_openmp_64} 3dvolreg -verbose -tshift 0 -base 9 -1Dfile outliers-BOLD-EC.1D -prefix 0338-BOLD-EC-volreg 0338-BOLD-EC+orig\n[nikin@leviathan: Mon Feb 14 12:23:21 2022] === Input b:\n[nikin@leviathan: Mon Feb 14 12:23:21 2022] [nikin@leviathan: Mon Feb 14 12:22:55 2022] {AFNI_22.0.03:linux_openmp_64} 3dDespike -prefix 0338-BOLD-EC 0338-BOLD-EC1+orig\n[nikin@leviathan: Mon Feb 14 12:23:07 2022] {AFNI_22.0.03:linux_openmp_64} 3dvolreg -verbose -tshift 0 -base 9 -1Dfile outliers-BOLD-EC.1D -prefix 0338-BOLD-EC-volreg 0338-BOLD-EC+orig\n[nikin@leviathan: Mon Feb 14 12:23:21 2022] {AFNI_22.0.03:linux_openmp_64} 3dAutomask -prefix 0338-BOLD-EC-mask -dilate 1 0338-BOLD-EC-volreg+orig\n[nikin@leviathan: Mon Feb 14 12:23:21 2022] ===================================\n[nikin@leviathan: Mon Feb 14 12:23:21 2022] {AFNI_22.0.03:linux_openmp_64} 3dcalc -prefix 0338-BOLD-EC-volreg-mask -a 0338-BOLD-EC-volreg+orig -b 0338-BOLD-EC-mask+orig -expr 'a*b'~

type = string-attribute
name = TYPESTRING
count = 15
'3DIM_HEAD_ANAT~

type = string-attribute
name = IDCODE_STRING
count = 27
'XYZ__trRKl0M6gEmXa4aNPG6bg~

type = string-attribute
name = IDCODE_DATE
count = 25
'Mon Feb 14 12:23:21 2022~

type = integer-attribute
name = SCENE_DATA
count = 8
 0 2 0 -999 -999
 -999 -999 -999

type = string-attribute
name = LABEL_1
count = 5
'zyxt~

type = string-attribute
name = LABEL_2
count = 5
'zyxt~

type = string-attribute
name = DATASET_NAME
count = 5
'zyxt~

type = integer-attribute
name = ORIENT_SPECIFIC
count = 3
 0 2 4

type  = float-attribute
name  = ORIGIN
count = 3
       -121.768       99.57456      -5.910859

type  = float-attribute
name  = DELTA
count = 3
              4             -4       3.999935

type  = float-attribute
name  = IJK_TO_DICOM
count = 12
              4              0              0       -121.768              0
             -4              0       99.57456              0              0
       3.999935      -5.910859

type  = float-attribute
name  = IJK_TO_DICOM_REAL
count = 12
       3.993543    -0.08484083      0.2107352       -121.768    -0.07238998
       -3.99239     -0.2357619       99.57456     -0.2153392     -0.2315721
       3.987416      -5.910859

type  = float-attribute
name  = BRICK_STATS
count = 276
     -0.2658519           8216     -0.1248832       8214.773              0
           8169              0       8212.901     -0.4686913       8186.956
        -1.0466           8215      -1.086759           8142     -0.6168218
           8197    -0.08320332       8088.624              0           8183
              0           8221              0       8183.383              0
           8210              0       8196.653  -0.0006130151           8213
    -0.02074889           8206    -0.03645462           8169    -0.03909556
           8177     -0.0313861        8203.74    -0.01730286           8134
   -0.007778589           8179   -0.003924901           8147   -0.000618279
           8181              0           8186    -0.01415777           8062
    -0.04284179           8099              0           8114              0
           8144              0       8146.745              0           8109
              0       8193.725              0       8249.922              0
        8263.27              0        8265.96              0       8179.201
              0       8185.003              0       8124.344   -1.36788e-09
       8177.149   -0.001363283       8153.929   -0.008437091       8218.643
    -0.01230156         8146.1     -0.0127858       8190.153    -0.01057932
       8192.305   -0.006404084           8173   -0.001545084           8209
   -0.002375439       8292.354     -0.0220072       8276.169    -0.02526747
       8229.864    -0.00473166           8211   -0.003127311       8203.705
   -0.001083298           8185              0       8149.281              0
           8183              0       8191.082              0           8200
              0           8188              0       8134.416              0
       8158.443              0       8155.984              0           8130
              0       8174.358              0       8252.966              0
       8239.711              0       8268.658              0       8184.173
              0       8147.408              0           8128              0
       8202.363              0           8162              0       8237.151
              0       8201.413              0       8173.432              0
       8163.597              0       8147.798              0       8225.979
              0       8197.301              0       8204.802              0
       8161.867              0       8153.625              0       8153.104
              0       8177.297              0           8151              0
           8083              0       8095.664              0       8079.207
              0       8150.212              0       8083.838              0
       8151.282              0       8118.229              0       8100.646
              0       8209.996              0       8200.636              0
       8194.469   -0.002580106       8242.467    -0.04175219       8174.211
     -0.1274389       8123.099     -0.1732293       8169.401     -0.1709048
       8183.285     -0.1064364        8187.75   -0.006090507       8217.919
              0       8124.726              0        8187.46              0
         8164.2              0       8191.829              0       8210.033
              0       8197.944              0       8174.695              0
       8151.234              0       8139.542              0       8140.973
              0       8145.188              0       8107.367              0
       8125.851   -0.003041968       8127.134     -0.0339106       8126.859
    -0.07812774       8113.498     -0.1069647        8181.38      -0.103016
       8139.725    -0.05627546       8166.468    -0.03886837       8187.645
    -0.03558698        8140.06    -0.03594601       8201.053     -0.0108358
       8165.568              0       8121.903              0       8127.107
              0       8164.392              0        8159.98  -3.017485e-07
       8172.692   -0.001152497       8200.011   -0.004216716       8186.285
   -0.004984751       8241.889   -0.001579665       8273.789  -2.263766e-05
        8172.96  -2.217712e-08       8119.069              0       8095.526
              0       8118.876    -0.00086914        8121.85      -3.133368
       8119.312

type = integer-attribute
name = TAXIS_NUMS
count = 8
 138 0 77002 -999 -999
 -999 -999 -999

type  = float-attribute
name  = TAXIS_FLOATS
count = 8
              0              2              0              0              0
        -999999        -999999        -999999

type = integer-attribute
name = DATASET_RANK
count = 8
 3 138 0 0 0
 0 0 0

type = integer-attribute
name = DATASET_DIMENSIONS
count = 5
 64 64 32 0 0

type = integer-attribute
name = BRICK_TYPES
count = 138
 3 3 3 3 3
 3 3 3 3 3
 3 3 3 3 3
 3 3 3 3 3
 3 3 3 3 3
 3 3 3 3 3
 3 3 3 3 3
 3 3 3 3 3
 3 3 3 3 3
 3 3 3 3 3
 3 3 3 3 3
 3 3 3 3 3
 3 3 3 3 3
 3 3 3 3 3
 3 3 3 3 3
 3 3 3 3 3
 3 3 3 3 3
 3 3 3 3 3
 3 3 3 3 3
 3 3 3 3 3
 3 3 3 3 3
 3 3 3 3 3
 3 3 3 3 3
 3 3 3 3 3
 3 3 3 3 3
 3 3 3 3 3
 3 3 3 3 3
 3 3 3

type  = float-attribute
name  = BRICK_FLOAT_FACS
count = 138
              0              0              0              0              0
              0              0              0              0              0
              0              0              0              0              0
              0              0              0              0              0
              0              0              0              0              0
              0              0              0              0              0
              0              0              0              0              0
              0              0              0              0              0
              0              0              0              0              0
              0              0              0              0              0
              0              0              0              0              0
              0              0              0              0              0
              0              0              0              0              0
              0              0              0              0              0
              0              0              0              0              0
              0              0              0              0              0
              0              0              0              0              0
              0              0              0              0              0
              0              0              0              0              0
              0              0              0              0              0
              0              0              0              0              0
              0              0              0              0              0
              0              0              0              0              0
              0              0              0              0              0
              0              0              0              0              0
              0              0              0              0              0
              0              0              0              0              0
              0              0              0

type = string-attribute
name = BRICK_LABS
count = 590
'#5~#6~#7~#8~#9~#10~#11~#12~#13~#14~#15~#16~#17~#18~#19~#20~#21~#22~#23~#24~#25~#26~#27~#28~#29~#30~#31~#32~#33~#34~#35~#36~#37~#38~#39~#40~#41~#42~#43~#44~#45~#46~#47~#48~#49~#50~#51~#52~#53~#54~#55~#56~#57~#58~#59~#60~#61~#62~#63~#64~#65~#66~#67~#68~#69~#70~#71~#72~#73~#74~#75~#76~#77~#78~#79~#80~#81~#82~#83~#84~#85~#86~#87~#88~#89~#90~#91~#92~#93~#94~#95~#96~#97~#98~#99~#100~#101~#102~#103~#104~#105~#106~#107~#108~#109~#110~#111~#112~#113~#114~#115~#116~#117~#118~#119~#120~#121~#122~#123~#124~#125~#126~#127~#128~#129~#130~#131~#132~#133~#134~#135~#136~#137~#138~#139~#140~#141~#142~

type = string-attribute
name = BRICK_KEYWORDS
count = 138
'~~~~~~~~~~~~~~~~~~~~~~~~~~~~~~~~~~~~~~~~~~~~~~~~~~~~~~~~~~~~~~~~~~~~~~~~~~~~~~~~~~~~~~~~~~~~~~~~~~~~~~~~~~~~~~~~~~~~~~~~~~~~~~~~~~~~~~~~~~

type = string-attribute
name = TEMPLATE_SPACE
count = 5
'ORIG~

type = integer-attribute
name = INT_CMAP
count = 1
 0

type = string-attribute
name = BYTEORDER_STRING
count = 10
'LSB_FIRST~
