
type = string-attribute
name = HISTORY_NOTE
count = 130
'[nikin@leviathan: Tue Feb 15 19:54:42 2022] {AFNI_22.0.03:linux_openmp_64} 3dUnifize -prefix BOLD-0338-EC-T1 -input ANAT-0338.nii~

type = string-attribute
name = TYPESTRING
count = 15
'3DIM_HEAD_ANAT~

type = string-attribute
name = IDCODE_STRING
count = 27
'XYZ_C6Ga_-98SQnYP7mLZDbHhA~

type = string-attribute
name = IDCODE_DATE
count = 25
'Tue Feb 15 19:54:42 2022~

type = integer-attribute
name = SCENE_DATA
count = 8
 2 11 0 -999 -999
 -999 -999 -999

type = string-attribute
name = LABEL_1
count = 5
'zyxt~

type = string-attribute
name = LABEL_2
count = 5
'zyxt~

type = string-attribute
name = DATASET_NAME
count = 5
'zyxt~

type = integer-attribute
name = ORIENT_SPECIFIC
count = 3
 1 2 4

type  = float-attribute
name  = ORIGIN
count = 3
       97.53558       93.69961        -51.297

type  = float-attribute
name  = DELTA
count = 3
             -1     -0.9999999        1.00005

type  = float-attribute
name  = IJK_TO_DICOM
count = 12
             -1              0              0       97.53558              0
     -0.9999999              0       93.69961              0              0
        1.00005        -51.297

type  = float-attribute
name  = IJK_TO_DICOM_REAL
count = 12
     -0.9983858    -0.02121011     0.05268727       97.53558      0.0180975
     -0.9980974    -0.05894435       93.69961     0.05383479    -0.05789302
      0.9969199        -51.297

type  = float-attribute
name  = BRICK_STATS
count = 2
              0           1500

type = integer-attribute
name = DATASET_RANK
count = 8
 3 1 0 0 0
 0 0 0

type = integer-attribute
name = DATASET_DIMENSIONS
count = 5
 191 238 180 0 0

type = integer-attribute
name = BRICK_TYPES
count = 1
 3

type  = float-attribute
name  = BRICK_FLOAT_FACS
count = 1
              0

type = string-attribute
name = TEMPLATE_SPACE
count = 5
'TLRC~

type = integer-attribute
name = INT_CMAP
count = 1
 0

type = string-attribute
name = BYTEORDER_STRING
count = 10
'LSB_FIRST~
