
type = string-attribute
name = HISTORY_NOTE
count = 1171
'[nikin@leviathan: Tue Feb 15 18:56:29 2022] {AFNI_22.0.03:linux_openmp_64} 3dSkullStrip -prefix 0312-T1-NoSkull -input BOLD-0312-EC-T1+tlrc.\n[nikin@leviathan: Tue Feb 15 18:56:30 2022] {AFNI_22.0.03:linux_openmp_64} 3dcopy ./0312-T1-NoSkull+tlrc ./0312-T1-NoSkull_shft+tlrc\n[nikin@leviathan: Tue Feb 15 18:56:35 2022] {AFNI_22.0.03:linux_openmp_64} 3dCM -automask -set 2.4464 -13.7476 55.7138 ./0312-T1-NoSkull_shft+tlrc\n[nikin@leviathan: Tue Feb 15 18:56:36 2022] {AFNI_22.0.03:linux_openmp_64} 3dcopy ./0312-T1-NoSkull_shft+tlrc ./__tt_0312-T1-NoSkull_shft+tlrc\n[nikin@leviathan: Tue Feb 15 18:56:49 2022] {AFNI_22.0.03:linux_openmp_64} 3dAllineate -base ./__tt_0312-BOLD-EC-base_ts_ns+orig -1Dmatrix_apply ./0312-T1-NoSkull_shft_alBOLDEC_mat.aff12.1D -prefix ./0312-T1-NoSkull_shft_alBOLDEC -input ./__tt_0312-T1-NoSkull_shft+tlrc -master SOURCE -weight_frac 1.0 -maxrot 6 -maxshf 10 -VERB -warp aff -source_automask+4 -onepass\n[nikin@leviathan: Tue Feb 15 18:56:50 2022] align_epi_anat.py -anat 0312-T1-NoSkull_shft+tlrc. -epi  0312-BOLD-EC-base+orig. -epi_base 0 -suffix _alBOLDEC -anat_has_skull no  -epi_strip 3dAutomask -volreg off -tshift off -resample off~

type  = float-attribute
name  = ALLINEATE_MATVEC_B2S_000000
count = 12
         1.2946     -0.0357681      0.0048538        4.21956       0.123145
        1.22644      -0.107076       -10.1431     -0.0237657      0.0816973
       0.881221        1.36734

type  = float-attribute
name  = ALLINEATE_MATVEC_S2B_000000
count = 12
      0.7702655     0.02256413   -0.001500915      -3.019259    -0.07492114
      0.8066267     0.09842481       8.363249     0.02771921    -0.07417318
       1.125624      -2.408419

type = string-attribute
name = ALLINEATE_WARP_TYPE
count = 15
'affine_general~

type  = float-attribute
name  = ALLINEATE_PARAMS_000000
count = 12
              0              0              0              0              0
              0              1              1              1              0
              0              0

type = string-attribute
name = TYPESTRING
count = 15
'3DIM_HEAD_ANAT~

type = string-attribute
name = IDCODE_STRING
count = 27
'XYZ_EI8a9-cf9wSAd7binKNFGw~

type = string-attribute
name = IDCODE_DATE
count = 25
'Tue Feb 15 18:56:49 2022~

type = integer-attribute
name = SCENE_DATA
count = 8
 2 11 0 -999 -999
 -999 -999 -999

type = string-attribute
name = LABEL_1
count = 5
'zyxt~

type = string-attribute
name = LABEL_2
count = 5
'zyxt~

type = string-attribute
name = DATASET_NAME
count = 5
'zyxt~

type = integer-attribute
name = ORIENT_SPECIFIC
count = 3
 1 2 4

type  = float-attribute
name  = ORIGIN
count = 3
        98.7585       99.02311      -25.78469

type  = float-attribute
name  = DELTA
count = 3
             -1             -1      0.9999863

type  = float-attribute
name  = IJK_TO_DICOM
count = 12
             -1              0              0        98.7585              0
             -1              0       99.02311              0              0
      0.9999863      -25.78469

type  = float-attribute
name  = IJK_TO_DICOM_REAL
count = 12
             -1              0              0        98.7585              0
             -1              0       99.02311              0              0
      0.9999863      -25.78469

type  = float-attribute
name  = BRICK_STATS
count = 2
              0           4137

type = integer-attribute
name = DATASET_RANK
count = 8
 3 1 0 0 0
 0 0 0

type = integer-attribute
name = DATASET_DIMENSIONS
count = 5
 192 239 180 0 0

type = integer-attribute
name = BRICK_TYPES
count = 1
 1

type  = float-attribute
name  = BRICK_FLOAT_FACS
count = 1
              0

type = string-attribute
name = BRICK_LABS
count = 3
'#0~

type = string-attribute
name = BRICK_KEYWORDS
count = 1
'~

type = string-attribute
name = TEMPLATE_SPACE
count = 5
'TLRC~

type = integer-attribute
name = INT_CMAP
count = 1
 0

type = string-attribute
name = BYTEORDER_STRING
count = 10
'LSB_FIRST~
