
type = string-attribute
name = HISTORY_NOTE
count = 1172
'[nikin@leviathan: Tue Feb 15 19:27:10 2022] {AFNI_22.0.03:linux_openmp_64} 3dSkullStrip -prefix 0322-T1-NoSkull -input BOLD-0322-EC-T1+tlrc.\n[nikin@leviathan: Tue Feb 15 19:27:11 2022] {AFNI_22.0.03:linux_openmp_64} 3dcopy ./0322-T1-NoSkull+tlrc ./0322-T1-NoSkull_shft+tlrc\n[nikin@leviathan: Tue Feb 15 19:27:15 2022] {AFNI_22.0.03:linux_openmp_64} 3dCM -automask -set 6.03472 -8.17518 74.6285 ./0322-T1-NoSkull_shft+tlrc\n[nikin@leviathan: Tue Feb 15 19:27:15 2022] {AFNI_22.0.03:linux_openmp_64} 3dcopy ./0322-T1-NoSkull_shft+tlrc ./__tt_0322-T1-NoSkull_shft+tlrc\n[nikin@leviathan: Tue Feb 15 19:27:31 2022] {AFNI_22.0.03:linux_openmp_64} 3dAllineate -base ./__tt_0322-BOLD-EC-base_ts_ns+orig -1Dmatrix_apply ./0322-T1-NoSkull_shft_alBOLDEC_mat.aff12.1D -prefix ./0322-T1-NoSkull_shft_alBOLDEC -input ./__tt_0322-T1-NoSkull_shft+tlrc -master SOURCE -weight_frac 1.0 -maxrot 6 -maxshf 10 -VERB -warp aff -source_automask+4 -onepass\n[nikin@leviathan: Tue Feb 15 19:27:33 2022] align_epi_anat.py -anat 0322-T1-NoSkull_shft+tlrc. -epi  0322-BOLD-EC-base+orig. -epi_base 0 -suffix _alBOLDEC -anat_has_skull no  -epi_strip 3dAutomask -volreg off -tshift off -resample off~

type  = float-attribute
name  = ALLINEATE_MATVEC_B2S_000000
count = 12
       0.929414     -0.0533334     -0.0673494       -3.46121     -0.0336365
        1.01134      -0.221587        2.57021      0.0849079       0.228553
        1.03742       -29.6675

type  = float-attribute
name  = ALLINEATE_MATVEC_S2B_000000
count = 12
       1.070247      0.0388621     0.07778127       5.912044     0.01564818
      0.9438242      0.2026113       3.639307     -0.0910421     -0.2111137
      0.9129266       27.31174

type = string-attribute
name = ALLINEATE_WARP_TYPE
count = 15
'affine_general~

type  = float-attribute
name  = ALLINEATE_PARAMS_000000
count = 12
              0              0              0              0              0
              0              1              1              1              0
              0              0

type = string-attribute
name = TYPESTRING
count = 15
'3DIM_HEAD_ANAT~

type = string-attribute
name = IDCODE_STRING
count = 27
'XYZ_54Cmy8rU0DwuZJGhuk8vYQ~

type = string-attribute
name = IDCODE_DATE
count = 25
'Tue Feb 15 19:27:31 2022~

type = integer-attribute
name = SCENE_DATA
count = 8
 2 11 0 -999 -999
 -999 -999 -999

type = string-attribute
name = LABEL_1
count = 5
'zyxt~

type = string-attribute
name = LABEL_2
count = 5
'zyxt~

type = string-attribute
name = DATASET_NAME
count = 5
'zyxt~

type = integer-attribute
name = ORIENT_SPECIFIC
count = 3
 1 2 4

type  = float-attribute
name  = ORIGIN
count = 3
       100.9048       97.94767      -7.956789

type  = float-attribute
name  = DELTA
count = 3
             -1             -1      0.9998776

type  = float-attribute
name  = IJK_TO_DICOM
count = 12
             -1              0              0       100.9048              0
             -1              0       97.94767              0              0
      0.9998776      -7.956789

type  = float-attribute
name  = IJK_TO_DICOM_REAL
count = 12
             -1              0              0       100.9048              0
             -1              0       97.94767              0              0
      0.9998776      -7.956789

type  = float-attribute
name  = BRICK_STATS
count = 2
              0           4172

type = integer-attribute
name = DATASET_RANK
count = 8
 3 1 0 0 0
 0 0 0

type = integer-attribute
name = DATASET_DIMENSIONS
count = 5
 191 235 180 0 0

type = integer-attribute
name = BRICK_TYPES
count = 1
 1

type  = float-attribute
name  = BRICK_FLOAT_FACS
count = 1
              0

type = string-attribute
name = BRICK_LABS
count = 3
'#0~

type = string-attribute
name = BRICK_KEYWORDS
count = 1
'~

type = string-attribute
name = TEMPLATE_SPACE
count = 5
'TLRC~

type = integer-attribute
name = INT_CMAP
count = 1
 0

type = string-attribute
name = BYTEORDER_STRING
count = 10
'LSB_FIRST~
