
type = string-attribute
name = HISTORY_NOTE
count = 2248
'[nikin@leviathan: Mon Feb 14 12:26:54 2022] ===================================\n[nikin@leviathan: Mon Feb 14 12:26:54 2022] === History of inputs to 3dcalc ===\n[nikin@leviathan: Mon Feb 14 12:26:54 2022] === Input a:\n[nikin@leviathan: Mon Feb 14 12:26:54 2022] [nikin@leviathan: Mon Feb 14 12:26:28 2022] {AFNI_22.0.03:linux_openmp_64} 3dDespike -prefix 0359-BOLD-EC 0359-BOLD-EC1+orig\n[nikin@leviathan: Mon Feb 14 12:26:40 2022] {AFNI_22.0.03:linux_openmp_64} 3dvolreg -verbose -tshift 0 -base 24 -1Dfile outliers-BOLD-EC.1D -prefix 0359-BOLD-EC-volreg 0359-BOLD-EC+orig\n[nikin@leviathan: Mon Feb 14 12:26:54 2022] === Input b:\n[nikin@leviathan: Mon Feb 14 12:26:54 2022] [nikin@leviathan: Mon Feb 14 12:26:28 2022] {AFNI_22.0.03:linux_openmp_64} 3dDespike -prefix 0359-BOLD-EC 0359-BOLD-EC1+orig\n[nikin@leviathan: Mon Feb 14 12:26:40 2022] {AFNI_22.0.03:linux_openmp_64} 3dvolreg -verbose -tshift 0 -base 24 -1Dfile outliers-BOLD-EC.1D -prefix 0359-BOLD-EC-volreg 0359-BOLD-EC+orig\n[nikin@leviathan: Mon Feb 14 12:26:54 2022] {AFNI_22.0.03:linux_openmp_64} 3dAutomask -prefix 0359-BOLD-EC-mask -dilate 1 0359-BOLD-EC-volreg+orig\n[nikin@leviathan: Mon Feb 14 12:26:54 2022] ===================================\n[nikin@leviathan: Mon Feb 14 12:26:54 2022] {AFNI_22.0.03:linux_openmp_64} 3dcalc -prefix 0359-BOLD-EC-volreg-mask -a 0359-BOLD-EC-volreg+orig -b 0359-BOLD-EC-mask+orig -expr 'a*b'\n[nikin@leviathan: Tue Feb 15 21:06:55 2022] {AFNI_22.0.03:linux_openmp_64} 3dcopy 0359-BOLD-EC-volreg-mask+orig. 0359-BOLD-EC-volreg-mask_temp\n[nikin@leviathan: Tue Feb 15 21:06:56 2022] {AFNI_22.0.03:linux_openmp_64} 3dcopy ./0359-BOLD-EC-volreg-mask_temp+orig ./0359-BOLD-EC-volreg-mask_temp_shft+orig\n[nikin@leviathan: Tue Feb 15 21:06:57 2022] {AFNI_22.0.03:linux_openmp_64} 3dCM -automask -set 0.904579 24.0612 14.8472 ./0359-BOLD-EC-volreg-mask_temp_shft+orig\n[nikin@leviathan: Tue Feb 15 21:07:41 2022] {AFNI_22.0.03:linux_openmp_64} 3dNwarpApply -prefix 0359-BOLD-EC-volreg-Nwarp -nwarp 'T1-NoSkull_shft_alBOLDEC_shft_WARP+tlrc. ' T1_to_T1_Allineate.aff12.1D -source 0359-BOLD-EC-volreg-mask_temp_shft+orig.\n[nikin@leviathan: Tue Feb 15 21:07:41 2022] {AFNI_22.0.03:linux_openmp_64} 3drefit -view tlrc 0359-BOLD-EC-volreg-Nwarp+orig~

type = string-attribute
name = TYPESTRING
count = 15
'3DIM_HEAD_ANAT~

type = string-attribute
name = IDCODE_STRING
count = 27
'XYZ_6tdys-PBHieXtNrCJOafFA~

type = string-attribute
name = IDCODE_DATE
count = 25
'Tue Feb 15 21:06:59 2022~

type = integer-attribute
name = SCENE_DATA
count = 8
 2 2 0 -999 -999
 -999 -999 -999

type = string-attribute
name = LABEL_1
count = 5
'zyxt~

type = string-attribute
name = LABEL_2
count = 5
'zyxt~

type = string-attribute
name = DATASET_NAME
count = 5
'zyxt~

type = integer-attribute
name = ORIENT_SPECIFIC
count = 3
 0 2 4

type  = float-attribute
name  = ORIGIN
count = 3
      -127.9107        141.532       -48.5904

type  = float-attribute
name  = DELTA
count = 3
              4             -4       3.999941

type  = float-attribute
name  = IJK_TO_DICOM
count = 12
              4              0              0      -127.9107              0
             -4              0        141.532              0              0
       3.999941       -48.5904

type  = float-attribute
name  = IJK_TO_DICOM_REAL
count = 12
              4              0              0      -127.9107              0
             -4              0        141.532              0              0
       3.999941       -48.5904

type  = float-attribute
name  = BRICK_STATS
count = 276
     -0.1496703        7246.26    -0.01568196       7210.782              0
       7214.069  -3.741775e-05       7264.271    -0.00120314       7194.071
   -0.001238974       7187.995   -0.001570854       7192.865   -0.000599321
       7304.523  -5.587935e-08        7247.93              0       7255.069
  -8.940697e-08       7254.422              0       7180.167              0
       7183.303              0       7260.303              0       7185.257
              0       7170.594    -0.04008369       7278.664    -0.06924146
        7178.89     -0.0683105       7172.749    -0.03899789       7266.146
    -0.02535041       7140.281    -0.02316543       7145.223    -0.01064309
       7232.706    -0.00194189       7208.909              0       7152.592
    -0.00132891       7176.016    -0.01121652       7286.639    -0.01516431
       7151.204    -0.01260471       7172.869   -0.006445607       7265.962
  -0.0005706064       7238.532              0       7208.497              0
       7164.134  -0.0002867393       7158.205   -0.002147786       7296.223
    -0.03869285       7262.137     -0.0631881       7286.856    -0.06621716
       7284.979    -0.05285421       7349.103    -0.02947414       7371.635
   -0.006601773       7306.757     -0.0217617       7349.259    -0.03878602
       7380.504    -0.02217004       7386.664   -0.009512588       7399.919
  -8.434057e-06       7327.202              0       7362.222              0
       7391.619              0       7341.201              0       7287.516
              0       7389.126              0       7297.482              0
       7305.979              0         7342.4  -5.215406e-08       7326.638
    -0.01818915       7285.663    -0.04324788       7323.122    -0.04750907
       7287.431    -0.03366216       7224.134    -0.01248032         7284.9
  -0.0005165935       7302.552              0       7242.573              0
       7280.898              0       7288.511              0       7194.893
              0       7260.759              0       7249.377              0
       7199.326              0       7180.435              0       7264.335
              0       7254.007              0       7278.902              0
       7331.242              0        7215.71              0       7263.254
              0       7279.412              0       7301.138              0
       7214.432              0       7227.406              0        7273.94
              0       7268.035              0       7227.851              0
       7213.134              0       7254.885              0       7186.127
              0       7200.421              0       7252.449              0
       7280.124              0       7291.373              0        7398.59
  -0.0001048371       7312.784  -0.0007163659       7325.181   -0.000221625
       7322.849              0       7229.955              0       7224.731
              0       7258.284  -1.907349e-05       7307.687              0
       7272.386    -0.01191425       7322.958   -0.006777041       7325.593
   -0.001571953       7320.071    -0.07041037        7302.68     -0.1877821
       7302.352     -0.2772003       7341.085     -0.3002682       7283.732
     -0.2259337       7282.783    -0.01219204       7269.998              0
       7273.103              0       7342.618              0       7426.925
              0       7368.426              0       7330.747              0
       7334.063              0       7305.211              0       7282.738
              0       7252.839              0        7256.37              0
       7351.949              0       7261.945              0        7281.86
   -0.000334464        7315.54  -4.839897e-05       7400.798              0
       7289.267              0       7341.469              0       7301.657
              0       7328.888              0       7252.721              0
       7251.461  -0.0003095716       7324.716   -0.009073675       7284.705
    -0.02287105       7306.927     -0.0253983        7317.82    -0.01363459
        7327.87   -0.003579915       7317.932  -1.862645e-09       7347.122
              0       7265.946    -0.02374899       7284.517     -0.1741557
       7359.991

type = integer-attribute
name = TAXIS_NUMS
count = 8
 138 0 77002 -999 -999
 -999 -999 -999

type  = float-attribute
name  = TAXIS_FLOATS
count = 8
              0              2              0              0              0
        -999999        -999999        -999999

type = integer-attribute
name = DATASET_RANK
count = 8
 3 138 0 0 0
 0 0 0

type = integer-attribute
name = DATASET_DIMENSIONS
count = 5
 64 64 32 0 0

type = integer-attribute
name = BRICK_TYPES
count = 138
 3 3 3 3 3
 3 3 3 3 3
 3 3 3 3 3
 3 3 3 3 3
 3 3 3 3 3
 3 3 3 3 3
 3 3 3 3 3
 3 3 3 3 3
 3 3 3 3 3
 3 3 3 3 3
 3 3 3 3 3
 3 3 3 3 3
 3 3 3 3 3
 3 3 3 3 3
 3 3 3 3 3
 3 3 3 3 3
 3 3 3 3 3
 3 3 3 3 3
 3 3 3 3 3
 3 3 3 3 3
 3 3 3 3 3
 3 3 3 3 3
 3 3 3 3 3
 3 3 3 3 3
 3 3 3 3 3
 3 3 3 3 3
 3 3 3 3 3
 3 3 3

type  = float-attribute
name  = BRICK_FLOAT_FACS
count = 138
              0              0              0              0              0
              0              0              0              0              0
              0              0              0              0              0
              0              0              0              0              0
              0              0              0              0              0
              0              0              0              0              0
              0              0              0              0              0
              0              0              0              0              0
              0              0              0              0              0
              0              0              0              0              0
              0              0              0              0              0
              0              0              0              0              0
              0              0              0              0              0
              0              0              0              0              0
              0              0              0              0              0
              0              0              0              0              0
              0              0              0              0              0
              0              0              0              0              0
              0              0              0              0              0
              0              0              0              0              0
              0              0              0              0              0
              0              0              0              0              0
              0              0              0              0              0
              0              0              0              0              0
              0              0              0              0              0
              0              0              0              0              0
              0              0              0              0              0
              0              0              0

type = string-attribute
name = BRICK_LABS
count = 590
'#5~#6~#7~#8~#9~#10~#11~#12~#13~#14~#15~#16~#17~#18~#19~#20~#21~#22~#23~#24~#25~#26~#27~#28~#29~#30~#31~#32~#33~#34~#35~#36~#37~#38~#39~#40~#41~#42~#43~#44~#45~#46~#47~#48~#49~#50~#51~#52~#53~#54~#55~#56~#57~#58~#59~#60~#61~#62~#63~#64~#65~#66~#67~#68~#69~#70~#71~#72~#73~#74~#75~#76~#77~#78~#79~#80~#81~#82~#83~#84~#85~#86~#87~#88~#89~#90~#91~#92~#93~#94~#95~#96~#97~#98~#99~#100~#101~#102~#103~#104~#105~#106~#107~#108~#109~#110~#111~#112~#113~#114~#115~#116~#117~#118~#119~#120~#121~#122~#123~#124~#125~#126~#127~#128~#129~#130~#131~#132~#133~#134~#135~#136~#137~#138~#139~#140~#141~#142~

type = string-attribute
name = BRICK_KEYWORDS
count = 138
'~~~~~~~~~~~~~~~~~~~~~~~~~~~~~~~~~~~~~~~~~~~~~~~~~~~~~~~~~~~~~~~~~~~~~~~~~~~~~~~~~~~~~~~~~~~~~~~~~~~~~~~~~~~~~~~~~~~~~~~~~~~~~~~~~~~~~~~~~~

type = string-attribute
name = TEMPLATE_SPACE
count = 5
'ORIG~

type = integer-attribute
name = INT_CMAP
count = 1
 0

type = string-attribute
name = BYTEORDER_STRING
count = 10
'LSB_FIRST~
