
type = string-attribute
name = HISTORY_NOTE
count = 125
'[nikin@leviathan: Mon Feb 14 12:14:50 2022] {AFNI_22.0.03:linux_openmp_64} 3dDespike -prefix 0240-BOLD-EC 0240-BOLD-EC1+orig~

type = string-attribute
name = TYPESTRING
count = 15
'3DIM_HEAD_ANAT~

type = string-attribute
name = IDCODE_STRING
count = 27
'XYZ_x7a0enza_OyKTbHm0dNhHg~

type = string-attribute
name = IDCODE_DATE
count = 25
'Mon Feb 14 12:14:50 2022~

type = integer-attribute
name = SCENE_DATA
count = 8
 0 2 0 -999 -999
 -999 -999 -999

type = string-attribute
name = LABEL_1
count = 5
'zyxt~

type = string-attribute
name = LABEL_2
count = 5
'zyxt~

type = string-attribute
name = DATASET_NAME
count = 5
'zyxt~

type = integer-attribute
name = ORIENT_SPECIFIC
count = 3
 0 2 4

type  = float-attribute
name  = ORIGIN
count = 3
      -129.5951       95.81821      -51.39173

type  = float-attribute
name  = DELTA
count = 3
              4             -4       4.000052

type  = float-attribute
name  = IJK_TO_DICOM
count = 12
              4              0              0      -129.5951              0
             -4              0       95.81821              0              0
       4.000052      -51.39173

type  = float-attribute
name  = IJK_TO_DICOM_REAL
count = 12
        3.99859      0.1060812   -0.003701508      -129.5951       0.106206
      -3.996162      0.1393594       95.81821              0      0.1394067
       3.997622      -51.39173

type  = float-attribute
name  = BRICK_STATS
count = 276
      -3.662277           7890      -1.495795           7976              0
           7980              0           8027   -4.61936e-05           8014
   -0.001033071           8006   -0.002102958           7990   -0.001652967
           8001  -3.624894e-05           8025              0           7945
              0           8021              0           7965     -0.1237143
           8063     -0.5090204           8066     -0.7390531           7876
      -1.257057       8165.338      -1.425312           7922      -1.309211
           8089      -0.984306           7974     -0.5369996           8087
     -0.2806825           8058      -0.209276           8064     -0.1580402
           8135     -0.2236089        7829.17     -0.2369604           8075
      -0.211055       7876.332     -0.1580223           8007      -0.122701
           8067     -0.1857017           8047     -0.2740701           8061
     -0.2535628           8076     -0.1548439           7985    -0.06052274
           8098    -0.04300997           8018    -0.04333821           8087
    -0.02136457           8001   -0.002752073           8083              0
           7985              0       8183.012    -0.01339194           8015
   -0.001645533           8103    -0.01988238           7987   -0.006432861
           8032  -3.537349e-05           7986              0           7998
              0           8035              0           7938              0
           7956              0           7925              0           8036
              0           7992              0           7934              0
           8057              0           7926              0           7966
  -0.0001010373           8039    -0.00123179           8009  -0.0007526577
           8000  -0.0005910713           8031   -0.008328151           8064
    -0.01029388           7966   -0.006635981           8021   -0.001676766
           7933  -1.631677e-06           7971  -0.0001521707           8028
              0           7990              0           8033              0
           7921              0           8029              0           7924
              0           7979              0           7832              0
           7957              0           7836              0           7926
              0           7904              0           7992              0
           7924              0           7858              0           8010
              0           7998              0           8033              0
           7967              0           7987   -0.007361531           7978
    -0.01594913           7939    -0.01673806           7997    -0.09106529
           8046     -0.1477765           7898     -0.1108952           8000
    -0.01561391       7772.751   -0.006573271           7972   -0.009683568
       7719.018   -0.005891968           7965  -0.0002604742           7821
  -0.0003761938           7879              0           7903              0
       7705.806              0       8014.722  -0.0001900536       7656.346
              0           7951              0       7708.393              0
           7847              0           7877              0           7813
              0           7992              0           7806              0
           8000              0           7951              0           7959
              0           7866              0           7916  -3.454741e-06
           7813   -0.001593612           7939   -0.003251117           7961
   -0.004984465           8017   -0.005211364           7901    -0.02066305
           8009     -0.1870052           7874     -0.3325624           7935
     -0.2411328           7898    -0.01490873           7875     -0.0515269
           7915     -0.4665712           7887     -0.5052023           7958
     -0.1295553           7816              0           7981              0
           7806   -0.001044542           7931    -0.04044628           7790
     -0.1467884           7919     -0.2024709           8007     -0.1350591
           7975    -0.03448302           7973   -0.001755223           7956
   -0.005474687           7860     -0.5263236           7915      -1.772956
           7877

type = integer-attribute
name = TAXIS_NUMS
count = 8
 138 0 77002 -999 -999
 -999 -999 -999

type  = float-attribute
name  = TAXIS_FLOATS
count = 8
              0              2              0              0              0
        -999999        -999999        -999999

type = integer-attribute
name = DATASET_RANK
count = 8
 3 138 0 0 0
 0 0 0

type = integer-attribute
name = DATASET_DIMENSIONS
count = 5
 64 64 32 0 0

type = integer-attribute
name = BRICK_TYPES
count = 138
 3 3 3 3 3
 3 3 3 3 3
 3 3 3 3 3
 3 3 3 3 3
 3 3 3 3 3
 3 3 3 3 3
 3 3 3 3 3
 3 3 3 3 3
 3 3 3 3 3
 3 3 3 3 3
 3 3 3 3 3
 3 3 3 3 3
 3 3 3 3 3
 3 3 3 3 3
 3 3 3 3 3
 3 3 3 3 3
 3 3 3 3 3
 3 3 3 3 3
 3 3 3 3 3
 3 3 3 3 3
 3 3 3 3 3
 3 3 3 3 3
 3 3 3 3 3
 3 3 3 3 3
 3 3 3 3 3
 3 3 3 3 3
 3 3 3 3 3
 3 3 3

type  = float-attribute
name  = BRICK_FLOAT_FACS
count = 138
              0              0              0              0              0
              0              0              0              0              0
              0              0              0              0              0
              0              0              0              0              0
              0              0              0              0              0
              0              0              0              0              0
              0              0              0              0              0
              0              0              0              0              0
              0              0              0              0              0
              0              0              0              0              0
              0              0              0              0              0
              0              0              0              0              0
              0              0              0              0              0
              0              0              0              0              0
              0              0              0              0              0
              0              0              0              0              0
              0              0              0              0              0
              0              0              0              0              0
              0              0              0              0              0
              0              0              0              0              0
              0              0              0              0              0
              0              0              0              0              0
              0              0              0              0              0
              0              0              0              0              0
              0              0              0              0              0
              0              0              0              0              0
              0              0              0              0              0
              0              0              0

type = string-attribute
name = BRICK_LABS
count = 590
'#5~#6~#7~#8~#9~#10~#11~#12~#13~#14~#15~#16~#17~#18~#19~#20~#21~#22~#23~#24~#25~#26~#27~#28~#29~#30~#31~#32~#33~#34~#35~#36~#37~#38~#39~#40~#41~#42~#43~#44~#45~#46~#47~#48~#49~#50~#51~#52~#53~#54~#55~#56~#57~#58~#59~#60~#61~#62~#63~#64~#65~#66~#67~#68~#69~#70~#71~#72~#73~#74~#75~#76~#77~#78~#79~#80~#81~#82~#83~#84~#85~#86~#87~#88~#89~#90~#91~#92~#93~#94~#95~#96~#97~#98~#99~#100~#101~#102~#103~#104~#105~#106~#107~#108~#109~#110~#111~#112~#113~#114~#115~#116~#117~#118~#119~#120~#121~#122~#123~#124~#125~#126~#127~#128~#129~#130~#131~#132~#133~#134~#135~#136~#137~#138~#139~#140~#141~#142~

type = string-attribute
name = BRICK_KEYWORDS
count = 138
'~~~~~~~~~~~~~~~~~~~~~~~~~~~~~~~~~~~~~~~~~~~~~~~~~~~~~~~~~~~~~~~~~~~~~~~~~~~~~~~~~~~~~~~~~~~~~~~~~~~~~~~~~~~~~~~~~~~~~~~~~~~~~~~~~~~~~~~~~~

type = string-attribute
name = TEMPLATE_SPACE
count = 5
'ORIG~

type = integer-attribute
name = INT_CMAP
count = 1
 0

type = string-attribute
name = BYTEORDER_STRING
count = 10
'LSB_FIRST~
