
type = string-attribute
name = HISTORY_NOTE
count = 125
'[nikin@leviathan: Mon Feb 14 12:15:46 2022] {AFNI_22.0.03:linux_openmp_64} 3dDespike -prefix 0244-BOLD-EC 0244-BOLD-EC1+orig~

type = string-attribute
name = TYPESTRING
count = 15
'3DIM_HEAD_ANAT~

type = string-attribute
name = IDCODE_STRING
count = 27
'XYZ_pVv-H9Gblnvr63Q7A9cRxA~

type = string-attribute
name = IDCODE_DATE
count = 25
'Mon Feb 14 12:15:46 2022~

type = integer-attribute
name = SCENE_DATA
count = 8
 0 2 0 -999 -999
 -999 -999 -999

type = string-attribute
name = LABEL_1
count = 5
'zyxt~

type = string-attribute
name = LABEL_2
count = 5
'zyxt~

type = string-attribute
name = DATASET_NAME
count = 5
'zyxt~

type = integer-attribute
name = ORIENT_SPECIFIC
count = 3
 0 2 4

type  = float-attribute
name  = ORIGIN
count = 3
      -138.2915       73.00844      -53.99565

type  = float-attribute
name  = DELTA
count = 3
              4             -4       4.000144

type  = float-attribute
name  = IJK_TO_DICOM
count = 12
              4              0              0      -138.2915              0
             -4              0       73.00844              0              0
       4.000144      -53.99565

type  = float-attribute
name  = IJK_TO_DICOM_REAL
count = 12
       3.971738       0.465468     0.09289534      -138.2915      0.4488718
      -3.937864      0.5401556       73.00844     -0.1543039       0.525896
       3.962418      -53.99565

type  = float-attribute
name  = BRICK_STATS
count = 276
      -107.3705           7869       -47.6712           7782      -16.56951
           7774              0       7593.412              0           7581
              0           7699              0           7755              0
         7781.6              0       7767.418              0           7614
              0           7520    -0.03013983       7420.831     -0.2553322
           7472      -0.377911           7460     -0.3630227           7534
     -0.5492743           7551     -0.8294928           7566      -1.251921
           7547      -2.053867           7548      -2.732531           7527
      -2.891366           7528      -2.642753           7542      -2.480157
           7559      -2.483093           7602      -2.270123       7651.551
      -1.805736           7602      -1.172838           7568     -0.7604259
           7621     -0.6443605       7647.044     -0.4329853           7605
     -0.1657144           7556    -0.01442054           7602     -0.0103939
           7627   -0.004314518           7626      -1.137271           7610
       -2.77198           7624       -3.29779       7670.155      -2.743809
       7677.851      -1.486362       7664.999     -0.2770324       7677.515
       -0.33287           7630     -0.4380945           7662     -0.4830793
           7686     -0.3438739       7748.091     -0.1287425           7703
     -0.1731368           7695     -0.2639284           7674     -0.2880782
           7667     -0.2604895           7640     -0.1960806           7674
     -0.1103157           7686     -0.0284622           7684  -0.0001434684
           7737  -0.0008250475           7766    -0.01282072           7779
    -0.00389421           7685              0           7725              0
           7720  -9.536743e-07           7711              0           7692
              0           7658              0           7633              0
           7685              0           7686              0           7661
              0           7680              0           7663              0
           7647              0           7630              0           7682
              0           7676              0           7673              0
           7673              0           7694              0           7730
              0           7715              0           7701              0
           7719              0           7705              0           7692
              0           7744              0           7774              0
           7734              0           7741              0           7740
              0           7718              0           7776              0
           7737              0           7750              0           7732
              0           7770              0           7764              0
           7756              0           7729              0           7698
              0           7709              0           7698              0
           7707              0           7669              0           7661
  -0.0009871721           7676    -0.08211446           7677     -0.1501725
           7657     -0.5408792           7649     -0.7375717           7673
     -0.5765946           7745     -0.2158545           7687     -0.3006887
           7723     -0.3081216       7794.545     -0.2198024           7760
    -0.09322772           7759    -0.06927943           7710    -0.01345226
           7673              0           7702              0           7685
              0           7725  -0.0002379082           7702              0
           7640              0           7647              0           7652
              0           7641              0           7651              0
           7692              0           7708              0           7676
  -4.079007e-05           7643   -0.000682883           7604  -0.0006803349
           7646    -0.03512317           7658     -0.3601809           7638
      -0.541657           7636     -0.5146597           7679      -0.295422
           7660    -0.01837561           7693  -7.097423e-05           7669
     -0.1538669           7650      -6.072889           7620      -32.71768
           7616

type = integer-attribute
name = TAXIS_NUMS
count = 8
 138 0 77002 -999 -999
 -999 -999 -999

type  = float-attribute
name  = TAXIS_FLOATS
count = 8
              0              2              0              0              0
        -999999        -999999        -999999

type = integer-attribute
name = DATASET_RANK
count = 8
 3 138 0 0 0
 0 0 0

type = integer-attribute
name = DATASET_DIMENSIONS
count = 5
 64 64 32 0 0

type = integer-attribute
name = BRICK_TYPES
count = 138
 3 3 3 3 3
 3 3 3 3 3
 3 3 3 3 3
 3 3 3 3 3
 3 3 3 3 3
 3 3 3 3 3
 3 3 3 3 3
 3 3 3 3 3
 3 3 3 3 3
 3 3 3 3 3
 3 3 3 3 3
 3 3 3 3 3
 3 3 3 3 3
 3 3 3 3 3
 3 3 3 3 3
 3 3 3 3 3
 3 3 3 3 3
 3 3 3 3 3
 3 3 3 3 3
 3 3 3 3 3
 3 3 3 3 3
 3 3 3 3 3
 3 3 3 3 3
 3 3 3 3 3
 3 3 3 3 3
 3 3 3 3 3
 3 3 3 3 3
 3 3 3

type  = float-attribute
name  = BRICK_FLOAT_FACS
count = 138
              0              0              0              0              0
              0              0              0              0              0
              0              0              0              0              0
              0              0              0              0              0
              0              0              0              0              0
              0              0              0              0              0
              0              0              0              0              0
              0              0              0              0              0
              0              0              0              0              0
              0              0              0              0              0
              0              0              0              0              0
              0              0              0              0              0
              0              0              0              0              0
              0              0              0              0              0
              0              0              0              0              0
              0              0              0              0              0
              0              0              0              0              0
              0              0              0              0              0
              0              0              0              0              0
              0              0              0              0              0
              0              0              0              0              0
              0              0              0              0              0
              0              0              0              0              0
              0              0              0              0              0
              0              0              0              0              0
              0              0              0              0              0
              0              0              0              0              0
              0              0              0

type = string-attribute
name = BRICK_LABS
count = 590
'#5~#6~#7~#8~#9~#10~#11~#12~#13~#14~#15~#16~#17~#18~#19~#20~#21~#22~#23~#24~#25~#26~#27~#28~#29~#30~#31~#32~#33~#34~#35~#36~#37~#38~#39~#40~#41~#42~#43~#44~#45~#46~#47~#48~#49~#50~#51~#52~#53~#54~#55~#56~#57~#58~#59~#60~#61~#62~#63~#64~#65~#66~#67~#68~#69~#70~#71~#72~#73~#74~#75~#76~#77~#78~#79~#80~#81~#82~#83~#84~#85~#86~#87~#88~#89~#90~#91~#92~#93~#94~#95~#96~#97~#98~#99~#100~#101~#102~#103~#104~#105~#106~#107~#108~#109~#110~#111~#112~#113~#114~#115~#116~#117~#118~#119~#120~#121~#122~#123~#124~#125~#126~#127~#128~#129~#130~#131~#132~#133~#134~#135~#136~#137~#138~#139~#140~#141~#142~

type = string-attribute
name = BRICK_KEYWORDS
count = 138
'~~~~~~~~~~~~~~~~~~~~~~~~~~~~~~~~~~~~~~~~~~~~~~~~~~~~~~~~~~~~~~~~~~~~~~~~~~~~~~~~~~~~~~~~~~~~~~~~~~~~~~~~~~~~~~~~~~~~~~~~~~~~~~~~~~~~~~~~~~

type = string-attribute
name = TEMPLATE_SPACE
count = 5
'ORIG~

type = integer-attribute
name = INT_CMAP
count = 1
 0

type = string-attribute
name = BYTEORDER_STRING
count = 10
'LSB_FIRST~
