
type = string-attribute
name = HISTORY_NOTE
count = 125
'[nikin@leviathan: Mon Feb 14 12:17:32 2022] {AFNI_22.0.03:linux_openmp_64} 3dDespike -prefix 0294-BOLD-EC 0294-BOLD-EC1+orig~

type = string-attribute
name = TYPESTRING
count = 15
'3DIM_HEAD_ANAT~

type = string-attribute
name = IDCODE_STRING
count = 27
'XYZ_1mm9MP0HYm-ImApr2GjHVA~

type = string-attribute
name = IDCODE_DATE
count = 25
'Mon Feb 14 12:17:32 2022~

type = integer-attribute
name = SCENE_DATA
count = 8
 0 2 0 -999 -999
 -999 -999 -999

type = string-attribute
name = LABEL_1
count = 5
'zyxt~

type = string-attribute
name = LABEL_2
count = 5
'zyxt~

type = string-attribute
name = DATASET_NAME
count = 5
'zyxt~

type = integer-attribute
name = ORIENT_SPECIFIC
count = 3
 0 2 4

type  = float-attribute
name  = ORIGIN
count = 3
      -123.6548       89.66933      -39.01683

type  = float-attribute
name  = DELTA
count = 3
              4             -4       3.999981

type  = float-attribute
name  = IJK_TO_DICOM
count = 12
              4              0              0      -123.6548              0
             -4              0       89.66933              0              0
       3.999981      -39.01683

type  = float-attribute
name  = IJK_TO_DICOM_REAL
count = 12
       3.999829    -0.03698791    0.001192011      -123.6548    -0.03698805
      -3.997751      0.1289022       89.66933              0      0.1289084
       3.997903      -39.01683

type  = float-attribute
name  = BRICK_STATS
count = 276
      -4.158978           8122      -1.957819           7933              0
           7904              0       8934.271   -0.003404462           8036
   -0.006123886           7911    -0.01853536           8010    -0.01651712
        9197.52   -0.005480126           7833   -4.11272e-05           8371
              0           8017              0           8002              0
           8100              0           7602    -0.01715767           8513
     -0.0815585           8737     -0.1482439           8030     -0.2108638
           7995     -0.4087524           8057     -0.4085575           7923
     -0.3333932           8170     -0.2606359           8870       -0.42467
           8633     -0.4813316           7880     -0.4438697           7924
     -0.9309869           7973      -1.209894           8004      -1.205065
       7638.084      -1.000764           8246      -0.671104           7992
     -0.2894754       7640.009    -0.01813531           8423   -0.003450818
           7884  -1.337379e-05           7899              0           8339
              0           7907   -0.001740046           8518              0
           7867              0           8261              0           9007
   -0.002168924           8738              0           7905  -0.0008119866
           8128              0           8916              0       8006.656
              0       7750.797              0           8190              0
           7699              0           7641              0           7856
              0           7678              0           7604              0
           7617   -0.001096129           7788    -0.02721667           7691
    -0.02548289           7701   -0.002504468           7584              0
           7775              0           7577              0           7554
              0           7594              0           7743              0
           7605              0           7555              0           7549
              0           7594              0       8548.138              0
           8356  -1.907349e-06           7728              0           7728
              0           7731              0           7770              0
           7785              0           7763              0           7683
              0           7840              0           7694              0
           7557              0           7734              0           7573
              0           7575              0       7791.832              0
           7693              0           7485              0           7493
              0           7431              0           7566              0
           7356              0           7393              0           7419
              0       7478.147  -0.0004752353           7404              0
           7345              0           8205              0           7929
              0           7720              0           7745              0
           7446              0           7287              0           7472
              0       8386.847    -0.00611024           7620    -0.01159305
           7327    -0.01437078       7394.234    -0.01248955           7489
   -0.004018261           7339              0           7307              0
           7288              0       7576.787              0       7824.371
              0           7488              0         7512.7              0
       7559.524              0           7380              0       7467.486
              0       8631.598    -0.01035559           8329    -0.05678265
           7327     -0.1117214           8014     -0.1534686           7340
     -0.1702504           7333     -0.1520487           7527    -0.09013177
           7434    -0.07662886       7588.024    -0.09495835           7824
     -0.1775346           8220     -0.2381473       8406.582     -0.1781798
        7314.27    -0.01409435       8240.979    -0.02604204       7602.668
    -0.06969115           7325    -0.08272105       7337.354    -0.04503775
       9040.772  -0.0001426786           8059              0           7410
    -0.02595279           8345     -0.3062359           8727      -0.706826
           8282

type = integer-attribute
name = TAXIS_NUMS
count = 8
 138 0 77002 -999 -999
 -999 -999 -999

type  = float-attribute
name  = TAXIS_FLOATS
count = 8
              0              2              0              0              0
        -999999        -999999        -999999

type = integer-attribute
name = DATASET_RANK
count = 8
 3 138 0 0 0
 0 0 0

type = integer-attribute
name = DATASET_DIMENSIONS
count = 5
 64 64 32 0 0

type = integer-attribute
name = BRICK_TYPES
count = 138
 3 3 3 3 3
 3 3 3 3 3
 3 3 3 3 3
 3 3 3 3 3
 3 3 3 3 3
 3 3 3 3 3
 3 3 3 3 3
 3 3 3 3 3
 3 3 3 3 3
 3 3 3 3 3
 3 3 3 3 3
 3 3 3 3 3
 3 3 3 3 3
 3 3 3 3 3
 3 3 3 3 3
 3 3 3 3 3
 3 3 3 3 3
 3 3 3 3 3
 3 3 3 3 3
 3 3 3 3 3
 3 3 3 3 3
 3 3 3 3 3
 3 3 3 3 3
 3 3 3 3 3
 3 3 3 3 3
 3 3 3 3 3
 3 3 3 3 3
 3 3 3

type  = float-attribute
name  = BRICK_FLOAT_FACS
count = 138
              0              0              0              0              0
              0              0              0              0              0
              0              0              0              0              0
              0              0              0              0              0
              0              0              0              0              0
              0              0              0              0              0
              0              0              0              0              0
              0              0              0              0              0
              0              0              0              0              0
              0              0              0              0              0
              0              0              0              0              0
              0              0              0              0              0
              0              0              0              0              0
              0              0              0              0              0
              0              0              0              0              0
              0              0              0              0              0
              0              0              0              0              0
              0              0              0              0              0
              0              0              0              0              0
              0              0              0              0              0
              0              0              0              0              0
              0              0              0              0              0
              0              0              0              0              0
              0              0              0              0              0
              0              0              0              0              0
              0              0              0              0              0
              0              0              0              0              0
              0              0              0

type = string-attribute
name = BRICK_LABS
count = 590
'#5~#6~#7~#8~#9~#10~#11~#12~#13~#14~#15~#16~#17~#18~#19~#20~#21~#22~#23~#24~#25~#26~#27~#28~#29~#30~#31~#32~#33~#34~#35~#36~#37~#38~#39~#40~#41~#42~#43~#44~#45~#46~#47~#48~#49~#50~#51~#52~#53~#54~#55~#56~#57~#58~#59~#60~#61~#62~#63~#64~#65~#66~#67~#68~#69~#70~#71~#72~#73~#74~#75~#76~#77~#78~#79~#80~#81~#82~#83~#84~#85~#86~#87~#88~#89~#90~#91~#92~#93~#94~#95~#96~#97~#98~#99~#100~#101~#102~#103~#104~#105~#106~#107~#108~#109~#110~#111~#112~#113~#114~#115~#116~#117~#118~#119~#120~#121~#122~#123~#124~#125~#126~#127~#128~#129~#130~#131~#132~#133~#134~#135~#136~#137~#138~#139~#140~#141~#142~

type = string-attribute
name = BRICK_KEYWORDS
count = 138
'~~~~~~~~~~~~~~~~~~~~~~~~~~~~~~~~~~~~~~~~~~~~~~~~~~~~~~~~~~~~~~~~~~~~~~~~~~~~~~~~~~~~~~~~~~~~~~~~~~~~~~~~~~~~~~~~~~~~~~~~~~~~~~~~~~~~~~~~~~

type = string-attribute
name = TEMPLATE_SPACE
count = 5
'ORIG~

type = integer-attribute
name = INT_CMAP
count = 1
 0

type = string-attribute
name = BYTEORDER_STRING
count = 10
'LSB_FIRST~
