
type = string-attribute
name = HISTORY_NOTE
count = 125
'[nikin@leviathan: Mon Feb 14 12:19:19 2022] {AFNI_22.0.03:linux_openmp_64} 3dDespike -prefix 0312-BOLD-EC 0312-BOLD-EC1+orig~

type = string-attribute
name = TYPESTRING
count = 15
'3DIM_HEAD_ANAT~

type = string-attribute
name = IDCODE_STRING
count = 27
'XYZ_7-SsEuOclZlB38N3ohCVtA~

type = string-attribute
name = IDCODE_DATE
count = 25
'Mon Feb 14 12:19:19 2022~

type = integer-attribute
name = SCENE_DATA
count = 8
 0 2 0 -999 -999
 -999 -999 -999

type = string-attribute
name = LABEL_1
count = 5
'zyxt~

type = string-attribute
name = LABEL_2
count = 5
'zyxt~

type = string-attribute
name = DATASET_NAME
count = 5
'zyxt~

type = integer-attribute
name = ORIENT_SPECIFIC
count = 3
 0 2 4

type  = float-attribute
name  = ORIGIN
count = 3
      -123.6605       101.4463      -6.827762

type  = float-attribute
name  = DELTA
count = 3
              4             -4       4.000044

type  = float-attribute
name  = IJK_TO_DICOM
count = 12
              4              0              0      -123.6605              0
             -4              0       101.4463              0              0
       4.000044      -6.827762

type  = float-attribute
name  = IJK_TO_DICOM_REAL
count = 12
       3.999254    0.004150359    -0.07716247      -123.6605             -0
      -3.994243     -0.2145257       101.4463     0.07727283     -0.2144832
       3.993542      -6.827762

type  = float-attribute
name  = BRICK_STATS
count = 276
      -36.68336           7251      -1.173838           7315   -0.005759239
           7371  -9.622239e-05           7409   -0.003644928           7474
   -0.005137755           7458   -0.003324734           7436  -0.0006462652
           7375              0           7350              0           7328
              0           7318              0           7329              0
           7321    -0.02227968           7332     -0.4178696           7253
     -0.6390274           7286     -0.7152027           7299     -0.6755242
           7307     -0.5480266           7257     -0.3590067           7252
     -0.1489661           7240   -0.007689446           7263              0
           7299              0       7350.743              0           7317
              0           7294              0        7346.94              0
           7217              0           7271              0           7322
              0       7365.838              0       7376.293              0
        7380.59              0           7307              0           7241
              0           7295              0           7246              0
           7296              0           7304              0           7299
              0           7341              0       7374.995              0
           7298              0           7326  -0.0006265724           7357
   -0.001334697           7330  -0.0008448502           7339  -9.280443e-05
           7391              0           7405              0           7350
              0           7304              0           7329              0
           7322              0           7347    -0.01848447           7343
    -0.05116743           7320    -0.03160483           7312   -0.002908945
           7319   -0.001225471           7280   -0.006512849           7263
   -0.007871559           7278    -0.00474254           7307  -0.0008320957
           7300              0           7327  -9.536743e-07           7355
              0           7352              0           7344              0
           7352              0           7287              0           7292
   -0.002404213           7283   -0.008248806           7292   -0.001630783
           7246              0           7256              0           7283
              0           7298              0           7338              0
           7322              0           7340              0           7309
              0           7307              0        7394.73              0
           7321              0           7222              0           7220
              0           7205              0           7236              0
           7177              0           7159              0           7112
  -2.384186e-07           7129              0           7106              0
           7160              0       7221.914              0           7203
              0           7211              0           7188              0
           7213              0           7192              0           7235
              0           7234              0           7217              0
           7198              0           7199   -0.006803609           7273
    -0.04121713           7293    -0.07865828           7298     -0.1088819
           7260     -0.1259591           7265     -0.1234607           7261
     -0.2019669           7285      -1.035258           7297       -1.48459
           7346      -1.430599           7330     -0.8112499           7321
      -1.395634           7292      -1.769588           7307      -1.540438
       7315.521     -0.6637433       7327.661     -0.1655881           7257
    -0.03535596           7219   -0.003437392           7230              0
           7191              0           7217              0           7267
              0           7262              0           7217              0
           7209  -0.0003892779           7207    -0.01997784           7165
    -0.05433619           7163    -0.06037939           7129    -0.02204338
           7108              0           7191              0           7208
  -7.078052e-05           7189      -0.084134           7207     -0.3821054
           7203

type = integer-attribute
name = TAXIS_NUMS
count = 8
 138 0 77002 -999 -999
 -999 -999 -999

type  = float-attribute
name  = TAXIS_FLOATS
count = 8
              0              2              0              0              0
        -999999        -999999        -999999

type = integer-attribute
name = DATASET_RANK
count = 8
 3 138 0 0 0
 0 0 0

type = integer-attribute
name = DATASET_DIMENSIONS
count = 5
 64 64 32 0 0

type = integer-attribute
name = BRICK_TYPES
count = 138
 3 3 3 3 3
 3 3 3 3 3
 3 3 3 3 3
 3 3 3 3 3
 3 3 3 3 3
 3 3 3 3 3
 3 3 3 3 3
 3 3 3 3 3
 3 3 3 3 3
 3 3 3 3 3
 3 3 3 3 3
 3 3 3 3 3
 3 3 3 3 3
 3 3 3 3 3
 3 3 3 3 3
 3 3 3 3 3
 3 3 3 3 3
 3 3 3 3 3
 3 3 3 3 3
 3 3 3 3 3
 3 3 3 3 3
 3 3 3 3 3
 3 3 3 3 3
 3 3 3 3 3
 3 3 3 3 3
 3 3 3 3 3
 3 3 3 3 3
 3 3 3

type  = float-attribute
name  = BRICK_FLOAT_FACS
count = 138
              0              0              0              0              0
              0              0              0              0              0
              0              0              0              0              0
              0              0              0              0              0
              0              0              0              0              0
              0              0              0              0              0
              0              0              0              0              0
              0              0              0              0              0
              0              0              0              0              0
              0              0              0              0              0
              0              0              0              0              0
              0              0              0              0              0
              0              0              0              0              0
              0              0              0              0              0
              0              0              0              0              0
              0              0              0              0              0
              0              0              0              0              0
              0              0              0              0              0
              0              0              0              0              0
              0              0              0              0              0
              0              0              0              0              0
              0              0              0              0              0
              0              0              0              0              0
              0              0              0              0              0
              0              0              0              0              0
              0              0              0              0              0
              0              0              0              0              0
              0              0              0

type = string-attribute
name = BRICK_LABS
count = 590
'#5~#6~#7~#8~#9~#10~#11~#12~#13~#14~#15~#16~#17~#18~#19~#20~#21~#22~#23~#24~#25~#26~#27~#28~#29~#30~#31~#32~#33~#34~#35~#36~#37~#38~#39~#40~#41~#42~#43~#44~#45~#46~#47~#48~#49~#50~#51~#52~#53~#54~#55~#56~#57~#58~#59~#60~#61~#62~#63~#64~#65~#66~#67~#68~#69~#70~#71~#72~#73~#74~#75~#76~#77~#78~#79~#80~#81~#82~#83~#84~#85~#86~#87~#88~#89~#90~#91~#92~#93~#94~#95~#96~#97~#98~#99~#100~#101~#102~#103~#104~#105~#106~#107~#108~#109~#110~#111~#112~#113~#114~#115~#116~#117~#118~#119~#120~#121~#122~#123~#124~#125~#126~#127~#128~#129~#130~#131~#132~#133~#134~#135~#136~#137~#138~#139~#140~#141~#142~

type = string-attribute
name = BRICK_KEYWORDS
count = 138
'~~~~~~~~~~~~~~~~~~~~~~~~~~~~~~~~~~~~~~~~~~~~~~~~~~~~~~~~~~~~~~~~~~~~~~~~~~~~~~~~~~~~~~~~~~~~~~~~~~~~~~~~~~~~~~~~~~~~~~~~~~~~~~~~~~~~~~~~~~

type = string-attribute
name = TEMPLATE_SPACE
count = 5
'ORIG~

type = integer-attribute
name = INT_CMAP
count = 1
 0

type = string-attribute
name = BYTEORDER_STRING
count = 10
'LSB_FIRST~
