
type = string-attribute
name = HISTORY_NOTE
count = 460
'[nikin@leviathan: Mon Feb 14 12:21:06 2022] {AFNI_22.0.03:linux_openmp_64} 3dDespike -prefix 0322-BOLD-EC 0322-BOLD-EC1+orig\n[nikin@leviathan: Mon Feb 14 12:21:18 2022] {AFNI_22.0.03:linux_openmp_64} 3dvolreg -verbose -tshift 0 -base 25 -1Dfile outliers-BOLD-EC.1D -prefix 0322-BOLD-EC-volreg 0322-BOLD-EC+orig\n[nikin@leviathan: Mon Feb 14 12:21:31 2022] {AFNI_22.0.03:linux_openmp_64} 3dAutomask -prefix 0322-BOLD-EC-mask -dilate 1 0322-BOLD-EC-volreg+orig~

type = string-attribute
name = TYPESTRING
count = 15
'3DIM_HEAD_FUNC~

type = string-attribute
name = IDCODE_STRING
count = 27
'XYZ_paC0Iw-1wxiLlet2aL53vg~

type = string-attribute
name = IDCODE_DATE
count = 25
'Mon Feb 14 12:21:31 2022~

type = integer-attribute
name = SCENE_DATA
count = 8
 0 0 1 -999 -999
 -999 -999 -999

type = string-attribute
name = LABEL_1
count = 5
'zyxt~

type = string-attribute
name = LABEL_2
count = 5
'zyxt~

type = string-attribute
name = DATASET_NAME
count = 5
'zyxt~

type = integer-attribute
name = ORIENT_SPECIFIC
count = 3
 0 2 4

type  = float-attribute
name  = ORIGIN
count = 3
      -121.0923       100.1865       13.46641

type  = float-attribute
name  = DELTA
count = 3
              4             -4       4.000098

type  = float-attribute
name  = IJK_TO_DICOM
count = 12
              4              0              0      -121.0923              0
             -4              0       100.1865              0              0
       4.000098       13.46641

type  = float-attribute
name  = IJK_TO_DICOM_REAL
count = 12
       3.994722    -0.02734432     -0.2035911      -121.0923    -0.08166676
      -3.848976       -1.08571       100.1865      0.1884807      -1.088408
        3.84455       13.46641

type  = float-attribute
name  = BRICK_STATS
count = 2
              0              1

type = integer-attribute
name = DATASET_RANK
count = 8
 3 1 0 0 0
 0 0 0

type = integer-attribute
name = DATASET_DIMENSIONS
count = 5
 64 64 32 0 0

type = integer-attribute
name = BRICK_TYPES
count = 1
 0

type  = float-attribute
name  = BRICK_FLOAT_FACS
count = 1
              0

type = string-attribute
name = TEMPLATE_SPACE
count = 5
'ORIG~

type = integer-attribute
name = INT_CMAP
count = 1
 0

type = string-attribute
name = BYTEORDER_STRING
count = 10
'LSB_FIRST~
