
type = string-attribute
name = HISTORY_NOTE
count = 287
'[nikin@leviathan: Mon Feb 14 12:21:53 2022] {AFNI_22.0.03:linux_openmp_64} 3dcalc -prefix 0326-BOLD-EC-tmp -a BOLD-0326.nii -expr a -verbose\n[nikin@leviathan: Mon Feb 14 12:21:56 2022] {AFNI_22.0.03:linux_openmp_64} 3dcalc -prefix 0326-BOLD-EC1 -a '0326-BOLD-EC-tmp+orig[5..$]' -expr a~

type = string-attribute
name = TYPESTRING
count = 15
'3DIM_HEAD_ANAT~

type = string-attribute
name = IDCODE_STRING
count = 27
'XYZ__cHb4neCvRHOj-pNv4mGhQ~

type = string-attribute
name = IDCODE_DATE
count = 25
'Mon Feb 14 12:21:56 2022~

type = integer-attribute
name = SCENE_DATA
count = 8
 0 2 0 -999 -999
 -999 -999 -999

type = string-attribute
name = LABEL_1
count = 5
'zyxt~

type = string-attribute
name = LABEL_2
count = 5
'zyxt~

type = string-attribute
name = DATASET_NAME
count = 5
'zyxt~

type = integer-attribute
name = ORIENT_SPECIFIC
count = 3
 0 2 4

type  = float-attribute
name  = ORIGIN
count = 3
       -128.741       99.44794      0.9096411

type  = float-attribute
name  = DELTA
count = 3
              4             -4       3.999932

type  = float-attribute
name  = IJK_TO_DICOM
count = 12
              4              0              0       -128.741              0
             -4              0       99.44794              0              0
       3.999932      0.9096411

type  = float-attribute
name  = IJK_TO_DICOM_REAL
count = 12
        3.99824      0.1171904     0.01889113       -128.741      0.1186544
      -3.947237     -0.6365651       99.44794              0     -0.6368562
        3.94891      0.9096411

type  = float-attribute
name  = BRICK_STATS
count = 276
              0           8015              0           8092              0
           8875              0           7996              0           8143
              0           7979              0           8025              0
           8074              0           7967              0           8036
              0           7951              0           7918              0
           7943              0           7898              0           7914
              0           7920              0           7910              0
           8713              0           7990              0           8069
              0           7862              0           7979              0
           8430              0           7846              0           7881
              0           7782              0           7919              0
           7903              0           7855              0           7934
              0           7997              0           8057              0
           7964              0           7880              0           7898
              0           8626              0           7893              0
           7911              0           7931              0           7958
              0           7849              0           7965              0
           7873              0           7953              0           7855
              0           7903              0           7994              0
           7874              0           8512              0           8015
              0           7982              0           7996              0
           7995              0           8028              0           8058
              0           7954              0           8060              0
           8054              0           8052              0           7964
              0           7880              0           8704              0
           7811              0           7819              0           7823
              0           7871              0           7857              0
           8735              0           7852              0           7737
              0           7750              0           7771              0
           8714              0           8622              0           7777
              0           8331              0           7806              0
           7856              0           7887              0           7841
              0           7788              0           7783              0
           7825              0           7818              0           8479
              0           9304              0           7797              0
           7795              0           7757              0           7796
              0           8397              0           7848              0
           8547              0           8206              0           7823
              0           8544              0           7765              0
           7743              0           7880              0           9110
              0           7766              0           7808              0
           7780              0           8210              0           7840
              0           8830              0           7839              0
           7815              0           7776              0           7792
              0           7740              0           8144              0
           7832              0           7833              0           7816
              0           7835              0           8045              0
           8628              0           7810              0           7915
              0           9071              0           7810              0
           7764              0           7804              0           7897
              0           7819              0           7850              0
           7858              0           7816              0           7814
              0           8734              0           7792              0
           7722              0           8415              0           7797
              0           7887              0           8000              0
           8663

type = integer-attribute
name = TAXIS_NUMS
count = 8
 138 0 77002 -999 -999
 -999 -999 -999

type  = float-attribute
name  = TAXIS_FLOATS
count = 8
              0              2              0              0              0
        -999999        -999999        -999999

type = integer-attribute
name = DATASET_RANK
count = 8
 3 138 0 0 0
 0 0 0

type = integer-attribute
name = DATASET_DIMENSIONS
count = 5
 64 64 32 0 0

type = integer-attribute
name = BRICK_TYPES
count = 138
 1 1 1 1 1
 1 1 1 1 1
 1 1 1 1 1
 1 1 1 1 1
 1 1 1 1 1
 1 1 1 1 1
 1 1 1 1 1
 1 1 1 1 1
 1 1 1 1 1
 1 1 1 1 1
 1 1 1 1 1
 1 1 1 1 1
 1 1 1 1 1
 1 1 1 1 1
 1 1 1 1 1
 1 1 1 1 1
 1 1 1 1 1
 1 1 1 1 1
 1 1 1 1 1
 1 1 1 1 1
 1 1 1 1 1
 1 1 1 1 1
 1 1 1 1 1
 1 1 1 1 1
 1 1 1 1 1
 1 1 1 1 1
 1 1 1 1 1
 1 1 1

type  = float-attribute
name  = BRICK_FLOAT_FACS
count = 138
              0              0              0              0              0
              0              0              0              0              0
              0              0              0              0              0
              0              0              0              0              0
              0              0              0              0              0
              0              0              0              0              0
              0              0              0              0              0
              0              0              0              0              0
              0              0              0              0              0
              0              0              0              0              0
              0              0              0              0              0
              0              0              0              0              0
              0              0              0              0              0
              0              0              0              0              0
              0              0              0              0              0
              0              0              0              0              0
              0              0              0              0              0
              0              0              0              0              0
              0              0              0              0              0
              0              0              0              0              0
              0              0              0              0              0
              0              0              0              0              0
              0              0              0              0              0
              0              0              0              0              0
              0              0              0              0              0
              0              0              0              0              0
              0              0              0              0              0
              0              0              0

type = string-attribute
name = BRICK_LABS
count = 590
'#5~#6~#7~#8~#9~#10~#11~#12~#13~#14~#15~#16~#17~#18~#19~#20~#21~#22~#23~#24~#25~#26~#27~#28~#29~#30~#31~#32~#33~#34~#35~#36~#37~#38~#39~#40~#41~#42~#43~#44~#45~#46~#47~#48~#49~#50~#51~#52~#53~#54~#55~#56~#57~#58~#59~#60~#61~#62~#63~#64~#65~#66~#67~#68~#69~#70~#71~#72~#73~#74~#75~#76~#77~#78~#79~#80~#81~#82~#83~#84~#85~#86~#87~#88~#89~#90~#91~#92~#93~#94~#95~#96~#97~#98~#99~#100~#101~#102~#103~#104~#105~#106~#107~#108~#109~#110~#111~#112~#113~#114~#115~#116~#117~#118~#119~#120~#121~#122~#123~#124~#125~#126~#127~#128~#129~#130~#131~#132~#133~#134~#135~#136~#137~#138~#139~#140~#141~#142~

type = string-attribute
name = BRICK_KEYWORDS
count = 138
'~~~~~~~~~~~~~~~~~~~~~~~~~~~~~~~~~~~~~~~~~~~~~~~~~~~~~~~~~~~~~~~~~~~~~~~~~~~~~~~~~~~~~~~~~~~~~~~~~~~~~~~~~~~~~~~~~~~~~~~~~~~~~~~~~~~~~~~~~~

type = string-attribute
name = TEMPLATE_SPACE
count = 5
'ORIG~

type = integer-attribute
name = INT_CMAP
count = 1
 0

type = string-attribute
name = BYTEORDER_STRING
count = 10
'LSB_FIRST~
