
type = string-attribute
name = HISTORY_NOTE
count = 125
'[nikin@leviathan: Mon Feb 14 12:22:55 2022] {AFNI_22.0.03:linux_openmp_64} 3dDespike -prefix 0338-BOLD-EC 0338-BOLD-EC1+orig~

type = string-attribute
name = TYPESTRING
count = 15
'3DIM_HEAD_ANAT~

type = string-attribute
name = IDCODE_STRING
count = 27
'XYZ_-1x6BzTeHYBNhwl4Z6EmSQ~

type = string-attribute
name = IDCODE_DATE
count = 25
'Mon Feb 14 12:22:55 2022~

type = integer-attribute
name = SCENE_DATA
count = 8
 0 2 0 -999 -999
 -999 -999 -999

type = string-attribute
name = LABEL_1
count = 5
'zyxt~

type = string-attribute
name = LABEL_2
count = 5
'zyxt~

type = string-attribute
name = DATASET_NAME
count = 5
'zyxt~

type = integer-attribute
name = ORIENT_SPECIFIC
count = 3
 0 2 4

type  = float-attribute
name  = ORIGIN
count = 3
       -121.768       99.57456      -5.910859

type  = float-attribute
name  = DELTA
count = 3
              4             -4       3.999935

type  = float-attribute
name  = IJK_TO_DICOM
count = 12
              4              0              0       -121.768              0
             -4              0       99.57456              0              0
       3.999935      -5.910859

type  = float-attribute
name  = IJK_TO_DICOM_REAL
count = 12
       3.993543    -0.08484083      0.2107352       -121.768    -0.07238998
       -3.99239     -0.2357619       99.57456     -0.2153392     -0.2315721
       3.987416      -5.910859

type  = float-attribute
name  = BRICK_STATS
count = 276
     -0.2658519           8216     -0.1248832           8218              0
           8169              0           8216     -0.4686913           8189
        -1.0466           8215      -1.086759           8142     -0.6168218
           8197    -0.08320332       8088.624  -3.814697e-06           8183
              0           8221              0           8188              0
           8210              0           8201  -0.0006130151           8213
    -0.02074889           8206    -0.03645462           8169    -0.03909556
           8177     -0.0313861        8203.74    -0.01730286           8134
   -0.007778589           8179   -0.003924901           8147   -0.000618279
           8181              0           8186    -0.01415777           8062
    -0.04284179           8099              0           8114              0
           8144              0           8152              0           8109
              0           8195              0       8249.922              0
       8266.181              0       8278.796              0           8215
              0           8194              0           8164   -1.36788e-09
           8194   -0.001363283           8159   -0.008437091           8235
    -0.01230156           8149     -0.0127858           8205    -0.01057932
           8195   -0.006404084           8173   -0.001545084           8209
   -0.002375439       8307.549     -0.0220072       8283.901    -0.02526747
           8244    -0.00473166           8211   -0.003127311           8210
   -0.001083298           8185              0           8167              0
           8183              0           8201              0           8200
              0           8188              0           8141              0
           8165              0           8163              0           8130
              0           8184              0       8252.966              0
       8252.981              0       8268.658              0           8191
              0           8155              0           8128              0
           8220              0           8162              0           8256
              0           8207              0           8201              0
           8173              0           8168              0           8228
              0           8211              0           8239              0
           8164              0           8183              0           8154
              0           8207              0           8151              0
           8083              0           8133              0           8147
              0           8191              0           8133              0
           8209              0           8151              0           8130
              0       8219.745              0           8232              0
           8216   -0.002580106           8270    -0.04175219           8202
     -0.1274389           8126     -0.1732293           8212     -0.1709048
           8211     -0.1064364           8209   -0.006090507           8222
              0           8175              0           8194              0
           8210              0           8254              0           8248
              0           8262              0           8224              0
           8201              0           8204              0           8155
              0           8192              0           8150              0
           8137   -0.003041968           8188     -0.0339106           8168
    -0.07812774           8176     -0.1069647           8193      -0.103016
           8152    -0.05627546           8231    -0.03886837           8235
    -0.03558698           8205    -0.03594601           8245     -0.0108358
           8210              0           8196              0           8141
              0           8187              0           8238  -3.017485e-07
           8237   -0.001152497           8279   -0.004216716           8195
   -0.004984751           8261   -0.001579665       8286.695  -2.263766e-05
           8188  -2.217712e-08           8174              0           8142
              0           8187    -0.00086914           8197      -3.133368
           8183

type = integer-attribute
name = TAXIS_NUMS
count = 8
 138 0 77002 -999 -999
 -999 -999 -999

type  = float-attribute
name  = TAXIS_FLOATS
count = 8
              0              2              0              0              0
        -999999        -999999        -999999

type = integer-attribute
name = DATASET_RANK
count = 8
 3 138 0 0 0
 0 0 0

type = integer-attribute
name = DATASET_DIMENSIONS
count = 5
 64 64 32 0 0

type = integer-attribute
name = BRICK_TYPES
count = 138
 3 3 3 3 3
 3 3 3 3 3
 3 3 3 3 3
 3 3 3 3 3
 3 3 3 3 3
 3 3 3 3 3
 3 3 3 3 3
 3 3 3 3 3
 3 3 3 3 3
 3 3 3 3 3
 3 3 3 3 3
 3 3 3 3 3
 3 3 3 3 3
 3 3 3 3 3
 3 3 3 3 3
 3 3 3 3 3
 3 3 3 3 3
 3 3 3 3 3
 3 3 3 3 3
 3 3 3 3 3
 3 3 3 3 3
 3 3 3 3 3
 3 3 3 3 3
 3 3 3 3 3
 3 3 3 3 3
 3 3 3 3 3
 3 3 3 3 3
 3 3 3

type  = float-attribute
name  = BRICK_FLOAT_FACS
count = 138
              0              0              0              0              0
              0              0              0              0              0
              0              0              0              0              0
              0              0              0              0              0
              0              0              0              0              0
              0              0              0              0              0
              0              0              0              0              0
              0              0              0              0              0
              0              0              0              0              0
              0              0              0              0              0
              0              0              0              0              0
              0              0              0              0              0
              0              0              0              0              0
              0              0              0              0              0
              0              0              0              0              0
              0              0              0              0              0
              0              0              0              0              0
              0              0              0              0              0
              0              0              0              0              0
              0              0              0              0              0
              0              0              0              0              0
              0              0              0              0              0
              0              0              0              0              0
              0              0              0              0              0
              0              0              0              0              0
              0              0              0              0              0
              0              0              0              0              0
              0              0              0

type = string-attribute
name = BRICK_LABS
count = 590
'#5~#6~#7~#8~#9~#10~#11~#12~#13~#14~#15~#16~#17~#18~#19~#20~#21~#22~#23~#24~#25~#26~#27~#28~#29~#30~#31~#32~#33~#34~#35~#36~#37~#38~#39~#40~#41~#42~#43~#44~#45~#46~#47~#48~#49~#50~#51~#52~#53~#54~#55~#56~#57~#58~#59~#60~#61~#62~#63~#64~#65~#66~#67~#68~#69~#70~#71~#72~#73~#74~#75~#76~#77~#78~#79~#80~#81~#82~#83~#84~#85~#86~#87~#88~#89~#90~#91~#92~#93~#94~#95~#96~#97~#98~#99~#100~#101~#102~#103~#104~#105~#106~#107~#108~#109~#110~#111~#112~#113~#114~#115~#116~#117~#118~#119~#120~#121~#122~#123~#124~#125~#126~#127~#128~#129~#130~#131~#132~#133~#134~#135~#136~#137~#138~#139~#140~#141~#142~

type = string-attribute
name = BRICK_KEYWORDS
count = 138
'~~~~~~~~~~~~~~~~~~~~~~~~~~~~~~~~~~~~~~~~~~~~~~~~~~~~~~~~~~~~~~~~~~~~~~~~~~~~~~~~~~~~~~~~~~~~~~~~~~~~~~~~~~~~~~~~~~~~~~~~~~~~~~~~~~~~~~~~~~

type = string-attribute
name = TEMPLATE_SPACE
count = 5
'ORIG~

type = integer-attribute
name = INT_CMAP
count = 1
 0

type = string-attribute
name = BYTEORDER_STRING
count = 10
'LSB_FIRST~
