
type = string-attribute
name = HISTORY_NOTE
count = 135
'[nikin@leviathan: Sun Feb 13 12:39:07 2022] {AFNI_22.0.03:linux_openmp_64} 3dDespike -prefix BOLD-0353-BOLD-EC BOLD-0353-BOLD-EC1+orig~

type = string-attribute
name = TYPESTRING
count = 15
'3DIM_HEAD_ANAT~

type = string-attribute
name = IDCODE_STRING
count = 27
'XYZ_Y_eOCsxKOknaOT4jwQRcbQ~

type = string-attribute
name = IDCODE_DATE
count = 25
'Sun Feb 13 12:39:07 2022~

type = integer-attribute
name = SCENE_DATA
count = 8
 0 2 0 -999 -999
 -999 -999 -999

type = string-attribute
name = LABEL_1
count = 5
'zyxt~

type = string-attribute
name = LABEL_2
count = 5
'zyxt~

type = string-attribute
name = DATASET_NAME
count = 5
'zyxt~

type = integer-attribute
name = ORIENT_SPECIFIC
count = 3
 0 2 4

type  = float-attribute
name  = ORIGIN
count = 3
      -127.2066       98.28658      -32.33528

type  = float-attribute
name  = DELTA
count = 3
              4             -4       4.000003

type  = float-attribute
name  = IJK_TO_DICOM
count = 12
              4              0              0      -127.2066              0
             -4              0       98.28658              0              0
       4.000003      -32.33528

type  = float-attribute
name  = IJK_TO_DICOM_REAL
count = 12
       3.998404     0.06885003     0.08954018      -127.2066     0.07995839
      -3.965469     -0.5183349       98.28658    -0.07983639     -0.5199162
       3.965266      -32.33528

type  = float-attribute
name  = BRICK_STATS
count = 276
      -2.815999           7624      -1.265519           7628  -0.0001922995
           7630              0           7646              0           7657
  -0.0001834966           7699   -0.003383443           7704   -0.001441494
           7677              0           7633              0           7678
              0           7682              0           7667              0
           7653              0           7659              0           7631
              0           7655              0           7656              0
           7684   -0.004435316           7669     -0.0734462           7674
     -0.1183607           7644     -0.1231056           7618    -0.09753855
       7581.018    -0.05376327           7617    -0.01165612           7652
    -0.01594757           7659    -0.02171084           7641    -0.02179844
           7632    -0.01781804           7579    -0.01122226           7632
   -0.004051568           7611  -7.775892e-05           7584              0
           7556              0           7593              0           7565
   -0.000642091           7598              0           7595   -0.004907116
        7542.02   -0.001088619           7575              0           7568
              0           7590              0           7598              0
           7622   -0.003216028           7606              0           7586
              0           7620              0           7589              0
           7625              0       7521.608              0           7564
              0           7582              0           7618              0
           7560              0           7572  -3.814697e-06           7665
              0           7612              0           7595              0
           7610              0           7610              0           7644
  -2.516247e-05           7639  -1.544878e-05           7669              0
           7650              0           7656              0           7671
              0           7651              0           7606              0
           7603              0           7615              0           7581
              0       7568.382              0           7624              0
           7633              0           7621              0           7573
              0           7590              0           7606              0
           7611              0           7598              0           7629
              0           7639              0           7628              0
           7601  -1.583993e-05           7595  -0.0007668436           7587
  -0.0008552969           7602  -2.592802e-06           7643              0
           7596              0       7652.985              0           7605
              0       7552.001              0           7568              0
       7540.344              0           7594              0           7592
              0           7605              0           7590              0
           7608              0           7558              0           7582
              0           7540              0           7572              0
           7553   -0.006976932           7542    -0.06803349           7503
     -0.1430857           7536     -0.2045688           7527     -0.2394327
           7543     -0.2344936           7546     -0.1752211           7532
    -0.04965697           7528   -0.005623449           7517   -0.003478026
           7506    -0.00681765           7534    -0.02388649           7538
     -0.0396437           7491     -0.2679359           7535     -0.3059641
           7555     -0.1320345           7536     -0.1843879           7531
     -0.2053651           7497     -0.1821726       7602.605     -0.1044059
           7556   -0.004492864           7507   -0.001175752           7546
  -1.044944e-06           7544              0           7510              0
           7547              0           7505              0           7549
  -9.116717e-05           7519   -0.000390552       7610.272   -0.003123309
           7591   -0.002799641           7545  -9.685755e-08           7543
              0           7547     -0.1010954           7496      -1.485214
           7531

type = integer-attribute
name = TAXIS_NUMS
count = 8
 138 0 77002 -999 -999
 -999 -999 -999

type  = float-attribute
name  = TAXIS_FLOATS
count = 8
              0              2              0              0              0
        -999999        -999999        -999999

type = integer-attribute
name = DATASET_RANK
count = 8
 3 138 0 0 0
 0 0 0

type = integer-attribute
name = DATASET_DIMENSIONS
count = 5
 64 64 32 0 0

type = integer-attribute
name = BRICK_TYPES
count = 138
 3 3 3 3 3
 3 3 3 3 3
 3 3 3 3 3
 3 3 3 3 3
 3 3 3 3 3
 3 3 3 3 3
 3 3 3 3 3
 3 3 3 3 3
 3 3 3 3 3
 3 3 3 3 3
 3 3 3 3 3
 3 3 3 3 3
 3 3 3 3 3
 3 3 3 3 3
 3 3 3 3 3
 3 3 3 3 3
 3 3 3 3 3
 3 3 3 3 3
 3 3 3 3 3
 3 3 3 3 3
 3 3 3 3 3
 3 3 3 3 3
 3 3 3 3 3
 3 3 3 3 3
 3 3 3 3 3
 3 3 3 3 3
 3 3 3 3 3
 3 3 3

type  = float-attribute
name  = BRICK_FLOAT_FACS
count = 138
              0              0              0              0              0
              0              0              0              0              0
              0              0              0              0              0
              0              0              0              0              0
              0              0              0              0              0
              0              0              0              0              0
              0              0              0              0              0
              0              0              0              0              0
              0              0              0              0              0
              0              0              0              0              0
              0              0              0              0              0
              0              0              0              0              0
              0              0              0              0              0
              0              0              0              0              0
              0              0              0              0              0
              0              0              0              0              0
              0              0              0              0              0
              0              0              0              0              0
              0              0              0              0              0
              0              0              0              0              0
              0              0              0              0              0
              0              0              0              0              0
              0              0              0              0              0
              0              0              0              0              0
              0              0              0              0              0
              0              0              0              0              0
              0              0              0              0              0
              0              0              0

type = string-attribute
name = BRICK_LABS
count = 590
'#5~#6~#7~#8~#9~#10~#11~#12~#13~#14~#15~#16~#17~#18~#19~#20~#21~#22~#23~#24~#25~#26~#27~#28~#29~#30~#31~#32~#33~#34~#35~#36~#37~#38~#39~#40~#41~#42~#43~#44~#45~#46~#47~#48~#49~#50~#51~#52~#53~#54~#55~#56~#57~#58~#59~#60~#61~#62~#63~#64~#65~#66~#67~#68~#69~#70~#71~#72~#73~#74~#75~#76~#77~#78~#79~#80~#81~#82~#83~#84~#85~#86~#87~#88~#89~#90~#91~#92~#93~#94~#95~#96~#97~#98~#99~#100~#101~#102~#103~#104~#105~#106~#107~#108~#109~#110~#111~#112~#113~#114~#115~#116~#117~#118~#119~#120~#121~#122~#123~#124~#125~#126~#127~#128~#129~#130~#131~#132~#133~#134~#135~#136~#137~#138~#139~#140~#141~#142~

type = string-attribute
name = BRICK_KEYWORDS
count = 138
'~~~~~~~~~~~~~~~~~~~~~~~~~~~~~~~~~~~~~~~~~~~~~~~~~~~~~~~~~~~~~~~~~~~~~~~~~~~~~~~~~~~~~~~~~~~~~~~~~~~~~~~~~~~~~~~~~~~~~~~~~~~~~~~~~~~~~~~~~~

type = string-attribute
name = TEMPLATE_SPACE
count = 5
'ORIG~

type = integer-attribute
name = INT_CMAP
count = 1
 0

type = string-attribute
name = BYTEORDER_STRING
count = 10
'LSB_FIRST~
