
type = string-attribute
name = HISTORY_NOTE
count = 302
'[nikin@leviathan: Sun Feb 13 12:39:00 2022] {AFNI_22.0.03:linux_openmp_64} 3dcalc -prefix BOLD-0353-BOLD-EC-tmp -a BOLD-0353.nii -expr a -verbose\n[nikin@leviathan: Sun Feb 13 12:39:03 2022] {AFNI_22.0.03:linux_openmp_64} 3dcalc -prefix BOLD-0353-BOLD-EC1 -a 'BOLD-0353-BOLD-EC-tmp+orig[5..$]' -expr a~

type = string-attribute
name = TYPESTRING
count = 15
'3DIM_HEAD_ANAT~

type = string-attribute
name = IDCODE_STRING
count = 27
'XYZ_6YbwiKMiRX_LwoA6XVQdgg~

type = string-attribute
name = IDCODE_DATE
count = 25
'Sun Feb 13 12:39:03 2022~

type = integer-attribute
name = SCENE_DATA
count = 8
 0 2 0 -999 -999
 -999 -999 -999

type = string-attribute
name = LABEL_1
count = 5
'zyxt~

type = string-attribute
name = LABEL_2
count = 5
'zyxt~

type = string-attribute
name = DATASET_NAME
count = 5
'zyxt~

type = integer-attribute
name = ORIENT_SPECIFIC
count = 3
 0 2 4

type  = float-attribute
name  = ORIGIN
count = 3
      -127.2066       98.28658      -32.33528

type  = float-attribute
name  = DELTA
count = 3
              4             -4       4.000003

type  = float-attribute
name  = IJK_TO_DICOM
count = 12
              4              0              0      -127.2066              0
             -4              0       98.28658              0              0
       4.000003      -32.33528

type  = float-attribute
name  = IJK_TO_DICOM_REAL
count = 12
       3.998404     0.06885003     0.08954018      -127.2066     0.07995839
      -3.965469     -0.5183349       98.28658    -0.07983639     -0.5199162
       3.965266      -32.33528

type  = float-attribute
name  = BRICK_STATS
count = 276
              0           8564              0           8822              0
           8537              0           8697              0           8658
              0           8621              0           8758              0
           8766              0           8748              0           8353
              0           8620              0           8588              0
           8495              0           8688              0           8421
              0           8707              0           8263              0
           8665              0           8679              0           8143
              0           8364              0           8631              0
           8619              0           8459              0           8353
              0           8064              0           8158              0
           8382              0           8452              0           9297
              0           8119              0           8466              0
           8434              0           8574              0           8256
              0           8440              0           8456              0
           8392              0           8347              0           8159
              0           8450              0           8558              0
           8193              0           8457              0           8442
              0           8481              0           8498              0
           8399              0           8341              0           8341
              0           8557              0           8490              0
           8451              0           8526              0           8935
              0           8279              0           8368              0
           8618              0           8368              0           8280
              0           8452              0           8537              0
           8492              0           8434              0           8345
              0           8247              0           8453              0
           8465              0           8101              0           8333
              0           8323              0           8311              0
           8408              0           7936              0           8292
              0           8086              0           8164              0
           8318              0           8351              0           8502
              0           8489              0           8189              0
           8255              0           8425              0           8553
              0           8444              0           8274              0
           8251              0           8361              0           8372
              0           9269              0           8215              0
           8640              0           8308              0           8368
              0           8194              0           8186              0
           8318              0           8332              0           8360
              0           8160              0           9145              0
           8085              0           7924              0           8305
              0           8345              0           8715              0
           8154              0           7763              0           8366
              0           8451              0           8346              0
           8321              0           8377              0           8409
              0           8393              0           8327              0
           7750              0           8206              0           8388
              0           8323              0           8345              0
           8446              0           8431              0           8352
              0           8419              0           8341              0
           8377              0           8301              0           8506
              0           8469              0           8325              0
           8396              0           8398              0           8498
              0           8354              0           8455              0
           8328

type = integer-attribute
name = TAXIS_NUMS
count = 8
 138 0 77002 -999 -999
 -999 -999 -999

type  = float-attribute
name  = TAXIS_FLOATS
count = 8
              0              2              0              0              0
        -999999        -999999        -999999

type = integer-attribute
name = DATASET_RANK
count = 8
 3 138 0 0 0
 0 0 0

type = integer-attribute
name = DATASET_DIMENSIONS
count = 5
 64 64 32 0 0

type = integer-attribute
name = BRICK_TYPES
count = 138
 1 1 1 1 1
 1 1 1 1 1
 1 1 1 1 1
 1 1 1 1 1
 1 1 1 1 1
 1 1 1 1 1
 1 1 1 1 1
 1 1 1 1 1
 1 1 1 1 1
 1 1 1 1 1
 1 1 1 1 1
 1 1 1 1 1
 1 1 1 1 1
 1 1 1 1 1
 1 1 1 1 1
 1 1 1 1 1
 1 1 1 1 1
 1 1 1 1 1
 1 1 1 1 1
 1 1 1 1 1
 1 1 1 1 1
 1 1 1 1 1
 1 1 1 1 1
 1 1 1 1 1
 1 1 1 1 1
 1 1 1 1 1
 1 1 1 1 1
 1 1 1

type  = float-attribute
name  = BRICK_FLOAT_FACS
count = 138
              0              0              0              0              0
              0              0              0              0              0
              0              0              0              0              0
              0              0              0              0              0
              0              0              0              0              0
              0              0              0              0              0
              0              0              0              0              0
              0              0              0              0              0
              0              0              0              0              0
              0              0              0              0              0
              0              0              0              0              0
              0              0              0              0              0
              0              0              0              0              0
              0              0              0              0              0
              0              0              0              0              0
              0              0              0              0              0
              0              0              0              0              0
              0              0              0              0              0
              0              0              0              0              0
              0              0              0              0              0
              0              0              0              0              0
              0              0              0              0              0
              0              0              0              0              0
              0              0              0              0              0
              0              0              0              0              0
              0              0              0              0              0
              0              0              0              0              0
              0              0              0

type = string-attribute
name = BRICK_LABS
count = 590
'#5~#6~#7~#8~#9~#10~#11~#12~#13~#14~#15~#16~#17~#18~#19~#20~#21~#22~#23~#24~#25~#26~#27~#28~#29~#30~#31~#32~#33~#34~#35~#36~#37~#38~#39~#40~#41~#42~#43~#44~#45~#46~#47~#48~#49~#50~#51~#52~#53~#54~#55~#56~#57~#58~#59~#60~#61~#62~#63~#64~#65~#66~#67~#68~#69~#70~#71~#72~#73~#74~#75~#76~#77~#78~#79~#80~#81~#82~#83~#84~#85~#86~#87~#88~#89~#90~#91~#92~#93~#94~#95~#96~#97~#98~#99~#100~#101~#102~#103~#104~#105~#106~#107~#108~#109~#110~#111~#112~#113~#114~#115~#116~#117~#118~#119~#120~#121~#122~#123~#124~#125~#126~#127~#128~#129~#130~#131~#132~#133~#134~#135~#136~#137~#138~#139~#140~#141~#142~

type = string-attribute
name = BRICK_KEYWORDS
count = 138
'~~~~~~~~~~~~~~~~~~~~~~~~~~~~~~~~~~~~~~~~~~~~~~~~~~~~~~~~~~~~~~~~~~~~~~~~~~~~~~~~~~~~~~~~~~~~~~~~~~~~~~~~~~~~~~~~~~~~~~~~~~~~~~~~~~~~~~~~~~

type = string-attribute
name = TEMPLATE_SPACE
count = 5
'ORIG~

type = integer-attribute
name = INT_CMAP
count = 1
 0

type = string-attribute
name = BYTEORDER_STRING
count = 10
'LSB_FIRST~
