
type = string-attribute
name = HISTORY_NOTE
count = 146
'[nikin@leviathan: Sun Feb 13 12:31:31 2022] {AFNI_22.0.03:linux_openmp_64} 3dcalc -prefix BOLD-0294-BOLD-EC-tmp -a BOLD-0294.nii -expr a -verbose~

type = string-attribute
name = TYPESTRING
count = 15
'3DIM_HEAD_ANAT~

type = string-attribute
name = IDCODE_STRING
count = 27
'XYZ_2JwJ88CrTOB00HvaCqwNdw~

type = string-attribute
name = IDCODE_DATE
count = 25
'Sun Feb 13 12:31:31 2022~

type = integer-attribute
name = SCENE_DATA
count = 8
 0 2 0 -999 -999
 -999 -999 -999

type = string-attribute
name = LABEL_1
count = 5
'zyxt~

type = string-attribute
name = LABEL_2
count = 5
'zyxt~

type = string-attribute
name = DATASET_NAME
count = 5
'zyxt~

type = integer-attribute
name = ORIENT_SPECIFIC
count = 3
 0 2 4

type  = float-attribute
name  = ORIGIN
count = 3
      -123.6548       89.66933      -39.01683

type  = float-attribute
name  = DELTA
count = 3
              4             -4       3.999981

type  = float-attribute
name  = IJK_TO_DICOM
count = 12
              4              0              0      -123.6548              0
             -4              0       89.66933              0              0
       3.999981      -39.01683

type  = float-attribute
name  = IJK_TO_DICOM_REAL
count = 12
       3.999829    -0.03698791    0.001192011      -123.6548    -0.03698805
      -3.997751      0.1289022       89.66933              0      0.1289084
       3.997903      -39.01683

type  = float-attribute
name  = BRICK_STATS
count = 286
              0          18415              0           9316              0
           9322              0           8869              0           8761
              0           8122              0           7933              0
           7904              0           8938              0           8036
              0           7911              0           8010              0
           9231              0           7833              0           8371
              0           8017              0           8002              0
           8100              0           7602              0           8513
              0           8737              0           8030              0
           7995              0           8057              0           7923
              0           8170              0           8870              0
           8633              0           7880              0           7924
              0           7973              0           8004              0
           7622              0           8246              0           7992
              0           7637              0           8423              0
           7884              0           7899              0           8339
              0           7907              0           8518              0
           7867              0           8261              0           9007
              0           8738              0           7905              0
           8128              0           8916              0           8374
              0           7757              0           8190              0
           7699              0           7641              0           7856
              0           7678              0           7604              0
           7617              0           7788              0           7691
              0           7998              0           7584              0
           7775              0           7673              0           7554
              0           7594              0           7743              0
           7605              0           7555              0           7549
              0           7594              0           8549              0
           8356              0           7728              0           7728
              0           7731              0           7770              0
           7785              0           7763              0           7683
              0           7840              0           7694              0
           7557              0           7734              0           7573
              0           7575              0           7792              0
           7693              0           7485              0           7573
              0           7431              0           7566              0
           7356              0           7393              0           7419
              0           7528              0           7404              0
           7345              0           8205              0           7929
              0           7720              0           7936              0
           7446              0           7287              0           7472
              0           8396              0           7620              0
           7327              0           7448              0           7489
              0           7339              0           7307              0
           7288              0           7579              0           7842
              0           7488              0           7515              0
           7629              0           7380              0           7492
              0           8641              0           8329              0
           7327              0           8014              0           7340
              0           7333              0           7527              0
           7434              0           7624              0           7824
              0           8220              0           8407              0
           7314              0           8241              0           7937
              0           7325              0           7351              0
           9331              0           8059              0           7431
              0           8345              0           8727              0
           8282

type = integer-attribute
name = TAXIS_NUMS
count = 8
 143 0 77002 -999 -999
 -999 -999 -999

type  = float-attribute
name  = TAXIS_FLOATS
count = 8
              0              2              0              0              0
        -999999        -999999        -999999

type = integer-attribute
name = DATASET_RANK
count = 8
 3 143 0 0 0
 0 0 0

type = integer-attribute
name = DATASET_DIMENSIONS
count = 5
 64 64 32 0 0

type = integer-attribute
name = BRICK_TYPES
count = 143
 1 1 1 1 1
 1 1 1 1 1
 1 1 1 1 1
 1 1 1 1 1
 1 1 1 1 1
 1 1 1 1 1
 1 1 1 1 1
 1 1 1 1 1
 1 1 1 1 1
 1 1 1 1 1
 1 1 1 1 1
 1 1 1 1 1
 1 1 1 1 1
 1 1 1 1 1
 1 1 1 1 1
 1 1 1 1 1
 1 1 1 1 1
 1 1 1 1 1
 1 1 1 1 1
 1 1 1 1 1
 1 1 1 1 1
 1 1 1 1 1
 1 1 1 1 1
 1 1 1 1 1
 1 1 1 1 1
 1 1 1 1 1
 1 1 1 1 1
 1 1 1 1 1
 1 1 1

type  = float-attribute
name  = BRICK_FLOAT_FACS
count = 143
              0              0              0              0              0
              0              0              0              0              0
              0              0              0              0              0
              0              0              0              0              0
              0              0              0              0              0
              0              0              0              0              0
              0              0              0              0              0
              0              0              0              0              0
              0              0              0              0              0
              0              0              0              0              0
              0              0              0              0              0
              0              0              0              0              0
              0              0              0              0              0
              0              0              0              0              0
              0              0              0              0              0
              0              0              0              0              0
              0              0              0              0              0
              0              0              0              0              0
              0              0              0              0              0
              0              0              0              0              0
              0              0              0              0              0
              0              0              0              0              0
              0              0              0              0              0
              0              0              0              0              0
              0              0              0              0              0
              0              0              0              0              0
              0              0              0              0              0
              0              0              0              0              0
              0              0              0

type = string-attribute
name = TEMPLATE_SPACE
count = 5
'ORIG~

type = integer-attribute
name = INT_CMAP
count = 1
 0

type = string-attribute
name = BYTEORDER_STRING
count = 10
'LSB_FIRST~
