
type = string-attribute
name = HISTORY_NOTE
count = 135
'[nikin@leviathan: Sun Feb 13 12:30:44 2022] {AFNI_22.0.03:linux_openmp_64} 3dDespike -prefix BOLD-0292-BOLD-EC BOLD-0292-BOLD-EC1+orig~

type = string-attribute
name = TYPESTRING
count = 15
'3DIM_HEAD_ANAT~

type = string-attribute
name = IDCODE_STRING
count = 27
'XYZ_a1dsadN5lVFN9AKqeBSP5Q~

type = string-attribute
name = IDCODE_DATE
count = 25
'Sun Feb 13 12:30:44 2022~

type = integer-attribute
name = SCENE_DATA
count = 8
 0 2 0 -999 -999
 -999 -999 -999

type = string-attribute
name = LABEL_1
count = 5
'zyxt~

type = string-attribute
name = LABEL_2
count = 5
'zyxt~

type = string-attribute
name = DATASET_NAME
count = 5
'zyxt~

type = integer-attribute
name = ORIENT_SPECIFIC
count = 3
 0 2 4

type  = float-attribute
name  = ORIGIN
count = 3
      -127.7318        106.049      -12.57216

type  = float-attribute
name  = DELTA
count = 3
              4             -4       4.000016

type  = float-attribute
name  = IJK_TO_DICOM
count = 12
              4              0              0      -127.7318              0
             -4              0        106.049              0              0
       4.000016      -12.57216

type  = float-attribute
name  = IJK_TO_DICOM_REAL
count = 12
       3.999606     0.04467922    -0.03386438      -127.7318      0.0399179
       -3.96535     -0.5238473        106.049     0.03942962     -0.5234562
       3.965421      -12.57216

type  = float-attribute
name  = BRICK_STATS
count = 276
              0           8174              0           8268              0
           8214              0           8109              0       8011.249
              0           8059              0           8090              0
           8108              0           8133              0           8251
              0           8242  -3.780425e-05           8246  -0.0001118965
           8262  -6.500632e-07           8238              0           8223
  -0.0006300509           8172    -0.04194453           8260    -0.07761134
           8312    -0.08265491           8234    -0.06506103           8364
     -0.5728418           8278     -0.9001491           8286     -0.9346642
           8323     -0.7491449           8365     -0.4278632           8419
     -0.1083214           8496     -0.1031664           8500     -0.1255309
           8427     -0.1139445           8297    -0.07854478           8337
    -0.02962552           8301  -1.221895e-05           8326              0
           8345              0           8473   -0.002323434           8532
    -0.01003812           8571   -0.008318886           8481   -0.001655132
           8399              0           8435              0           8409
   -0.002125628           8386   -0.005317066           8409   -0.001753498
           8376   -1.63056e-05           8368              0       8666.249
              0       8621.931              0           8484              0
           8367              0           8382              0           8408
              0           8486              0           8499   -0.005740058
           8438    -0.01511034           8634    -0.01884716           8549
    -0.01681378           8493    -0.01075247           8501   -0.003681164
           8392  -0.0001261234           8467  -0.0001460835           8474
              0           8406  -1.557171e-06           8392              0
           8455              0           8480              0           8445
              0           8420              0           8406              0
           8520              0           8413              0           8432
              0           8529              0           8455              0
           8506              0         8748.7              0       8818.977
              0           8682              0           8643              0
           8689              0           8694              0           8684
              0           8596              0       8468.013              0
       8459.764              0           8644              0           8673
              0           8586              0           8707              0
           8745              0           8704              0           8712
              0           8670              0           8694              0
           8673              0           8750              0           8696
              0           8576              0           8540              0
           8471              0           8549              0       8357.112
              0           8488              0           8381              0
           8388              0           8523              0           8474
              0           8472              0           8478              0
           8515   -0.005907655           8514   -0.006547712           8596
  -0.0006132647        8666.76   -0.005086366       8612.926   -0.009879582
       8644.404    -0.01259242       8563.941    -0.01143804           8316
   -0.004447526           8244              0           8224              0
           8226  -0.0005472042           8290   -0.004007751           8315
   -0.007736892           8274   -0.008577175           8215   -0.004915785
           8360  -5.232915e-05           8284              0           8374
              0           8328              0           8322              0
           8425  -0.0001296252           8430   -0.006555006           8376
    -0.01783882           8219    -0.01993023           8360    -0.01573122
           8493   -0.003728747           8368              0           8286
              0           8276    -0.06175731           8291     -0.3869143
           8323

type = integer-attribute
name = TAXIS_NUMS
count = 8
 138 0 77002 -999 -999
 -999 -999 -999

type  = float-attribute
name  = TAXIS_FLOATS
count = 8
              0              2              0              0              0
        -999999        -999999        -999999

type = integer-attribute
name = DATASET_RANK
count = 8
 3 138 0 0 0
 0 0 0

type = integer-attribute
name = DATASET_DIMENSIONS
count = 5
 64 64 32 0 0

type = integer-attribute
name = BRICK_TYPES
count = 138
 3 3 3 3 3
 3 3 3 3 3
 3 3 3 3 3
 3 3 3 3 3
 3 3 3 3 3
 3 3 3 3 3
 3 3 3 3 3
 3 3 3 3 3
 3 3 3 3 3
 3 3 3 3 3
 3 3 3 3 3
 3 3 3 3 3
 3 3 3 3 3
 3 3 3 3 3
 3 3 3 3 3
 3 3 3 3 3
 3 3 3 3 3
 3 3 3 3 3
 3 3 3 3 3
 3 3 3 3 3
 3 3 3 3 3
 3 3 3 3 3
 3 3 3 3 3
 3 3 3 3 3
 3 3 3 3 3
 3 3 3 3 3
 3 3 3 3 3
 3 3 3

type  = float-attribute
name  = BRICK_FLOAT_FACS
count = 138
              0              0              0              0              0
              0              0              0              0              0
              0              0              0              0              0
              0              0              0              0              0
              0              0              0              0              0
              0              0              0              0              0
              0              0              0              0              0
              0              0              0              0              0
              0              0              0              0              0
              0              0              0              0              0
              0              0              0              0              0
              0              0              0              0              0
              0              0              0              0              0
              0              0              0              0              0
              0              0              0              0              0
              0              0              0              0              0
              0              0              0              0              0
              0              0              0              0              0
              0              0              0              0              0
              0              0              0              0              0
              0              0              0              0              0
              0              0              0              0              0
              0              0              0              0              0
              0              0              0              0              0
              0              0              0              0              0
              0              0              0              0              0
              0              0              0              0              0
              0              0              0

type = string-attribute
name = BRICK_LABS
count = 590
'#5~#6~#7~#8~#9~#10~#11~#12~#13~#14~#15~#16~#17~#18~#19~#20~#21~#22~#23~#24~#25~#26~#27~#28~#29~#30~#31~#32~#33~#34~#35~#36~#37~#38~#39~#40~#41~#42~#43~#44~#45~#46~#47~#48~#49~#50~#51~#52~#53~#54~#55~#56~#57~#58~#59~#60~#61~#62~#63~#64~#65~#66~#67~#68~#69~#70~#71~#72~#73~#74~#75~#76~#77~#78~#79~#80~#81~#82~#83~#84~#85~#86~#87~#88~#89~#90~#91~#92~#93~#94~#95~#96~#97~#98~#99~#100~#101~#102~#103~#104~#105~#106~#107~#108~#109~#110~#111~#112~#113~#114~#115~#116~#117~#118~#119~#120~#121~#122~#123~#124~#125~#126~#127~#128~#129~#130~#131~#132~#133~#134~#135~#136~#137~#138~#139~#140~#141~#142~

type = string-attribute
name = BRICK_KEYWORDS
count = 138
'~~~~~~~~~~~~~~~~~~~~~~~~~~~~~~~~~~~~~~~~~~~~~~~~~~~~~~~~~~~~~~~~~~~~~~~~~~~~~~~~~~~~~~~~~~~~~~~~~~~~~~~~~~~~~~~~~~~~~~~~~~~~~~~~~~~~~~~~~~

type = string-attribute
name = TEMPLATE_SPACE
count = 5
'ORIG~

type = integer-attribute
name = INT_CMAP
count = 1
 0

type = string-attribute
name = BYTEORDER_STRING
count = 10
'LSB_FIRST~
