
type = string-attribute
name = HISTORY_NOTE
count = 135
'[nikin@leviathan: Sun Feb 13 12:40:52 2022] {AFNI_22.0.03:linux_openmp_64} 3dDespike -prefix BOLD-0359-BOLD-EC BOLD-0359-BOLD-EC1+orig~

type = string-attribute
name = TYPESTRING
count = 15
'3DIM_HEAD_ANAT~

type = string-attribute
name = IDCODE_STRING
count = 27
'XYZ_mlvRDzva34hj_JpS1mo6mg~

type = string-attribute
name = IDCODE_DATE
count = 25
'Sun Feb 13 12:40:52 2022~

type = integer-attribute
name = SCENE_DATA
count = 8
 0 2 0 -999 -999
 -999 -999 -999

type = string-attribute
name = LABEL_1
count = 5
'zyxt~

type = string-attribute
name = LABEL_2
count = 5
'zyxt~

type = string-attribute
name = DATASET_NAME
count = 5
'zyxt~

type = integer-attribute
name = ORIENT_SPECIFIC
count = 3
 0 2 4

type  = float-attribute
name  = ORIGIN
count = 3
      -129.1183       99.23125      -10.87571

type  = float-attribute
name  = DELTA
count = 3
              4             -4       3.999941

type  = float-attribute
name  = IJK_TO_DICOM
count = 12
              4              0              0      -129.1183              0
             -4              0       99.23125              0              0
       3.999941      -10.87571

type  = float-attribute
name  = IJK_TO_DICOM_REAL
count = 12
       3.988895      0.2959103    -0.03489804      -129.1183      0.2865079
      -3.938639     -0.6363671       99.23125     0.08142359     -0.6321078
       3.948842      -10.87571

type  = float-attribute
name  = BRICK_STATS
count = 276
     -0.1496703           8050    -0.01568196           8225              0
           7793  -3.741775e-05           7955    -0.00120314           8331
   -0.001238974       8416.973   -0.001570854           8291   -0.000599321
           8301  -5.587935e-08           8148              0           8154
  -8.940697e-08           8096              0       7766.046              0
           8058              0           8503              0           8334
              0           8092    -0.04008369           8213    -0.06924146
           8357     -0.0683105           8309    -0.03899789           8259
    -0.02535041           8200    -0.02316543           8064    -0.01064309
           8077    -0.00194189           8188              0           8056
    -0.00132891           8003    -0.01121652           7904    -0.01516431
           7648    -0.01260471           7914   -0.006445607           7703
  -0.0005706064           7681              0           7750              0
           7995  -0.0002867393           7984   -0.002147786           7830
    -0.03869285           7700     -0.0631881           7926    -0.06621716
           7894    -0.05285421        8070.59    -0.02947414           7695
   -0.006601773           8194     -0.0217617           7802    -0.03878602
           8029    -0.02217004           8201   -0.009512588           8209
  -8.434057e-06           8066              0           8191              0
           8147              0           7948              0           8162
              0           8246              0           8157              0
           8323              0           8161  -5.215406e-08       7821.102
    -0.01818915           8153    -0.04324788           8254    -0.04750907
           8125    -0.03366216           8027    -0.01248032           7807
  -0.0005165935           8022              0           8088              0
           8148              0           8062              0           8171
              0           8059              0           8384              0
           8280              0           8233              0           7978
              0           8121              0           8356              0
           8171              0           8266              0           8207
              0           8349              0           8168              0
           8188              0           7718              0           8465
              0           8213              0           8375              0
           8048              0           7843              0           8378
              0           8296              0       8428.607              0
           7701              0           8100              0           7714
  -0.0001048371           7811  -0.0007163659           7908   -0.000221625
           7755              0           7998              0       8435.912
              0           8215  -1.907349e-05       8338.979              0
           7836    -0.01191425           8175   -0.006777041           8287
   -0.001571953           8022    -0.07041037           8059     -0.1877821
           8289     -0.2772003           7774     -0.3002682           8269
     -0.2259337           8021    -0.01219204           7886              0
           7993              0           8000              0           8118
              0           8031              0       8358.763              0
       8487.336              0           8253              0           7978
              0           7697              0           8168              0
           7824              0           8159              0           8008
   -0.000334464           7940  -4.839897e-05           7982              0
           8034              0           7922              0           8017
              0           7943              0           8055              0
           7945  -0.0003095716           7949   -0.009073675           8237
    -0.02287105           7846     -0.0253983           7984    -0.01363459
       8326.125   -0.003579915           8070  -1.862645e-09           8004
              0           7893    -0.02374899           7957     -0.1741557
           7831

type = integer-attribute
name = TAXIS_NUMS
count = 8
 138 0 77002 -999 -999
 -999 -999 -999

type  = float-attribute
name  = TAXIS_FLOATS
count = 8
              0              2              0              0              0
        -999999        -999999        -999999

type = integer-attribute
name = DATASET_RANK
count = 8
 3 138 0 0 0
 0 0 0

type = integer-attribute
name = DATASET_DIMENSIONS
count = 5
 64 64 32 0 0

type = integer-attribute
name = BRICK_TYPES
count = 138
 3 3 3 3 3
 3 3 3 3 3
 3 3 3 3 3
 3 3 3 3 3
 3 3 3 3 3
 3 3 3 3 3
 3 3 3 3 3
 3 3 3 3 3
 3 3 3 3 3
 3 3 3 3 3
 3 3 3 3 3
 3 3 3 3 3
 3 3 3 3 3
 3 3 3 3 3
 3 3 3 3 3
 3 3 3 3 3
 3 3 3 3 3
 3 3 3 3 3
 3 3 3 3 3
 3 3 3 3 3
 3 3 3 3 3
 3 3 3 3 3
 3 3 3 3 3
 3 3 3 3 3
 3 3 3 3 3
 3 3 3 3 3
 3 3 3 3 3
 3 3 3

type  = float-attribute
name  = BRICK_FLOAT_FACS
count = 138
              0              0              0              0              0
              0              0              0              0              0
              0              0              0              0              0
              0              0              0              0              0
              0              0              0              0              0
              0              0              0              0              0
              0              0              0              0              0
              0              0              0              0              0
              0              0              0              0              0
              0              0              0              0              0
              0              0              0              0              0
              0              0              0              0              0
              0              0              0              0              0
              0              0              0              0              0
              0              0              0              0              0
              0              0              0              0              0
              0              0              0              0              0
              0              0              0              0              0
              0              0              0              0              0
              0              0              0              0              0
              0              0              0              0              0
              0              0              0              0              0
              0              0              0              0              0
              0              0              0              0              0
              0              0              0              0              0
              0              0              0              0              0
              0              0              0              0              0
              0              0              0

type = string-attribute
name = BRICK_LABS
count = 590
'#5~#6~#7~#8~#9~#10~#11~#12~#13~#14~#15~#16~#17~#18~#19~#20~#21~#22~#23~#24~#25~#26~#27~#28~#29~#30~#31~#32~#33~#34~#35~#36~#37~#38~#39~#40~#41~#42~#43~#44~#45~#46~#47~#48~#49~#50~#51~#52~#53~#54~#55~#56~#57~#58~#59~#60~#61~#62~#63~#64~#65~#66~#67~#68~#69~#70~#71~#72~#73~#74~#75~#76~#77~#78~#79~#80~#81~#82~#83~#84~#85~#86~#87~#88~#89~#90~#91~#92~#93~#94~#95~#96~#97~#98~#99~#100~#101~#102~#103~#104~#105~#106~#107~#108~#109~#110~#111~#112~#113~#114~#115~#116~#117~#118~#119~#120~#121~#122~#123~#124~#125~#126~#127~#128~#129~#130~#131~#132~#133~#134~#135~#136~#137~#138~#139~#140~#141~#142~

type = string-attribute
name = BRICK_KEYWORDS
count = 138
'~~~~~~~~~~~~~~~~~~~~~~~~~~~~~~~~~~~~~~~~~~~~~~~~~~~~~~~~~~~~~~~~~~~~~~~~~~~~~~~~~~~~~~~~~~~~~~~~~~~~~~~~~~~~~~~~~~~~~~~~~~~~~~~~~~~~~~~~~~

type = string-attribute
name = TEMPLATE_SPACE
count = 5
'ORIG~

type = integer-attribute
name = INT_CMAP
count = 1
 0

type = string-attribute
name = BYTEORDER_STRING
count = 10
'LSB_FIRST~
