
type = string-attribute
name = HISTORY_NOTE
count = 289
'[nikin@leviathan: Sun Feb 13 12:35:30 2022] {AFNI_22.0.03:linux_openmp_64} 3dDespike -prefix BOLD-0322-BOLD-EC BOLD-0322-BOLD-EC1+orig\n[nikin@leviathan: Sun Feb 13 12:35:42 2022] {AFNI_22.0.03:linux_openmp_64} 3dcalc -prefix BOLD-0322-BOLD-EC-base -a 'BOLD-0322-BOLD-EC+orig[25]' -expr a~

type = string-attribute
name = TYPESTRING
count = 15
'3DIM_HEAD_ANAT~

type = string-attribute
name = IDCODE_STRING
count = 27
'XYZ_mOZxcG-j4bcU78UPMTMaDA~

type = string-attribute
name = IDCODE_DATE
count = 25
'Sun Feb 13 12:35:42 2022~

type = integer-attribute
name = SCENE_DATA
count = 8
 0 2 0 -999 -999
 -999 -999 -999

type = string-attribute
name = LABEL_1
count = 5
'zyxt~

type = string-attribute
name = LABEL_2
count = 5
'zyxt~

type = string-attribute
name = DATASET_NAME
count = 5
'zyxt~

type = integer-attribute
name = ORIENT_SPECIFIC
count = 3
 0 2 4

type  = float-attribute
name  = ORIGIN
count = 3
      -121.0923       100.1865       13.46641

type  = float-attribute
name  = DELTA
count = 3
              4             -4       4.000098

type  = float-attribute
name  = IJK_TO_DICOM
count = 12
              4              0              0      -121.0923              0
             -4              0       100.1865              0              0
       4.000098       13.46641

type  = float-attribute
name  = IJK_TO_DICOM_REAL
count = 12
       3.994722    -0.02734432     -0.2035911      -121.0923    -0.08166676
      -3.848976       -1.08571       100.1865      0.1884807      -1.088408
        3.84455       13.46641

type  = float-attribute
name  = BRICK_STATS
count = 2
    -0.09082647           7798

type = integer-attribute
name = DATASET_RANK
count = 8
 3 1 0 0 0
 0 0 0

type = integer-attribute
name = DATASET_DIMENSIONS
count = 5
 64 64 32 0 0

type = integer-attribute
name = BRICK_TYPES
count = 1
 3

type  = float-attribute
name  = BRICK_FLOAT_FACS
count = 1
              0

type = string-attribute
name = BRICK_LABS
count = 4
'#30~

type = string-attribute
name = BRICK_KEYWORDS
count = 1
'~

type = string-attribute
name = TEMPLATE_SPACE
count = 5
'ORIG~

type = integer-attribute
name = INT_CMAP
count = 1
 0

type = string-attribute
name = BYTEORDER_STRING
count = 10
'LSB_FIRST~
