
type = string-attribute
name = HISTORY_NOTE
count = 135
'[nikin@leviathan: Sun Feb 13 12:34:19 2022] {AFNI_22.0.03:linux_openmp_64} 3dDespike -prefix BOLD-0320-BOLD-EC BOLD-0320-BOLD-EC1+orig~

type = string-attribute
name = TYPESTRING
count = 15
'3DIM_HEAD_ANAT~

type = string-attribute
name = IDCODE_STRING
count = 27
'XYZ_ovBGgloiEXkd3kbJuaYSog~

type = string-attribute
name = IDCODE_DATE
count = 25
'Sun Feb 13 12:34:19 2022~

type = integer-attribute
name = SCENE_DATA
count = 8
 0 2 0 -999 -999
 -999 -999 -999

type = string-attribute
name = LABEL_1
count = 5
'zyxt~

type = string-attribute
name = LABEL_2
count = 5
'zyxt~

type = string-attribute
name = DATASET_NAME
count = 5
'zyxt~

type = integer-attribute
name = ORIENT_SPECIFIC
count = 3
 0 2 4

type  = float-attribute
name  = ORIGIN
count = 3
      -122.9909        103.135      -39.57603

type  = float-attribute
name  = DELTA
count = 3
              4             -4       3.999975

type  = float-attribute
name  = IJK_TO_DICOM
count = 12
              4              0              0      -122.9909              0
             -4              0        103.135              0              0
       3.999975      -39.57603

type  = float-attribute
name  = IJK_TO_DICOM_REAL
count = 12
       3.997418     -0.1226836     0.07484449      -122.9909     -0.1234165
      -3.997905     0.03897623        103.135    -0.07361044     0.04126081
       3.999084      -39.57603

type  = float-attribute
name  = BRICK_STATS
count = 276
      -1.310073           6929     -0.1495122           6945  -0.0001976117
           6949              0           6949  -0.0004704874           6908
   -0.004796028           6927     -0.0120473           6935     -0.0108322
           6945   -0.004237346           6940  -0.0001320317           6933
              0           6902              0           6982              0
           6949              0           6889              0           6888
              0           6912   -0.005869098           6918    -0.04116237
           6943    -0.06007398           6950    -0.06129435           6931
     -0.0487935           6914    -0.02695405           6898              0
           6892              0           6942              0           6915
              0           6931              0           6885              0
           6925   -0.001711316           6915   -0.009524127           6935
      -0.011694           6981    -0.00982569           6964    -0.01000819
           6956    -0.01010239           6897    -0.01255657           6964
   -0.009301038           6959   -0.003799137           6918  -9.064004e-05
           6924  -0.0004383652           6900   -0.004322667           6888
   -0.005630771           6926   -0.002375862           6886              0
           6879              0           6876              0           6880
              0           6920              0           6900              0
           6894              0           6868              0           6873
              0           6914              0       6999.986              0
       7014.655              0       6987.084              0           6924
              0           6905              0           6901              0
           6887              0           6877              0           6868
              0           6889              0           6916              0
           6921              0           6967              0       7033.233
              0       7068.771              0           6990              0
           6937              0           6901              0           6981
              0           7002              0           6915              0
           6942              0           6963              0           7025
              0           7001              0           6991              0
           6968              0           7040              0           7045
              0           7048              0           7079              0
           7047              0           7046              0           6986
              0           7009              0           7053  -2.995506e-05
           7066              0           7024   -0.001181483           7012
    -0.03436163           7015     -0.1314268           7049     -0.2247452
           7021      -0.279423           7106     -0.2726294           7069
     -0.1829928           7104    -0.03256886           7109    -0.09020665
           7055     -0.1680182           7066     -0.2108478           7021
     -0.1959153           7003     -0.1088575           7007    -0.05436401
           6988    -0.05169168           7013    -0.03971976           7037
    -0.02876723       7149.987   -0.004270285           7141  -4.221871e-05
           7117   -0.001033835           7060   -0.003716138           7000
   -0.004951674           7067   -0.004373946           7015   -0.004430745
           7113   -0.007653639           7180      -0.032983           7186
    -0.05865387           7128    -0.07354839           7083    -0.07036963
           7111     -0.0430747           7101              0           7146
              0           7059              0           7172              0
       7271.867              0       7309.057              0           7242
              0           7156              0           7126              0
           7112              0           7108              0           7144
  -2.764165e-06           7219  -8.276477e-05       7263.521  -1.579523e-06
           7153              0           7136              0           7107
              0           7153     -0.1844743           7193      -2.182606
           7185

type = integer-attribute
name = TAXIS_NUMS
count = 8
 138 0 77002 -999 -999
 -999 -999 -999

type  = float-attribute
name  = TAXIS_FLOATS
count = 8
              0              2              0              0              0
        -999999        -999999        -999999

type = integer-attribute
name = DATASET_RANK
count = 8
 3 138 0 0 0
 0 0 0

type = integer-attribute
name = DATASET_DIMENSIONS
count = 5
 64 64 32 0 0

type = integer-attribute
name = BRICK_TYPES
count = 138
 3 3 3 3 3
 3 3 3 3 3
 3 3 3 3 3
 3 3 3 3 3
 3 3 3 3 3
 3 3 3 3 3
 3 3 3 3 3
 3 3 3 3 3
 3 3 3 3 3
 3 3 3 3 3
 3 3 3 3 3
 3 3 3 3 3
 3 3 3 3 3
 3 3 3 3 3
 3 3 3 3 3
 3 3 3 3 3
 3 3 3 3 3
 3 3 3 3 3
 3 3 3 3 3
 3 3 3 3 3
 3 3 3 3 3
 3 3 3 3 3
 3 3 3 3 3
 3 3 3 3 3
 3 3 3 3 3
 3 3 3 3 3
 3 3 3 3 3
 3 3 3

type  = float-attribute
name  = BRICK_FLOAT_FACS
count = 138
              0              0              0              0              0
              0              0              0              0              0
              0              0              0              0              0
              0              0              0              0              0
              0              0              0              0              0
              0              0              0              0              0
              0              0              0              0              0
              0              0              0              0              0
              0              0              0              0              0
              0              0              0              0              0
              0              0              0              0              0
              0              0              0              0              0
              0              0              0              0              0
              0              0              0              0              0
              0              0              0              0              0
              0              0              0              0              0
              0              0              0              0              0
              0              0              0              0              0
              0              0              0              0              0
              0              0              0              0              0
              0              0              0              0              0
              0              0              0              0              0
              0              0              0              0              0
              0              0              0              0              0
              0              0              0              0              0
              0              0              0              0              0
              0              0              0              0              0
              0              0              0

type = string-attribute
name = BRICK_LABS
count = 590
'#5~#6~#7~#8~#9~#10~#11~#12~#13~#14~#15~#16~#17~#18~#19~#20~#21~#22~#23~#24~#25~#26~#27~#28~#29~#30~#31~#32~#33~#34~#35~#36~#37~#38~#39~#40~#41~#42~#43~#44~#45~#46~#47~#48~#49~#50~#51~#52~#53~#54~#55~#56~#57~#58~#59~#60~#61~#62~#63~#64~#65~#66~#67~#68~#69~#70~#71~#72~#73~#74~#75~#76~#77~#78~#79~#80~#81~#82~#83~#84~#85~#86~#87~#88~#89~#90~#91~#92~#93~#94~#95~#96~#97~#98~#99~#100~#101~#102~#103~#104~#105~#106~#107~#108~#109~#110~#111~#112~#113~#114~#115~#116~#117~#118~#119~#120~#121~#122~#123~#124~#125~#126~#127~#128~#129~#130~#131~#132~#133~#134~#135~#136~#137~#138~#139~#140~#141~#142~

type = string-attribute
name = BRICK_KEYWORDS
count = 138
'~~~~~~~~~~~~~~~~~~~~~~~~~~~~~~~~~~~~~~~~~~~~~~~~~~~~~~~~~~~~~~~~~~~~~~~~~~~~~~~~~~~~~~~~~~~~~~~~~~~~~~~~~~~~~~~~~~~~~~~~~~~~~~~~~~~~~~~~~~

type = string-attribute
name = TEMPLATE_SPACE
count = 5
'ORIG~

type = integer-attribute
name = INT_CMAP
count = 1
 0

type = string-attribute
name = BYTEORDER_STRING
count = 10
'LSB_FIRST~
