
type = string-attribute
name = HISTORY_NOTE
count = 490
'[nikin@leviathan: Sun Feb 13 12:36:22 2022] {AFNI_22.0.03:linux_openmp_64} 3dDespike -prefix BOLD-0326-BOLD-EC BOLD-0326-BOLD-EC1+orig\n[nikin@leviathan: Sun Feb 13 12:36:36 2022] {AFNI_22.0.03:linux_openmp_64} 3dvolreg -verbose -tshift 0 -base 59 -1Dfile outliers-BOLD-EC.1D -prefix BOLD-0326-BOLD-EC-volreg BOLD-0326-BOLD-EC+orig\n[nikin@leviathan: Sun Feb 13 12:36:49 2022] {AFNI_22.0.03:linux_openmp_64} 3dAutomask -prefix BOLD-0326-BOLD-EC-mask -dilate 1 BOLD-0326-BOLD-EC-volreg+orig~

type = string-attribute
name = TYPESTRING
count = 15
'3DIM_HEAD_FUNC~

type = string-attribute
name = IDCODE_STRING
count = 27
'XYZ_9-vLDPz6oWLmKcs0GthYbA~

type = string-attribute
name = IDCODE_DATE
count = 25
'Sun Feb 13 12:36:49 2022~

type = integer-attribute
name = SCENE_DATA
count = 8
 0 0 1 -999 -999
 -999 -999 -999

type = string-attribute
name = LABEL_1
count = 5
'zyxt~

type = string-attribute
name = LABEL_2
count = 5
'zyxt~

type = string-attribute
name = DATASET_NAME
count = 5
'zyxt~

type = integer-attribute
name = ORIENT_SPECIFIC
count = 3
 0 2 4

type  = float-attribute
name  = ORIGIN
count = 3
       -128.741       99.44794      0.9096411

type  = float-attribute
name  = DELTA
count = 3
              4             -4       3.999932

type  = float-attribute
name  = IJK_TO_DICOM
count = 12
              4              0              0       -128.741              0
             -4              0       99.44794              0              0
       3.999932      0.9096411

type  = float-attribute
name  = IJK_TO_DICOM_REAL
count = 12
        3.99824      0.1171904     0.01889113       -128.741      0.1186544
      -3.947237     -0.6365651       99.44794              0     -0.6368562
        3.94891      0.9096411

type  = float-attribute
name  = BRICK_STATS
count = 2
              0              1

type = integer-attribute
name = DATASET_RANK
count = 8
 3 1 0 0 0
 0 0 0

type = integer-attribute
name = DATASET_DIMENSIONS
count = 5
 64 64 32 0 0

type = integer-attribute
name = BRICK_TYPES
count = 1
 0

type  = float-attribute
name  = BRICK_FLOAT_FACS
count = 1
              0

type = string-attribute
name = TEMPLATE_SPACE
count = 5
'ORIG~

type = integer-attribute
name = INT_CMAP
count = 1
 0

type = string-attribute
name = BYTEORDER_STRING
count = 10
'LSB_FIRST~
