
type = string-attribute
name = HISTORY_NOTE
count = 302
'[nikin@leviathan: Sun Feb 13 12:28:48 2022] {AFNI_22.0.03:linux_openmp_64} 3dcalc -prefix BOLD-0240-BOLD-EC-tmp -a BOLD-0240.nii -expr a -verbose\n[nikin@leviathan: Sun Feb 13 12:28:51 2022] {AFNI_22.0.03:linux_openmp_64} 3dcalc -prefix BOLD-0240-BOLD-EC1 -a 'BOLD-0240-BOLD-EC-tmp+orig[5..$]' -expr a~

type = string-attribute
name = TYPESTRING
count = 15
'3DIM_HEAD_ANAT~

type = string-attribute
name = IDCODE_STRING
count = 27
'XYZ_2KyzCFzsprKi_NMyTIPgqw~

type = string-attribute
name = IDCODE_DATE
count = 25
'Sun Feb 13 12:28:51 2022~

type = integer-attribute
name = SCENE_DATA
count = 8
 0 2 0 -999 -999
 -999 -999 -999

type = string-attribute
name = LABEL_1
count = 5
'zyxt~

type = string-attribute
name = LABEL_2
count = 5
'zyxt~

type = string-attribute
name = DATASET_NAME
count = 5
'zyxt~

type = integer-attribute
name = ORIENT_SPECIFIC
count = 3
 0 2 4

type  = float-attribute
name  = ORIGIN
count = 3
      -129.5951       95.81821      -51.39173

type  = float-attribute
name  = DELTA
count = 3
              4             -4       4.000052

type  = float-attribute
name  = IJK_TO_DICOM
count = 12
              4              0              0      -129.5951              0
             -4              0       95.81821              0              0
       4.000052      -51.39173

type  = float-attribute
name  = IJK_TO_DICOM_REAL
count = 12
        3.99859      0.1060812   -0.003701508      -129.5951       0.106206
      -3.996162      0.1393594       95.81821              0      0.1394067
       3.997622      -51.39173

type  = float-attribute
name  = BRICK_STATS
count = 276
              0           7890              0           7976              0
           7980              0           8027              0           8014
              0           8006              0           7990              0
           8001              0           8025              0           7945
              0           8021              0           7965              0
           8063              0           8066              0           7876
              0           8166              0           7922              0
           8089              0           7974              0           8087
              0           8058              0           8064              0
           8135              0           7760              0           8075
              0           7871              0           8007              0
           8067              0           8047              0           8061
              0           8076              0           7985              0
           8098              0           8018              0           8087
              0           8001              0           8083              0
           7985              0           8184              0           8015
              0           8103              0           7987              0
           8032              0           7986              0           7998
              0           8035              0           7938              0
           7956              0           7925              0           8036
              0           7992              0           7934              0
           8057              0           7926              0           7966
              0           8039              0           8009              0
           8000              0           8031              0           8064
              0           7966              0           8021              0
           7933              0           7971              0           8028
              0           7990              0           8033              0
           7921              0           8029              0           7924
              0           7979              0           7832              0
           7957              0           7836              0           7926
              0           7904              0           7992              0
           7924              0           7858              0           8010
              0           7998              0           8033              0
           7967              0           7987              0           7978
              0           7939              0           7997              0
           8046              0           7898              0           8000
              0           7772              0           7972              0
           7707              0           7965              0           7821
              0           7879              0           7903              0
           7705              0           8015              0           7624
              0           7951              0           7708              0
           7847              0           7877              0           7813
              0           7992              0           7806              0
           8000              0           7951              0           7959
              0           7866              0           7916              0
           7813              0           7939              0           7961
              0           8017              0           7901              0
           8009              0           7874              0           7935
              0           7898              0           7875              0
           7915              0           7887              0           7958
              0           7816              0           7981              0
           7806              0           7931              0           7790
              0           7919              0           8007              0
           7975              0           7973              0           7956
              0           7860              0           7915              0
           7877

type = integer-attribute
name = TAXIS_NUMS
count = 8
 138 0 77002 -999 -999
 -999 -999 -999

type  = float-attribute
name  = TAXIS_FLOATS
count = 8
              0              2              0              0              0
        -999999        -999999        -999999

type = integer-attribute
name = DATASET_RANK
count = 8
 3 138 0 0 0
 0 0 0

type = integer-attribute
name = DATASET_DIMENSIONS
count = 5
 64 64 32 0 0

type = integer-attribute
name = BRICK_TYPES
count = 138
 1 1 1 1 1
 1 1 1 1 1
 1 1 1 1 1
 1 1 1 1 1
 1 1 1 1 1
 1 1 1 1 1
 1 1 1 1 1
 1 1 1 1 1
 1 1 1 1 1
 1 1 1 1 1
 1 1 1 1 1
 1 1 1 1 1
 1 1 1 1 1
 1 1 1 1 1
 1 1 1 1 1
 1 1 1 1 1
 1 1 1 1 1
 1 1 1 1 1
 1 1 1 1 1
 1 1 1 1 1
 1 1 1 1 1
 1 1 1 1 1
 1 1 1 1 1
 1 1 1 1 1
 1 1 1 1 1
 1 1 1 1 1
 1 1 1 1 1
 1 1 1

type  = float-attribute
name  = BRICK_FLOAT_FACS
count = 138
              0              0              0              0              0
              0              0              0              0              0
              0              0              0              0              0
              0              0              0              0              0
              0              0              0              0              0
              0              0              0              0              0
              0              0              0              0              0
              0              0              0              0              0
              0              0              0              0              0
              0              0              0              0              0
              0              0              0              0              0
              0              0              0              0              0
              0              0              0              0              0
              0              0              0              0              0
              0              0              0              0              0
              0              0              0              0              0
              0              0              0              0              0
              0              0              0              0              0
              0              0              0              0              0
              0              0              0              0              0
              0              0              0              0              0
              0              0              0              0              0
              0              0              0              0              0
              0              0              0              0              0
              0              0              0              0              0
              0              0              0              0              0
              0              0              0              0              0
              0              0              0

type = string-attribute
name = BRICK_LABS
count = 590
'#5~#6~#7~#8~#9~#10~#11~#12~#13~#14~#15~#16~#17~#18~#19~#20~#21~#22~#23~#24~#25~#26~#27~#28~#29~#30~#31~#32~#33~#34~#35~#36~#37~#38~#39~#40~#41~#42~#43~#44~#45~#46~#47~#48~#49~#50~#51~#52~#53~#54~#55~#56~#57~#58~#59~#60~#61~#62~#63~#64~#65~#66~#67~#68~#69~#70~#71~#72~#73~#74~#75~#76~#77~#78~#79~#80~#81~#82~#83~#84~#85~#86~#87~#88~#89~#90~#91~#92~#93~#94~#95~#96~#97~#98~#99~#100~#101~#102~#103~#104~#105~#106~#107~#108~#109~#110~#111~#112~#113~#114~#115~#116~#117~#118~#119~#120~#121~#122~#123~#124~#125~#126~#127~#128~#129~#130~#131~#132~#133~#134~#135~#136~#137~#138~#139~#140~#141~#142~

type = string-attribute
name = BRICK_KEYWORDS
count = 138
'~~~~~~~~~~~~~~~~~~~~~~~~~~~~~~~~~~~~~~~~~~~~~~~~~~~~~~~~~~~~~~~~~~~~~~~~~~~~~~~~~~~~~~~~~~~~~~~~~~~~~~~~~~~~~~~~~~~~~~~~~~~~~~~~~~~~~~~~~~

type = string-attribute
name = TEMPLATE_SPACE
count = 5
'ORIG~

type = integer-attribute
name = INT_CMAP
count = 1
 0

type = string-attribute
name = BYTEORDER_STRING
count = 10
'LSB_FIRST~
