
type = string-attribute
name = HISTORY_NOTE
count = 135
'[nikin@leviathan: Sun Feb 13 12:32:32 2022] {AFNI_22.0.03:linux_openmp_64} 3dDespike -prefix BOLD-0310-BOLD-EC BOLD-0310-BOLD-EC1+orig~

type = string-attribute
name = TYPESTRING
count = 15
'3DIM_HEAD_ANAT~

type = string-attribute
name = IDCODE_STRING
count = 27
'XYZ_GOTUTJfVZvaOt2R_zicByQ~

type = string-attribute
name = IDCODE_DATE
count = 25
'Sun Feb 13 12:32:32 2022~

type = integer-attribute
name = SCENE_DATA
count = 8
 0 2 0 -999 -999
 -999 -999 -999

type = string-attribute
name = LABEL_1
count = 5
'zyxt~

type = string-attribute
name = LABEL_2
count = 5
'zyxt~

type = string-attribute
name = DATASET_NAME
count = 5
'zyxt~

type = integer-attribute
name = ORIENT_SPECIFIC
count = 3
 0 2 4

type  = float-attribute
name  = ORIGIN
count = 3
      -124.0384       89.04935      -84.75029

type  = float-attribute
name  = DELTA
count = 3
              4             -4       4.000109

type  = float-attribute
name  = IJK_TO_DICOM
count = 12
              4              0              0      -124.0384              0
             -4              0       89.04935              0              0
       4.000109      -84.75029

type  = float-attribute
name  = IJK_TO_DICOM_REAL
count = 12
       3.999089     -0.0471212    -0.07119871      -124.0384    -0.03991765
      -3.980767      0.3897439       89.04935     0.07544082      0.3889332
        3.98044      -84.75029

type  = float-attribute
name  = BRICK_STATS
count = 276
      -9.847178           6542      -3.713921           6569              0
           6564              0           6593              0           6603
              0           6595              0           6617              0
           6607              0           6630   -0.000111118           6637
              0           6614    -0.00495109           6610              0
           6615              0           6626     -0.1879506           6588
     -0.3412346           6583     -0.3897607       6572.721     -0.3516821
           6590     -0.2515362           6578     -0.1207212           6564
    -0.01794028           6542    -0.04921696           6618    -0.06910769
           6610    -0.07375987           6586     -0.1251535           6661
     -0.4071482           6636     -0.5578383           6648     -0.5991938
           6673     -0.5564037           6683     -0.4529067           6631
     -0.3100294           6636     -0.1488832           6622    -0.04745114
           6649    -0.01832396           6610    -0.02094014           6691
    -0.01910372           6664    -0.01322876           6712   -0.005496956
           6648  -0.0002421979           6667              0           6611
  -6.228685e-06           6619     -0.0673359           6602     -0.1512446
           6622     -0.1593212           6638      -0.105997           6637
    -0.03389657           6604              0           6590              0
           6603              0           6605              0           6639
              0           6595              0           6628              0
           6635              0           6607              0           6593
              0           6573              0           6558              0
           6610              0           6595              0           6650
              0           6602              0           6686              0
           6644              0           6611              0           6636
              0           6599              0           6618              0
        6633.13              0           6601  -3.520399e-07           6594
  -0.0004335754           6579  -0.0009395108           6619  -0.0006425902
           6663  -0.0001052804           6651  -0.0002740026           6643
   -0.003377199           6594   -0.004809558           6619   -0.001165092
           6632    -0.04193968           6590     -0.0922147           6630
      -0.181295           6605     -0.1711714           6608    -0.07739854
           6631  -1.978874e-05           6667              0           6608
              0           6651  -4.704203e-05           6662   -0.001646437
           6611   -0.003881318           6585   -0.005118419           6589
   -0.004074829           6596  -0.0006219074           6586              0
           6605              0           6600              0           6588
              0           6632              0           6600              0
           6622              0           6556              0           6554
              0           6551              0           6591              0
           6610              0           6608  -5.744398e-05           6580
    -0.01209424           6595    -0.04037409           6567    -0.06883024
           6586    -0.09570676           6590     -0.1114737           6597
     -0.1083156           6573    -0.07958073           6593    -0.02052462
           6575              0           6605              0           6612
              0           6620              0           6618              0
           6673   -0.004763901           6635      -0.049384           6639
    -0.08002222           6630    -0.06594151           6607    -0.02523851
           6652   -0.001772046           6609              0           6659
              0           6654              0           6619              0
           6691              0           6627   -0.005491704           6669
     -0.0227021           6651    -0.02574253           6613   -0.005786359
       6709.915  -0.0001558587       6608.976              0           6654
              0           6556      -1.853599           6606      -15.44212
           6576

type = integer-attribute
name = TAXIS_NUMS
count = 8
 138 0 77002 -999 -999
 -999 -999 -999

type  = float-attribute
name  = TAXIS_FLOATS
count = 8
              0              2              0              0              0
        -999999        -999999        -999999

type = integer-attribute
name = DATASET_RANK
count = 8
 3 138 0 0 0
 0 0 0

type = integer-attribute
name = DATASET_DIMENSIONS
count = 5
 64 64 32 0 0

type = integer-attribute
name = BRICK_TYPES
count = 138
 3 3 3 3 3
 3 3 3 3 3
 3 3 3 3 3
 3 3 3 3 3
 3 3 3 3 3
 3 3 3 3 3
 3 3 3 3 3
 3 3 3 3 3
 3 3 3 3 3
 3 3 3 3 3
 3 3 3 3 3
 3 3 3 3 3
 3 3 3 3 3
 3 3 3 3 3
 3 3 3 3 3
 3 3 3 3 3
 3 3 3 3 3
 3 3 3 3 3
 3 3 3 3 3
 3 3 3 3 3
 3 3 3 3 3
 3 3 3 3 3
 3 3 3 3 3
 3 3 3 3 3
 3 3 3 3 3
 3 3 3 3 3
 3 3 3 3 3
 3 3 3

type  = float-attribute
name  = BRICK_FLOAT_FACS
count = 138
              0              0              0              0              0
              0              0              0              0              0
              0              0              0              0              0
              0              0              0              0              0
              0              0              0              0              0
              0              0              0              0              0
              0              0              0              0              0
              0              0              0              0              0
              0              0              0              0              0
              0              0              0              0              0
              0              0              0              0              0
              0              0              0              0              0
              0              0              0              0              0
              0              0              0              0              0
              0              0              0              0              0
              0              0              0              0              0
              0              0              0              0              0
              0              0              0              0              0
              0              0              0              0              0
              0              0              0              0              0
              0              0              0              0              0
              0              0              0              0              0
              0              0              0              0              0
              0              0              0              0              0
              0              0              0              0              0
              0              0              0              0              0
              0              0              0              0              0
              0              0              0

type = string-attribute
name = BRICK_LABS
count = 590
'#5~#6~#7~#8~#9~#10~#11~#12~#13~#14~#15~#16~#17~#18~#19~#20~#21~#22~#23~#24~#25~#26~#27~#28~#29~#30~#31~#32~#33~#34~#35~#36~#37~#38~#39~#40~#41~#42~#43~#44~#45~#46~#47~#48~#49~#50~#51~#52~#53~#54~#55~#56~#57~#58~#59~#60~#61~#62~#63~#64~#65~#66~#67~#68~#69~#70~#71~#72~#73~#74~#75~#76~#77~#78~#79~#80~#81~#82~#83~#84~#85~#86~#87~#88~#89~#90~#91~#92~#93~#94~#95~#96~#97~#98~#99~#100~#101~#102~#103~#104~#105~#106~#107~#108~#109~#110~#111~#112~#113~#114~#115~#116~#117~#118~#119~#120~#121~#122~#123~#124~#125~#126~#127~#128~#129~#130~#131~#132~#133~#134~#135~#136~#137~#138~#139~#140~#141~#142~

type = string-attribute
name = BRICK_KEYWORDS
count = 138
'~~~~~~~~~~~~~~~~~~~~~~~~~~~~~~~~~~~~~~~~~~~~~~~~~~~~~~~~~~~~~~~~~~~~~~~~~~~~~~~~~~~~~~~~~~~~~~~~~~~~~~~~~~~~~~~~~~~~~~~~~~~~~~~~~~~~~~~~~~

type = string-attribute
name = TEMPLATE_SPACE
count = 5
'ORIG~

type = integer-attribute
name = INT_CMAP
count = 1
 0

type = string-attribute
name = BYTEORDER_STRING
count = 10
'LSB_FIRST~
