
type = string-attribute
name = HISTORY_NOTE
count = 135
'[nikin@leviathan: Sun Feb 13 12:27:59 2022] {AFNI_22.0.03:linux_openmp_64} 3dDespike -prefix BOLD-0236-BOLD-EC BOLD-0236-BOLD-EC1+orig~

type = string-attribute
name = TYPESTRING
count = 15
'3DIM_HEAD_ANAT~

type = string-attribute
name = IDCODE_STRING
count = 27
'XYZ_lstKJzM21zQuRYMxgV4XqQ~

type = string-attribute
name = IDCODE_DATE
count = 25
'Sun Feb 13 12:27:59 2022~

type = integer-attribute
name = SCENE_DATA
count = 8
 0 2 0 -999 -999
 -999 -999 -999

type = string-attribute
name = LABEL_1
count = 5
'zyxt~

type = string-attribute
name = LABEL_2
count = 5
'zyxt~

type = string-attribute
name = DATASET_NAME
count = 5
'zyxt~

type = integer-attribute
name = ORIENT_SPECIFIC
count = 3
 0 2 4

type  = float-attribute
name  = ORIGIN
count = 3
       -129.438       96.09269      -3.107279

type  = float-attribute
name  = DELTA
count = 3
              4             -4       4.000024

type  = float-attribute
name  = IJK_TO_DICOM
count = 12
              4              0              0       -129.438              0
             -4              0       96.09269              0              0
       4.000024      -3.107279

type  = float-attribute
name  = IJK_TO_DICOM_REAL
count = 12
       3.997489      0.0611584      0.1278051       -129.438     0.07397762
      -3.978344     -0.4090366       96.09269     -0.1208548       -0.41114
       3.977002      -3.107279

type  = float-attribute
name  = BRICK_STATS
count = 276
     -0.7452227           7410     -0.2175704           7447              0
           7439    -0.00130558           7428   -0.001256123           7392
              0           7450              0           7429              0
           7406              0           7406              0           7395
              0           7308              0           7366              0
           7373              0           7378   -0.002012342           7359
     -0.1043614           7354      -0.185245           7305      -0.261754
           7282     -0.2787662           7401     -0.2139201           7457
     -0.2447599       7546.758     -0.3161009       7580.509     -0.3286911
           7490     -0.2635472           7419     -0.1769783           7366
     -0.5768063           7390     -0.7353864           7312     -0.6940177
           7333     -0.5018889           7279     -0.2233991           7342
     -0.1598355           7367    -0.06962141           7354    -0.01767099
           7411    -0.05789566           7358     -0.0493145           7345
   -0.006789923           7340     -0.0014451           7377  -0.0001020711
           7329     -0.0186072           7320    -0.04639781           7331
    -0.02757788           7300   -0.008103415           7438  -0.0001401901
       7468.061              0           7446    -0.01128762           7417
    -0.03902095           7389    -0.06339657           7341     -0.1422485
           7394     -0.1540144           7363     -0.1191239           7332
     -0.2508362           7391     -0.2652717           7379     -0.1853026
           7475      -0.122411       7519.249    -0.05813897       7450.473
    -0.01411925           7381              0           7378              0
           7269              0           7323              0           7290
              0           7378              0           7301              0
           7356              0           7323              0           7372
              0           7326              0           7267              0
           7285              0           7313              0           7260
              0           7336              0           7333              0
           7285              0           7327              0           7343
              0           7305              0           7386              0
           7413              0           7293              0           7319
              0           7342              0           7397              0
           7343              0           7344              0           7324
              0           7354              0           7425              0
           7389              0           7404              0           7365
              0           7364              0           7320              0
           7245   -0.009451807           7282      -0.201923           7312
      -1.764701           7332      -2.372719           7316      -1.945988
           7388     -0.7265735           7356     -0.4410801           7350
     -0.4092991           7335     -0.5744562           7399     -0.4206123
       7486.422     -0.1760789           7418    -0.03518257           7396
    -0.04828697           7391     -0.0347304           7376   -0.005543292
           7386              0           7302    -0.01202992           7331
    -0.09069601           7305     -0.1954097           7347     -0.2778451
           7411     -0.3118076           7309     -0.2766963           7316
     -0.1563294           7318    -0.08667418           7341    -0.09840602
           7275    -0.07251784           7359    -0.04622386           7305
    -0.02655123       7360.975    -0.02784145           7249    -0.03560366
           7250    -0.01822171           7289  -7.897615e-07           7261
              0           7314  -0.0001461059           7248  -0.0005627908
           7437  -0.0004365742       7492.101    -0.02209985       7491.331
    -0.06014824           7444     -0.0672015           7404    -0.02502871
           7434   -0.003383487           7385              0           7413
      -8.233741           7453      -17.80563           7429      -27.68901
           7394

type = integer-attribute
name = TAXIS_NUMS
count = 8
 138 0 77002 -999 -999
 -999 -999 -999

type  = float-attribute
name  = TAXIS_FLOATS
count = 8
              0              2              0              0              0
        -999999        -999999        -999999

type = integer-attribute
name = DATASET_RANK
count = 8
 3 138 0 0 0
 0 0 0

type = integer-attribute
name = DATASET_DIMENSIONS
count = 5
 64 64 32 0 0

type = integer-attribute
name = BRICK_TYPES
count = 138
 3 3 3 3 3
 3 3 3 3 3
 3 3 3 3 3
 3 3 3 3 3
 3 3 3 3 3
 3 3 3 3 3
 3 3 3 3 3
 3 3 3 3 3
 3 3 3 3 3
 3 3 3 3 3
 3 3 3 3 3
 3 3 3 3 3
 3 3 3 3 3
 3 3 3 3 3
 3 3 3 3 3
 3 3 3 3 3
 3 3 3 3 3
 3 3 3 3 3
 3 3 3 3 3
 3 3 3 3 3
 3 3 3 3 3
 3 3 3 3 3
 3 3 3 3 3
 3 3 3 3 3
 3 3 3 3 3
 3 3 3 3 3
 3 3 3 3 3
 3 3 3

type  = float-attribute
name  = BRICK_FLOAT_FACS
count = 138
              0              0              0              0              0
              0              0              0              0              0
              0              0              0              0              0
              0              0              0              0              0
              0              0              0              0              0
              0              0              0              0              0
              0              0              0              0              0
              0              0              0              0              0
              0              0              0              0              0
              0              0              0              0              0
              0              0              0              0              0
              0              0              0              0              0
              0              0              0              0              0
              0              0              0              0              0
              0              0              0              0              0
              0              0              0              0              0
              0              0              0              0              0
              0              0              0              0              0
              0              0              0              0              0
              0              0              0              0              0
              0              0              0              0              0
              0              0              0              0              0
              0              0              0              0              0
              0              0              0              0              0
              0              0              0              0              0
              0              0              0              0              0
              0              0              0              0              0
              0              0              0

type = string-attribute
name = BRICK_LABS
count = 590
'#5~#6~#7~#8~#9~#10~#11~#12~#13~#14~#15~#16~#17~#18~#19~#20~#21~#22~#23~#24~#25~#26~#27~#28~#29~#30~#31~#32~#33~#34~#35~#36~#37~#38~#39~#40~#41~#42~#43~#44~#45~#46~#47~#48~#49~#50~#51~#52~#53~#54~#55~#56~#57~#58~#59~#60~#61~#62~#63~#64~#65~#66~#67~#68~#69~#70~#71~#72~#73~#74~#75~#76~#77~#78~#79~#80~#81~#82~#83~#84~#85~#86~#87~#88~#89~#90~#91~#92~#93~#94~#95~#96~#97~#98~#99~#100~#101~#102~#103~#104~#105~#106~#107~#108~#109~#110~#111~#112~#113~#114~#115~#116~#117~#118~#119~#120~#121~#122~#123~#124~#125~#126~#127~#128~#129~#130~#131~#132~#133~#134~#135~#136~#137~#138~#139~#140~#141~#142~

type = string-attribute
name = BRICK_KEYWORDS
count = 138
'~~~~~~~~~~~~~~~~~~~~~~~~~~~~~~~~~~~~~~~~~~~~~~~~~~~~~~~~~~~~~~~~~~~~~~~~~~~~~~~~~~~~~~~~~~~~~~~~~~~~~~~~~~~~~~~~~~~~~~~~~~~~~~~~~~~~~~~~~~

type = string-attribute
name = TEMPLATE_SPACE
count = 5
'ORIG~

type = integer-attribute
name = INT_CMAP
count = 1
 0

type = string-attribute
name = BYTEORDER_STRING
count = 10
'LSB_FIRST~
