
type = string-attribute
name = HISTORY_NOTE
count = 490
'[nikin@leviathan: Sun Feb 13 12:32:32 2022] {AFNI_22.0.03:linux_openmp_64} 3dDespike -prefix BOLD-0310-BOLD-EC BOLD-0310-BOLD-EC1+orig\n[nikin@leviathan: Sun Feb 13 12:32:44 2022] {AFNI_22.0.03:linux_openmp_64} 3dvolreg -verbose -tshift 0 -base 18 -1Dfile outliers-BOLD-EC.1D -prefix BOLD-0310-BOLD-EC-volreg BOLD-0310-BOLD-EC+orig\n[nikin@leviathan: Sun Feb 13 12:32:57 2022] {AFNI_22.0.03:linux_openmp_64} 3dAutomask -prefix BOLD-0310-BOLD-EC-mask -dilate 1 BOLD-0310-BOLD-EC-volreg+orig~

type = string-attribute
name = TYPESTRING
count = 15
'3DIM_HEAD_FUNC~

type = string-attribute
name = IDCODE_STRING
count = 27
'XYZ_C3GJxMoNfRUvVzbPck9iJw~

type = string-attribute
name = IDCODE_DATE
count = 25
'Sun Feb 13 12:32:57 2022~

type = integer-attribute
name = SCENE_DATA
count = 8
 0 0 1 -999 -999
 -999 -999 -999

type = string-attribute
name = LABEL_1
count = 5
'zyxt~

type = string-attribute
name = LABEL_2
count = 5
'zyxt~

type = string-attribute
name = DATASET_NAME
count = 5
'zyxt~

type = integer-attribute
name = ORIENT_SPECIFIC
count = 3
 0 2 4

type  = float-attribute
name  = ORIGIN
count = 3
      -124.0384       89.04935      -84.75029

type  = float-attribute
name  = DELTA
count = 3
              4             -4       4.000109

type  = float-attribute
name  = IJK_TO_DICOM
count = 12
              4              0              0      -124.0384              0
             -4              0       89.04935              0              0
       4.000109      -84.75029

type  = float-attribute
name  = IJK_TO_DICOM_REAL
count = 12
       3.999089     -0.0471212    -0.07119871      -124.0384    -0.03991765
      -3.980767      0.3897439       89.04935     0.07544082      0.3889332
        3.98044      -84.75029

type  = float-attribute
name  = BRICK_STATS
count = 2
              0              1

type = integer-attribute
name = DATASET_RANK
count = 8
 3 1 0 0 0
 0 0 0

type = integer-attribute
name = DATASET_DIMENSIONS
count = 5
 64 64 32 0 0

type = integer-attribute
name = BRICK_TYPES
count = 1
 0

type  = float-attribute
name  = BRICK_FLOAT_FACS
count = 1
              0

type = string-attribute
name = TEMPLATE_SPACE
count = 5
'ORIG~

type = integer-attribute
name = INT_CMAP
count = 1
 0

type = string-attribute
name = BYTEORDER_STRING
count = 10
'LSB_FIRST~
