
type = string-attribute
name = HISTORY_NOTE
count = 146
'[nikin@leviathan: Sun Feb 13 12:37:11 2022] {AFNI_22.0.03:linux_openmp_64} 3dcalc -prefix BOLD-0338-BOLD-EC-tmp -a BOLD-0338.nii -expr a -verbose~

type = string-attribute
name = TYPESTRING
count = 15
'3DIM_HEAD_ANAT~

type = string-attribute
name = IDCODE_STRING
count = 27
'XYZ_zuS_imm-KbkEXth0E8zrzg~

type = string-attribute
name = IDCODE_DATE
count = 25
'Sun Feb 13 12:37:11 2022~

type = integer-attribute
name = SCENE_DATA
count = 8
 0 2 0 -999 -999
 -999 -999 -999

type = string-attribute
name = LABEL_1
count = 5
'zyxt~

type = string-attribute
name = LABEL_2
count = 5
'zyxt~

type = string-attribute
name = DATASET_NAME
count = 5
'zyxt~

type = integer-attribute
name = ORIENT_SPECIFIC
count = 3
 0 2 4

type  = float-attribute
name  = ORIGIN
count = 3
       -121.768       99.57456      -5.910859

type  = float-attribute
name  = DELTA
count = 3
              4             -4       3.999935

type  = float-attribute
name  = IJK_TO_DICOM
count = 12
              4              0              0       -121.768              0
             -4              0       99.57456              0              0
       3.999935      -5.910859

type  = float-attribute
name  = IJK_TO_DICOM_REAL
count = 12
       3.993543    -0.08484083      0.2107352       -121.768    -0.07238998
       -3.99239     -0.2357619       99.57456     -0.2153392     -0.2315721
       3.987416      -5.910859

type  = float-attribute
name  = BRICK_STATS
count = 286
              0          14495              0           8529              0
           8225              0           8199              0           8180
              0           8216              0           8218              0
           8169              0           8216              0           8189
              0           8215              0           8142              0
           8197              0           8087              0           8183
              0           8221              0           8188              0
           8210              0           8201              0           8213
              0           8206              0           8169              0
           8177              0           8204              0           8134
              0           8179              0           8147              0
           8181              0           8186              0           8062
              0           8099              0           8114              0
           8144              0           8152              0           8109
              0           8195              0           8250              0
           8267              0           8281              0           8215
              0           8194              0           8164              0
           8194              0           8159              0           8235
              0           8149              0           8205              0
           8195              0           8173              0           8209
              0           8312              0           8284              0
           8244              0           8211              0           8210
              0           8185              0           8167              0
           8183              0           8201              0           8200
              0           8188              0           8141              0
           8165              0           8163              0           8130
              0           8184              0           8253              0
           8253              0           8270              0           8191
              0           8155              0           8128              0
           8220              0           8162              0           8256
              0           8207              0           8201              0
           8173              0           8168              0           8228
              0           8211              0           8239              0
           8164              0           8183              0           8154
              0           8207              0           8151              0
           8083              0           8133              0           8147
              0           8191              0           8133              0
           8209              0           8151              0           8130
              0           8220              0           8232              0
           8216              0           8270              0           8202
              0           8126              0           8212              0
           8211              0           8209              0           8222
              0           8175              0           8194              0
           8210              0           8254              0           8248
              0           8262              0           8224              0
           8201              0           8204              0           8155
              0           8192              0           8150              0
           8137              0           8188              0           8168
              0           8176              0           8193              0
           8152              0           8231              0           8235
              0           8205              0           8245              0
           8210              0           8196              0           8141
              0           8187              0           8238              0
           8237              0           8279              0           8195
              0           8261              0           8291              0
           8188              0           8174              0           8142
              0           8187              0           8197              0
           8183

type = integer-attribute
name = TAXIS_NUMS
count = 8
 143 0 77002 -999 -999
 -999 -999 -999

type  = float-attribute
name  = TAXIS_FLOATS
count = 8
              0              2              0              0              0
        -999999        -999999        -999999

type = integer-attribute
name = DATASET_RANK
count = 8
 3 143 0 0 0
 0 0 0

type = integer-attribute
name = DATASET_DIMENSIONS
count = 5
 64 64 32 0 0

type = integer-attribute
name = BRICK_TYPES
count = 143
 1 1 1 1 1
 1 1 1 1 1
 1 1 1 1 1
 1 1 1 1 1
 1 1 1 1 1
 1 1 1 1 1
 1 1 1 1 1
 1 1 1 1 1
 1 1 1 1 1
 1 1 1 1 1
 1 1 1 1 1
 1 1 1 1 1
 1 1 1 1 1
 1 1 1 1 1
 1 1 1 1 1
 1 1 1 1 1
 1 1 1 1 1
 1 1 1 1 1
 1 1 1 1 1
 1 1 1 1 1
 1 1 1 1 1
 1 1 1 1 1
 1 1 1 1 1
 1 1 1 1 1
 1 1 1 1 1
 1 1 1 1 1
 1 1 1 1 1
 1 1 1 1 1
 1 1 1

type  = float-attribute
name  = BRICK_FLOAT_FACS
count = 143
              0              0              0              0              0
              0              0              0              0              0
              0              0              0              0              0
              0              0              0              0              0
              0              0              0              0              0
              0              0              0              0              0
              0              0              0              0              0
              0              0              0              0              0
              0              0              0              0              0
              0              0              0              0              0
              0              0              0              0              0
              0              0              0              0              0
              0              0              0              0              0
              0              0              0              0              0
              0              0              0              0              0
              0              0              0              0              0
              0              0              0              0              0
              0              0              0              0              0
              0              0              0              0              0
              0              0              0              0              0
              0              0              0              0              0
              0              0              0              0              0
              0              0              0              0              0
              0              0              0              0              0
              0              0              0              0              0
              0              0              0              0              0
              0              0              0              0              0
              0              0              0              0              0
              0              0              0

type = string-attribute
name = TEMPLATE_SPACE
count = 5
'ORIG~

type = integer-attribute
name = INT_CMAP
count = 1
 0

type = string-attribute
name = BYTEORDER_STRING
count = 10
'LSB_FIRST~
