
type = string-attribute
name = HISTORY_NOTE
count = 135
'[nikin@leviathan: Sun Feb 13 12:35:30 2022] {AFNI_22.0.03:linux_openmp_64} 3dDespike -prefix BOLD-0322-BOLD-EC BOLD-0322-BOLD-EC1+orig~

type = string-attribute
name = TYPESTRING
count = 15
'3DIM_HEAD_ANAT~

type = string-attribute
name = IDCODE_STRING
count = 27
'XYZ_d4A35rI_oPQHhVawbJ7iPw~

type = string-attribute
name = IDCODE_DATE
count = 25
'Sun Feb 13 12:35:30 2022~

type = integer-attribute
name = SCENE_DATA
count = 8
 0 2 0 -999 -999
 -999 -999 -999

type = string-attribute
name = LABEL_1
count = 5
'zyxt~

type = string-attribute
name = LABEL_2
count = 5
'zyxt~

type = string-attribute
name = DATASET_NAME
count = 5
'zyxt~

type = integer-attribute
name = ORIENT_SPECIFIC
count = 3
 0 2 4

type  = float-attribute
name  = ORIGIN
count = 3
      -121.0923       100.1865       13.46641

type  = float-attribute
name  = DELTA
count = 3
              4             -4       4.000098

type  = float-attribute
name  = IJK_TO_DICOM
count = 12
              4              0              0      -121.0923              0
             -4              0       100.1865              0              0
       4.000098       13.46641

type  = float-attribute
name  = IJK_TO_DICOM_REAL
count = 12
       3.994722    -0.02734432     -0.2035911      -121.0923    -0.08166676
      -3.848976       -1.08571       100.1865      0.1884807      -1.088408
        3.84455       13.46641

type  = float-attribute
name  = BRICK_STATS
count = 276
      -2.385563           8122    -0.08448708           8044              0
           7759              0           7684              0           7806
              0           7770              0           7747              0
           7733              0           7711              0           7830
              0           7765              0           7843              0
           7855              0           7864              0           7781
              0           7789              0           7783              0
           7755  -3.453344e-05           7688              0           7731
    -0.01163245           7645    -0.04294104           7772    -0.05574123
           7651     -0.1014068           7624     -0.1246356           7757
    -0.09082647           7798    -0.02874532           7863    -0.01317492
           7838     -0.1317105           7803     -0.4141705           7694
     -0.5540805           7594     -0.5639862           7697     -0.4619732
           7599     -0.2678269           7774    -0.02883542           7900
    -0.01700638           7790       -0.15373       7803.219     -0.2395523
           7726     -0.2585334           7758      -0.221041           7746
     -0.1397029           7606    -0.02236432           7550              0
           7480    -0.06366238       7815.855     -0.2409553           7435
     -0.3030323           7493     -0.2754107           7560     -0.1896012
           7610    -0.07764471           7596   -0.006913453           7600
    -0.06481092           7630     -0.1007658           7625     -0.1097071
           7671    -0.09748966           7662    -0.07067627           7624
    -0.03630568        7689.51   -0.006928481           7608              0
           7681              0           7611   -0.002380908           7671
    -0.02757484           7631    -0.06360984           7680    -0.07595867
           7720    -0.04748082           7695   -0.004819095           7675
              0           7657              0           7588              0
           7562  -1.490116e-08           7553   -6.09383e-05           7645
  -9.017438e-05           7715  -1.423061e-06           7782              0
           7788              0           7697              0           7796
              0           7709              0           7726              0
       7971.624              0           7719              0           7606
              0           7606              0           7589  -3.273226e-05
           7589  -0.0001867339           7592  -1.966581e-05           7511
              0           7473              0           7433  -4.246831e-05
           7489  -0.0004218519           7882  -0.0002738982           7515
  -3.054738e-06           7498              0           7524              0
           7534              0           7539              0           7556
              0           7548              0           7495              0
           7535              0           7489              0           7522
              0         7811.4              0       7667.895              0
           7633              0           7567              0           7587
              0           7645              0           7742              0
           7598              0           7644              0           7730
  -0.0008523278           7950              0           7678  -0.0005121343
       7889.773              0           7820              0        7843.16
   -0.000338465           7490  -0.0005632937       7449.121   -0.002218366
           7495  -7.686019e-05           7696              0           7608
              0           7636              0           7563              0
           7548              0           7561              0           7475
              0           7558              0           7591              0
           7655   -0.005874783           7713    -0.04729268           7586
    -0.09283045           7769     -0.1013283           7801     -0.0537701
           7826    -0.01306626           7676  -3.151596e-06           7521
              0           7570     -0.4063619           7599      -1.447816
           7640

type = integer-attribute
name = TAXIS_NUMS
count = 8
 138 0 77002 -999 -999
 -999 -999 -999

type  = float-attribute
name  = TAXIS_FLOATS
count = 8
              0              2              0              0              0
        -999999        -999999        -999999

type = integer-attribute
name = DATASET_RANK
count = 8
 3 138 0 0 0
 0 0 0

type = integer-attribute
name = DATASET_DIMENSIONS
count = 5
 64 64 32 0 0

type = integer-attribute
name = BRICK_TYPES
count = 138
 3 3 3 3 3
 3 3 3 3 3
 3 3 3 3 3
 3 3 3 3 3
 3 3 3 3 3
 3 3 3 3 3
 3 3 3 3 3
 3 3 3 3 3
 3 3 3 3 3
 3 3 3 3 3
 3 3 3 3 3
 3 3 3 3 3
 3 3 3 3 3
 3 3 3 3 3
 3 3 3 3 3
 3 3 3 3 3
 3 3 3 3 3
 3 3 3 3 3
 3 3 3 3 3
 3 3 3 3 3
 3 3 3 3 3
 3 3 3 3 3
 3 3 3 3 3
 3 3 3 3 3
 3 3 3 3 3
 3 3 3 3 3
 3 3 3 3 3
 3 3 3

type  = float-attribute
name  = BRICK_FLOAT_FACS
count = 138
              0              0              0              0              0
              0              0              0              0              0
              0              0              0              0              0
              0              0              0              0              0
              0              0              0              0              0
              0              0              0              0              0
              0              0              0              0              0
              0              0              0              0              0
              0              0              0              0              0
              0              0              0              0              0
              0              0              0              0              0
              0              0              0              0              0
              0              0              0              0              0
              0              0              0              0              0
              0              0              0              0              0
              0              0              0              0              0
              0              0              0              0              0
              0              0              0              0              0
              0              0              0              0              0
              0              0              0              0              0
              0              0              0              0              0
              0              0              0              0              0
              0              0              0              0              0
              0              0              0              0              0
              0              0              0              0              0
              0              0              0              0              0
              0              0              0              0              0
              0              0              0

type = string-attribute
name = BRICK_LABS
count = 590
'#5~#6~#7~#8~#9~#10~#11~#12~#13~#14~#15~#16~#17~#18~#19~#20~#21~#22~#23~#24~#25~#26~#27~#28~#29~#30~#31~#32~#33~#34~#35~#36~#37~#38~#39~#40~#41~#42~#43~#44~#45~#46~#47~#48~#49~#50~#51~#52~#53~#54~#55~#56~#57~#58~#59~#60~#61~#62~#63~#64~#65~#66~#67~#68~#69~#70~#71~#72~#73~#74~#75~#76~#77~#78~#79~#80~#81~#82~#83~#84~#85~#86~#87~#88~#89~#90~#91~#92~#93~#94~#95~#96~#97~#98~#99~#100~#101~#102~#103~#104~#105~#106~#107~#108~#109~#110~#111~#112~#113~#114~#115~#116~#117~#118~#119~#120~#121~#122~#123~#124~#125~#126~#127~#128~#129~#130~#131~#132~#133~#134~#135~#136~#137~#138~#139~#140~#141~#142~

type = string-attribute
name = BRICK_KEYWORDS
count = 138
'~~~~~~~~~~~~~~~~~~~~~~~~~~~~~~~~~~~~~~~~~~~~~~~~~~~~~~~~~~~~~~~~~~~~~~~~~~~~~~~~~~~~~~~~~~~~~~~~~~~~~~~~~~~~~~~~~~~~~~~~~~~~~~~~~~~~~~~~~~

type = string-attribute
name = TEMPLATE_SPACE
count = 5
'ORIG~

type = integer-attribute
name = INT_CMAP
count = 1
 0

type = string-attribute
name = BYTEORDER_STRING
count = 10
'LSB_FIRST~
