
type = string-attribute
name = HISTORY_NOTE
count = 146
'[nikin@leviathan: Sun Feb 13 12:40:46 2022] {AFNI_22.0.03:linux_openmp_64} 3dcalc -prefix BOLD-0359-BOLD-EC-tmp -a BOLD-0359.nii -expr a -verbose~

type = string-attribute
name = TYPESTRING
count = 15
'3DIM_HEAD_ANAT~

type = string-attribute
name = IDCODE_STRING
count = 27
'XYZ_Gixiv9tUqFGwPWsZC0CJUQ~

type = string-attribute
name = IDCODE_DATE
count = 25
'Sun Feb 13 12:40:46 2022~

type = integer-attribute
name = SCENE_DATA
count = 8
 0 2 0 -999 -999
 -999 -999 -999

type = string-attribute
name = LABEL_1
count = 5
'zyxt~

type = string-attribute
name = LABEL_2
count = 5
'zyxt~

type = string-attribute
name = DATASET_NAME
count = 5
'zyxt~

type = integer-attribute
name = ORIENT_SPECIFIC
count = 3
 0 2 4

type  = float-attribute
name  = ORIGIN
count = 3
      -129.1183       99.23125      -10.87571

type  = float-attribute
name  = DELTA
count = 3
              4             -4       3.999941

type  = float-attribute
name  = IJK_TO_DICOM
count = 12
              4              0              0      -129.1183              0
             -4              0       99.23125              0              0
       3.999941      -10.87571

type  = float-attribute
name  = IJK_TO_DICOM_REAL
count = 12
       3.988895      0.2959103    -0.03489804      -129.1183      0.2865079
      -3.938639     -0.6363671       99.23125     0.08142359     -0.6321078
       3.948842      -10.87571

type  = float-attribute
name  = BRICK_STATS
count = 286
              0          16960              0          10157              0
           8438              0           7902              0           8261
              0           8050              0           8225              0
           7793              0           7955              0           8331
              0           8417              0           8291              0
           8301              0           8148              0           8154
              0           8096              0           7736              0
           8058              0           8503              0           8334
              0           8092              0           8213              0
           8357              0           8309              0           8259
              0           8200              0           8064              0
           8077              0           8188              0           8056
              0           8003              0           7904              0
           7648              0           7914              0           7703
              0           7681              0           7750              0
           7995              0           7984              0           7830
              0           7700              0           7926              0
           7894              0           8071              0           7695
              0           8194              0           7802              0
           8029              0           8201              0           8209
              0           8066              0           8191              0
           8147              0           7948              0           8162
              0           8246              0           8157              0
           8381              0           8161              0           7821
              0           8153              0           8254              0
           8125              0           8027              0           7807
              0           8022              0           8088              0
           8148              0           8062              0           8171
              0           8059              0           8384              0
           8280              0           8233              0           7978
              0           8121              0           8356              0
           8171              0           8266              0           8207
              0           8349              0           8168              0
           8188              0           7829              0           8465
              0           8213              0           8375              0
           8048              0           7843              0           8378
              0           8296              0           8434              0
           7969              0           8100              0           7714
              0           7926              0           7908              0
           7755              0           7998              0           8463
              0           8215              0           8339              0
           7836              0           8175              0           8287
              0           8022              0           8059              0
           8289              0           7774              0           8269
              0           8021              0           7886              0
           7993              0           8000              0           8118
              0           8031              0           8359              0
           8592              0           8253              0           7978
              0           7697              0           8168              0
           7824              0           8159              0           8008
              0           7940              0           7982              0
           8034              0           7922              0           8017
              0           7943              0           8055              0
           7945              0           7949              0           8237
              0           7846              0           7984              0
           8335              0           8070              0           8004
              0           7893              0           7957              0
           7831

type = integer-attribute
name = TAXIS_NUMS
count = 8
 143 0 77002 -999 -999
 -999 -999 -999

type  = float-attribute
name  = TAXIS_FLOATS
count = 8
              0              2              0              0              0
        -999999        -999999        -999999

type = integer-attribute
name = DATASET_RANK
count = 8
 3 143 0 0 0
 0 0 0

type = integer-attribute
name = DATASET_DIMENSIONS
count = 5
 64 64 32 0 0

type = integer-attribute
name = BRICK_TYPES
count = 143
 1 1 1 1 1
 1 1 1 1 1
 1 1 1 1 1
 1 1 1 1 1
 1 1 1 1 1
 1 1 1 1 1
 1 1 1 1 1
 1 1 1 1 1
 1 1 1 1 1
 1 1 1 1 1
 1 1 1 1 1
 1 1 1 1 1
 1 1 1 1 1
 1 1 1 1 1
 1 1 1 1 1
 1 1 1 1 1
 1 1 1 1 1
 1 1 1 1 1
 1 1 1 1 1
 1 1 1 1 1
 1 1 1 1 1
 1 1 1 1 1
 1 1 1 1 1
 1 1 1 1 1
 1 1 1 1 1
 1 1 1 1 1
 1 1 1 1 1
 1 1 1 1 1
 1 1 1

type  = float-attribute
name  = BRICK_FLOAT_FACS
count = 143
              0              0              0              0              0
              0              0              0              0              0
              0              0              0              0              0
              0              0              0              0              0
              0              0              0              0              0
              0              0              0              0              0
              0              0              0              0              0
              0              0              0              0              0
              0              0              0              0              0
              0              0              0              0              0
              0              0              0              0              0
              0              0              0              0              0
              0              0              0              0              0
              0              0              0              0              0
              0              0              0              0              0
              0              0              0              0              0
              0              0              0              0              0
              0              0              0              0              0
              0              0              0              0              0
              0              0              0              0              0
              0              0              0              0              0
              0              0              0              0              0
              0              0              0              0              0
              0              0              0              0              0
              0              0              0              0              0
              0              0              0              0              0
              0              0              0              0              0
              0              0              0              0              0
              0              0              0

type = string-attribute
name = TEMPLATE_SPACE
count = 5
'ORIG~

type = integer-attribute
name = INT_CMAP
count = 1
 0

type = string-attribute
name = BYTEORDER_STRING
count = 10
'LSB_FIRST~
