
type = string-attribute
name = HISTORY_NOTE
count = 135
'[nikin@leviathan: Sun Feb 13 12:36:22 2022] {AFNI_22.0.03:linux_openmp_64} 3dDespike -prefix BOLD-0326-BOLD-EC BOLD-0326-BOLD-EC1+orig~

type = string-attribute
name = TYPESTRING
count = 15
'3DIM_HEAD_ANAT~

type = string-attribute
name = IDCODE_STRING
count = 27
'XYZ_WT-5I1pGGXGw68nobLsBdQ~

type = string-attribute
name = IDCODE_DATE
count = 25
'Sun Feb 13 12:36:22 2022~

type = integer-attribute
name = SCENE_DATA
count = 8
 0 2 0 -999 -999
 -999 -999 -999

type = string-attribute
name = LABEL_1
count = 5
'zyxt~

type = string-attribute
name = LABEL_2
count = 5
'zyxt~

type = string-attribute
name = DATASET_NAME
count = 5
'zyxt~

type = integer-attribute
name = ORIENT_SPECIFIC
count = 3
 0 2 4

type  = float-attribute
name  = ORIGIN
count = 3
       -128.741       99.44794      0.9096411

type  = float-attribute
name  = DELTA
count = 3
              4             -4       3.999932

type  = float-attribute
name  = IJK_TO_DICOM
count = 12
              4              0              0       -128.741              0
             -4              0       99.44794              0              0
       3.999932      0.9096411

type  = float-attribute
name  = IJK_TO_DICOM_REAL
count = 12
        3.99824      0.1171904     0.01889113       -128.741      0.1186544
      -3.947237     -0.6365651       99.44794              0     -0.6368562
        3.94891      0.9096411

type  = float-attribute
name  = BRICK_STATS
count = 276
      -6.257679           8015     -0.4269674           8092              0
           8037    -0.02717616           7996     -0.1855203           7979
     -0.2819116           7979     -0.2929732           8025      -0.212866
           8074    -0.04688321           7967              0           8036
              0           7951              0           7918              0
           7943              0           7898  -6.645918e-06           7914
              0           7920              0           7910              0
           7934              0           7990              0           7961
  -0.0001722872           7862   -0.001107782           7979              0
       8027.798              0           7846              0           7881
   -0.001502328       7784.372              0           7919              0
           7903              0           7855              0           7934
              0           7997   -0.004704714       8054.017              0
           7964  -3.032386e-06           7880  -8.717179e-07           7898
              0           7961              0           7893              0
           7911              0           7931              0           7958
              0           7849              0           7965              0
           7873              0           7953              0           7855
              0           7903              0           7895              0
           7874              0           8036              0           8015
              0           7982  -1.162291e-06           7996              0
           7995              0           8028              0           8058
              0           7954              0           8060              0
           8054  -0.0004967451           8052    -0.01001596           7964
  -2.540648e-06        7857.32   -0.004023433           7926   -0.001017094
           7811    -0.00973022           7819    -0.02214605           7823
     -0.0157209       7870.813   -0.002809227           7857              0
           7812              0           7852  -7.301569e-07           7737
              0           7750  -0.0005333424           7771   -0.004123211
           7753  -0.0006546974           7766              0           7777
              0           7707              0           7806              0
           7856              0           7887              0           7841
   -0.003965259           7788     -0.1054289           7783     -0.2882556
           7825     -0.4052044           7818     -0.3605732           7828
     -0.1397277           7832              0           7797              0
           7795              0           7757    -0.00413011           7796
      -0.025028           7820     -0.0498539           7848     -0.1107912
           7846     -0.2362523           7836     -0.3388307           7823
     -0.3963427           7756     -0.3868309           7765     -0.2863806
           7743    -0.07697386           7716    -0.04207563           7782
    -0.08444834           7766    -0.01002645           7808  -6.502867e-05
           7780              0           7792              0           7821
   -0.001963347           7845    -0.01914033           7839    -0.03923416
           7815    -0.04291396           7776    -0.02163921           7792
    -0.01479427           7740    -0.01889764           7790    -0.01942807
           7832    -0.01497266           7833   -0.004339305           7816
              0           7835              0           7843              0
           7790              0           7810              0           7736
              0       7707.043              0           7742              0
           7764              0           7804              0           7811
              0           7819              0           7850              0
           7858              0           7816              0           7814
   -0.001098961           7799   -0.003633797           7792  -0.0006729662
           7722  -2.576038e-05           7780              0           7797
              0           7787    -0.06937173           7768       -63.1095
           7755

type = integer-attribute
name = TAXIS_NUMS
count = 8
 138 0 77002 -999 -999
 -999 -999 -999

type  = float-attribute
name  = TAXIS_FLOATS
count = 8
              0              2              0              0              0
        -999999        -999999        -999999

type = integer-attribute
name = DATASET_RANK
count = 8
 3 138 0 0 0
 0 0 0

type = integer-attribute
name = DATASET_DIMENSIONS
count = 5
 64 64 32 0 0

type = integer-attribute
name = BRICK_TYPES
count = 138
 3 3 3 3 3
 3 3 3 3 3
 3 3 3 3 3
 3 3 3 3 3
 3 3 3 3 3
 3 3 3 3 3
 3 3 3 3 3
 3 3 3 3 3
 3 3 3 3 3
 3 3 3 3 3
 3 3 3 3 3
 3 3 3 3 3
 3 3 3 3 3
 3 3 3 3 3
 3 3 3 3 3
 3 3 3 3 3
 3 3 3 3 3
 3 3 3 3 3
 3 3 3 3 3
 3 3 3 3 3
 3 3 3 3 3
 3 3 3 3 3
 3 3 3 3 3
 3 3 3 3 3
 3 3 3 3 3
 3 3 3 3 3
 3 3 3 3 3
 3 3 3

type  = float-attribute
name  = BRICK_FLOAT_FACS
count = 138
              0              0              0              0              0
              0              0              0              0              0
              0              0              0              0              0
              0              0              0              0              0
              0              0              0              0              0
              0              0              0              0              0
              0              0              0              0              0
              0              0              0              0              0
              0              0              0              0              0
              0              0              0              0              0
              0              0              0              0              0
              0              0              0              0              0
              0              0              0              0              0
              0              0              0              0              0
              0              0              0              0              0
              0              0              0              0              0
              0              0              0              0              0
              0              0              0              0              0
              0              0              0              0              0
              0              0              0              0              0
              0              0              0              0              0
              0              0              0              0              0
              0              0              0              0              0
              0              0              0              0              0
              0              0              0              0              0
              0              0              0              0              0
              0              0              0              0              0
              0              0              0

type = string-attribute
name = BRICK_LABS
count = 590
'#5~#6~#7~#8~#9~#10~#11~#12~#13~#14~#15~#16~#17~#18~#19~#20~#21~#22~#23~#24~#25~#26~#27~#28~#29~#30~#31~#32~#33~#34~#35~#36~#37~#38~#39~#40~#41~#42~#43~#44~#45~#46~#47~#48~#49~#50~#51~#52~#53~#54~#55~#56~#57~#58~#59~#60~#61~#62~#63~#64~#65~#66~#67~#68~#69~#70~#71~#72~#73~#74~#75~#76~#77~#78~#79~#80~#81~#82~#83~#84~#85~#86~#87~#88~#89~#90~#91~#92~#93~#94~#95~#96~#97~#98~#99~#100~#101~#102~#103~#104~#105~#106~#107~#108~#109~#110~#111~#112~#113~#114~#115~#116~#117~#118~#119~#120~#121~#122~#123~#124~#125~#126~#127~#128~#129~#130~#131~#132~#133~#134~#135~#136~#137~#138~#139~#140~#141~#142~

type = string-attribute
name = BRICK_KEYWORDS
count = 138
'~~~~~~~~~~~~~~~~~~~~~~~~~~~~~~~~~~~~~~~~~~~~~~~~~~~~~~~~~~~~~~~~~~~~~~~~~~~~~~~~~~~~~~~~~~~~~~~~~~~~~~~~~~~~~~~~~~~~~~~~~~~~~~~~~~~~~~~~~~

type = string-attribute
name = TEMPLATE_SPACE
count = 5
'ORIG~

type = integer-attribute
name = INT_CMAP
count = 1
 0

type = string-attribute
name = BYTEORDER_STRING
count = 10
'LSB_FIRST~
