
type = string-attribute
name = HISTORY_NOTE
count = 146
'[nikin@leviathan: Sun Feb 13 12:38:05 2022] {AFNI_22.0.03:linux_openmp_64} 3dcalc -prefix BOLD-0346-BOLD-EC-tmp -a BOLD-0346.nii -expr a -verbose~

type = string-attribute
name = TYPESTRING
count = 15
'3DIM_HEAD_ANAT~

type = string-attribute
name = IDCODE_STRING
count = 27
'XYZ_KIeMcKuE3QWykde_HA1kBA~

type = string-attribute
name = IDCODE_DATE
count = 25
'Sun Feb 13 12:38:05 2022~

type = integer-attribute
name = SCENE_DATA
count = 8
 0 2 0 -999 -999
 -999 -999 -999

type = string-attribute
name = LABEL_1
count = 5
'zyxt~

type = string-attribute
name = LABEL_2
count = 5
'zyxt~

type = string-attribute
name = DATASET_NAME
count = 5
'zyxt~

type = integer-attribute
name = ORIENT_SPECIFIC
count = 3
 0 2 4

type  = float-attribute
name  = ORIGIN
count = 3
      -129.1158       96.64693      -38.76448

type  = float-attribute
name  = DELTA
count = 3
              4             -4       4.000024

type  = float-attribute
name  = IJK_TO_DICOM
count = 12
              4              0              0      -129.1158              0
             -4              0       96.64693              0              0
       4.000024      -38.76448

type  = float-attribute
name  = IJK_TO_DICOM_REAL
count = 12
       3.999293     0.07507637   -0.004190606      -129.1158     0.07519802
      -3.993078       0.222871       96.64693              0      0.2229091
       3.993808      -38.76448

type  = float-attribute
name  = BRICK_STATS
count = 286
              0          16064              0           8503              0
           8330              0           8273              0           8336
              0           8327              0           8383              0
           8381              0           8343              0           8382
              0           8278              0           8373              0
           8391              0           8455              0           8418
              0           9793              0           8429              0
           8464              0           8478              0           8613
              0           8458              0           9405              0
           9487              0           8368              0           8783
              0           9715              0           9654              0
           9098              0           9688              0           9627
              0           8366              0           8454              0
           8491              0           8384              0           8358
              0           8309              0           8309              0
           8988              0           8330              0           9482
              0           9876              0           8257              0
           8263              0           8266              0           8272
              0           9053              0           8337              0
           9341              0           8402              0           9290
              0           9491              0           9677              0
           9695              0           9675              0           9922
              0          10365              0          10142              0
          10166              0           8493              0           8390
              0           8358              0           8362              0
           8154              0           8229              0           8287
              0           8319              0           8369              0
           8278              0           9233              0           9199
              0           8346              0           8300              0
           8324              0           9752              0           8327
              0           8570              0           9779              0
           9721              0           8317              0           8359
              0           8387              0           8307              0
           9402              0           9381              0           9107
              0           8854              0           8320              0
           9325              0           9623              0           9499
              0           8852              0           8234              0
           8213              0           9142              0           9551
              0           9465              0           8987              0
           8374              0           8400              0           8432
              0           8283              0           8305              0
           8242              0           9128              0           9544
              0           9529              0           9701              0
           9773              0           9778              0           9840
              0           9743              0           9725              0
           9735              0           9637              0           9400
              0           9450              0           8429              0
           8582              0           9465              0           9822
              0           9791              0           9892              0
           9743              0           9323              0           8981
              0           8922              0           8910              0
           9119              0           8971              0           9253
              0           8327              0           8400              0
           8280              0           8240              0           8208
              0           8878              0           9544              0
           8662              0           8263              0           8254
              0           8503              0           9646              0
           9445

type = integer-attribute
name = TAXIS_NUMS
count = 8
 143 0 77002 -999 -999
 -999 -999 -999

type  = float-attribute
name  = TAXIS_FLOATS
count = 8
              0              2              0              0              0
        -999999        -999999        -999999

type = integer-attribute
name = DATASET_RANK
count = 8
 3 143 0 0 0
 0 0 0

type = integer-attribute
name = DATASET_DIMENSIONS
count = 5
 64 64 32 0 0

type = integer-attribute
name = BRICK_TYPES
count = 143
 1 1 1 1 1
 1 1 1 1 1
 1 1 1 1 1
 1 1 1 1 1
 1 1 1 1 1
 1 1 1 1 1
 1 1 1 1 1
 1 1 1 1 1
 1 1 1 1 1
 1 1 1 1 1
 1 1 1 1 1
 1 1 1 1 1
 1 1 1 1 1
 1 1 1 1 1
 1 1 1 1 1
 1 1 1 1 1
 1 1 1 1 1
 1 1 1 1 1
 1 1 1 1 1
 1 1 1 1 1
 1 1 1 1 1
 1 1 1 1 1
 1 1 1 1 1
 1 1 1 1 1
 1 1 1 1 1
 1 1 1 1 1
 1 1 1 1 1
 1 1 1 1 1
 1 1 1

type  = float-attribute
name  = BRICK_FLOAT_FACS
count = 143
              0              0              0              0              0
              0              0              0              0              0
              0              0              0              0              0
              0              0              0              0              0
              0              0              0              0              0
              0              0              0              0              0
              0              0              0              0              0
              0              0              0              0              0
              0              0              0              0              0
              0              0              0              0              0
              0              0              0              0              0
              0              0              0              0              0
              0              0              0              0              0
              0              0              0              0              0
              0              0              0              0              0
              0              0              0              0              0
              0              0              0              0              0
              0              0              0              0              0
              0              0              0              0              0
              0              0              0              0              0
              0              0              0              0              0
              0              0              0              0              0
              0              0              0              0              0
              0              0              0              0              0
              0              0              0              0              0
              0              0              0              0              0
              0              0              0              0              0
              0              0              0              0              0
              0              0              0

type = string-attribute
name = TEMPLATE_SPACE
count = 5
'ORIG~

type = integer-attribute
name = INT_CMAP
count = 1
 0

type = string-attribute
name = BYTEORDER_STRING
count = 10
'LSB_FIRST~
