
type = string-attribute
name = HISTORY_NOTE
count = 130
'[nikin@leviathan: Tue Feb 15 17:45:16 2022] {AFNI_22.0.03:linux_openmp_64} 3dUnifize -prefix BOLD-0244-EC-T1 -input ANAT-0244.nii~

type = string-attribute
name = TYPESTRING
count = 15
'3DIM_HEAD_ANAT~

type = string-attribute
name = IDCODE_STRING
count = 27
'XYZ_nk__8RbCV0FoiUMVzWzrTQ~

type = string-attribute
name = IDCODE_DATE
count = 25
'Tue Feb 15 17:45:16 2022~

type = integer-attribute
name = SCENE_DATA
count = 8
 2 11 0 -999 -999
 -999 -999 -999

type = string-attribute
name = LABEL_1
count = 5
'zyxt~

type = string-attribute
name = LABEL_2
count = 5
'zyxt~

type = string-attribute
name = DATASET_NAME
count = 5
'zyxt~

type = integer-attribute
name = ORIENT_SPECIFIC
count = 3
 0 2 4

type  = float-attribute
name  = ORIGIN
count = 3
      -140.7336       68.82083      -90.14967

type  = float-attribute
name  = DELTA
count = 3
              1             -1       1.000045

type  = float-attribute
name  = IJK_TO_DICOM
count = 12
              1              0              0      -140.7336              0
             -1              0       68.82083              0              0
       1.000045      -90.14967

type  = float-attribute
name  = IJK_TO_DICOM_REAL
count = 12
      0.9929345       0.116367     0.02322404      -140.7336      0.1122179
      -0.984466      0.1350401       68.82083    -0.03857598       0.131474
       0.990613      -90.14967

type  = float-attribute
name  = BRICK_STATS
count = 2
              0           1500

type = integer-attribute
name = DATASET_RANK
count = 8
 3 1 0 0 0
 0 0 0

type = integer-attribute
name = DATASET_DIMENSIONS
count = 5
 256 256 180 0 0

type = integer-attribute
name = BRICK_TYPES
count = 1
 3

type  = float-attribute
name  = BRICK_FLOAT_FACS
count = 1
              0

type = string-attribute
name = TEMPLATE_SPACE
count = 5
'TLRC~

type = integer-attribute
name = INT_CMAP
count = 1
 0

type = string-attribute
name = BYTEORDER_STRING
count = 10
'LSB_FIRST~
