
type = string-attribute
name = HISTORY_NOTE
count = 268
'[nikin@leviathan: Mon Feb 14 12:22:55 2022] {AFNI_22.0.03:linux_openmp_64} 3dDespike -prefix 0338-BOLD-EC 0338-BOLD-EC1+orig\n[nikin@leviathan: Mon Feb 14 12:23:07 2022] {AFNI_22.0.03:linux_openmp_64} 3dcalc -prefix 0338-BOLD-EC-base -a '0338-BOLD-EC+orig[9]' -expr a~

type = string-attribute
name = TYPESTRING
count = 15
'3DIM_HEAD_ANAT~

type = string-attribute
name = IDCODE_STRING
count = 27
'XYZ_YhXpVaAJeGXHm3a9uC0D9Q~

type = string-attribute
name = IDCODE_DATE
count = 25
'Mon Feb 14 12:23:07 2022~

type = integer-attribute
name = SCENE_DATA
count = 8
 0 2 0 -999 -999
 -999 -999 -999

type = string-attribute
name = LABEL_1
count = 5
'zyxt~

type = string-attribute
name = LABEL_2
count = 5
'zyxt~

type = string-attribute
name = DATASET_NAME
count = 5
'zyxt~

type = integer-attribute
name = ORIENT_SPECIFIC
count = 3
 0 2 4

type  = float-attribute
name  = ORIGIN
count = 3
       -121.768       99.57456      -5.910859

type  = float-attribute
name  = DELTA
count = 3
              4             -4       3.999935

type  = float-attribute
name  = IJK_TO_DICOM
count = 12
              4              0              0       -121.768              0
             -4              0       99.57456              0              0
       3.999935      -5.910859

type  = float-attribute
name  = IJK_TO_DICOM_REAL
count = 12
       3.993543    -0.08484083      0.2107352       -121.768    -0.07238998
       -3.99239     -0.2357619       99.57456     -0.2153392     -0.2315721
       3.987416      -5.910859

type  = float-attribute
name  = BRICK_STATS
count = 2
  -3.814697e-06           8183

type = integer-attribute
name = DATASET_RANK
count = 8
 3 1 0 0 0
 0 0 0

type = integer-attribute
name = DATASET_DIMENSIONS
count = 5
 64 64 32 0 0

type = integer-attribute
name = BRICK_TYPES
count = 1
 3

type  = float-attribute
name  = BRICK_FLOAT_FACS
count = 1
              0

type = string-attribute
name = BRICK_LABS
count = 4
'#14~

type = string-attribute
name = BRICK_KEYWORDS
count = 1
'~

type = string-attribute
name = TEMPLATE_SPACE
count = 5
'ORIG~

type = integer-attribute
name = INT_CMAP
count = 1
 0

type = string-attribute
name = BYTEORDER_STRING
count = 10
'LSB_FIRST~
