
type = string-attribute
name = HISTORY_NOTE
count = 268
'[nikin@leviathan: Mon Feb 14 12:23:49 2022] {AFNI_22.0.03:linux_openmp_64} 3dDespike -prefix 0346-BOLD-EC 0346-BOLD-EC1+orig\n[nikin@leviathan: Mon Feb 14 12:24:02 2022] {AFNI_22.0.03:linux_openmp_64} 3dcalc -prefix 0346-BOLD-EC-base -a '0346-BOLD-EC+orig[4]' -expr a~

type = string-attribute
name = TYPESTRING
count = 15
'3DIM_HEAD_ANAT~

type = string-attribute
name = IDCODE_STRING
count = 27
'XYZ_89NQYrPdlshCaHEK6Od95g~

type = string-attribute
name = IDCODE_DATE
count = 25
'Mon Feb 14 12:24:02 2022~

type = integer-attribute
name = SCENE_DATA
count = 8
 0 2 0 -999 -999
 -999 -999 -999

type = string-attribute
name = LABEL_1
count = 5
'zyxt~

type = string-attribute
name = LABEL_2
count = 5
'zyxt~

type = string-attribute
name = DATASET_NAME
count = 5
'zyxt~

type = integer-attribute
name = ORIENT_SPECIFIC
count = 3
 0 2 4

type  = float-attribute
name  = ORIGIN
count = 3
      -129.1158       96.64693      -38.76448

type  = float-attribute
name  = DELTA
count = 3
              4             -4       4.000024

type  = float-attribute
name  = IJK_TO_DICOM
count = 12
              4              0              0      -129.1158              0
             -4              0       96.64693              0              0
       4.000024      -38.76448

type  = float-attribute
name  = IJK_TO_DICOM_REAL
count = 12
       3.999293     0.07507637   -0.004190606      -129.1158     0.07519802
      -3.993078       0.222871       96.64693              0      0.2229091
       3.993808      -38.76448

type  = float-attribute
name  = BRICK_STATS
count = 2
              0           8382

type = integer-attribute
name = DATASET_RANK
count = 8
 3 1 0 0 0
 0 0 0

type = integer-attribute
name = DATASET_DIMENSIONS
count = 5
 64 64 32 0 0

type = integer-attribute
name = BRICK_TYPES
count = 1
 3

type  = float-attribute
name  = BRICK_FLOAT_FACS
count = 1
              0

type = string-attribute
name = BRICK_LABS
count = 3
'#9~

type = string-attribute
name = BRICK_KEYWORDS
count = 1
'~

type = string-attribute
name = TEMPLATE_SPACE
count = 5
'ORIG~

type = integer-attribute
name = INT_CMAP
count = 1
 0

type = string-attribute
name = BYTEORDER_STRING
count = 10
'LSB_FIRST~
