
type = string-attribute
name = HISTORY_NOTE
count = 1880
'[nikin@leviathan: Tue Feb 15 18:40:42 2022] {AFNI_22.0.03:linux_openmp_64} 3dSkullStrip -prefix 0310-T1-NoSkull -input BOLD-0310-EC-T1+tlrc.\n[nikin@leviathan: Tue Feb 15 18:40:43 2022] {AFNI_22.0.03:linux_openmp_64} 3dcopy ./0310-T1-NoSkull+tlrc ./0310-T1-NoSkull_shft+tlrc\n[nikin@leviathan: Tue Feb 15 18:40:47 2022] {AFNI_22.0.03:linux_openmp_64} 3dCM -automask -set 2.59405 -14.262 -22.9657 ./0310-T1-NoSkull_shft+tlrc\n[nikin@leviathan: Tue Feb 15 18:40:47 2022] {AFNI_22.0.03:linux_openmp_64} 3dcopy ./0310-T1-NoSkull_shft+tlrc ./__tt_0310-T1-NoSkull_shft+tlrc\n[nikin@leviathan: Tue Feb 15 18:41:00 2022] {AFNI_22.0.03:linux_openmp_64} 3dAllineate -base ./__tt_0310-BOLD-EC-base_ts_ns+orig -1Dmatrix_apply ./0310-T1-NoSkull_shft_alBOLDEC_mat.aff12.1D -prefix ./0310-T1-NoSkull_shft_alBOLDEC -input ./__tt_0310-T1-NoSkull_shft+tlrc -master SOURCE -weight_frac 1.0 -maxrot 6 -maxshf 10 -VERB -warp aff -source_automask+4 -onepass\n[nikin@leviathan: Tue Feb 15 18:41:02 2022] align_epi_anat.py -anat 0310-T1-NoSkull_shft+tlrc. -epi  0310-BOLD-EC-base+orig. -epi_base 0 -suffix _alBOLDEC -anat_has_skull no  -epi_strip 3dAutomask -volreg off -tshift off -resample off\n[nikin@leviathan: Tue Feb 15 18:41:03 2022] {AFNI_22.0.03:linux_openmp_64} 3dcopy ./0310-T1-NoSkull_shft_alBOLDEC+tlrc ./0310-T1-NoSkull_shft_alBOLDEC_shft+tlrc\n[nikin@leviathan: Tue Feb 15 18:41:03 2022] {AFNI_22.0.03:linux_openmp_64} 3drefit -dxorigin -2.573914 -dyorigin 50.783096 -dzorigin 31.486099 ./0310-T1-NoSkull_shft_alBOLDEC_shft+tlrc\n[nikin@leviathan: Tue Feb 15 18:41:09 2022] {AFNI_22.0.03:linux_openmp_64} 3dAllineate -prefix 0310-T1_to_T1_Allineate -base /home/nikin/Functional_Connectivity/Processed_Data/Normalized_Data/MNI_Atlas/MNI_avg152T1+tlrc. -source 0310-T1-NoSkull_shft_alBOLDEC_shft+tlrc. -1Dmatrix_save T1_to_T1_Allineate.aff12.1D -source_automask -cost lpa -autoweight -cmass~

type  = float-attribute
name  = ALLINEATE_MATVEC_B2S_000000
count = 12
        1.05007     0.03144562      0.0250187       8.118256    -0.01074259
      0.7077944     0.06766327       18.33501      0.0554592     -0.1177956
      0.8855744      -7.620605

type  = float-attribute
name  = ALLINEATE_MATVEC_S2B_000000
count = 12
      0.9530798     -0.0462363    -0.02339308      -7.067872     0.01991804
       1.394133      -0.107083      -26.53918    -0.05703732      0.1883377
       1.116432       5.517758

type = string-attribute
name = ALLINEATE_WARP_TYPE
count = 15
'affine_general~

type  = float-attribute
name  = ALLINEATE_PARAMS_000000
count = 12
       8.118252       18.33501      -7.620605       1.845167       5.437656
      -1.370413       1.050839      0.7110001      0.8914249     0.01147319
     0.06944712    -0.04931509

type = string-attribute
name = TYPESTRING
count = 15
'3DIM_HEAD_ANAT~

type = string-attribute
name = IDCODE_STRING
count = 27
'XYZ_hKkVQthlCJyRr0GGyOgt2Q~

type = string-attribute
name = IDCODE_DATE
count = 25
'Tue Feb 15 18:41:09 2022~

type = integer-attribute
name = SCENE_DATA
count = 8
 2 11 0 -999 -999
 -999 -999 -999

type = string-attribute
name = LABEL_1
count = 5
'zyxt~

type = string-attribute
name = LABEL_2
count = 5
'zyxt~

type = string-attribute
name = DATASET_NAME
count = 5
'zyxt~

type = integer-attribute
name = ORIENT_SPECIFIC
count = 3
 1 2 4

type  = float-attribute
name  = ORIGIN
count = 3
             90            126            -72

type  = float-attribute
name  = DELTA
count = 3
             -2             -2              2

type  = float-attribute
name  = IJK_TO_DICOM
count = 12
             -2              0              0             90              0
             -2              0            126              0              0
              2            -72

type  = float-attribute
name  = IJK_TO_DICOM_REAL
count = 12
             -2              0              0             90              0
             -2              0            126              0              0
              2            -72

type  = float-attribute
name  = BRICK_STATS
count = 2
              0           4157

type = integer-attribute
name = DATASET_RANK
count = 8
 3 1 0 0 0
 0 0 0

type = integer-attribute
name = DATASET_DIMENSIONS
count = 5
 91 109 91 0 0

type = integer-attribute
name = BRICK_TYPES
count = 1
 1

type  = float-attribute
name  = BRICK_FLOAT_FACS
count = 1
              0

type = string-attribute
name = BRICK_LABS
count = 3
'#0~

type = string-attribute
name = BRICK_KEYWORDS
count = 1
'~

type = string-attribute
name = TEMPLATE_SPACE
count = 4
'MNI~

type = integer-attribute
name = INT_CMAP
count = 1
 0

type = string-attribute
name = BYTEORDER_STRING
count = 10
'LSB_FIRST~
