
type = string-attribute
name = HISTORY_NOTE
count = 2265
'[nikin@leviathan: Mon Feb 14 12:24:15 2022] ===================================\n[nikin@leviathan: Mon Feb 14 12:24:15 2022] === History of inputs to 3dcalc ===\n[nikin@leviathan: Mon Feb 14 12:24:15 2022] === Input a:\n[nikin@leviathan: Mon Feb 14 12:24:15 2022] [nikin@leviathan: Mon Feb 14 12:23:49 2022] {AFNI_22.0.03:linux_openmp_64} 3dDespike -prefix 0346-BOLD-EC 0346-BOLD-EC1+orig\n[nikin@leviathan: Mon Feb 14 12:24:02 2022] {AFNI_22.0.03:linux_openmp_64} 3dvolreg -verbose -tshift 0 -base 4 -1Dfile outliers-BOLD-EC.1D -prefix 0346-BOLD-EC-volreg 0346-BOLD-EC+orig\n[nikin@leviathan: Mon Feb 14 12:24:15 2022] === Input b:\n[nikin@leviathan: Mon Feb 14 12:24:15 2022] [nikin@leviathan: Mon Feb 14 12:23:49 2022] {AFNI_22.0.03:linux_openmp_64} 3dDespike -prefix 0346-BOLD-EC 0346-BOLD-EC1+orig\n[nikin@leviathan: Mon Feb 14 12:24:02 2022] {AFNI_22.0.03:linux_openmp_64} 3dvolreg -verbose -tshift 0 -base 4 -1Dfile outliers-BOLD-EC.1D -prefix 0346-BOLD-EC-volreg 0346-BOLD-EC+orig\n[nikin@leviathan: Mon Feb 14 12:24:15 2022] {AFNI_22.0.03:linux_openmp_64} 3dAutomask -prefix 0346-BOLD-EC-mask -dilate 1 0346-BOLD-EC-volreg+orig\n[nikin@leviathan: Mon Feb 14 12:24:15 2022] ===================================\n[nikin@leviathan: Mon Feb 14 12:24:15 2022] {AFNI_22.0.03:linux_openmp_64} 3dcalc -prefix 0346-BOLD-EC-volreg-mask -a 0346-BOLD-EC-volreg+orig -b 0346-BOLD-EC-mask+orig -expr 'a*b'\n[nikin@leviathan: Tue Feb 15 20:22:29 2022] {AFNI_22.0.03:linux_openmp_64} 3dcopy 0346-BOLD-EC-volreg-mask+orig. 0346-BOLD-EC-volreg-mask_temp\n[nikin@leviathan: Tue Feb 15 20:22:30 2022] {AFNI_22.0.03:linux_openmp_64} 3dcopy ./0346-BOLD-EC-volreg-mask_temp+orig ./0346-BOLD-EC-volreg-mask_temp_shft+orig\n[nikin@leviathan: Tue Feb 15 20:22:31 2022] {AFNI_22.0.03:linux_openmp_64} 3dCM -automask -set -1.41137 26.3567 13.68 ./0346-BOLD-EC-volreg-mask_temp_shft+orig\n[nikin@leviathan: Tue Feb 15 20:23:12 2022] {AFNI_22.0.03:linux_openmp_64} 3dNwarpApply -prefix 0346-BOLD-EC-volreg-Nwarp -nwarp 'T1-NoSkull_shft_alBOLDEC_shft_WARP+tlrc. ' T1_to_T1_Allineate.aff12.1D -source 0346-BOLD-EC-volreg-mask_temp_shft+orig.\n[nikin@leviathan: Tue Feb 15 20:23:12 2022] {AFNI_22.0.03:linux_openmp_64} 3dcopy 0346-BOLD-EC-volreg-Nwarp+orig 0346-BOLD-EC-volreg-Nwarp_Backup~

type = string-attribute
name = TYPESTRING
count = 15
'3DIM_HEAD_ANAT~

type = string-attribute
name = IDCODE_STRING
count = 27
'XYZ_spHVdPmHdveYtR6w9_--bQ~

type = string-attribute
name = IDCODE_DATE
count = 25
'Tue Feb 15 20:23:12 2022~

type = integer-attribute
name = SCENE_DATA
count = 8
 0 2 0 -999 -999
 -999 -999 -999

type = string-attribute
name = LABEL_1
count = 5
'zyxt~

type = string-attribute
name = LABEL_2
count = 5
'zyxt~

type = string-attribute
name = DATASET_NAME
count = 5
'zyxt~

type = integer-attribute
name = ORIENT_SPECIFIC
count = 3
 0 2 4

type  = float-attribute
name  = ORIGIN
count = 3
      -126.1589       147.4388      -45.94489

type  = float-attribute
name  = DELTA
count = 3
              4             -4       4.000024

type  = float-attribute
name  = IJK_TO_DICOM
count = 12
              4              0              0      -126.1589              0
             -4              0       147.4388              0              0
       4.000024      -45.94489

type  = float-attribute
name  = IJK_TO_DICOM_REAL
count = 12
              4              0              0      -126.1589              0
             -4              0       147.4388              0              0
       4.000024      -45.94489

type  = float-attribute
name  = BRICK_STATS
count = 276
     -0.6202203           8327     -0.1399446           8383              0
       8268.898              0           8343              0       8234.901
              0       8278.037              0       8195.873              0
       8347.838              0       8312.235              0       8309.654
              0       8370.195              0       8379.088              0
       8419.988              0       8442.146              0           8398
   -0.000120163       8261.818              0       8365.618              0
       8359.643    -0.00498604       8343.669    -0.03794829           8398
    -0.05274651           8416    -0.04800763       8268.694      -0.029148
       8293.901   -0.005820245       8300.401              0       8203.711
              0       8339.454    -0.01851746       8404.877    -0.04492111
       8307.329    -0.04666016       8312.473    -0.03025699       8159.531
     -0.0139929        8141.08   -0.001061045       8185.872              0
       8030.156              0       8060.312              0       8124.282
              0       7974.487              0       8002.288              0
       8055.034   -0.000326287       8144.159   -0.002496292       8159.006
   -0.003295756       8101.181   -0.002674947       8157.371    -0.00131458
           8294  -9.710435e-05       8211.617              0       8265.846
              0       8086.964              0       8239.942              0
       8142.322              0       8339.633              0       8189.423
              0       8256.774              0       8292.898              0
       8345.682              0       8222.019              0       8149.201
              0        8209.76              0       8152.361              0
       8132.241              0       8185.725              0       8142.599
              0        8264.94              0       8042.745              0
       8259.538              0       8076.543              0       8144.904
              0       8063.313              0       8231.291              0
       8226.405              0       8270.156              0       8142.955
  -0.0001195073       8119.774  -1.311302e-06       8346.695              0
       8293.952              0       8243.324              0       8186.748
              0       8186.798              0       8214.396              0
        8134.43              0       8074.452              0       8099.442
              0       8227.384              0       8195.407              0
           8302              0       8274.908              0       8282.551
              0           8263              0           8234              0
           8213              0           8152              0       8269.167
              0       8270.122  -3.354624e-06       8316.124              0
       8248.025              0       8150.083              0         8061.4
              0       8197.394              0       8033.473              0
       8045.223              0       7958.387              0       8237.085
              0       8193.882              0       8221.704  -0.0003980845
       8226.937   -0.004012987        8253.51    -0.01018453       8307.458
    -0.01071671       8325.309   -0.003526583       8290.522   -0.007477194
       8284.002   -0.005657911       8322.924  -0.0001086984       8284.521
              0        8151.77              0       8124.959  -0.0005129818
       8193.303   -0.004296202       8204.925    -0.00852159       8247.212
   -0.009344719       8182.248   -0.004968032       8259.293  -1.654401e-05
       8252.405  -0.0001385473       8270.564   -0.000449162       8274.276
              0       8234.604              0       8278.538              0
       8258.593              0        8341.93              0       8340.995
              0           8327              0       8122.808              0
       8214.849              0       8089.687   -7.24569e-07       8113.552
  -0.0002199002        8184.59   -0.000853058       8186.947  -0.0002246164
       8168.532              0       8110.881              0       8164.287
              0           8115      -1.547789       8244.479      -3.861332
       8154.903

type = integer-attribute
name = TAXIS_NUMS
count = 8
 138 0 77002 -999 -999
 -999 -999 -999

type  = float-attribute
name  = TAXIS_FLOATS
count = 8
              0              2              0              0              0
        -999999        -999999        -999999

type = integer-attribute
name = DATASET_RANK
count = 8
 3 138 0 0 0
 0 0 0

type = integer-attribute
name = DATASET_DIMENSIONS
count = 5
 64 64 32 0 0

type = integer-attribute
name = BRICK_TYPES
count = 138
 3 3 3 3 3
 3 3 3 3 3
 3 3 3 3 3
 3 3 3 3 3
 3 3 3 3 3
 3 3 3 3 3
 3 3 3 3 3
 3 3 3 3 3
 3 3 3 3 3
 3 3 3 3 3
 3 3 3 3 3
 3 3 3 3 3
 3 3 3 3 3
 3 3 3 3 3
 3 3 3 3 3
 3 3 3 3 3
 3 3 3 3 3
 3 3 3 3 3
 3 3 3 3 3
 3 3 3 3 3
 3 3 3 3 3
 3 3 3 3 3
 3 3 3 3 3
 3 3 3 3 3
 3 3 3 3 3
 3 3 3 3 3
 3 3 3 3 3
 3 3 3

type  = float-attribute
name  = BRICK_FLOAT_FACS
count = 138
              0              0              0              0              0
              0              0              0              0              0
              0              0              0              0              0
              0              0              0              0              0
              0              0              0              0              0
              0              0              0              0              0
              0              0              0              0              0
              0              0              0              0              0
              0              0              0              0              0
              0              0              0              0              0
              0              0              0              0              0
              0              0              0              0              0
              0              0              0              0              0
              0              0              0              0              0
              0              0              0              0              0
              0              0              0              0              0
              0              0              0              0              0
              0              0              0              0              0
              0              0              0              0              0
              0              0              0              0              0
              0              0              0              0              0
              0              0              0              0              0
              0              0              0              0              0
              0              0              0              0              0
              0              0              0              0              0
              0              0              0              0              0
              0              0              0              0              0
              0              0              0

type = string-attribute
name = BRICK_LABS
count = 590
'#5~#6~#7~#8~#9~#10~#11~#12~#13~#14~#15~#16~#17~#18~#19~#20~#21~#22~#23~#24~#25~#26~#27~#28~#29~#30~#31~#32~#33~#34~#35~#36~#37~#38~#39~#40~#41~#42~#43~#44~#45~#46~#47~#48~#49~#50~#51~#52~#53~#54~#55~#56~#57~#58~#59~#60~#61~#62~#63~#64~#65~#66~#67~#68~#69~#70~#71~#72~#73~#74~#75~#76~#77~#78~#79~#80~#81~#82~#83~#84~#85~#86~#87~#88~#89~#90~#91~#92~#93~#94~#95~#96~#97~#98~#99~#100~#101~#102~#103~#104~#105~#106~#107~#108~#109~#110~#111~#112~#113~#114~#115~#116~#117~#118~#119~#120~#121~#122~#123~#124~#125~#126~#127~#128~#129~#130~#131~#132~#133~#134~#135~#136~#137~#138~#139~#140~#141~#142~

type = string-attribute
name = BRICK_KEYWORDS
count = 138
'~~~~~~~~~~~~~~~~~~~~~~~~~~~~~~~~~~~~~~~~~~~~~~~~~~~~~~~~~~~~~~~~~~~~~~~~~~~~~~~~~~~~~~~~~~~~~~~~~~~~~~~~~~~~~~~~~~~~~~~~~~~~~~~~~~~~~~~~~~

type = string-attribute
name = TEMPLATE_SPACE
count = 5
'ORIG~

type = integer-attribute
name = INT_CMAP
count = 1
 0

type = string-attribute
name = BYTEORDER_STRING
count = 10
'LSB_FIRST~
