
type = string-attribute
name = HISTORY_NOTE
count = 1880
'[nikin@leviathan: Tue Feb 15 19:41:55 2022] {AFNI_22.0.03:linux_openmp_64} 3dSkullStrip -prefix 0326-T1-NoSkull -input BOLD-0326-EC-T1+tlrc.\n[nikin@leviathan: Tue Feb 15 19:41:56 2022] {AFNI_22.0.03:linux_openmp_64} 3dcopy ./0326-T1-NoSkull+tlrc ./0326-T1-NoSkull_shft+tlrc\n[nikin@leviathan: Tue Feb 15 19:42:02 2022] {AFNI_22.0.03:linux_openmp_64} 3dCM -automask -set -2.98487 -22.3254 58.862 ./0326-T1-NoSkull_shft+tlrc\n[nikin@leviathan: Tue Feb 15 19:42:02 2022] {AFNI_22.0.03:linux_openmp_64} 3dcopy ./0326-T1-NoSkull_shft+tlrc ./__tt_0326-T1-NoSkull_shft+tlrc\n[nikin@leviathan: Tue Feb 15 19:42:20 2022] {AFNI_22.0.03:linux_openmp_64} 3dAllineate -base ./__tt_0326-BOLD-EC-base_ts_ns+orig -1Dmatrix_apply ./0326-T1-NoSkull_shft_alBOLDEC_mat.aff12.1D -prefix ./0326-T1-NoSkull_shft_alBOLDEC -input ./__tt_0326-T1-NoSkull_shft+tlrc -master SOURCE -weight_frac 1.0 -maxrot 6 -maxshf 10 -VERB -warp aff -source_automask+4 -onepass\n[nikin@leviathan: Tue Feb 15 19:42:21 2022] align_epi_anat.py -anat 0326-T1-NoSkull_shft+tlrc. -epi  0326-BOLD-EC-base+orig. -epi_base 0 -suffix _alBOLDEC -anat_has_skull no  -epi_strip 3dAutomask -volreg off -tshift off -resample off\n[nikin@leviathan: Tue Feb 15 19:42:22 2022] {AFNI_22.0.03:linux_openmp_64} 3dcopy ./0326-T1-NoSkull_shft_alBOLDEC+tlrc ./0326-T1-NoSkull_shft_alBOLDEC_shft+tlrc\n[nikin@leviathan: Tue Feb 15 19:42:22 2022] {AFNI_22.0.03:linux_openmp_64} 3drefit -dxorigin 1.560883 -dyorigin 43.271847 -dzorigin -53.659119 ./0326-T1-NoSkull_shft_alBOLDEC_shft+tlrc\n[nikin@leviathan: Tue Feb 15 19:42:29 2022] {AFNI_22.0.03:linux_openmp_64} 3dAllineate -prefix 0326-T1_to_T1_Allineate -base /home/nikin/Functional_Connectivity/Processed_Data/Normalized_Data/MNI_Atlas/MNI_avg152T1+tlrc. -source 0326-T1-NoSkull_shft_alBOLDEC_shft+tlrc. -1Dmatrix_save T1_to_T1_Allineate.aff12.1D -source_automask -cost lpa -autoweight -cmass~

type  = float-attribute
name  = ALLINEATE_MATVEC_B2S_000000
count = 12
      0.8907005     0.06171962    -0.08285243      -14.55146     -0.1310191
         0.8197      0.2802515          6.194     0.06688365     -0.2951635
      0.9339014       25.84296

type  = float-attribute
name  = ALLINEATE_MATVEC_S2B_000000
count = 12
       1.107978     -0.0433466      0.1113036       13.51477      0.1843102
       1.093778      -0.311877       3.966946    -0.02109852      0.3487975
      0.9642355      -27.38616

type = string-attribute
name = ALLINEATE_WARP_TYPE
count = 15
'affine_general~

type  = float-attribute
name  = ALLINEATE_PARAMS_000000
count = 12
      -14.55146          6.194       25.84296       2.221401       18.14273
       5.579914      0.8966723      0.8704544      0.9808609     -0.1110999
    -0.04479992    0.009260826

type = string-attribute
name = TYPESTRING
count = 15
'3DIM_HEAD_ANAT~

type = string-attribute
name = IDCODE_STRING
count = 27
'XYZ_spxDYMOrt6DOHmRoN7Yw4A~

type = string-attribute
name = IDCODE_DATE
count = 25
'Tue Feb 15 19:42:29 2022~

type = integer-attribute
name = SCENE_DATA
count = 8
 2 11 0 -999 -999
 -999 -999 -999

type = string-attribute
name = LABEL_1
count = 5
'zyxt~

type = string-attribute
name = LABEL_2
count = 5
'zyxt~

type = string-attribute
name = DATASET_NAME
count = 5
'zyxt~

type = integer-attribute
name = ORIENT_SPECIFIC
count = 3
 1 2 4

type  = float-attribute
name  = ORIGIN
count = 3
             90            126            -72

type  = float-attribute
name  = DELTA
count = 3
             -2             -2              2

type  = float-attribute
name  = IJK_TO_DICOM
count = 12
             -2              0              0             90              0
             -2              0            126              0              0
              2            -72

type  = float-attribute
name  = IJK_TO_DICOM_REAL
count = 12
             -2              0              0             90              0
             -2              0            126              0              0
              2            -72

type  = float-attribute
name  = BRICK_STATS
count = 2
              0           4175

type = integer-attribute
name = DATASET_RANK
count = 8
 3 1 0 0 0
 0 0 0

type = integer-attribute
name = DATASET_DIMENSIONS
count = 5
 91 109 91 0 0

type = integer-attribute
name = BRICK_TYPES
count = 1
 1

type  = float-attribute
name  = BRICK_FLOAT_FACS
count = 1
              0

type = string-attribute
name = BRICK_LABS
count = 3
'#0~

type = string-attribute
name = BRICK_KEYWORDS
count = 1
'~

type = string-attribute
name = TEMPLATE_SPACE
count = 4
'MNI~

type = integer-attribute
name = INT_CMAP
count = 1
 0

type = string-attribute
name = BYTEORDER_STRING
count = 10
'LSB_FIRST~
