
type = string-attribute
name = HISTORY_NOTE
count = 1172
'[nikin@leviathan: Wed Feb 16 12:49:25 2022] {AFNI_22.0.03:linux_openmp_64} 3dSkullStrip -prefix 0323-T1-NoSkull -input BOLD-0323-EC-T1+tlrc.\n[nikin@leviathan: Wed Feb 16 12:49:27 2022] {AFNI_22.0.03:linux_openmp_64} 3dcopy ./0323-T1-NoSkull+tlrc ./0323-T1-NoSkull_shft+tlrc\n[nikin@leviathan: Wed Feb 16 12:49:34 2022] {AFNI_22.0.03:linux_openmp_64} 3dCM -automask -set 1.38488 -10.7879 47.6447 ./0323-T1-NoSkull_shft+tlrc\n[nikin@leviathan: Wed Feb 16 12:49:35 2022] {AFNI_22.0.03:linux_openmp_64} 3dcopy ./0323-T1-NoSkull_shft+tlrc ./__tt_0323-T1-NoSkull_shft+tlrc\n[nikin@leviathan: Wed Feb 16 12:50:00 2022] {AFNI_22.0.03:linux_openmp_64} 3dAllineate -base ./__tt_0323-BOLD-EC-base_ts_ns+orig -1Dmatrix_apply ./0323-T1-NoSkull_shft_alBOLDEC_mat.aff12.1D -prefix ./0323-T1-NoSkull_shft_alBOLDEC -input ./__tt_0323-T1-NoSkull_shft+tlrc -master SOURCE -weight_frac 1.0 -maxrot 6 -maxshf 10 -VERB -warp aff -source_automask+4 -onepass\n[nikin@leviathan: Wed Feb 16 12:50:02 2022] align_epi_anat.py -anat 0323-T1-NoSkull_shft+tlrc. -epi  0323-BOLD-EC-base+orig. -epi_base 0 -suffix _alBOLDEC -anat_has_skull no  -epi_strip 3dAutomask -volreg off -tshift off -resample off~

type  = float-attribute
name  = ALLINEATE_MATVEC_B2S_000000
count = 12
        1.04533      -0.060498      0.0751561      -0.831632      0.0317211
        1.01314      -0.185842       -1.05425     -0.0680098       0.195058
         1.0047       -32.5963

type  = float-attribute
name  = ALLINEATE_MATVEC_S2B_000000
count = 12
      0.9507625     0.06804292    -0.05853526      -1.045614    -0.01734496
      0.9518473      0.1773632       6.770444     0.06772614      -0.180191
      0.9569254       31.05858

type = string-attribute
name = ALLINEATE_WARP_TYPE
count = 15
'affine_general~

type  = float-attribute
name  = ALLINEATE_PARAMS_000000
count = 12
              0              0              0              0              0
              0              1              1              1              0
              0              0

type = string-attribute
name = TYPESTRING
count = 15
'3DIM_HEAD_ANAT~

type = string-attribute
name = IDCODE_STRING
count = 27
'XYZ_eRDH2KPso8EEFZX7CwkzMw~

type = string-attribute
name = IDCODE_DATE
count = 25
'Wed Feb 16 12:50:00 2022~

type = integer-attribute
name = SCENE_DATA
count = 8
 2 11 0 -999 -999
 -999 -999 -999

type = string-attribute
name = LABEL_1
count = 5
'zyxt~

type = string-attribute
name = LABEL_2
count = 5
'zyxt~

type = string-attribute
name = DATASET_NAME
count = 5
'zyxt~

type = integer-attribute
name = ORIENT_SPECIFIC
count = 3
 1 2 4

type  = float-attribute
name  = ORIGIN
count = 3
       127.0168       102.8647      -39.30589

type  = float-attribute
name  = DELTA
count = 3
             -1             -1       1.000135

type  = float-attribute
name  = IJK_TO_DICOM
count = 12
             -1              0              0       127.0168              0
             -1              0       102.8647              0              0
       1.000135      -39.30589

type  = float-attribute
name  = IJK_TO_DICOM_REAL
count = 12
             -1              0              0       127.0168              0
             -1              0       102.8647              0              0
       1.000135      -39.30589

type  = float-attribute
name  = BRICK_STATS
count = 2
              0           4355

type = integer-attribute
name = DATASET_RANK
count = 8
 3 1 0 0 0
 0 0 0

type = integer-attribute
name = DATASET_DIMENSIONS
count = 5
 256 256 180 0 0

type = integer-attribute
name = BRICK_TYPES
count = 1
 1

type  = float-attribute
name  = BRICK_FLOAT_FACS
count = 1
              0

type = string-attribute
name = BRICK_LABS
count = 3
'#0~

type = string-attribute
name = BRICK_KEYWORDS
count = 1
'~

type = string-attribute
name = TEMPLATE_SPACE
count = 5
'TLRC~

type = integer-attribute
name = INT_CMAP
count = 1
 0

type = string-attribute
name = BYTEORDER_STRING
count = 10
'LSB_FIRST~
