
type = string-attribute
name = HISTORY_NOTE
count = 1173
'[nikin@leviathan: Tue Feb 15 20:27:46 2022] {AFNI_22.0.03:linux_openmp_64} 3dSkullStrip -prefix 0353-T1-NoSkull -input BOLD-0353-EC-T1+tlrc.\n[nikin@leviathan: Tue Feb 15 20:27:47 2022] {AFNI_22.0.03:linux_openmp_64} 3dcopy ./0353-T1-NoSkull+tlrc ./0353-T1-NoSkull_shft+tlrc\n[nikin@leviathan: Tue Feb 15 20:27:52 2022] {AFNI_22.0.03:linux_openmp_64} 3dCM -automask -set -1.70837 -15.9834 30.4379 ./0353-T1-NoSkull_shft+tlrc\n[nikin@leviathan: Tue Feb 15 20:27:52 2022] {AFNI_22.0.03:linux_openmp_64} 3dcopy ./0353-T1-NoSkull_shft+tlrc ./__tt_0353-T1-NoSkull_shft+tlrc\n[nikin@leviathan: Tue Feb 15 20:28:05 2022] {AFNI_22.0.03:linux_openmp_64} 3dAllineate -base ./__tt_0353-BOLD-EC-base_ts_ns+orig -1Dmatrix_apply ./0353-T1-NoSkull_shft_alBOLDEC_mat.aff12.1D -prefix ./0353-T1-NoSkull_shft_alBOLDEC -input ./__tt_0353-T1-NoSkull_shft+tlrc -master SOURCE -weight_frac 1.0 -maxrot 6 -maxshf 10 -VERB -warp aff -source_automask+4 -onepass\n[nikin@leviathan: Tue Feb 15 20:28:07 2022] align_epi_anat.py -anat 0353-T1-NoSkull_shft+tlrc. -epi  0353-BOLD-EC-base+orig. -epi_base 0 -suffix _alBOLDEC -anat_has_skull no  -epi_strip 3dAutomask -volreg off -tshift off -resample off~

type  = float-attribute
name  = ALLINEATE_MATVEC_B2S_000000
count = 12
       0.962668     -0.0531671     -0.0103153        1.25218      0.0286369
        1.25386      -0.153254       -4.29839    -0.00755183       0.170872
       0.906059       -20.1448

type  = float-attribute
name  = ALLINEATE_MATVEC_S2B_000000
count = 12
       1.037695     0.04143602     0.01882258     -0.7420953    -0.02213261
      0.7786841      0.1314574       6.022985     0.01282294     -0.1465053
       1.079046       21.09138

type = string-attribute
name = ALLINEATE_WARP_TYPE
count = 15
'affine_general~

type  = float-attribute
name  = ALLINEATE_PARAMS_000000
count = 12
              0              0              0              0              0
              0              1              1              1              0
              0              0

type = string-attribute
name = TYPESTRING
count = 15
'3DIM_HEAD_ANAT~

type = string-attribute
name = IDCODE_STRING
count = 27
'XYZ_Y1_6tuJ5WqvgYg7tMZ2yNA~

type = string-attribute
name = IDCODE_DATE
count = 25
'Tue Feb 15 20:28:05 2022~

type = integer-attribute
name = SCENE_DATA
count = 8
 2 11 0 -999 -999
 -999 -999 -999

type = string-attribute
name = LABEL_1
count = 5
'zyxt~

type = string-attribute
name = LABEL_2
count = 5
'zyxt~

type = string-attribute
name = DATASET_NAME
count = 5
'zyxt~

type = integer-attribute
name = ORIENT_SPECIFIC
count = 3
 1 2 4

type  = float-attribute
name  = ORIGIN
count = 3
       93.75484       92.80325      -54.81707

type  = float-attribute
name  = DELTA
count = 3
             -1     -0.9999999      0.9999003

type  = float-attribute
name  = IJK_TO_DICOM
count = 12
             -1              0              0       93.75484              0
     -0.9999999              0       92.80325              0              0
      0.9999003      -54.81707

type  = float-attribute
name  = IJK_TO_DICOM_REAL
count = 12
             -1              0              0       93.75484              0
     -0.9999999              0       92.80325              0              0
      0.9999003      -54.81707

type  = float-attribute
name  = BRICK_STATS
count = 2
              0           4261

type = integer-attribute
name = DATASET_RANK
count = 8
 3 1 0 0 0
 0 0 0

type = integer-attribute
name = DATASET_DIMENSIONS
count = 5
 190 237 180 0 0

type = integer-attribute
name = BRICK_TYPES
count = 1
 1

type  = float-attribute
name  = BRICK_FLOAT_FACS
count = 1
              0

type = string-attribute
name = BRICK_LABS
count = 3
'#0~

type = string-attribute
name = BRICK_KEYWORDS
count = 1
'~

type = string-attribute
name = TEMPLATE_SPACE
count = 5
'TLRC~

type = integer-attribute
name = INT_CMAP
count = 1
 0

type = string-attribute
name = BYTEORDER_STRING
count = 10
'LSB_FIRST~
