
type = string-attribute
name = HISTORY_NOTE
count = 2268
'[nikin@leviathan: Mon Feb 14 13:15:02 2022] ===================================\n[nikin@leviathan: Mon Feb 14 13:15:02 2022] === History of inputs to 3dcalc ===\n[nikin@leviathan: Mon Feb 14 13:15:02 2022] === Input a:\n[nikin@leviathan: Mon Feb 14 13:15:02 2022] [nikin@leviathan: Mon Feb 14 13:14:35 2022] {AFNI_22.0.03:linux_openmp_64} 3dDespike -prefix 0259-BOLD-EC 0259-BOLD-EC1+orig\n[nikin@leviathan: Mon Feb 14 13:14:48 2022] {AFNI_22.0.03:linux_openmp_64} 3dvolreg -verbose -tshift 0 -base 34 -1Dfile outliers-BOLD-EC.1D -prefix 0259-BOLD-EC-volreg 0259-BOLD-EC+orig\n[nikin@leviathan: Mon Feb 14 13:15:02 2022] === Input b:\n[nikin@leviathan: Mon Feb 14 13:15:02 2022] [nikin@leviathan: Mon Feb 14 13:14:35 2022] {AFNI_22.0.03:linux_openmp_64} 3dDespike -prefix 0259-BOLD-EC 0259-BOLD-EC1+orig\n[nikin@leviathan: Mon Feb 14 13:14:48 2022] {AFNI_22.0.03:linux_openmp_64} 3dvolreg -verbose -tshift 0 -base 34 -1Dfile outliers-BOLD-EC.1D -prefix 0259-BOLD-EC-volreg 0259-BOLD-EC+orig\n[nikin@leviathan: Mon Feb 14 13:15:02 2022] {AFNI_22.0.03:linux_openmp_64} 3dAutomask -prefix 0259-BOLD-EC-mask -dilate 1 0259-BOLD-EC-volreg+orig\n[nikin@leviathan: Mon Feb 14 13:15:02 2022] ===================================\n[nikin@leviathan: Mon Feb 14 13:15:02 2022] {AFNI_22.0.03:linux_openmp_64} 3dcalc -prefix 0259-BOLD-EC-volreg-mask -a 0259-BOLD-EC-volreg+orig -b 0259-BOLD-EC-mask+orig -expr 'a*b'\n[nikin@leviathan: Tue Feb 15 21:40:43 2022] {AFNI_22.0.03:linux_openmp_64} 3dcopy 0259-BOLD-EC-volreg-mask+orig. 0259-BOLD-EC-volreg-mask_temp\n[nikin@leviathan: Tue Feb 15 21:40:44 2022] {AFNI_22.0.03:linux_openmp_64} 3dcopy ./0259-BOLD-EC-volreg-mask_temp+orig ./0259-BOLD-EC-volreg-mask_temp_shft+orig\n[nikin@leviathan: Tue Feb 15 21:40:45 2022] {AFNI_22.0.03:linux_openmp_64} 3dCM -automask -set 1.97309 31.4942 11.3465 ./0259-BOLD-EC-volreg-mask_temp_shft+orig\n[nikin@leviathan: Tue Feb 15 21:41:31 2022] {AFNI_22.0.03:linux_openmp_64} 3dNwarpApply -prefix 0259-BOLD-EC-volreg-Nwarp -nwarp 'T1-NoSkull_shft_alBOLDEC_shft_WARP+tlrc. ' T1_to_T1_Allineate.aff12.1D -source 0259-BOLD-EC-volreg-mask_temp_shft+orig.\n[nikin@leviathan: Tue Feb 15 21:41:32 2022] {AFNI_22.0.03:linux_openmp_64} 3dcopy 0259-BOLD-EC-volreg-Nwarp+orig 0259-BOLD-EC-volreg-Nwarp_Backup~

type = string-attribute
name = TYPESTRING
count = 15
'3DIM_HEAD_ANAT~

type = string-attribute
name = IDCODE_STRING
count = 27
'XYZ_4yN04hLxvv5S_Xa3OQKVgw~

type = string-attribute
name = IDCODE_DATE
count = 25
'Tue Feb 15 21:41:32 2022~

type = integer-attribute
name = SCENE_DATA
count = 8
 0 2 0 -999 -999
 -999 -999 -999

type = string-attribute
name = LABEL_1
count = 5
'zyxt~

type = string-attribute
name = LABEL_2
count = 5
'zyxt~

type = string-attribute
name = DATASET_NAME
count = 5
'zyxt~

type = integer-attribute
name = ORIENT_SPECIFIC
count = 3
 0 2 4

type  = float-attribute
name  = ORIGIN
count = 3
      -125.8133       147.1265      -50.80915

type  = float-attribute
name  = DELTA
count = 3
              4             -4       3.999978

type  = float-attribute
name  = IJK_TO_DICOM
count = 12
              4              0              0      -125.8133              0
             -4              0       147.1265              0              0
       3.999978      -50.80915

type  = float-attribute
name  = IJK_TO_DICOM_REAL
count = 12
              4              0              0      -125.8133              0
             -4              0       147.1265              0              0
       3.999978      -50.80915

type  = float-attribute
name  = BRICK_STATS
count = 276
       -2.91259        8632.28              0       8616.862              0
       8510.711              0       8599.856              0       8418.939
  -0.0004212689       8491.472   -0.001642451       8415.697   -0.001358714
       8435.183  -0.0002918951       8504.138              0       8430.712
              0       8486.985              0       8515.471              0
       8508.599              0       8566.552              0       8448.131
              0       8490.723    -0.01859435        8563.63    -0.03325126
       8592.172     -0.0353181       8474.999    -0.01674843       8473.644
    -0.00586459       8418.339    -0.03955947       8541.105    -0.03582507
       8451.327    -0.01705673       8539.176   -0.001588032       8446.963
              0       8522.043              0       8524.227              0
       8541.057              0       8497.894   -0.006815434       8456.114
    -0.05693614        8441.77    -0.02541631       8620.688      -0.075993
       8426.788    -0.03519392        8462.76              0       8445.012
    -0.03138081       8416.513    -0.02401159       8484.111    -0.01371481
       8456.485    -0.03156241       8451.325    -0.03495376       8535.007
    -0.02556557       8587.198    -0.02649181       8598.104     -0.2703037
       8533.156     -0.9071326       8507.392      -1.191928       8471.488
      -1.050692        8530.21       -0.62216       8495.624     -0.1688313
       8514.901   -0.001086473       8518.766              0        8514.47
              0       8566.519              0       8544.724              0
       8444.687              0       8424.344              0        8459.74
              0       8411.867              0       8578.003              0
        8564.89              0       8690.065              0       8504.333
              0       8506.595              0       8570.478              0
       8548.762              0       8567.118              0       8650.291
              0       8619.151              0       8556.772              0
       8579.105              0       8660.492              0       8612.586
              0       8590.879              0       8611.837              0
        8542.83              0       8661.439              0        8443.72
              0       8475.946              0       8441.678              0
       8500.123              0       8499.911              0       8438.262
              0       8454.959              0       8600.903              0
       8502.579              0       8433.029              0       8426.743
              0       8426.364              0       8541.321              0
       8376.815              0        8480.68              0       8456.578
              0       8456.963              0       8542.408              0
       8600.409              0       8528.902              0       8628.254
              0       8547.343              0       8525.189              0
       8496.946              0       8500.632              0       8593.222
              0       8594.619              0       8533.648              0
       8524.697              0       8482.345              0       8576.062
  -4.414935e-06       8607.193              0       8518.238              0
        8493.57              0       8507.059              0       8439.679
              0       8548.188              0       8630.048              0
       8557.429              0       8658.222              0       8610.903
              0       8597.022              0       8480.616  -0.0006062519
       8486.618   -0.004089434       8591.379   -0.006209057       8529.691
   -0.007741429       8558.608   -0.003600091       8433.598   -4.93601e-07
       8567.484              0       8537.083              0       8540.525
              0       8460.335              0       8375.657              0
       8555.294              0       8595.355   -0.001420662        8600.55
   -0.005703695       8458.691   -0.006809279       8452.511   -0.001996495
       8540.403              0        8643.46              0       8574.319
   -0.005255669        8657.21     -0.4958622       8608.114      -1.326787
       8587.586

type = integer-attribute
name = TAXIS_NUMS
count = 8
 138 0 77002 -999 -999
 -999 -999 -999

type  = float-attribute
name  = TAXIS_FLOATS
count = 8
              0              2              0              0              0
        -999999        -999999        -999999

type = integer-attribute
name = DATASET_RANK
count = 8
 3 138 0 0 0
 0 0 0

type = integer-attribute
name = DATASET_DIMENSIONS
count = 5
 64 64 32 0 0

type = integer-attribute
name = BRICK_TYPES
count = 138
 3 3 3 3 3
 3 3 3 3 3
 3 3 3 3 3
 3 3 3 3 3
 3 3 3 3 3
 3 3 3 3 3
 3 3 3 3 3
 3 3 3 3 3
 3 3 3 3 3
 3 3 3 3 3
 3 3 3 3 3
 3 3 3 3 3
 3 3 3 3 3
 3 3 3 3 3
 3 3 3 3 3
 3 3 3 3 3
 3 3 3 3 3
 3 3 3 3 3
 3 3 3 3 3
 3 3 3 3 3
 3 3 3 3 3
 3 3 3 3 3
 3 3 3 3 3
 3 3 3 3 3
 3 3 3 3 3
 3 3 3 3 3
 3 3 3 3 3
 3 3 3

type  = float-attribute
name  = BRICK_FLOAT_FACS
count = 138
              0              0              0              0              0
              0              0              0              0              0
              0              0              0              0              0
              0              0              0              0              0
              0              0              0              0              0
              0              0              0              0              0
              0              0              0              0              0
              0              0              0              0              0
              0              0              0              0              0
              0              0              0              0              0
              0              0              0              0              0
              0              0              0              0              0
              0              0              0              0              0
              0              0              0              0              0
              0              0              0              0              0
              0              0              0              0              0
              0              0              0              0              0
              0              0              0              0              0
              0              0              0              0              0
              0              0              0              0              0
              0              0              0              0              0
              0              0              0              0              0
              0              0              0              0              0
              0              0              0              0              0
              0              0              0              0              0
              0              0              0              0              0
              0              0              0              0              0
              0              0              0

type = string-attribute
name = BRICK_LABS
count = 590
'#5~#6~#7~#8~#9~#10~#11~#12~#13~#14~#15~#16~#17~#18~#19~#20~#21~#22~#23~#24~#25~#26~#27~#28~#29~#30~#31~#32~#33~#34~#35~#36~#37~#38~#39~#40~#41~#42~#43~#44~#45~#46~#47~#48~#49~#50~#51~#52~#53~#54~#55~#56~#57~#58~#59~#60~#61~#62~#63~#64~#65~#66~#67~#68~#69~#70~#71~#72~#73~#74~#75~#76~#77~#78~#79~#80~#81~#82~#83~#84~#85~#86~#87~#88~#89~#90~#91~#92~#93~#94~#95~#96~#97~#98~#99~#100~#101~#102~#103~#104~#105~#106~#107~#108~#109~#110~#111~#112~#113~#114~#115~#116~#117~#118~#119~#120~#121~#122~#123~#124~#125~#126~#127~#128~#129~#130~#131~#132~#133~#134~#135~#136~#137~#138~#139~#140~#141~#142~

type = string-attribute
name = BRICK_KEYWORDS
count = 138
'~~~~~~~~~~~~~~~~~~~~~~~~~~~~~~~~~~~~~~~~~~~~~~~~~~~~~~~~~~~~~~~~~~~~~~~~~~~~~~~~~~~~~~~~~~~~~~~~~~~~~~~~~~~~~~~~~~~~~~~~~~~~~~~~~~~~~~~~~~

type = string-attribute
name = TEMPLATE_SPACE
count = 5
'ORIG~

type = integer-attribute
name = INT_CMAP
count = 1
 0

type = string-attribute
name = BYTEORDER_STRING
count = 10
'LSB_FIRST~
