
type = string-attribute
name = HISTORY_NOTE
count = 581
'[nikin@leviathan: Mon Feb 14 13:14:35 2022] {AFNI_22.0.03:linux_openmp_64} 3dDespike -prefix 0259-BOLD-EC 0259-BOLD-EC1+orig\n[nikin@leviathan: Mon Feb 14 13:14:47 2022] {AFNI_22.0.03:linux_openmp_64} 3dcalc -prefix 0259-BOLD-EC-base -a '0259-BOLD-EC+orig[34]' -expr a\n[nikin@leviathan: Tue Feb 15 21:29:27 2022] {AFNI_22.0.03:linux_openmp_64} 3dcopy ./0259-BOLD-EC-base+orig ./0259-BOLD-EC-base_shft+orig\n[nikin@leviathan: Tue Feb 15 21:29:27 2022] {AFNI_22.0.03:linux_openmp_64} 3drefit -dxorigin 1.363403 -dyorigin 52.333893 -dzorigin -28.520912 ./0259-BOLD-EC-base_shft+orig~

type = string-attribute
name = TYPESTRING
count = 15
'3DIM_HEAD_ANAT~

type = string-attribute
name = IDCODE_STRING
count = 27
'XYZ_zThX7y57F6IWT_M7pfF-kw~

type = string-attribute
name = IDCODE_DATE
count = 25
'Tue Feb 15 21:29:27 2022~

type = integer-attribute
name = SCENE_DATA
count = 8
 0 2 0 -999 -999
 -999 -999 -999

type = string-attribute
name = LABEL_1
count = 5
'zyxt~

type = string-attribute
name = LABEL_2
count = 5
'zyxt~

type = string-attribute
name = DATASET_NAME
count = 5
'zyxt~

type = integer-attribute
name = ORIENT_SPECIFIC
count = 3
 0 2 4

type  = float-attribute
name  = ORIGIN
count = 3
       -125.836       147.0867      -50.74424

type  = float-attribute
name  = DELTA
count = 3
              4             -4       3.999978

type  = float-attribute
name  = IJK_TO_DICOM
count = 12
              4              0              0      -127.1994              0
             -4              0       94.75281              0              0
       3.999978      -22.22333

type  = float-attribute
name  = IJK_TO_DICOM_REAL
count = 12
              4              0              0       -125.836              0
             -4              0       147.0867              0              0
       3.999978      -50.74424

type  = float-attribute
name  = BRICK_STATS
count = 2
    -0.03357756           8732

type = integer-attribute
name = DATASET_RANK
count = 8
 3 1 0 0 0
 0 0 0

type = integer-attribute
name = DATASET_DIMENSIONS
count = 5
 64 64 32 0 0

type = integer-attribute
name = BRICK_TYPES
count = 1
 3

type  = float-attribute
name  = BRICK_FLOAT_FACS
count = 1
              0

type = string-attribute
name = BRICK_LABS
count = 4
'#39~

type = string-attribute
name = BRICK_KEYWORDS
count = 1
'~

type = string-attribute
name = TEMPLATE_SPACE
count = 5
'ORIG~

type = integer-attribute
name = INT_CMAP
count = 1
 0

type = string-attribute
name = BYTEORDER_STRING
count = 10
'LSB_FIRST~
