
type = string-attribute
name = HISTORY_NOTE
count = 581
'[nikin@leviathan: Mon Feb 14 12:13:53 2022] {AFNI_22.0.03:linux_openmp_64} 3dDespike -prefix 0236-BOLD-EC 0236-BOLD-EC1+orig\n[nikin@leviathan: Mon Feb 14 12:14:08 2022] {AFNI_22.0.03:linux_openmp_64} 3dcalc -prefix 0236-BOLD-EC-base -a '0236-BOLD-EC+orig[32]' -expr a\n[nikin@leviathan: Tue Feb 15 17:13:36 2022] {AFNI_22.0.03:linux_openmp_64} 3dcopy ./0236-BOLD-EC-base+orig ./0236-BOLD-EC-base_shft+orig\n[nikin@leviathan: Tue Feb 15 17:13:37 2022] {AFNI_22.0.03:linux_openmp_64} 3drefit -dxorigin 3.779404 -dyorigin 49.699921 -dzorigin -49.119080 ./0236-BOLD-EC-base_shft+orig~

type = string-attribute
name = TYPESTRING
count = 15
'3DIM_HEAD_ANAT~

type = string-attribute
name = IDCODE_STRING
count = 27
'XYZ_cTk3sVUOmnez8dnE8jS_VA~

type = string-attribute
name = IDCODE_DATE
count = 25
'Tue Feb 15 17:13:36 2022~

type = integer-attribute
name = SCENE_DATA
count = 8
 0 2 0 -999 -999
 -999 -999 -999

type = string-attribute
name = LABEL_1
count = 5
'zyxt~

type = string-attribute
name = LABEL_2
count = 5
'zyxt~

type = string-attribute
name = DATASET_NAME
count = 5
'zyxt~

type = integer-attribute
name = ORIENT_SPECIFIC
count = 3
 0 2 4

type  = float-attribute
name  = ORIGIN
count = 3
      -125.6586       145.7926      -52.22636

type  = float-attribute
name  = DELTA
count = 3
              4             -4       4.000024

type  = float-attribute
name  = IJK_TO_DICOM
count = 12
              4              0              0       -129.438              0
             -4              0       96.09269              0              0
       4.000024      -3.107279

type  = float-attribute
name  = IJK_TO_DICOM_REAL
count = 12
              4              0              0      -125.6586              0
             -4              0       145.7926              0              0
       4.000024      -52.22636

type  = float-attribute
name  = BRICK_STATS
count = 2
    -0.01767099           7411

type = integer-attribute
name = DATASET_RANK
count = 8
 3 1 0 0 0
 0 0 0

type = integer-attribute
name = DATASET_DIMENSIONS
count = 5
 64 64 32 0 0

type = integer-attribute
name = BRICK_TYPES
count = 1
 3

type  = float-attribute
name  = BRICK_FLOAT_FACS
count = 1
              0

type = string-attribute
name = BRICK_LABS
count = 4
'#37~

type = string-attribute
name = BRICK_KEYWORDS
count = 1
'~

type = string-attribute
name = TEMPLATE_SPACE
count = 5
'ORIG~

type = integer-attribute
name = INT_CMAP
count = 1
 0

type = string-attribute
name = BYTEORDER_STRING
count = 10
'LSB_FIRST~
