
type = string-attribute
name = HISTORY_NOTE
count = 2700
'[nikin@leviathan: Mon Feb 14 12:14:22 2022] ===================================\n[nikin@leviathan: Mon Feb 14 12:14:22 2022] === History of inputs to 3dcalc ===\n[nikin@leviathan: Mon Feb 14 12:14:22 2022] === Input a:\n[nikin@leviathan: Mon Feb 14 12:14:22 2022] [nikin@leviathan: Mon Feb 14 12:13:53 2022] {AFNI_22.0.03:linux_openmp_64} 3dDespike -prefix 0236-BOLD-EC 0236-BOLD-EC1+orig\n[nikin@leviathan: Mon Feb 14 12:14:08 2022] {AFNI_22.0.03:linux_openmp_64} 3dvolreg -verbose -tshift 0 -base 32 -1Dfile outliers-BOLD-EC.1D -prefix 0236-BOLD-EC-volreg 0236-BOLD-EC+orig\n[nikin@leviathan: Mon Feb 14 12:14:22 2022] === Input b:\n[nikin@leviathan: Mon Feb 14 12:14:22 2022] [nikin@leviathan: Mon Feb 14 12:13:53 2022] {AFNI_22.0.03:linux_openmp_64} 3dDespike -prefix 0236-BOLD-EC 0236-BOLD-EC1+orig\n[nikin@leviathan: Mon Feb 14 12:14:08 2022] {AFNI_22.0.03:linux_openmp_64} 3dvolreg -verbose -tshift 0 -base 32 -1Dfile outliers-BOLD-EC.1D -prefix 0236-BOLD-EC-volreg 0236-BOLD-EC+orig\n[nikin@leviathan: Mon Feb 14 12:14:22 2022] {AFNI_22.0.03:linux_openmp_64} 3dAutomask -prefix 0236-BOLD-EC-mask -dilate 1 0236-BOLD-EC-volreg+orig\n[nikin@leviathan: Mon Feb 14 12:14:22 2022] ===================================\n[nikin@leviathan: Mon Feb 14 12:14:22 2022] {AFNI_22.0.03:linux_openmp_64} 3dcalc -prefix 0236-BOLD-EC-volreg-mask -a 0236-BOLD-EC-volreg+orig -b 0236-BOLD-EC-mask+orig -expr 'a*b'\n[nikin@leviathan: Tue Feb 15 17:24:35 2022] {AFNI_22.0.03:linux_openmp_64} 3dcopy 0236-BOLD-EC-volreg-mask+orig. 0236-BOLD-EC-volreg-mask_temp\n[nikin@leviathan: Tue Feb 15 17:24:36 2022] {AFNI_22.0.03:linux_openmp_64} 3dcopy ./0236-BOLD-EC-volreg-mask_temp+orig ./0236-BOLD-EC-volreg-mask_temp_shft+orig\n[nikin@leviathan: Tue Feb 15 17:24:38 2022] {AFNI_22.0.03:linux_openmp_64} 3dCM -automask -set -0.263763 30.3841 9.56436 ./0236-BOLD-EC-volreg-mask_temp_shft+orig\n[nikin@leviathan: Tue Feb 15 17:25:23 2022] {AFNI_22.0.03:linux_openmp_64} 3dNwarpApply -prefix 0236-BOLD-EC-volreg-Nwarp -nwarp 'T1-NoSkull_shft_alBOLDEC_shft_WARP+tlrc. ' T1_to_T1_Allineate.aff12.1D -source 0236-BOLD-EC-volreg-mask_temp_shft+orig.\n[nikin@leviathan: Tue Feb 15 17:25:23 2022] {AFNI_22.0.03:linux_openmp_64} 3drefit -view tlrc 0236-BOLD-EC-volreg-Nwarp+orig\n[nikin@leviathan: Tue Feb 15 17:25:32 2022] {AFNI_22.0.03:linux_openmp_64} 3dmerge -doall -1blur_fwhm 6 -prefix 0236-BOLD-EC-volreg-Nwarp-blur6 0236-BOLD-EC-volreg-Nwarp+tlrc\n[nikin@leviathan: Tue Feb 15 17:25:35 2022] {AFNI_22.0.03:linux_openmp_64} 3dDeconvolve -float -polort A -bucket bucket -errts 0236-BOLD-EC-volreg-Nwarp-blur6-ld -input 0236-BOLD-EC-volreg-Nwarp-blur6+tlrc.\n[nikin@leviathan: Tue Feb 15 17:25:35 2022] Output prefix: bucket~

type = string-attribute
name = TYPESTRING
count = 15
'3DIM_HEAD_FUNC~

type = string-attribute
name = IDCODE_STRING
count = 27
'XYZ_wEBWpQlb7K5H8u3IzP55AQ~

type = string-attribute
name = IDCODE_DATE
count = 25
'Tue Feb 15 17:25:35 2022~

type = integer-attribute
name = SCENE_DATA
count = 8
 2 11 1 -999 -999
 -999 -999 -999

type = string-attribute
name = LABEL_1
count = 5
'zyxt~

type = string-attribute
name = LABEL_2
count = 5
'zyxt~

type = string-attribute
name = DATASET_NAME
count = 5
'zyxt~

type = integer-attribute
name = ORIENT_SPECIFIC
count = 3
 0 2 4

type  = float-attribute
name  = ORIGIN
count = 3
       -125.673       145.8433      -52.23487

type  = float-attribute
name  = DELTA
count = 3
              4             -4       4.000024

type  = float-attribute
name  = IJK_TO_DICOM
count = 12
              4              0              0       -125.673              0
             -4              0       145.8433              0              0
       4.000024      -52.23487

type  = float-attribute
name  = IJK_TO_DICOM_REAL
count = 12
              4              0              0       -125.673              0
             -4              0       145.8433              0              0
       4.000024      -52.23487

type  = float-attribute
name  = BRICK_STATS
count = 2
              0              0

type = integer-attribute
name = DATASET_RANK
count = 8
 3 1 0 0 0
 0 0 0

type = integer-attribute
name = DATASET_DIMENSIONS
count = 5
 64 64 32 0 0

type = integer-attribute
name = BRICK_TYPES
count = 1
 3

type  = float-attribute
name  = BRICK_FLOAT_FACS
count = 1
              0

type = string-attribute
name = BRICK_LABS
count = 11
'Full_Fstat~

type = string-attribute
name = TEMPLATE_SPACE
count = 5
'ORIG~

type = integer-attribute
name = INT_CMAP
count = 1
 0

type = string-attribute
name = BYTEORDER_STRING
count = 10
'LSB_FIRST~
