
type = string-attribute
name = HISTORY_NOTE
count = 141
'[nikin@leviathan: Tue Feb 15 20:57:23 2022] {AFNI_22.0.03:linux_openmp_64} 3dSkullStrip -prefix 0359-T1-NoSkull -input BOLD-0359-EC-T1+tlrc.~

type = string-attribute
name = TYPESTRING
count = 15
'3DIM_HEAD_ANAT~

type = string-attribute
name = IDCODE_STRING
count = 27
'XYZ_fuirrOUVvZr4gcZ4dn94sA~

type = string-attribute
name = IDCODE_DATE
count = 25
'Tue Feb 15 20:57:23 2022~

type = string-attribute
name = IDCODE_WARP_PARENT
count = 27
'XYZ_dpLreEr3m5qA-1D7mv8PPQ~

type = integer-attribute
name = SCENE_DATA
count = 8
 2 11 0 -999 -999
 -999 -999 -999

type = string-attribute
name = LABEL_1
count = 5
'zyxt~

type = string-attribute
name = LABEL_2
count = 5
'zyxt~

type = string-attribute
name = DATASET_NAME
count = 5
'zyxt~

type = integer-attribute
name = ORIENT_SPECIFIC
count = 3
 1 2 4

type  = float-attribute
name  = ORIGIN
count = 3
       93.44171       114.9364      -38.73027

type  = float-attribute
name  = DELTA
count = 3
             -1             -1       0.999963

type  = float-attribute
name  = IJK_TO_DICOM
count = 12
             -1              0              0       93.44171              0
             -1              0       114.9364              0              0
       0.999963      -38.73027

type  = float-attribute
name  = IJK_TO_DICOM_REAL
count = 12
             -1              0              0       93.44171              0
             -1              0       114.9364              0              0
       0.999963      -38.73027

type = integer-attribute
name = WARP_TYPE
count = 8
 0 0 -999 -999 -999
 -999 -999 -999

type  = float-attribute
name  = WARP_DATA
count = 30
              1              0              0              0              1
              0              0              0              1              1
              0              0              0              1              0
              0              0              1              0              0
              0              0              0              0          -9999
          -9999          -9999           9999           9999           9999

type  = float-attribute
name  = BRICK_STATS
count = 2
              0           4068

type = integer-attribute
name = DATASET_RANK
count = 8
 3 1 0 0 0
 0 0 0

type = integer-attribute
name = DATASET_DIMENSIONS
count = 5
 192 238 180 0 0

type = integer-attribute
name = BRICK_TYPES
count = 1
 1

type  = float-attribute
name  = BRICK_FLOAT_FACS
count = 1
              0

type = string-attribute
name = BRICK_LABS
count = 3
'#0~

type = string-attribute
name = BRICK_KEYWORDS
count = 1
'~

type = string-attribute
name = TEMPLATE_SPACE
count = 5
'TLRC~

type = integer-attribute
name = INT_CMAP
count = 1
 0

type = string-attribute
name = BYTEORDER_STRING
count = 10
'LSB_FIRST~
