
type = string-attribute
name = HISTORY_NOTE
count = 1173
'[nikin@leviathan: Tue Feb 15 17:13:05 2022] {AFNI_22.0.03:linux_openmp_64} 3dSkullStrip -prefix 0236-T1-NoSkull -input BOLD-0236-EC-T1+tlrc.\n[nikin@leviathan: Tue Feb 15 17:13:06 2022] {AFNI_22.0.03:linux_openmp_64} 3dcopy ./0236-T1-NoSkull+tlrc ./0236-T1-NoSkull_shft+tlrc\n[nikin@leviathan: Tue Feb 15 17:13:11 2022] {AFNI_22.0.03:linux_openmp_64} 3dCM -automask -set -4.04317 -19.3158 58.6834 ./0236-T1-NoSkull_shft+tlrc\n[nikin@leviathan: Tue Feb 15 17:13:12 2022] {AFNI_22.0.03:linux_openmp_64} 3dcopy ./0236-T1-NoSkull_shft+tlrc ./__tt_0236-T1-NoSkull_shft+tlrc\n[nikin@leviathan: Tue Feb 15 17:13:32 2022] {AFNI_22.0.03:linux_openmp_64} 3dAllineate -base ./__tt_0236-BOLD-EC-base_ts_ns+orig -1Dmatrix_apply ./0236-T1-NoSkull_shft_alBOLDEC_mat.aff12.1D -prefix ./0236-T1-NoSkull_shft_alBOLDEC -input ./__tt_0236-T1-NoSkull_shft+tlrc -master SOURCE -weight_frac 1.0 -maxrot 6 -maxshf 10 -VERB -warp aff -source_automask+4 -onepass\n[nikin@leviathan: Tue Feb 15 17:13:34 2022] align_epi_anat.py -anat 0236-T1-NoSkull_shft+tlrc. -epi  0236-BOLD-EC-base+orig. -epi_base 0 -suffix _alBOLDEC -anat_has_skull no  -epi_strip 3dAutomask -volreg off -tshift off -resample off~

type  = float-attribute
name  = ALLINEATE_MATVEC_B2S_000000
count = 12
        1.05058    -0.00125404      0.0545078        2.05587      0.0350301
        1.04158     -0.0671162        2.72147     -0.0145261      0.0755792
       0.851708       -13.9777

type  = float-attribute
name  = ALLINEATE_MATVEC_S2B_000000
count = 12
      0.9508355    0.005528704    -0.06041611      -2.814319    -0.03075738
      0.9544425      0.0771803      -1.455451     0.01894611    -0.08460141
       1.166232       16.49253

type = string-attribute
name = ALLINEATE_WARP_TYPE
count = 15
'affine_general~

type  = float-attribute
name  = ALLINEATE_PARAMS_000000
count = 12
              0              0              0              0              0
              0              1              1              1              0
              0              0

type = string-attribute
name = TYPESTRING
count = 15
'3DIM_HEAD_ANAT~

type = string-attribute
name = IDCODE_STRING
count = 27
'XYZ_8hQGWgZkqseLOYWgMSEv2g~

type = string-attribute
name = IDCODE_DATE
count = 25
'Tue Feb 15 17:13:32 2022~

type = integer-attribute
name = SCENE_DATA
count = 8
 2 11 0 -999 -999
 -999 -999 -999

type = string-attribute
name = LABEL_1
count = 5
'zyxt~

type = string-attribute
name = LABEL_2
count = 5
'zyxt~

type = string-attribute
name = DATASET_NAME
count = 5
'zyxt~

type = integer-attribute
name = ORIENT_SPECIFIC
count = 3
 0 2 4

type  = float-attribute
name  = ORIGIN
count = 3
      -131.2794       95.80008      -22.38361

type  = float-attribute
name  = DELTA
count = 3
              1             -1        1.00003

type  = float-attribute
name  = IJK_TO_DICOM
count = 12
              1              0              0      -131.2794              0
             -1              0       95.80008              0              0
        1.00003      -22.38361

type  = float-attribute
name  = IJK_TO_DICOM_REAL
count = 12
              1              0              0      -131.2794              0
             -1              0       95.80008              0              0
        1.00003      -22.38361

type  = float-attribute
name  = BRICK_STATS
count = 2
              0           4154

type = integer-attribute
name = DATASET_RANK
count = 8
 3 1 0 0 0
 0 0 0

type = integer-attribute
name = DATASET_DIMENSIONS
count = 5
 256 256 180 0 0

type = integer-attribute
name = BRICK_TYPES
count = 1
 1

type  = float-attribute
name  = BRICK_FLOAT_FACS
count = 1
              0

type = string-attribute
name = BRICK_LABS
count = 3
'#0~

type = string-attribute
name = BRICK_KEYWORDS
count = 1
'~

type = string-attribute
name = TEMPLATE_SPACE
count = 5
'TLRC~

type = integer-attribute
name = INT_CMAP
count = 1
 0

type = string-attribute
name = BYTEORDER_STRING
count = 10
'LSB_FIRST~
